{
  "aor": 0.002419988088147707,
  "aqi": 0.022931288802858846,
  "bids_meta": {
    "AcquisitionMatrixPE": 80,
    "AcquisitionNumber": 1,
    "AcquisitionTime": "16:14:50.410000",
    "BandwidthPerPixelPhaseEncode": 24.038,
    "BaseResolution": 80,
    "BodyPartExamined": "HEAD",
    "CoilString": "HE1-4;NE1_2",
    "ConsistencyInfo": "N4_VE11C_LATEST_20160120",
    "ConversionSoftware": "dcm2niix",
    "ConversionSoftwareVersion": "v1.0.20190720  (JP2:OpenJPEG) GCC7.3.0",
    "DerivedVendorReportedEchoSpacing": 0.00052001,
    "DeviceSerialNumber": "45250",
    "DwellTime": 2.5e-06,
    "EchoTime": 0.0384,
    "EchoTrainLength": 80,
    "EffectiveEchoSpacing": 0.00052001,
    "FlipAngle": 60,
    "ImageComments": "Unaliased_MB4_PE3",
    "ImageOrientationPatientDICOM": [
      0.993755,
      -0.111514,
      0.00404274,
      0.107956,
      0.951618,
      -0.287695
    ],
    "ImageType": [
      "ORIGINAL",
      "PRIMARY",
      "M",
      "MB",
      "ND",
      "NORM",
      "MOSAIC"
    ],
    "ImagingFrequency": 123.239,
    "InPlanePhaseEncodingDirectionDICOM": "COL",
    "InstitutionAddress": "deleted_by_bidsonym",
    "InstitutionName": "deleted_by_bidsonym",
    "InstitutionalDepartmentName": "deleted_by_bidsonym",
    "MRAcquisitionType": "2D",
    "MagneticFieldStrength": 3,
    "Manufacturer": "Siemens",
    "ManufacturersModelName": "Skyra",
    "Modality": "MR",
    "MultibandAccelerationFactor": 4,
    "PartialFourier": 1,
    "PatientPosition": "HFS",
    "PercentPhaseFOV": 100,
    "PhaseEncodingDirection": "j-",
    "PhaseEncodingSteps": 80,
    "PhaseResolution": 1,
    "PixelBandwidth": 2500,
    "ProcedureStepDescription": "deleted_by_bidsonym",
    "ProtocolName": "func_task-EyeMag_acq-CMRR_run-01",
    "PulseSequenceDetails": "%CustomerSeq%_cmrr_mbep2d_bold",
    "ReceiveCoilActiveElements": "HE1-4;NE1,2",
    "ReceiveCoilName": "HeadNeck_20",
    "ReconMatrixPE": 80,
    "RepetitionTime": 1,
    "SAR": 0.100498,
    "ScanOptions": "FS",
    "ScanningSequence": "EP",
    "SequenceName": "epfid2d1_80",
    "SequenceVariant": "SK_SS",
    "SeriesDescription": "func_task-EyeMag_acq-CMRR_run-01",
    "SeriesNumber": 9,
    "ShimSetting": [
      -1101,
      -3076,
      -4176,
      615,
      936,
      483,
      143,
      -997
    ],
    "SliceThickness": 3,
    "SliceTiming": [
      0,
      0.41,
      0.8175,
      0.245,
      0.655,
      0.0825,
      0.49,
      0.9,
      0.3275,
      0.735,
      0.165,
      0.5725,
      0,
      0.41,
      0.8175,
      0.245,
      0.655,
      0.0825,
      0.49,
      0.9,
      0.3275,
      0.735,
      0.165,
      0.5725,
      0,
      0.41,
      0.8175,
      0.245,
      0.655,
      0.0825,
      0.49,
      0.9,
      0.3275,
      0.735,
      0.165,
      0.5725,
      0,
      0.41,
      0.8175,
      0.245,
      0.655,
      0.0825,
      0.49,
      0.9,
      0.3275,
      0.735,
      0.165,
      0.5725
    ],
    "SoftwareVersions": "syngo_MR_E11",
    "SpacingBetweenSlices": 3,
    "StationName": "deleted_by_bidsonym",
    "TaskName": "EyeMag",
    "TotalReadoutTime": 0.0410808,
    "TxRefAmp": 359.941,
    "WipMemBlock": "789f95db-e1b2-4c38-92b7-872b52ea2f6f||Sequence: R016 ve11c/master r/34fb20f; Nov 20 2017 15:15:15 by eja",
    "acq_id": "CMRR",
    "dataset": "ds003176",
    "modality": "bold",
    "run_id": 1,
    "session_id": "1",
    "subject_id": "101DPMB042024",
    "task_id": "EyeMag"
  },
  "dummy_trs": 0,
  "dvars_nstd": 31.218014804648316,
  "dvars_std": 1.321534445303935,
  "dvars_vstd": 0.9880597793682946,
  "efc": 0.38102809507766694,
  "fber": 9479.1396484375,
  "fd_mean": 0.17046912432505637,
  "fd_num": 392,
  "fd_perc": 23.34723049434187,
  "fwhm_avg": 1.7108566666666667,
  "fwhm_x": 1.66451,
  "fwhm_y": 1.82763,
  "fwhm_z": 1.64043,
  "gcor": 0.0216622,
  "gsr_x": -0.013834292069077492,
  "gsr_y": 0.011008579283952713,
  "provenance": {
    "md5sum": "1bc2a18ecf63af17c27ef2e426b19340",
    "settings": {
      "fd_thres": 0.2,
      "testing": false
    },
    "software": "mriqc",
    "version": "23.0.1",
    "webapi_port": null,
    "webapi_url": "https://mriqc.nimh.nih.gov/api/v1"
  },
  "size_t": 1679,
  "size_x": 80,
  "size_y": 80,
  "size_z": 48,
  "snr": 7.4883716545581445,
  "spacing_tr": 1.0,
  "spacing_x": 3.0,
  "spacing_y": 3.0,
  "spacing_z": 3.0,
  "summary_bg_k": 51.6907455513243,
  "summary_bg_mad": 48.661928344750734,
  "summary_bg_mean": 207.6475830078125,
  "summary_bg_median": 87.18643188476562,
  "summary_bg_n": 230844.0,
  "summary_bg_p05": 43.13803558349609,
  "summary_bg_p95": 746.4046356201163,
  "summary_bg_stdv": 429.1671447753906,
  "summary_fg_k": 4.086320950887328,
  "summary_fg_mad": 971.3969195744291,
  "summary_fg_mean": 8581.748046875,
  "summary_fg_median": 8507.0224609375,
  "summary_fg_n": 30199.0,
  "summary_fg_p05": 7032.969921875,
  "summary_fg_p95": 10444.309960937499,
  "summary_fg_stdv": 1136.01220703125,
  "tsnr": 44.10099792480469
}