{
  "bids_meta": {
    "AcquisitionMatrixPE": 256,
    "AcquisitionNumber": 1,
    "AcquisitionTime": "16:06:26.147500",
    "BaseResolution": 256,
    "BodyPartExamined": "HEAD",
    "CoilString": "HE1-4;NE1_2",
    "ConsistencyInfo": "N4_VE11C_LATEST_20160120",
    "ConversionSoftware": "dcm2niix",
    "ConversionSoftwareVersion": "v1.0.20190720  (JP2:OpenJPEG) GCC7.3.0",
    "DeviceSerialNumber": "45250",
    "DwellTime": 7.2e-06,
    "EchoTime": 0.00188,
    "FlipAngle": 8,
    "ImageOrientationPatientDICOM": [
      0.0970466,
      0.994593,
      -0.0369631,
      -0.0433239,
      -0.0328817,
      -0.99852
    ],
    "ImageType": [
      "ORIGINAL",
      "PRIMARY",
      "M",
      "NORM",
      "DIS3D",
      "DIS2D"
    ],
    "ImagingFrequency": 123.239,
    "InPlanePhaseEncodingDirectionDICOM": "ROW",
    "InstitutionAddress": "deleted_by_bidsonym",
    "InstitutionName": "deleted_by_bidsonym",
    "InstitutionalDepartmentName": "deleted_by_bidsonym",
    "InversionTime": 1,
    "MRAcquisitionType": "3D",
    "MagneticFieldStrength": 3,
    "Manufacturer": "Siemens",
    "ManufacturersModelName": "Skyra",
    "Modality": "MR",
    "ParallelReductionFactorInPlane": 2,
    "PartialFourier": 1,
    "PatientPosition": "HFS",
    "PercentPhaseFOV": 100,
    "PhaseEncodingSteps": 294,
    "PhaseOversampling": 0.15,
    "PhaseResolution": 1,
    "PixelBandwidth": 270,
    "ProcedureStepDescription": "deleted_by_bidsonym",
    "ProtocolName": "anat-T1w",
    "PulseSequenceDetails": "%SiemensSeq%_tfl",
    "ReceiveCoilActiveElements": "HE1-4;NE1,2",
    "ReceiveCoilName": "HeadNeck_20",
    "ReconMatrixPE": 256,
    "RefLinesPE": 24,
    "RepetitionTime": 1.68,
    "SAR": 0.0712117,
    "ScanOptions": "IR_WE",
    "ScanningSequence": "GR_IR",
    "SequenceName": "_tfl3d1_16ns",
    "SequenceVariant": "SK_SP_MP_OSP",
    "SeriesDescription": "anat-T1w",
    "SeriesNumber": 5,
    "ShimSetting": [
      -1136,
      -3104,
      -4433,
      149,
      991,
      -229,
      355,
      -833
    ],
    "SliceThickness": 0.88,
    "SoftwareVersions": "syngo_MR_E11",
    "StationName": "deleted_by_bidsonym",
    "TxRefAmp": 384.693,
    "dataset": "ds003176",
    "modality": "T1w",
    "session_id": "1",
    "subject_id": "101DPMB041012"
  },
  "cjv": 0.3866755187455541,
  "cnr": 3.5591604045233316,
  "efc": 0.6573095321695862,
  "fber": 13008.50933789101,
  "fwhm_avg": 4.550121663720737,
  "fwhm_x": 4.310079276876495,
  "fwhm_y": 4.709645714285714,
  "fwhm_z": 4.63064,
  "icvs_csf": 0.18997430802774812,
  "icvs_gm": 0.42318182072598287,
  "icvs_wm": 0.386843871246269,
  "inu_med": 0.46378809213638306,
  "inu_range": 0.21783314943313598,
  "provenance": {
    "md5sum": "33a46514264526901d663ecd453fd919",
    "settings": {
      "testing": false
    },
    "software": "mriqc",
    "version": "23.0.1",
    "warnings": {
      "large_rot_frame": true,
      "small_air_mask": false
    },
    "webapi_port": null,
    "webapi_url": "https://mriqc.nimh.nih.gov/api/v1"
  },
  "qi_1": 0.0,
  "qi_2": 0.0006613101886557886,
  "rpve_csf": 18.117622600473364,
  "rpve_gm": 8.464630856897877,
  "rpve_wm": 10.646973941309533,
  "size_x": 192,
  "size_y": 256,
  "size_z": 256,
  "snr_csf": 3.480074082817607,
  "snr_gm": 13.056103626993552,
  "snr_total": 12.78066927591423,
  "snr_wm": 21.805830117931528,
  "snrd_csf": 30.400386000150082,
  "snrd_gm": 68.50175232415249,
  "snrd_total": 63.8483723427849,
  "snrd_wm": 92.64297870405211,
  "spacing_x": 0.8800000548362732,
  "spacing_y": 0.875,
  "spacing_z": 0.875,
  "summary_bg_k": 8.941071073082869,
  "summary_bg_mad": 0.0,
  "summary_bg_mean": 4.32635135060355,
  "summary_bg_median": 0.0,
  "summary_bg_n": 2367449.0,
  "summary_bg_p05": 0.0,
  "summary_bg_p95": 18.83682608604431,
  "summary_bg_stdv": 7.0719580054927835,
  "summary_csf_k": 1.2192668738318932,
  "summary_csf_mad": 77.70832480283224,
  "summary_csf_mean": 335.6786337318437,
  "summary_csf_median": 328.16105645149946,
  "summary_csf_n": 77387.0,
  "summary_csf_p05": 194.9682138003409,
  "summary_csf_p95": 505.4085261113941,
  "summary_csf_stdv": 94.29653748042568,
  "summary_gm_k": 0.15071390992425604,
  "summary_gm_mad": 55.59321978818973,
  "summary_gm_mean": 740.2018207372922,
  "summary_gm_median": 739.4513810239732,
  "summary_gm_n": 68814.0,
  "summary_gm_p05": 647.9632713273168,
  "summary_gm_p95": 834.4949416443706,
  "summary_gm_stdv": 56.63604007010433,
  "summary_wm_k": 0.27868289800639534,
  "summary_wm_mad": 45.17276383417112,
  "summary_wm_mean": 999.8567623225838,
  "summary_wm_median": 1000.0470969080925,
  "summary_wm_n": 381548.0,
  "summary_wm_p05": 925.1236211508512,
  "summary_wm_p95": 1074.9941186979413,
  "summary_wm_stdv": 45.86139491071432,
  "tpm_overlap_csf": 0.17266779226869747,
  "tpm_overlap_gm": 0.4668679075401902,
  "tpm_overlap_wm": 0.5167553324110781,
  "wm2max": 0.833347321541897
}