{
  "aor": 0.0005434590453741897,
  "aqi": 0.022172183971714787,
  "bids_meta": {
    "AcquisitionMatrixPE": 80,
    "AcquisitionNumber": 1,
    "AcquisitionTime": "14:15:23.130000",
    "BandwidthPerPixelPhaseEncode": 24.038,
    "BaseResolution": 80,
    "BodyPartExamined": "HEAD",
    "CoilString": "HE1-4;NE1_2",
    "ConsistencyInfo": "N4_VE11C_LATEST_20160120",
    "ConversionSoftware": "dcm2niix",
    "ConversionSoftwareVersion": "v1.0.20190720  (JP2:OpenJPEG) GCC7.3.0",
    "DerivedVendorReportedEchoSpacing": 0.00052001,
    "DeviceSerialNumber": "45250",
    "DwellTime": 2.5e-06,
    "EchoTime": 0.0384,
    "EchoTrainLength": 80,
    "EffectiveEchoSpacing": 0.00052001,
    "FlipAngle": 60,
    "ImageComments": "Unaliased_MB4_PE3",
    "ImageOrientationPatientDICOM": [
      0.998808,
      -0.0292785,
      0.0390671,
      0.0418625,
      0.925359,
      -0.376773
    ],
    "ImageType": [
      "ORIGINAL",
      "PRIMARY",
      "M",
      "MB",
      "ND",
      "NORM",
      "MOSAIC"
    ],
    "ImagingFrequency": 123.239,
    "InPlanePhaseEncodingDirectionDICOM": "COL",
    "InstitutionAddress": "deleted_by_bidsonym",
    "InstitutionName": "deleted_by_bidsonym",
    "InstitutionalDepartmentName": "deleted_by_bidsonym",
    "MRAcquisitionType": "2D",
    "MagneticFieldStrength": 3,
    "Manufacturer": "Siemens",
    "ManufacturersModelName": "Skyra",
    "Modality": "MR",
    "MultibandAccelerationFactor": 4,
    "PartialFourier": 1,
    "PatientPosition": "HFS",
    "PercentPhaseFOV": 100,
    "PhaseEncodingDirection": "j-",
    "PhaseEncodingSteps": 80,
    "PhaseResolution": 1,
    "PixelBandwidth": 2500,
    "ProcedureStepDescription": "deleted_by_bidsonym",
    "ProtocolName": "func_task-EyeMag_acq-CMRR_run-01",
    "PulseSequenceDetails": "%CustomerSeq%_cmrr_mbep2d_bold",
    "ReceiveCoilActiveElements": "HE1-4;NE1,2",
    "ReceiveCoilName": "HeadNeck_20",
    "ReconMatrixPE": 80,
    "RepetitionTime": 1,
    "SAR": 0.100821,
    "ScanOptions": "FS",
    "ScanningSequence": "EP",
    "SequenceName": "epfid2d1_80",
    "SequenceVariant": "SK_SS",
    "SeriesDescription": "func_task-EyeMag_acq-CMRR_run-01",
    "SeriesNumber": 9,
    "ShimSetting": [
      -1094,
      -3050,
      -4148,
      478,
      895,
      579,
      253,
      -781
    ],
    "SliceThickness": 3,
    "SliceTiming": [
      0,
      0.41,
      0.8175,
      0.245,
      0.655,
      0.0825,
      0.49,
      0.9,
      0.3275,
      0.735,
      0.165,
      0.5725,
      0,
      0.41,
      0.8175,
      0.245,
      0.655,
      0.0825,
      0.49,
      0.9,
      0.3275,
      0.735,
      0.165,
      0.5725,
      0,
      0.41,
      0.8175,
      0.245,
      0.655,
      0.0825,
      0.49,
      0.9,
      0.3275,
      0.735,
      0.165,
      0.5725,
      0,
      0.41,
      0.8175,
      0.245,
      0.655,
      0.0825,
      0.49,
      0.9,
      0.3275,
      0.735,
      0.165,
      0.5725
    ],
    "SoftwareVersions": "syngo_MR_E11",
    "SpacingBetweenSlices": 3,
    "StationName": "deleted_by_bidsonym",
    "TaskName": "EyeMag",
    "TotalReadoutTime": 0.0410808,
    "TxRefAmp": 352.097,
    "WipMemBlock": "7c75d15f-1394-4c64-9922-129f4248eb14||Sequence: R016 ve11c/master r/34fb20f; Nov 20 2017 15:15:15 by eja",
    "acq_id": "CMRR",
    "dataset": "ds003176",
    "modality": "bold",
    "run_id": 1,
    "session_id": "1",
    "subject_id": "101DPMB042019",
    "task_id": "EyeMag"
  },
  "dummy_trs": 0,
  "dvars_nstd": 27.461161913649757,
  "dvars_std": 1.1945843010436332,
  "dvars_vstd": 0.956641754392691,
  "efc": 0.41429278708837064,
  "fber": 8856.453125,
  "fd_mean": 0.1381916090984257,
  "fd_num": 240,
  "fd_perc": 14.142604596346494,
  "fwhm_avg": 1.7398922222222222,
  "fwhm_x": 1.6137433333333335,
  "fwhm_y": 1.8939366666666666,
  "fwhm_z": 1.7119966666666666,
  "gcor": 0.011169,
  "gsr_x": -0.01943349279463291,
  "gsr_y": 0.017446696758270264,
  "provenance": {
    "md5sum": "31bb6ab815e919a8ee0308270d8f3e09",
    "settings": {
      "fd_thres": 0.2,
      "testing": false
    },
    "software": "mriqc",
    "version": "23.0.1",
    "webapi_port": null,
    "webapi_url": "https://mriqc.nimh.nih.gov/api/v1"
  },
  "size_t": 1697,
  "size_x": 80,
  "size_y": 80,
  "size_z": 48,
  "snr": 6.199225268303387,
  "spacing_tr": 1.0,
  "spacing_x": 3.0,
  "spacing_y": 3.0,
  "spacing_z": 3.0,
  "summary_bg_k": 66.57657040171027,
  "summary_bg_mad": 47.83991504578428,
  "summary_bg_mean": 207.69427490234375,
  "summary_bg_median": 89.819091796875,
  "summary_bg_n": 219029.0,
  "summary_bg_p05": 46.761932373046875,
  "summary_bg_p95": 733.021691894531,
  "summary_bg_stdv": 432.28729248046875,
  "summary_fg_k": 2.647449550528047,
  "summary_fg_mad": 1243.342218006209,
  "summary_fg_mean": 8622.3603515625,
  "summary_fg_median": 8494.36328125,
  "summary_fg_n": 39628.0,
  "summary_fg_p05": 6774.2664794921875,
  "summary_fg_p95": 10814.825732421876,
  "summary_fg_stdv": 1370.2125244140625,
  "tsnr": 40.302132204174995
}