{
  "aor": 0.00159448502994012,
  "aqi": 0.02032116020958084,
  "bids_meta": {
    "AcquisitionMatrixPE": 80,
    "AcquisitionNumber": 1,
    "AcquisitionTime": "11:10:21.870000",
    "BandwidthPerPixelPhaseEncode": 24.038,
    "BaseResolution": 80,
    "BodyPartExamined": "HEAD",
    "CoilString": "HE1-4;NE1_2",
    "ConsistencyInfo": "N4_VE11C_LATEST_20160120",
    "ConversionSoftware": "dcm2niix",
    "ConversionSoftwareVersion": "v1.0.20190720  (JP2:OpenJPEG) GCC7.3.0",
    "DerivedVendorReportedEchoSpacing": 0.00052001,
    "DeviceSerialNumber": "45250",
    "DwellTime": 2.5e-06,
    "EchoTime": 0.0384,
    "EchoTrainLength": 80,
    "EffectiveEchoSpacing": 0.00052001,
    "FlipAngle": 60,
    "ImageComments": "Unaliased_MB4_PE3",
    "ImageOrientationPatientDICOM": [
      0.995624,
      -0.091564,
      -0.0186677,
      0.0795814,
      0.935509,
      -0.344223
    ],
    "ImageType": [
      "ORIGINAL",
      "PRIMARY",
      "M",
      "MB",
      "ND",
      "NORM",
      "MOSAIC"
    ],
    "ImagingFrequency": 123.239,
    "InPlanePhaseEncodingDirectionDICOM": "COL",
    "InstitutionAddress": "deleted_by_bidsonym",
    "InstitutionName": "deleted_by_bidsonym",
    "InstitutionalDepartmentName": "deleted_by_bidsonym",
    "MRAcquisitionType": "2D",
    "MagneticFieldStrength": 3,
    "Manufacturer": "Siemens",
    "ManufacturersModelName": "Skyra",
    "Modality": "MR",
    "MultibandAccelerationFactor": 4,
    "PartialFourier": 1,
    "PatientPosition": "HFS",
    "PercentPhaseFOV": 100,
    "PhaseEncodingDirection": "j-",
    "PhaseEncodingSteps": 80,
    "PhaseResolution": 1,
    "PixelBandwidth": 2500,
    "ProcedureStepDescription": "deleted_by_bidsonym",
    "ProtocolName": "func_task-EyeMag_acq-CMRR_run-01",
    "PulseSequenceDetails": "%CustomerSeq%_cmrr_mbep2d_bold",
    "ReceiveCoilActiveElements": "HE1-4;NE1,2",
    "ReceiveCoilName": "HeadNeck_20",
    "ReconMatrixPE": 80,
    "RepetitionTime": 1,
    "SAR": 0.0961708,
    "ScanOptions": "FS",
    "ScanningSequence": "EP",
    "SequenceName": "epfid2d1_80",
    "SequenceVariant": "SK_SS",
    "SeriesDescription": "func_task-EyeMag_acq-CMRR_run-01",
    "SeriesNumber": 9,
    "ShimSetting": [
      -1144,
      -3049,
      -4229,
      315,
      839,
      340,
      -32,
      -937
    ],
    "SliceThickness": 3,
    "SliceTiming": [
      0,
      0.4075,
      0.815,
      0.245,
      0.6525,
      0.08,
      0.49,
      0.8975,
      0.325,
      0.735,
      0.1625,
      0.57,
      0,
      0.4075,
      0.815,
      0.245,
      0.6525,
      0.08,
      0.49,
      0.8975,
      0.325,
      0.735,
      0.1625,
      0.57,
      0,
      0.4075,
      0.815,
      0.245,
      0.6525,
      0.08,
      0.49,
      0.8975,
      0.325,
      0.735,
      0.1625,
      0.57,
      0,
      0.4075,
      0.815,
      0.245,
      0.6525,
      0.08,
      0.49,
      0.8975,
      0.325,
      0.735,
      0.1625,
      0.57
    ],
    "SoftwareVersions": "syngo_MR_E11",
    "SpacingBetweenSlices": 3,
    "StationName": "deleted_by_bidsonym",
    "TaskName": "EyeMag",
    "TotalReadoutTime": 0.0410808,
    "TxRefAmp": 362.233,
    "WipMemBlock": "7d4ce9fc-4436-4ed9-89ee-649057692456||Sequence: R016 ve11c/master r/34fb20f; Nov 20 2017 15:15:15 by eja",
    "acq_id": "CMRR",
    "dataset": "ds003176",
    "modality": "bold",
    "run_id": 1,
    "session_id": "1",
    "subject_id": "101DPMB041026",
    "task_id": "EyeMag"
  },
  "dummy_trs": 0,
  "dvars_nstd": 32.00367174672259,
  "dvars_std": 1.2146612510844816,
  "dvars_vstd": 0.9961397644577598,
  "efc": 0.4304840485842706,
  "fber": 6436.359375,
  "fd_mean": 0.16838278873230797,
  "fd_num": 425,
  "fd_perc": 25.449101796407184,
  "fwhm_avg": 1.8118455555555555,
  "fwhm_x": 1.74566,
  "fwhm_y": 1.9526133333333335,
  "fwhm_z": 1.7372633333333332,
  "gcor": 0.0165143,
  "gsr_x": -0.004279443062841892,
  "gsr_y": 0.008793799206614494,
  "provenance": {
    "md5sum": "d79da968235fce66b138d792e0ea01b2",
    "settings": {
      "fd_thres": 0.2,
      "testing": false
    },
    "software": "mriqc",
    "version": "23.0.1",
    "webapi_port": null,
    "webapi_url": "https://mriqc.nimh.nih.gov/api/v1"
  },
  "size_t": 1670,
  "size_x": 80,
  "size_y": 80,
  "size_z": 48,
  "snr": 5.738087520807787,
  "spacing_tr": 1.0,
  "spacing_x": 3.0,
  "spacing_y": 3.0,
  "spacing_z": 3.0,
  "summary_bg_k": 23.08588092521458,
  "summary_bg_mad": 60.146595390702494,
  "summary_bg_mean": 289.4344482421875,
  "summary_bg_median": 97.67185974121094,
  "summary_bg_n": 220954.0,
  "summary_bg_p05": 44.55748748779297,
  "summary_bg_p95": 1248.5458801269488,
  "summary_bg_stdv": 597.4077758789062,
  "summary_fg_k": 3.5801844090490285,
  "summary_fg_mad": 1191.2687107886577,
  "summary_fg_mean": 8031.02392578125,
  "summary_fg_median": 7913.619140625,
  "summary_fg_n": 38155.0,
  "summary_fg_p05": 6238.718017578125,
  "summary_fg_p95": 10180.156347656246,
  "summary_fg_stdv": 1379.1207275390625,
  "tsnr": 38.56904363259673
}