{
  "bids_meta": {
    "AcquisitionMatrixPE": 256,
    "AcquisitionNumber": 1,
    "AcquisitionTime": "09:11:28.412500",
    "BaseResolution": 256,
    "BodyPartExamined": "HEAD",
    "CoilString": "HE1-4;NE1_2",
    "ConsistencyInfo": "N4_VE11C_LATEST_20160120",
    "ConversionSoftware": "dcm2niix",
    "ConversionSoftwareVersion": "v1.0.20190410  (JP2:OpenJPEG) GCC7.3.0",
    "DeviceSerialNumber": "45250",
    "DwellTime": 7.2e-06,
    "EchoTime": 0.00188,
    "FlipAngle": 8,
    "ImageOrientationPatientDICOM": [
      0.0329385,
      0.992232,
      0.119965,
      -0.0498453,
      0.121512,
      -0.991338
    ],
    "ImageType": [
      "ORIGINAL",
      "PRIMARY",
      "M",
      "NORM",
      "DIS3D",
      "DIS2D"
    ],
    "ImagingFrequency": 123.239,
    "InPlanePhaseEncodingDirectionDICOM": "ROW",
    "InstitutionAddress": "deleted_by_bidsonym",
    "InstitutionName": "deleted_by_bidsonym",
    "InstitutionalDepartmentName": "deleted_by_bidsonym",
    "InversionTime": 1,
    "MRAcquisitionType": "3D",
    "MagneticFieldStrength": 3,
    "Manufacturer": "Siemens",
    "ManufacturersModelName": "Skyra",
    "Modality": "MR",
    "PartialFourier": 1,
    "PatientPosition": "HFS",
    "PercentPhaseFOV": 100,
    "PhaseEncodingSteps": 294,
    "PhaseOversampling": 0.15,
    "PhaseResolution": 1,
    "PixelBandwidth": 270,
    "ProcedureStepDescription": "deleted_by_bidsonym",
    "ProtocolName": "anat-T1w",
    "PulseSequenceDetails": "%SiemensSeq%_tfl",
    "ReceiveCoilActiveElements": "HE1-4;NE1,2",
    "ReceiveCoilName": "HeadNeck_20",
    "ReconMatrixPE": 256,
    "RefLinesPE": 24,
    "RepetitionTime": 1.68,
    "SAR": 0.0966642,
    "ScanOptions": "IR_WE",
    "ScanningSequence": "GR_IR",
    "SequenceName": "_tfl3d1_16ns",
    "SequenceVariant": "SK_SP_MP_OSP",
    "SeriesDescription": "anat-T1w",
    "SeriesNumber": 5,
    "ShimSetting": [
      -1116,
      -3147,
      -4471,
      117,
      918,
      -585,
      426,
      -813
    ],
    "SliceThickness": 0.88,
    "SoftwareVersions": "syngo_MR_E11",
    "StationName": "deleted_by_bidsonym",
    "TxRefAmp": 342.812,
    "dataset": "ds003176",
    "modality": "T1w",
    "session_id": "1",
    "subject_id": "101DPMB041013"
  },
  "cjv": 0.3468385501869594,
  "cnr": 3.8947966221027315,
  "efc": 0.5713536972232175,
  "fber": 15909.54559855588,
  "fwhm_avg": 4.467148545780643,
  "fwhm_x": 4.360965637341929,
  "fwhm_y": 4.580217142857143,
  "fwhm_z": 4.460262857142857,
  "icvs_csf": 0.20346470641390738,
  "icvs_gm": 0.4363258643568002,
  "icvs_wm": 0.36020942922929244,
  "inu_med": 0.4306727945804596,
  "inu_range": 0.1510003298521042,
  "provenance": {
    "md5sum": "2552186fc6ca6662b3b744418b3c0945",
    "settings": {
      "testing": false
    },
    "software": "mriqc",
    "version": "23.0.1",
    "warnings": {
      "large_rot_frame": true,
      "small_air_mask": false
    },
    "webapi_port": null,
    "webapi_url": "https://mriqc.nimh.nih.gov/api/v1"
  },
  "qi_1": 0.0,
  "qi_2": 0.0009329123146592157,
  "rpve_csf": 21.21737585940222,
  "rpve_gm": 10.546439085520861,
  "rpve_wm": 14.52908458325091,
  "size_x": 192,
  "size_y": 256,
  "size_z": 256,
  "snr_csf": 2.620571888983334,
  "snr_gm": 13.045974543196653,
  "snr_total": 13.516525138173007,
  "snr_wm": 24.88302898233903,
  "snrd_csf": 38.31502518060106,
  "snrd_gm": 95.45425707804547,
  "snrd_total": 88.17287043340376,
  "snrd_wm": 130.74932904156475,
  "spacing_x": 0.8800000548362732,
  "spacing_y": 0.875,
  "spacing_z": 0.875,
  "summary_bg_k": 5.857532971393377,
  "summary_bg_mad": 5.010822804902496,
  "summary_bg_mean": 5.526880550079063,
  "summary_bg_median": 3.379748621955514,
  "summary_bg_n": 2333652.0,
  "summary_bg_p05": 0.0,
  "summary_bg_p95": 20.915815757587552,
  "summary_bg_stdv": 7.561504033377309,
  "summary_csf_k": 0.7213056979711396,
  "summary_csf_mad": 81.03216307356608,
  "summary_csf_mean": 292.210970580479,
  "summary_csf_median": 293.05317479744554,
  "summary_csf_n": 46142.0,
  "summary_csf_p05": 70.08922692211345,
  "summary_csf_p95": 482.00622946880736,
  "summary_csf_stdv": 111.82673539863988,
  "summary_gm_k": 0.09956157829170076,
  "summary_gm_mad": 54.918617941731355,
  "summary_gm_mean": 729.8313910408336,
  "summary_gm_median": 730.083640890196,
  "summary_gm_n": 65769.0,
  "summary_gm_p05": 637.3781018324196,
  "summary_gm_p95": 822.1673062015325,
  "summary_gm_stdv": 55.961943516659915,
  "summary_wm_k": 0.3610739997464467,
  "summary_wm_mad": 38.71218532701814,
  "summary_wm_mean": 998.7936249032058,
  "summary_wm_median": 1000.0386479627341,
  "summary_wm_n": 296989.0,
  "summary_wm_p05": 931.7097872514278,
  "summary_wm_p95": 1062.9405980296433,
  "summary_wm_stdv": 40.18951893043241,
  "tpm_overlap_csf": 0.1443435255556487,
  "tpm_overlap_gm": 0.4601654045362827,
  "tpm_overlap_wm": 0.5076267625555693,
  "wm2max": 0.9064825026696777
}