{
  "aor": 0.0006063872135102533,
  "aqi": 0.027041732689987937,
  "bids_meta": {
    "AcquisitionMatrixPE": 80,
    "AcquisitionNumber": 1,
    "AcquisitionTime": "14:36:27.037500",
    "BandwidthPerPixelPhaseEncode": 24.038,
    "BaseResolution": 80,
    "BodyPartExamined": "HEAD",
    "ConsistencyInfo": "N4_VE11C_LATEST_20160120",
    "ConversionSoftware": "dcm2niix",
    "ConversionSoftwareVersion": "v1.0.20190410  (JP2:OpenJPEG) GCC7.3.0",
    "DerivedVendorReportedEchoSpacing": 0.00052001,
    "DeviceSerialNumber": "45250",
    "DwellTime": 2.5e-06,
    "EchoTime": 0.0384,
    "EchoTrainLength": 80,
    "EffectiveEchoSpacing": 0.00052001,
    "FlipAngle": 60,
    "ImageComments": "Unaliased_MB4_PE3",
    "ImageOrientationPatientDICOM": [
      0.999968,
      -0.00125968,
      0.00787522,
      0.00349056,
      0.956976,
      -0.290146
    ],
    "ImageType": [
      "ORIGINAL",
      "PRIMARY",
      "M",
      "MB",
      "ND",
      "NORM",
      "MOSAIC"
    ],
    "ImagingFrequency": 123.239,
    "InPlanePhaseEncodingDirectionDICOM": "COL",
    "InstitutionAddress": "deleted_by_bidsonym",
    "InstitutionName": "deleted_by_bidsonym",
    "InstitutionalDepartmentName": "deleted_by_bidsonym",
    "MRAcquisitionType": "2D",
    "MagneticFieldStrength": 3,
    "Manufacturer": "Siemens",
    "ManufacturersModelName": "Skyra",
    "Modality": "MR",
    "MultibandAccelerationFactor": 4,
    "PartialFourier": 1,
    "PatientPosition": "HFS",
    "PercentPhaseFOV": 100,
    "PhaseEncodingDirection": "j-",
    "PhaseEncodingSteps": 80,
    "PhaseResolution": 1,
    "PixelBandwidth": 2500,
    "ProcedureStepDescription": "deleted_by_bidsonym",
    "ProtocolName": "func_task-EyeMag_acq-CMRR_run-01",
    "PulseSequenceDetails": "%CustomerSeq%_cmrr_mbep2d_bold",
    "ReceiveCoilActiveElements": "HE1-4",
    "ReceiveCoilName": "HeadNeck_20",
    "ReconMatrixPE": 80,
    "RepetitionTime": 1,
    "SAR": 0.100112,
    "ScanOptions": "FS",
    "ScanningSequence": "EP",
    "SequenceName": "epfid2d1_80",
    "SequenceVariant": "SK_SS",
    "SeriesDescription": "func_task-EyeMag_acq-CMRR_run-01",
    "SeriesNumber": 9,
    "ShimSetting": [
      -1092,
      -3016,
      -4204,
      412,
      1004,
      427,
      155,
      -876
    ],
    "SliceThickness": 3,
    "SliceTiming": [
      0,
      0.4075,
      0.8175,
      0.245,
      0.6525,
      0.0825,
      0.49,
      0.8975,
      0.3275,
      0.735,
      0.1625,
      0.5725,
      0,
      0.4075,
      0.8175,
      0.245,
      0.6525,
      0.0825,
      0.49,
      0.8975,
      0.3275,
      0.735,
      0.1625,
      0.5725,
      0,
      0.4075,
      0.8175,
      0.245,
      0.6525,
      0.0825,
      0.49,
      0.8975,
      0.3275,
      0.735,
      0.1625,
      0.5725,
      0,
      0.4075,
      0.8175,
      0.245,
      0.6525,
      0.0825,
      0.49,
      0.8975,
      0.3275,
      0.735,
      0.1625,
      0.5725
    ],
    "SoftwareVersions": "syngo_MR_E11",
    "SpacingBetweenSlices": 3,
    "StationName": "deleted_by_bidsonym",
    "TotalReadoutTime": 0.0410808,
    "TxRefAmp": 393.919,
    "WipMemBlock": "19121c10-7d34-4193-957a-327fcc9a0f86||Sequence: R016 ve11c/master r/34fb20f; Nov 20 2017 15:15:15 by eja",
    "acq_id": "CMRR",
    "dataset": "ds003176",
    "modality": "bold",
    "run_id": 1,
    "session_id": "1",
    "subject_id": "101DPMB042004",
    "task_id": "EyeMag"
  },
  "dummy_trs": 0,
  "dvars_nstd": 27.09194166079662,
  "dvars_std": 1.1538436174049505,
  "dvars_vstd": 0.9640888843270966,
  "efc": 0.44138689767828737,
  "fber": 7482.34912109375,
  "fd_mean": 0.15795297675955683,
  "fd_num": 446,
  "fd_perc": 26.89987937273824,
  "fwhm_avg": 1.8052777777777778,
  "fwhm_x": 1.7370599999999998,
  "fwhm_y": 1.9734,
  "fwhm_z": 1.7053733333333332,
  "gcor": 0.0234867,
  "gsr_x": -0.00595897575840354,
  "gsr_y": 0.013001024723052979,
  "provenance": {
    "md5sum": "28b22b0e4bd96b671c89a4d33f7219c2",
    "settings": {
      "fd_thres": 0.2,
      "testing": false
    },
    "software": "mriqc",
    "version": "23.0.1",
    "webapi_port": null,
    "webapi_url": "https://mriqc.nimh.nih.gov/api/v1"
  },
  "size_t": 1658,
  "size_x": 80,
  "size_y": 80,
  "size_z": 48,
  "snr": 6.921959513544451,
  "spacing_tr": 1.0,
  "spacing_x": 3.0,
  "spacing_y": 3.0,
  "spacing_z": 3.0,
  "summary_bg_k": 39.4504585349483,
  "summary_bg_mad": 80.78892596128132,
  "summary_bg_mean": 297.8917236328125,
  "summary_bg_median": 105.74667358398438,
  "summary_bg_n": 215127.0,
  "summary_bg_p05": 39.41283340454102,
  "summary_bg_p95": 1212.7824340820305,
  "summary_bg_stdv": 593.4605102539062,
  "summary_fg_k": 4.456652237842359,
  "summary_fg_mad": 1099.3336186308848,
  "summary_fg_mean": 9232.71875,
  "summary_fg_median": 9162.755859375,
  "summary_fg_n": 42542.0,
  "summary_fg_p05": 7374.2559814453125,
  "summary_fg_p95": 11375.138525390623,
  "summary_fg_stdv": 1323.707275390625,
  "tsnr": 37.2603645324707
}