{
  "bids_meta": {
    "AcquisitionMatrixPE": 256,
    "AcquisitionNumber": 1,
    "AcquisitionTime": "09:04:9.450000",
    "BaseResolution": 256,
    "BodyPartExamined": "HEAD",
    "CoilString": "HE1-4;NE1_2",
    "ConsistencyInfo": "N4_VE11C_LATEST_20160120",
    "ConversionSoftware": "dcm2niix",
    "ConversionSoftwareVersion": "v1.0.20190720  (JP2:OpenJPEG) GCC7.3.0",
    "DeviceSerialNumber": "45250",
    "DwellTime": 7.2e-06,
    "EchoTime": 0.00188,
    "FlipAngle": 8,
    "ImageOrientationPatientDICOM": [
      0.00806164,
      0.999968,
      -3.06246e-08,
      0.0730708,
      -0.00058912,
      -0.997327
    ],
    "ImageType": [
      "ORIGINAL",
      "PRIMARY",
      "M",
      "NORM",
      "DIS3D",
      "DIS2D"
    ],
    "ImagingFrequency": 123.239,
    "InPlanePhaseEncodingDirectionDICOM": "ROW",
    "InstitutionAddress": "deleted_by_bidsonym",
    "InstitutionName": "deleted_by_bidsonym",
    "InstitutionalDepartmentName": "deleted_by_bidsonym",
    "InversionTime": 1,
    "MRAcquisitionType": "3D",
    "MagneticFieldStrength": 3,
    "Manufacturer": "Siemens",
    "ManufacturersModelName": "Skyra",
    "Modality": "MR",
    "ParallelReductionFactorInPlane": 2,
    "PartialFourier": 1,
    "PatientPosition": "HFS",
    "PercentPhaseFOV": 100,
    "PhaseEncodingSteps": 294,
    "PhaseOversampling": 0.15,
    "PhaseResolution": 1,
    "PixelBandwidth": 270,
    "ProcedureStepDescription": "deleted_by_bidsonym",
    "ProtocolName": "anat-T1w",
    "PulseSequenceDetails": "%SiemensSeq%_tfl",
    "ReceiveCoilActiveElements": "HE1-4;NE1,2",
    "ReceiveCoilName": "HeadNeck_20",
    "ReconMatrixPE": 256,
    "RefLinesPE": 24,
    "RepetitionTime": 1.68,
    "SAR": 0.0786968,
    "ScanOptions": "IR_WE",
    "ScanningSequence": "GR_IR",
    "SequenceName": "_tfl3d1_16ns",
    "SequenceVariant": "SK_SP_MP_OSP",
    "SeriesDescription": "anat-T1w",
    "SeriesNumber": 5,
    "ShimSetting": [
      -1116,
      -3123,
      -4479,
      -12,
      742,
      -564,
      55,
      -968
    ],
    "SliceThickness": 0.88,
    "SoftwareVersions": "syngo_MR_E11",
    "StationName": "deleted_by_bidsonym",
    "TxRefAmp": 346.94,
    "dataset": "ds003176",
    "modality": "T1w",
    "session_id": "1",
    "subject_id": "101DPMB041003"
  },
  "cjv": 0.3886535815653971,
  "cnr": 3.47855112968323,
  "efc": 0.6064871161733346,
  "fber": 11402.889657823913,
  "fwhm_avg": 4.197333074884255,
  "fwhm_x": 4.106090653224195,
  "fwhm_y": 4.213497142857142,
  "fwhm_z": 4.272411428571429,
  "icvs_csf": 0.15773648449451427,
  "icvs_gm": 0.4854266185982358,
  "icvs_wm": 0.3568368969072499,
  "inu_med": 0.4696716368198395,
  "inu_range": 0.21183603405952456,
  "provenance": {
    "md5sum": "c2bc326c7a1e63e3db8742dd4ffb2377",
    "settings": {
      "testing": false
    },
    "software": "mriqc",
    "version": "23.0.1",
    "warnings": {
      "large_rot_frame": true,
      "small_air_mask": false
    },
    "webapi_port": null,
    "webapi_url": "https://mriqc.nimh.nih.gov/api/v1"
  },
  "qi_1": 0.0,
  "qi_2": 0.0010012828576300935,
  "rpve_csf": 23.78709309902035,
  "rpve_gm": 8.905442483548107,
  "rpve_wm": 13.001264521917859,
  "size_x": 192,
  "size_y": 256,
  "size_z": 256,
  "snr_csf": 2.7182189640964847,
  "snr_gm": 14.184475398253033,
  "snr_total": 12.969332886072765,
  "snr_wm": 22.005304295868775,
  "snrd_csf": 27.187607410793976,
  "snrd_gm": 62.1769297927708,
  "snrd_total": 57.24003036568201,
  "snrd_wm": 82.35555389348127,
  "spacing_x": 0.8800000548362732,
  "spacing_y": 0.875,
  "spacing_z": 0.875,
  "summary_bg_k": 6.393847939421285,
  "summary_bg_mad": 0.0,
  "summary_bg_mean": 5.414075138286347,
  "summary_bg_median": 0.0,
  "summary_bg_n": 2384457.0,
  "summary_bg_p05": 0.0,
  "summary_bg_p95": 21.577697644010186,
  "summary_bg_stdv": 7.95537329364752,
  "summary_csf_k": 1.0221208342487103,
  "summary_csf_mad": 96.52947254049337,
  "summary_csf_mean": 324.13746384711243,
  "summary_csf_median": 330.14127426594496,
  "summary_csf_n": 34569.0,
  "summary_csf_p05": 80.68008662536741,
  "summary_csf_p95": 512.2090363796799,
  "summary_csf_stdv": 121.45323959771919,
  "summary_gm_k": 0.18584233422180363,
  "summary_gm_mad": 51.897565881985685,
  "summary_gm_mean": 753.6611825091171,
  "summary_gm_median": 755.0193925332278,
  "summary_gm_n": 83017.0,
  "summary_gm_p05": 664.2830486744642,
  "summary_gm_p95": 839.1099055301397,
  "summary_gm_stdv": 53.2282529979444,
  "summary_wm_k": 0.41083153844847553,
  "summary_wm_mad": 43.334467511458044,
  "summary_wm_mean": 999.8067364698278,
  "summary_wm_median": 1000.0500262659043,
  "summary_wm_n": 285315.0,
  "summary_wm_p05": 925.2656767256558,
  "summary_wm_p95": 1074.584344547242,
  "summary_wm_stdv": 45.44578253868543,
  "tpm_overlap_csf": 0.14378816332422664,
  "tpm_overlap_gm": 0.47783330814085445,
  "tpm_overlap_wm": 0.5112352546547873,
  "wm2max": 0.8337919533041485
}