{
  "bids_meta": {
    "AcquisitionMatrixPE": 256,
    "AcquisitionNumber": 1,
    "AcquisitionTime": "13:09:9.690000",
    "BaseResolution": 256,
    "BodyPartExamined": "HEAD",
    "CoilString": "HE1-4;NE1_2",
    "ConsistencyInfo": "N4_VE11C_LATEST_20160120",
    "ConversionSoftware": "dcm2niix",
    "ConversionSoftwareVersion": "v1.0.20190410  (JP2:OpenJPEG) GCC7.3.0",
    "DeviceSerialNumber": "45250",
    "DwellTime": 7.2e-06,
    "EchoTime": 0.00188,
    "FlipAngle": 8,
    "ImageOrientationPatientDICOM": [
      0.0864506,
      0.99625,
      0.00348791,
      -0.0392756,
      0.00690643,
      -0.999205
    ],
    "ImageType": [
      "ORIGINAL",
      "PRIMARY",
      "M",
      "NORM",
      "DIS3D",
      "DIS2D"
    ],
    "ImagingFrequency": 123.239,
    "InPlanePhaseEncodingDirectionDICOM": "ROW",
    "InstitutionAddress": "deleted_by_bidsonym",
    "InstitutionName": "deleted_by_bidsonym",
    "InstitutionalDepartmentName": "deleted_by_bidsonym",
    "InversionTime": 1,
    "MRAcquisitionType": "3D",
    "MagneticFieldStrength": 3,
    "Manufacturer": "Siemens",
    "ManufacturersModelName": "Skyra",
    "Modality": "MR",
    "PartialFourier": 1,
    "PatientPosition": "HFS",
    "PercentPhaseFOV": 100,
    "PhaseEncodingSteps": 294,
    "PhaseOversampling": 0.15,
    "PhaseResolution": 1,
    "PixelBandwidth": 270,
    "ProcedureStepDescription": "deleted_by_bidsonym",
    "ProtocolName": "anat-T1w",
    "PulseSequenceDetails": "%SiemensSeq%_tfl",
    "ReceiveCoilActiveElements": "HE1-4;NE1,2",
    "ReceiveCoilName": "HeadNeck_20",
    "ReconMatrixPE": 256,
    "RefLinesPE": 24,
    "RepetitionTime": 1.68,
    "SAR": 0.0813276,
    "ScanOptions": "IR_WE",
    "ScanningSequence": "GR_IR",
    "SequenceName": "_tfl3d1_16ns",
    "SequenceVariant": "SK_SP_MP_OSP",
    "SeriesDescription": "anat-T1w",
    "SeriesNumber": 5,
    "ShimSetting": [
      -1132,
      -3028,
      -4448,
      77,
      1123,
      -362,
      113,
      -938
    ],
    "SliceThickness": 0.88,
    "SoftwareVersions": "syngo_MR_E11",
    "StationName": "deleted_by_bidsonym",
    "TxRefAmp": 358.741,
    "dataset": "ds003176",
    "modality": "T1w",
    "session_id": "1",
    "subject_id": "101DPMB042010"
  },
  "cjv": 0.43336915731840797,
  "cnr": 3.1964105443632653,
  "efc": 0.6460512567578666,
  "fber": 17891.324044901867,
  "fwhm_avg": 4.1939838314556726,
  "fwhm_x": 4.154442922938446,
  "fwhm_y": 4.177668571428572,
  "fwhm_z": 4.24984,
  "icvs_csf": 0.19102301417730755,
  "icvs_gm": 0.4305190314920962,
  "icvs_wm": 0.37845795433059626,
  "inu_med": 0.43731996417045593,
  "inu_range": 0.1727009266614914,
  "provenance": {
    "md5sum": "7e840c9323bb9b23700c9d225ff0a308",
    "settings": {
      "testing": false
    },
    "software": "mriqc",
    "version": "23.0.1",
    "warnings": {
      "large_rot_frame": true,
      "small_air_mask": false
    },
    "webapi_port": null,
    "webapi_url": "https://mriqc.nimh.nih.gov/api/v1"
  },
  "qi_1": 0.0,
  "qi_2": 0.001124135142974645,
  "rpve_csf": 18.698273599858446,
  "rpve_gm": 8.821906511655493,
  "rpve_wm": 11.433750775590825,
  "size_x": 192,
  "size_y": 256,
  "size_z": 256,
  "snr_csf": 3.2253674690606045,
  "snr_gm": 13.219372000373845,
  "snr_total": 12.662863299560867,
  "snr_wm": 21.54385042924815,
  "snrd_csf": 28.915643713915617,
  "snrd_gm": 66.19281247795439,
  "snrd_total": 60.6516678058698,
  "snrd_wm": 86.84654722573939,
  "spacing_x": 0.8800000548362732,
  "spacing_y": 0.875,
  "spacing_z": 0.875,
  "summary_bg_k": 6.257130338008993,
  "summary_bg_mad": 0.0,
  "summary_bg_mean": 4.965811448196599,
  "summary_bg_median": 0.0,
  "summary_bg_n": 1652274.0,
  "summary_bg_p05": 0.0,
  "summary_bg_p95": 20.67152662202716,
  "summary_bg_stdv": 7.543969879243976,
  "summary_csf_k": 1.2786984956692091,
  "summary_csf_mad": 84.50248344840516,
  "summary_csf_mean": 344.1485948593794,
  "summary_csf_median": 332.96691378578544,
  "summary_csf_n": 57920.0,
  "summary_csf_p05": 197.08329072315246,
  "summary_csf_p95": 532.178296353668,
  "summary_csf_stdv": 103.23290062241465,
  "summary_gm_k": -0.005377782088089145,
  "summary_gm_mad": 57.78765220308126,
  "summary_gm_mean": 762.4391383011024,
  "summary_gm_median": 762.2177359648049,
  "summary_gm_n": 51576.0,
  "summary_gm_p05": 668.3713948726654,
  "summary_gm_p95": 857.8086105175316,
  "summary_gm_stdv": 57.658589730267686,
  "summary_wm_k": 0.3588303226769316,
  "summary_wm_mad": 45.280576036503895,
  "summary_wm_mean": 999.6108898115185,
  "summary_wm_median": 1000.047831851989,
  "summary_wm_n": 353778.0,
  "summary_wm_p05": 923.3361550234258,
  "summary_wm_p95": 1075.1105660945177,
  "summary_wm_stdv": 46.419112579338204,
  "tpm_overlap_csf": 0.17032835777561514,
  "tpm_overlap_gm": 0.46083240043750623,
  "tpm_overlap_wm": 0.5139307452740163,
  "wm2max": 0.85760836151245
}