{
  "aor": 0.002054973166368515,
  "aqi": 0.01831831137745975,
  "bids_meta": {
    "AcquisitionMatrixPE": 80,
    "AcquisitionNumber": 1,
    "AcquisitionTime": "12:04:55.062500",
    "BandwidthPerPixelPhaseEncode": 24.038,
    "BaseResolution": 80,
    "BodyPartExamined": "HEAD",
    "CoilString": "HE1-4;NE1_2",
    "ConsistencyInfo": "N4_VE11C_LATEST_20160120",
    "ConversionSoftware": "dcm2niix",
    "ConversionSoftwareVersion": "v1.0.20190410  (JP2:OpenJPEG) GCC7.3.0",
    "DerivedVendorReportedEchoSpacing": 0.00052001,
    "DeviceSerialNumber": "45250",
    "DwellTime": 2.5e-06,
    "EchoTime": 0.0384,
    "EchoTrainLength": 80,
    "EffectiveEchoSpacing": 0.00052001,
    "FlipAngle": 60,
    "ImageComments": "Unaliased_MB4_PE3",
    "ImageOrientationPatientDICOM": [
      0.999816,
      -0.0175267,
      0.0078606,
      0.0191974,
      0.897706,
      -0.440177
    ],
    "ImageType": [
      "ORIGINAL",
      "PRIMARY",
      "M",
      "MB",
      "ND",
      "NORM",
      "MOSAIC"
    ],
    "ImagingFrequency": 123.239,
    "InPlanePhaseEncodingDirectionDICOM": "COL",
    "InstitutionAddress": "deleted_by_bidsonym",
    "InstitutionName": "deleted_by_bidsonym",
    "InstitutionalDepartmentName": "deleted_by_bidsonym",
    "MRAcquisitionType": "2D",
    "MagneticFieldStrength": 3,
    "Manufacturer": "Siemens",
    "ManufacturersModelName": "Skyra",
    "Modality": "MR",
    "MultibandAccelerationFactor": 4,
    "PartialFourier": 1,
    "PatientPosition": "HFS",
    "PercentPhaseFOV": 100,
    "PhaseEncodingDirection": "j-",
    "PhaseEncodingSteps": 80,
    "PhaseResolution": 1,
    "PixelBandwidth": 2500,
    "ProcedureStepDescription": "deleted_by_bidsonym",
    "ProtocolName": "func_task-EyeMag_acq-CMRR_run-01",
    "PulseSequenceDetails": "%CustomerSeq%_cmrr_mbep2d_bold",
    "ReceiveCoilActiveElements": "HE1-4;NE1,2",
    "ReceiveCoilName": "HeadNeck_20",
    "ReconMatrixPE": 80,
    "RepetitionTime": 1,
    "SAR": 0.0977548,
    "ScanOptions": "FS",
    "ScanningSequence": "EP",
    "SequenceName": "epfid2d1_80",
    "SequenceVariant": "SK_SS",
    "SeriesDescription": "func_task-EyeMag_acq-CMRR_run-01",
    "SeriesNumber": 9,
    "ShimSetting": [
      -1096,
      -3028,
      -4217,
      508,
      853,
      364,
      80,
      -900
    ],
    "SliceThickness": 3,
    "SliceTiming": [
      0,
      0.4075,
      0.815,
      0.245,
      0.6525,
      0.08,
      0.49,
      0.8975,
      0.325,
      0.735,
      0.1625,
      0.57,
      0,
      0.4075,
      0.815,
      0.245,
      0.6525,
      0.08,
      0.49,
      0.8975,
      0.325,
      0.735,
      0.1625,
      0.57,
      0,
      0.4075,
      0.815,
      0.245,
      0.6525,
      0.08,
      0.49,
      0.8975,
      0.325,
      0.735,
      0.1625,
      0.57,
      0,
      0.4075,
      0.815,
      0.245,
      0.6525,
      0.08,
      0.49,
      0.8975,
      0.325,
      0.735,
      0.1625,
      0.57
    ],
    "SoftwareVersions": "syngo_MR_E11",
    "SpacingBetweenSlices": 3,
    "StationName": "deleted_by_bidsonym",
    "TotalReadoutTime": 0.0410808,
    "TxRefAmp": 353.182,
    "WipMemBlock": "09ef828f-7101-4316-8bed-35afc3339cd1||Sequence: R016 ve11c/master r/34fb20f; Nov 20 2017 15:15:15 by eja",
    "acq_id": "CMRR",
    "dataset": "ds003176",
    "modality": "bold",
    "run_id": 1,
    "session_id": "1",
    "subject_id": "101DPMB042002",
    "task_id": "EyeMag"
  },
  "dummy_trs": 0,
  "dvars_nstd": 30.707971280411705,
  "dvars_std": 1.295053449540572,
  "dvars_vstd": 1.0275855312350846,
  "efc": 0.42107930062636717,
  "fber": 7624.71728515625,
  "fd_mean": 0.19955501528602032,
  "fd_num": 746,
  "fd_perc": 44.484197972570065,
  "fwhm_avg": 1.6914244444444444,
  "fwhm_x": 1.6407,
  "fwhm_y": 1.7602333333333335,
  "fwhm_z": 1.6733399999999998,
  "gcor": 0.0403024,
  "gsr_x": -0.014826372265815735,
  "gsr_y": 0.011054984293878078,
  "provenance": {
    "md5sum": "5f79d18ea2f16c9f7a0ed601e1e30653",
    "settings": {
      "fd_thres": 0.2,
      "testing": false
    },
    "software": "mriqc",
    "version": "23.0.1",
    "webapi_port": null,
    "webapi_url": "https://mriqc.nimh.nih.gov/api/v1"
  },
  "size_t": 1677,
  "size_x": 80,
  "size_y": 80,
  "size_z": 48,
  "snr": 6.70702497770435,
  "spacing_tr": 1.0,
  "spacing_x": 3.0,
  "spacing_y": 3.0,
  "spacing_z": 3.0,
  "summary_bg_k": 44.393133221437935,
  "summary_bg_mad": 57.0703219089368,
  "summary_bg_mean": 241.49615478515625,
  "summary_bg_median": 94.7486343383789,
  "summary_bg_n": 220125.0,
  "summary_bg_p05": 43.73343276977539,
  "summary_bg_p95": 958.7822631835935,
  "summary_bg_stdv": 479.32745361328125,
  "summary_fg_k": 3.5257220653562404,
  "summary_fg_mad": 1050.6365063093833,
  "summary_fg_mean": 8393.31640625,
  "summary_fg_median": 8323.4541015625,
  "summary_fg_n": 38774.0,
  "summary_fg_p05": 6654.813232421875,
  "summary_fg_p95": 10372.202734375,
  "summary_fg_stdv": 1240.9893798828125,
  "tsnr": 44.82981872558594
}