{
  "aor": 0.0009880505415162453,
  "aqi": 0.02178793002406739,
  "bids_meta": {
    "AcquisitionMatrixPE": 80,
    "AcquisitionNumber": 1,
    "AcquisitionTime": "15:48:3.175000",
    "BandwidthPerPixelPhaseEncode": 24.038,
    "BaseResolution": 80,
    "BodyPartExamined": "HEAD",
    "ConsistencyInfo": "N4_VE11C_LATEST_20160120",
    "ConversionSoftware": "dcm2niix",
    "ConversionSoftwareVersion": "v1.0.20190410  (JP2:OpenJPEG) GCC7.3.0",
    "DerivedVendorReportedEchoSpacing": 0.00052001,
    "DeviceSerialNumber": "45250",
    "DwellTime": 2.5e-06,
    "EchoTime": 0.0384,
    "EchoTrainLength": 80,
    "EffectiveEchoSpacing": 0.00052001,
    "FlipAngle": 60,
    "ImageComments": "Unaliased_MB4_PE3",
    "ImageOrientationPatientDICOM": [
      0.998539,
      -0.0106071,
      0.052993,
      0.0244038,
      0.963386,
      -0.267005
    ],
    "ImageType": [
      "ORIGINAL",
      "PRIMARY",
      "M",
      "MB",
      "ND",
      "NORM",
      "MOSAIC"
    ],
    "ImagingFrequency": 123.239,
    "InPlanePhaseEncodingDirectionDICOM": "COL",
    "InstitutionAddress": "deleted_by_bidsonym",
    "InstitutionName": "deleted_by_bidsonym",
    "InstitutionalDepartmentName": "deleted_by_bidsonym",
    "MRAcquisitionType": "2D",
    "MagneticFieldStrength": 3,
    "Manufacturer": "Siemens",
    "ManufacturersModelName": "Skyra",
    "Modality": "MR",
    "MultibandAccelerationFactor": 4,
    "PartialFourier": 1,
    "PatientPosition": "HFS",
    "PercentPhaseFOV": 100,
    "PhaseEncodingDirection": "j-",
    "PhaseEncodingSteps": 80,
    "PhaseResolution": 1,
    "PixelBandwidth": 2500,
    "ProcedureStepDescription": "deleted_by_bidsonym",
    "ProtocolName": "func_task-EyeMag_acq-CMRR_run-01",
    "PulseSequenceDetails": "%CustomerSeq%_cmrr_mbep2d_bold",
    "ReceiveCoilActiveElements": "HE1-4",
    "ReceiveCoilName": "HeadNeck_20",
    "ReconMatrixPE": 80,
    "RepetitionTime": 1,
    "SAR": 0.100691,
    "ScanOptions": "FS",
    "ScanningSequence": "EP",
    "SequenceName": "epfid2d1_80",
    "SequenceVariant": "SK_SS",
    "SeriesDescription": "func_task-EyeMag_acq-CMRR_run-01",
    "SeriesNumber": 9,
    "ShimSetting": [
      -1101,
      -3006,
      -4123,
      443,
      951,
      593,
      -91,
      -833
    ],
    "SliceThickness": 3,
    "SliceTiming": [
      0,
      0.4075,
      0.815,
      0.245,
      0.6525,
      0.08,
      0.49,
      0.8975,
      0.325,
      0.735,
      0.1625,
      0.57,
      0,
      0.4075,
      0.815,
      0.245,
      0.6525,
      0.08,
      0.49,
      0.8975,
      0.325,
      0.735,
      0.1625,
      0.57,
      0,
      0.4075,
      0.815,
      0.245,
      0.6525,
      0.08,
      0.49,
      0.8975,
      0.325,
      0.735,
      0.1625,
      0.57,
      0,
      0.4075,
      0.815,
      0.245,
      0.6525,
      0.08,
      0.49,
      0.8975,
      0.325,
      0.735,
      0.1625,
      0.57
    ],
    "SoftwareVersions": "syngo_MR_E11",
    "SpacingBetweenSlices": 3,
    "StationName": "deleted_by_bidsonym",
    "TotalReadoutTime": 0.0410808,
    "TxRefAmp": 367.614,
    "WipMemBlock": "e98c684b-66bf-45a2-b508-58ea67cf4cdb||Sequence: R016 ve11c/master r/34fb20f; Nov 20 2017 15:15:15 by eja",
    "acq_id": "CMRR",
    "dataset": "ds003176",
    "modality": "bold",
    "run_id": 1,
    "session_id": "1",
    "subject_id": "101DPMB041005",
    "task_id": "EyeMag"
  },
  "dummy_trs": 0,
  "dvars_nstd": 32.220459029223335,
  "dvars_std": 1.2937832664298616,
  "dvars_vstd": 0.9830475951234168,
  "efc": 0.45391401149977945,
  "fber": 8630.078125,
  "fd_mean": 0.19862747255868243,
  "fd_num": 531,
  "fd_perc": 31.949458483754512,
  "fwhm_avg": 1.7476122222222223,
  "fwhm_x": 1.6336566666666668,
  "fwhm_y": 1.9031833333333334,
  "fwhm_z": 1.7059966666666666,
  "gcor": 0.00975072,
  "gsr_x": -0.013600984588265419,
  "gsr_y": 0.019156092777848244,
  "provenance": {
    "md5sum": "1130c97ddf3a794deb68898c7ca0fb78",
    "settings": {
      "fd_thres": 0.2,
      "testing": false
    },
    "software": "mriqc",
    "version": "23.0.1",
    "webapi_port": null,
    "webapi_url": "https://mriqc.nimh.nih.gov/api/v1"
  },
  "size_t": 1662,
  "size_x": 80,
  "size_y": 80,
  "size_z": 48,
  "snr": 6.364036503411232,
  "spacing_tr": 1.0,
  "spacing_x": 3.0,
  "spacing_y": 3.0,
  "spacing_z": 3.0,
  "summary_bg_k": 47.17932698851323,
  "summary_bg_mad": 72.56999480332553,
  "summary_bg_mean": 305.4063415527344,
  "summary_bg_median": 104.63461303710938,
  "summary_bg_n": 209260.0,
  "summary_bg_p05": 42.970143699645995,
  "summary_bg_p95": 1351.8781921386683,
  "summary_bg_stdv": 642.9364013671875,
  "summary_fg_k": 3.3995943351217566,
  "summary_fg_mad": 1290.364887490111,
  "summary_fg_mean": 9802.95703125,
  "summary_fg_median": 9683.2724609375,
  "summary_fg_n": 47141.0,
  "summary_fg_p05": 7704.89208984375,
  "summary_fg_p95": 12310.1005859375,
  "summary_fg_stdv": 1521.5452880859375,
  "tsnr": 41.15522003173828
}