{
  "aor": 0.002873157894736842,
  "aqi": 0.017426258773923446,
  "bids_meta": {
    "AcquisitionMatrixPE": 80,
    "AcquisitionNumber": 1,
    "AcquisitionTime": "10:24:58.382500",
    "BandwidthPerPixelPhaseEncode": 24.038,
    "BaseResolution": 80,
    "BodyPartExamined": "HEAD",
    "CoilString": "HE1-4;NE1_2",
    "ConsistencyInfo": "N4_VE11C_LATEST_20160120",
    "ConversionSoftware": "dcm2niix",
    "ConversionSoftwareVersion": "v1.0.20190720  (JP2:OpenJPEG) GCC7.3.0",
    "DerivedVendorReportedEchoSpacing": 0.00052001,
    "DeviceSerialNumber": "45250",
    "DwellTime": 2.5e-06,
    "EchoTime": 0.0384,
    "EchoTrainLength": 80,
    "EffectiveEchoSpacing": 0.00052001,
    "FlipAngle": 60,
    "ImageComments": "Unaliased_MB4_PE3",
    "ImageOrientationPatientDICOM": [
      0.994268,
      -0.0984059,
      -0.0417917,
      0.0765048,
      0.927925,
      -0.364832
    ],
    "ImageType": [
      "ORIGINAL",
      "PRIMARY",
      "M",
      "MB",
      "ND",
      "NORM",
      "MOSAIC"
    ],
    "ImagingFrequency": 123.239,
    "InPlanePhaseEncodingDirectionDICOM": "COL",
    "InstitutionAddress": "deleted_by_bidsonym",
    "InstitutionName": "deleted_by_bidsonym",
    "InstitutionalDepartmentName": "deleted_by_bidsonym",
    "MRAcquisitionType": "2D",
    "MagneticFieldStrength": 3,
    "Manufacturer": "Siemens",
    "ManufacturersModelName": "Skyra",
    "Modality": "MR",
    "MultibandAccelerationFactor": 4,
    "PartialFourier": 1,
    "PatientPosition": "HFS",
    "PercentPhaseFOV": 100,
    "PhaseEncodingDirection": "j-",
    "PhaseEncodingSteps": 80,
    "PhaseResolution": 1,
    "PixelBandwidth": 2500,
    "ProcedureStepDescription": "deleted_by_bidsonym",
    "ProtocolName": "func_task-EyeMag_acq-CMRR_run-01",
    "PulseSequenceDetails": "%CustomerSeq%_cmrr_mbep2d_bold",
    "ReceiveCoilActiveElements": "HE1-4;NE1,2",
    "ReceiveCoilName": "HeadNeck_20",
    "ReconMatrixPE": 80,
    "RepetitionTime": 1,
    "SAR": 0.0981792,
    "ScanOptions": "FS",
    "ScanningSequence": "EP",
    "SequenceName": "epfid2d1_80",
    "SequenceVariant": "SK_SS",
    "SeriesDescription": "func_task-EyeMag_acq-CMRR_run-01",
    "SeriesNumber": 9,
    "ShimSetting": [
      -1132,
      -2942,
      -4207,
      484,
      917,
      589,
      -379,
      -899
    ],
    "SliceThickness": 3,
    "SliceTiming": [
      0,
      0.4075,
      0.815,
      0.245,
      0.6525,
      0.08,
      0.49,
      0.8975,
      0.325,
      0.735,
      0.1625,
      0.57,
      0,
      0.4075,
      0.815,
      0.245,
      0.6525,
      0.08,
      0.49,
      0.8975,
      0.325,
      0.735,
      0.1625,
      0.57,
      0,
      0.4075,
      0.815,
      0.245,
      0.6525,
      0.08,
      0.49,
      0.8975,
      0.325,
      0.735,
      0.1625,
      0.57,
      0,
      0.4075,
      0.815,
      0.245,
      0.6525,
      0.08,
      0.49,
      0.8975,
      0.325,
      0.735,
      0.1625,
      0.57
    ],
    "SoftwareVersions": "syngo_MR_E11",
    "SpacingBetweenSlices": 3,
    "StationName": "deleted_by_bidsonym",
    "TaskName": "EyeMag",
    "TotalReadoutTime": 0.0410808,
    "TxRefAmp": 352.02,
    "WipMemBlock": "8972cbe1-eb70-4372-8d9b-ec536e9af92f||Sequence: R016 ve11c/master r/34fb20f; Nov 20 2017 15:15:15 by eja",
    "acq_id": "CMRR",
    "dataset": "ds003176",
    "modality": "bold",
    "run_id": 1,
    "session_id": "1",
    "subject_id": "101DPMB042029",
    "task_id": "EyeMag"
  },
  "dummy_trs": 0,
  "dvars_nstd": 27.181899982238154,
  "dvars_std": 1.283366562136444,
  "dvars_vstd": 1.0226124750628376,
  "efc": 0.3958882069265478,
  "fber": 9699.5166015625,
  "fd_mean": 0.13751195882604864,
  "fd_num": 224,
  "fd_perc": 13.397129186602871,
  "fwhm_avg": 1.717993288866241,
  "fwhm_x": 1.6195266666666666,
  "fwhm_y": 1.8558766666666668,
  "fwhm_z": 1.6785765332653892,
  "gcor": 0.0144009,
  "gsr_x": -0.017665106803178787,
  "gsr_y": 0.01207234151661396,
  "provenance": {
    "md5sum": "04e83824fdf6573d111c45946c236ba9",
    "settings": {
      "fd_thres": 0.2,
      "testing": false
    },
    "software": "mriqc",
    "version": "23.0.1",
    "webapi_port": null,
    "webapi_url": "https://mriqc.nimh.nih.gov/api/v1"
  },
  "size_t": 1672,
  "size_x": 80,
  "size_y": 80,
  "size_z": 48,
  "snr": 6.292323458839508,
  "spacing_tr": 1.0,
  "spacing_x": 3.0,
  "spacing_y": 3.0,
  "spacing_z": 3.000000238418579,
  "summary_bg_k": 69.20711051099501,
  "summary_bg_mad": 54.068641172608224,
  "summary_bg_mean": 215.7423553466797,
  "summary_bg_median": 89.19309997558594,
  "summary_bg_n": 225378.0,
  "summary_bg_p05": 37.65995407104492,
  "summary_bg_p95": 780.8860900878904,
  "summary_bg_stdv": 452.5244445800781,
  "summary_fg_k": 2.9166113692467786,
  "summary_fg_mad": 1233.0581129690554,
  "summary_fg_mean": 8958.92578125,
  "summary_fg_median": 8849.3759765625,
  "summary_fg_n": 34815.0,
  "summary_fg_p05": 7039.596533203125,
  "summary_fg_p95": 11210.847460937499,
  "summary_fg_stdv": 1406.3563232421875,
  "tsnr": 44.20436096191406
}