{
  "aor": 0.0005973939031679617,
  "aqi": 0.02341758942020323,
  "bids_meta": {
    "AcquisitionMatrixPE": 80,
    "AcquisitionNumber": 1,
    "AcquisitionTime": "12:18:17.730000",
    "BandwidthPerPixelPhaseEncode": 24.038,
    "BaseResolution": 80,
    "BodyPartExamined": "HEAD",
    "CoilString": "HE1-4;NE1_2",
    "ConsistencyInfo": "N4_VE11C_LATEST_20160120",
    "ConversionSoftware": "dcm2niix",
    "ConversionSoftwareVersion": "v1.0.20190720  (JP2:OpenJPEG) GCC7.3.0",
    "DerivedVendorReportedEchoSpacing": 0.00052001,
    "DeviceSerialNumber": "45250",
    "DwellTime": 2.5e-06,
    "EchoTime": 0.0384,
    "EchoTrainLength": 80,
    "EffectiveEchoSpacing": 0.00052001,
    "FlipAngle": 60,
    "ImageComments": "Unaliased_MB4_PE3",
    "ImageOrientationPatientDICOM": [
      0.994145,
      -0.0583827,
      -0.0909291,
      0.027769,
      0.951251,
      -0.307165
    ],
    "ImageType": [
      "ORIGINAL",
      "PRIMARY",
      "M",
      "MB",
      "ND",
      "NORM",
      "MOSAIC"
    ],
    "ImagingFrequency": 123.239,
    "InPlanePhaseEncodingDirectionDICOM": "COL",
    "InstitutionAddress": "deleted_by_bidsonym",
    "InstitutionName": "deleted_by_bidsonym",
    "InstitutionalDepartmentName": "deleted_by_bidsonym",
    "MRAcquisitionType": "2D",
    "MagneticFieldStrength": 3,
    "Manufacturer": "Siemens",
    "ManufacturersModelName": "Skyra",
    "Modality": "MR",
    "MultibandAccelerationFactor": 4,
    "PartialFourier": 1,
    "PatientPosition": "HFS",
    "PercentPhaseFOV": 100,
    "PhaseEncodingDirection": "j-",
    "PhaseEncodingSteps": 80,
    "PhaseResolution": 1,
    "PixelBandwidth": 2500,
    "ProcedureStepDescription": "deleted_by_bidsonym",
    "ProtocolName": "func_task-EyeMag_acq-CMRR_run-01",
    "PulseSequenceDetails": "%CustomerSeq%_cmrr_mbep2d_bold",
    "ReceiveCoilActiveElements": "HE1-4;NE1,2",
    "ReceiveCoilName": "HeadNeck_20",
    "ReconMatrixPE": 80,
    "RepetitionTime": 1,
    "SAR": 0.11915,
    "ScanOptions": "FS",
    "ScanningSequence": "EP",
    "SequenceName": "epfid2d1_80",
    "SequenceVariant": "SK_SS",
    "SeriesDescription": "func_task-EyeMag_acq-CMRR_run-01",
    "SeriesNumber": 9,
    "ShimSetting": [
      -1160,
      -2968,
      -4226,
      541,
      860,
      473,
      -206,
      -917
    ],
    "SliceThickness": 3,
    "SliceTiming": [
      0,
      0.4075,
      0.8175,
      0.245,
      0.6525,
      0.0825,
      0.49,
      0.8975,
      0.3275,
      0.735,
      0.1625,
      0.5725,
      0,
      0.4075,
      0.8175,
      0.245,
      0.6525,
      0.0825,
      0.49,
      0.8975,
      0.3275,
      0.735,
      0.1625,
      0.5725,
      0,
      0.4075,
      0.8175,
      0.245,
      0.6525,
      0.0825,
      0.49,
      0.8975,
      0.3275,
      0.735,
      0.1625,
      0.5725,
      0,
      0.4075,
      0.8175,
      0.245,
      0.6525,
      0.0825,
      0.49,
      0.8975,
      0.3275,
      0.735,
      0.1625,
      0.5725
    ],
    "SoftwareVersions": "syngo_MR_E11",
    "SpacingBetweenSlices": 3,
    "StationName": "deleted_by_bidsonym",
    "TaskName": "EyeMag",
    "TotalReadoutTime": 0.0410808,
    "TxRefAmp": 354.267,
    "WipMemBlock": "29cf030d-9845-49ea-9861-8cae9a6553c7||Sequence: R016 ve11c/master r/34fb20f; Nov 20 2017 15:15:15 by eja",
    "acq_id": "CMRR",
    "dataset": "ds003176",
    "modality": "bold",
    "run_id": 1,
    "session_id": "1",
    "subject_id": "101DPMB042033",
    "task_id": "EyeMag"
  },
  "dummy_trs": 1,
  "dvars_nstd": 31.152607027009633,
  "dvars_std": 1.2504747227631592,
  "dvars_vstd": 0.9599898670574158,
  "efc": 0.3937706526666684,
  "fber": 9294.0673828125,
  "fd_mean": 0.15569831989800567,
  "fd_num": 309,
  "fd_perc": 18.469814704124328,
  "fwhm_avg": 1.6592566237545048,
  "fwhm_x": 1.619879871263514,
  "fwhm_y": 1.7614599999999998,
  "fwhm_z": 1.59643,
  "gcor": 0.0129573,
  "gsr_x": -0.010450060479342937,
  "gsr_y": 0.00893657747656107,
  "provenance": {
    "md5sum": "69159e44ad18b04e5c3d7c4a0aefb4fe",
    "settings": {
      "fd_thres": 0.2,
      "testing": false
    },
    "software": "mriqc",
    "version": "23.0.1",
    "webapi_port": null,
    "webapi_url": "https://mriqc.nimh.nih.gov/api/v1"
  },
  "size_t": 1673,
  "size_x": 80,
  "size_y": 80,
  "size_z": 48,
  "snr": 6.728719872874008,
  "spacing_tr": 1.0,
  "spacing_x": 3.000000238418579,
  "spacing_y": 3.0,
  "spacing_z": 3.0,
  "summary_bg_k": 72.01117599566474,
  "summary_bg_mad": 47.24476798366062,
  "summary_bg_mean": 194.68565368652344,
  "summary_bg_median": 85.7763671875,
  "summary_bg_n": 225402.0,
  "summary_bg_p05": 38.90779800415039,
  "summary_bg_p95": 625.797177124023,
  "summary_bg_stdv": 429.5638122558594,
  "summary_fg_k": 3.6781102106094217,
  "summary_fg_mad": 1008.2429871605566,
  "summary_fg_mean": 8329.017578125,
  "summary_fg_median": 8239.48046875,
  "summary_fg_n": 34970.0,
  "summary_fg_p05": 6691.206079101563,
  "summary_fg_p95": 10335.072900390625,
  "summary_fg_stdv": 1224.5067138671875,
  "tsnr": 41.76609420776367
}