{
  "bids_meta": {
    "AcquisitionMatrixPE": 256,
    "AcquisitionNumber": 1,
    "AcquisitionTime": "14:29:38.637500",
    "BaseResolution": 256,
    "BodyPartExamined": "HEAD",
    "CoilString": "HE1-4;NE1_2",
    "ConsistencyInfo": "N4_VE11C_LATEST_20160120",
    "ConversionSoftware": "dcm2niix",
    "ConversionSoftwareVersion": "v1.0.20190410  (JP2:OpenJPEG) GCC7.3.0",
    "DeviceSerialNumber": "45250",
    "DwellTime": 7.2e-06,
    "EchoTime": 0.00188,
    "FlipAngle": 8,
    "ImageOrientationPatientDICOM": [
      -0.0227049,
      0.99879,
      0.0436193,
      -0.00315549,
      0.0435587,
      -0.999046
    ],
    "ImageType": [
      "ORIGINAL",
      "PRIMARY",
      "M",
      "NORM",
      "DIS3D",
      "DIS2D"
    ],
    "ImagingFrequency": 123.239,
    "InPlanePhaseEncodingDirectionDICOM": "ROW",
    "InstitutionAddress": "deleted_by_bidsonym",
    "InstitutionName": "deleted_by_bidsonym",
    "InstitutionalDepartmentName": "deleted_by_bidsonym",
    "InversionTime": 1,
    "MRAcquisitionType": "3D",
    "MagneticFieldStrength": 3,
    "Manufacturer": "Siemens",
    "ManufacturersModelName": "Skyra",
    "Modality": "MR",
    "PartialFourier": 1,
    "PatientPosition": "HFS",
    "PercentPhaseFOV": 100,
    "PhaseEncodingSteps": 294,
    "PhaseOversampling": 0.15,
    "PhaseResolution": 1,
    "PixelBandwidth": 270,
    "ProcedureStepDescription": "deleted_by_bidsonym",
    "ProtocolName": "anat-T1w",
    "PulseSequenceDetails": "%SiemensSeq%_tfl",
    "ReceiveCoilActiveElements": "HE1-4;NE1,2",
    "ReceiveCoilName": "HeadNeck_20",
    "ReconMatrixPE": 256,
    "RefLinesPE": 24,
    "RepetitionTime": 1.68,
    "SAR": 0.0869162,
    "ScanOptions": "IR_WE",
    "ScanningSequence": "GR_IR",
    "SequenceName": "_tfl3d1_16ns",
    "SequenceVariant": "SK_SP_MP_OSP",
    "SeriesDescription": "anat-T1w",
    "SeriesNumber": 5,
    "ShimSetting": [
      -1116,
      -3155,
      -4453,
      118,
      935,
      -473,
      275,
      -975
    ],
    "SliceThickness": 0.88,
    "SoftwareVersions": "syngo_MR_E11",
    "StationName": "deleted_by_bidsonym",
    "TxRefAmp": 393.919,
    "dataset": "ds003176",
    "modality": "T1w",
    "session_id": "1",
    "subject_id": "101DPMB042004"
  },
  "cjv": 0.3899743588226533,
  "cnr": 3.5230258576380193,
  "efc": 0.6721850588207677,
  "fber": 7171.537624319761,
  "fwhm_avg": 4.6104933688823415,
  "fwhm_x": 4.540931535218452,
  "fwhm_y": 4.672731428571429,
  "fwhm_z": 4.617817142857143,
  "icvs_csf": 0.16767784687092116,
  "icvs_gm": 0.44072411268017214,
  "icvs_wm": 0.39159804044890667,
  "inu_med": 0.41743049025535583,
  "inu_range": 0.19692836403846742,
  "provenance": {
    "md5sum": "9001b8eb64d86a85203bc6df686e0d3d",
    "settings": {
      "testing": false
    },
    "software": "mriqc",
    "version": "23.0.1",
    "warnings": {
      "large_rot_frame": true,
      "small_air_mask": false
    },
    "webapi_port": null,
    "webapi_url": "https://mriqc.nimh.nih.gov/api/v1"
  },
  "qi_1": 0.0,
  "qi_2": 0.0007220890228511396,
  "rpve_csf": 19.299877152158036,
  "rpve_gm": 7.987965244153603,
  "rpve_wm": 10.059761207450016,
  "size_x": 192,
  "size_y": 256,
  "size_z": 256,
  "snr_csf": 2.640608173086082,
  "snr_gm": 13.753881337245252,
  "snr_total": 13.628446928144768,
  "snr_wm": 24.490851274102972,
  "snrd_csf": 31.27319564701512,
  "snrd_gm": 76.4119780379847,
  "snrd_total": 69.5241016136773,
  "snrd_wm": 100.88713115603207,
  "spacing_x": 0.8800000548362732,
  "spacing_y": 0.875,
  "spacing_z": 0.875,
  "summary_bg_k": 10.078105636482615,
  "summary_bg_mad": 0.0,
  "summary_bg_mean": 3.8194648529516346,
  "summary_bg_median": 0.0,
  "summary_bg_n": 1901068.0,
  "summary_bg_p05": 0.0,
  "summary_bg_p95": 17.200960025191307,
  "summary_bg_stdv": 6.494110086762247,
  "summary_csf_k": 0.3976005483148395,
  "summary_csf_mad": 100.10919740107796,
  "summary_csf_mean": 310.36339461516053,
  "summary_csf_median": 309.99891823530197,
  "summary_csf_n": 64192.0,
  "summary_csf_p05": 94.3613045565784,
  "summary_csf_p95": 506.56690974980575,
  "summary_csf_stdv": 117.39587370924632,
  "summary_gm_k": 0.1464256773104089,
  "summary_gm_mad": 54.116356608818485,
  "summary_gm_mean": 758.8562333733978,
  "summary_gm_median": 757.4419576227665,
  "summary_gm_n": 88948.0,
  "summary_gm_p05": 670.4926039867103,
  "summary_gm_p95": 851.4611511677504,
  "summary_gm_stdv": 55.070832825937224,
  "summary_wm_k": 0.3236436712275972,
  "summary_wm_mad": 40.496332578070295,
  "summary_wm_mean": 1000.1520691053533,
  "summary_wm_median": 1000.0545475184917,
  "summary_wm_n": 409180.0,
  "summary_wm_p05": 933.5677939504385,
  "summary_wm_p95": 1065.3963877409697,
  "summary_wm_stdv": 40.83375111392946,
  "tpm_overlap_csf": 0.13915936165427123,
  "tpm_overlap_gm": 0.44361854189165323,
  "tpm_overlap_wm": 0.48277914210091816,
  "wm2max": 0.7632335625873711
}