{
  "bids_meta": {
    "AcquisitionMatrixPE": 256,
    "AcquisitionNumber": 1,
    "AcquisitionTime": "13:12:56.027500",
    "BaseResolution": 256,
    "BodyPartExamined": "HEAD",
    "CoilString": "HE1-4;NE1_2",
    "ConsistencyInfo": "N4_VE11C_LATEST_20160120",
    "ConversionSoftware": "dcm2niix",
    "ConversionSoftwareVersion": "v1.0.20190720  (JP2:OpenJPEG) GCC7.3.0",
    "DeviceSerialNumber": "45250",
    "DwellTime": 7.2e-06,
    "EchoTime": 0.00188,
    "FlipAngle": 8,
    "ImageOrientationPatientDICOM": [
      -0.0420669,
      0.996029,
      -0.0784581,
      -0.00185134,
      -0.0786051,
      -0.996904
    ],
    "ImageType": [
      "ORIGINAL",
      "PRIMARY",
      "M",
      "NORM",
      "DIS3D",
      "DIS2D"
    ],
    "ImagingFrequency": 123.239,
    "InPlanePhaseEncodingDirectionDICOM": "ROW",
    "InstitutionAddress": "deleted_by_bidsonym",
    "InstitutionName": "deleted_by_bidsonym",
    "InstitutionalDepartmentName": "deleted_by_bidsonym",
    "InversionTime": 1,
    "MRAcquisitionType": "3D",
    "MagneticFieldStrength": 3,
    "Manufacturer": "Siemens",
    "ManufacturersModelName": "Skyra",
    "Modality": "MR",
    "ParallelReductionFactorInPlane": 2,
    "PartialFourier": 1,
    "PatientPosition": "HFS",
    "PercentPhaseFOV": 100,
    "PhaseEncodingSteps": 294,
    "PhaseOversampling": 0.15,
    "PhaseResolution": 1,
    "PixelBandwidth": 270,
    "ProcedureStepDescription": "deleted_by_bidsonym",
    "ProtocolName": "anat-T1w",
    "PulseSequenceDetails": "%SiemensSeq%_tfl",
    "ReceiveCoilActiveElements": "HE1-4;NE1,2",
    "ReceiveCoilName": "HeadNeck_20",
    "ReconMatrixPE": 256,
    "RefLinesPE": 24,
    "RepetitionTime": 1.68,
    "SAR": 0.0873421,
    "ScanOptions": "IR_WE",
    "ScanningSequence": "GR_IR",
    "SequenceName": "_tfl3d1_16ns",
    "SequenceVariant": "SK_SP_MP_OSP",
    "SeriesDescription": "anat-T1w",
    "SeriesNumber": 5,
    "ShimSetting": [
      -1118,
      -3097,
      -4466,
      135,
      862,
      -470,
      99,
      -1007
    ],
    "SliceThickness": 0.88,
    "SoftwareVersions": "syngo_MR_E11",
    "StationName": "deleted_by_bidsonym",
    "TxRefAmp": 350.601,
    "dataset": "ds003176",
    "modality": "T1w",
    "session_id": "1",
    "subject_id": "101DPMB042031"
  },
  "cjv": 0.3887197244387696,
  "cnr": 3.5089752634986384,
  "efc": 0.6079557220246845,
  "fber": 11522.03462277092,
  "fwhm_avg": 4.304305495897212,
  "fwhm_x": 4.261567916263065,
  "fwhm_y": 4.305942857142857,
  "fwhm_z": 4.3454057142857145,
  "icvs_csf": 0.19084137356091863,
  "icvs_gm": 0.44536559806901366,
  "icvs_wm": 0.36379302837006766,
  "inu_med": 0.4798990786075592,
  "inu_range": 0.20213155448436737,
  "provenance": {
    "md5sum": "bed25ac50c4305f7d2479af55ba40a41",
    "settings": {
      "testing": false
    },
    "software": "mriqc",
    "version": "23.0.1",
    "warnings": {
      "large_rot_frame": true,
      "small_air_mask": false
    },
    "webapi_port": null,
    "webapi_url": "https://mriqc.nimh.nih.gov/api/v1"
  },
  "qi_1": 0.0,
  "qi_2": 0.0010714383726789594,
  "rpve_csf": 20.92668618750063,
  "rpve_gm": 9.752821913358568,
  "rpve_wm": 13.420261255057243,
  "size_x": 192,
  "size_y": 256,
  "size_z": 256,
  "snr_csf": 3.1885937039103114,
  "snr_gm": 14.092754760817975,
  "snr_total": 13.584679409237728,
  "snr_wm": 23.472689762984896,
  "snrd_csf": 29.119679734624263,
  "snrd_gm": 70.09292947920244,
  "snrd_total": 63.89605766211389,
  "snrd_wm": 92.47556377251496,
  "spacing_x": 0.8800000548362732,
  "spacing_y": 0.875,
  "spacing_z": 0.875,
  "summary_bg_k": 7.121900564828433,
  "summary_bg_mad": 0.0,
  "summary_bg_mean": 4.763375565065068,
  "summary_bg_median": 0.0,
  "summary_bg_n": 2182038.0,
  "summary_bg_p05": 0.0,
  "summary_bg_p95": 19.09012284874916,
  "summary_bg_stdv": 7.08475817060813,
  "summary_csf_k": 2.1634935048396997,
  "summary_csf_mad": 73.4078102009362,
  "summary_csf_mean": 323.0347486504292,
  "summary_csf_median": 314.90524557232857,
  "summary_csf_n": 49895.0,
  "summary_csf_p05": 170.15444748699667,
  "summary_csf_p95": 500.0887836545705,
  "summary_csf_stdv": 98.75892607168993,
  "summary_gm_k": 0.07251495798966934,
  "summary_gm_mad": 53.037922330171455,
  "summary_gm_mean": 756.2699186755925,
  "summary_gm_median": 757.9970443248749,
  "summary_gm_n": 57433.0,
  "summary_gm_p05": 665.7709551155567,
  "summary_gm_p95": 842.9656155943869,
  "summary_gm_stdv": 53.785825283478935,
  "summary_wm_k": 0.3925524487739618,
  "summary_wm_mad": 41.05155973955139,
  "summary_wm_mean": 1000.179362422265,
  "summary_wm_median": 1000.046717017889,
  "summary_wm_n": 292817.0,
  "summary_wm_p05": 930.9530900120735,
  "summary_wm_p95": 1070.1684534549713,
  "summary_wm_stdv": 42.60461921848178,
  "tpm_overlap_csf": 0.18557960450702013,
  "tpm_overlap_gm": 0.4895043082592955,
  "tpm_overlap_wm": 0.5192519930853503,
  "wm2max": 0.8229857680995429
}