{
  "bids_meta": {
    "AcquisitionMatrixPE": 256,
    "AcquisitionNumber": 1,
    "AcquisitionTime": "11:13:0.905000",
    "BaseResolution": 256,
    "BodyPartExamined": "HEAD",
    "CoilString": "HE1-4;NE1_2",
    "ConsistencyInfo": "N4_VE11C_LATEST_20160120",
    "ConversionSoftware": "dcm2niix",
    "ConversionSoftwareVersion": "v1.0.20190720  (JP2:OpenJPEG) GCC7.3.0",
    "DeviceSerialNumber": "45250",
    "DwellTime": 7.2e-06,
    "EchoTime": 0.00188,
    "FlipAngle": 8,
    "ImageOrientationPatientDICOM": [
      0.124876,
      0.990704,
      0.0539631,
      -0.0582371,
      0.061614,
      -0.9964
    ],
    "ImageType": [
      "ORIGINAL",
      "PRIMARY",
      "M",
      "NORM",
      "DIS3D",
      "DIS2D"
    ],
    "ImagingFrequency": 123.24,
    "InPlanePhaseEncodingDirectionDICOM": "ROW",
    "InstitutionAddress": "deleted_by_bidsonym",
    "InstitutionName": "deleted_by_bidsonym",
    "InstitutionalDepartmentName": "deleted_by_bidsonym",
    "InversionTime": 1,
    "MRAcquisitionType": "3D",
    "MagneticFieldStrength": 3,
    "Manufacturer": "Siemens",
    "ManufacturersModelName": "Skyra",
    "Modality": "MR",
    "ParallelReductionFactorInPlane": 2,
    "PartialFourier": 1,
    "PatientPosition": "HFS",
    "PercentPhaseFOV": 100,
    "PhaseEncodingSteps": 294,
    "PhaseOversampling": 0.15,
    "PhaseResolution": 1,
    "PixelBandwidth": 270,
    "ProcedureStepDescription": "deleted_by_bidsonym",
    "ProtocolName": "anat-T1w",
    "PulseSequenceDetails": "%SiemensSeq%_tfl",
    "ReceiveCoilActiveElements": "HE1-4;NE1,2",
    "ReceiveCoilName": "HeadNeck_20",
    "ReconMatrixPE": 256,
    "RefLinesPE": 24,
    "RepetitionTime": 1.68,
    "SAR": 0.0948295,
    "ScanOptions": "IR_WE",
    "ScanningSequence": "GR_IR",
    "SequenceName": "_tfl3d1_16ns",
    "SequenceVariant": "SK_SP_MP_OSP",
    "SeriesDescription": "anat-T1w",
    "SeriesNumber": 5,
    "ShimSetting": [
      -1136,
      -3148,
      -4482,
      -338,
      1199,
      -411,
      780,
      -788
    ],
    "SliceThickness": 0.88,
    "SoftwareVersions": "syngo_MR_E11",
    "StationName": "deleted_by_bidsonym",
    "TxRefAmp": 378.071,
    "dataset": "ds003176",
    "modality": "T1w",
    "session_id": "1",
    "subject_id": "101DPMB042014"
  },
  "cjv": 0.43298232069823456,
  "cnr": 3.1616083859012436,
  "efc": 0.6282784034968336,
  "fber": 8918.603115030963,
  "fwhm_avg": 4.455221491794568,
  "fwhm_x": 4.250670189669418,
  "fwhm_y": 4.683462857142857,
  "fwhm_z": 4.431531428571429,
  "icvs_csf": 0.18896489174520736,
  "icvs_gm": 0.43865347871795346,
  "icvs_wm": 0.3723816295368392,
  "inu_med": 0.5767678618431091,
  "inu_range": 0.30231442749500276,
  "provenance": {
    "md5sum": "4029a2ec298ff8672b74a1ba0db15051",
    "settings": {
      "testing": false
    },
    "software": "mriqc",
    "version": "23.0.1",
    "warnings": {
      "large_rot_frame": true,
      "small_air_mask": false
    },
    "webapi_port": null,
    "webapi_url": "https://mriqc.nimh.nih.gov/api/v1"
  },
  "qi_1": 0.0,
  "qi_2": 0.0007955198532817051,
  "rpve_csf": 21.95275488099927,
  "rpve_gm": 9.94909771149789,
  "rpve_wm": 12.964851560897973,
  "size_x": 192,
  "size_y": 256,
  "size_z": 256,
  "snr_csf": 2.423839414227793,
  "snr_gm": 13.92516362345215,
  "snr_total": 11.868981005115495,
  "snr_wm": 19.257939977666545,
  "snrd_csf": 23.06468512474683,
  "snrd_gm": 56.19780631624332,
  "snrd_total": 51.063819098180836,
  "snrd_wm": 73.92896585355236,
  "spacing_x": 0.8800000548362732,
  "spacing_y": 0.875,
  "spacing_z": 0.875,
  "summary_bg_k": 5.425811228316006,
  "summary_bg_mad": 0.0,
  "summary_bg_mean": 5.951398355789947,
  "summary_bg_median": 0.0,
  "summary_bg_n": 2316039.0,
  "summary_bg_p05": 0.0,
  "summary_bg_p95": 24.292977154254913,
  "summary_bg_stdv": 8.862240740936295,
  "summary_csf_k": 1.0387857099994946,
  "summary_csf_mad": 104.14638641175725,
  "summary_csf_mean": 309.0878793980679,
  "summary_csf_median": 312.0034120976925,
  "summary_csf_n": 48404.0,
  "summary_csf_p05": 75.53654663264751,
  "summary_csf_p95": 523.0905093252659,
  "summary_csf_stdv": 128.72147690157823,
  "summary_gm_k": 0.14991955644148236,
  "summary_gm_mad": 53.754429562904825,
  "summary_gm_mean": 758.9841096384766,
  "summary_gm_median": 760.2057963609695,
  "summary_gm_n": 47581.0,
  "summary_gm_p05": 667.143601924181,
  "summary_gm_p95": 846.6620057821274,
  "summary_gm_stdv": 54.59166070372025,
  "summary_wm_k": 0.3355004201084921,
  "summary_wm_mad": 50.09858674628409,
  "summary_wm_mean": 1001.8927630773873,
  "summary_wm_median": 1000.0608928501606,
  "summary_wm_n": 276766.0,
  "summary_wm_p05": 919.9062451720238,
  "summary_wm_p95": 1090.4061095789075,
  "summary_wm_stdv": 51.929702103028795,
  "tpm_overlap_csf": 0.1472438274967156,
  "tpm_overlap_gm": 0.45488166523726337,
  "tpm_overlap_wm": 0.49376141802567863,
  "wm2max": 0.6890324475113786
}