{
  "bids_meta": {
    "AcquisitionMatrixPE": 256,
    "AcquisitionNumber": 1,
    "AcquisitionTime": "14:05:0.960000",
    "BaseResolution": 256,
    "BodyPartExamined": "HEAD",
    "CoilString": "HE1-4;NE1_2",
    "ConsistencyInfo": "N4_VE11C_LATEST_20160120",
    "ConversionSoftware": "dcm2niix",
    "ConversionSoftwareVersion": "v1.0.20190720  (JP2:OpenJPEG) GCC7.3.0",
    "DeviceSerialNumber": "45250",
    "DwellTime": 7.2e-06,
    "EchoTime": 0.00188,
    "FlipAngle": 8,
    "ImageOrientationPatientDICOM": [
      0.093145,
      0.994913,
      0.038378,
      -0.0188883,
      0.0403044,
      -0.999009
    ],
    "ImageType": [
      "ORIGINAL",
      "PRIMARY",
      "M",
      "NORM",
      "DIS3D",
      "DIS2D"
    ],
    "ImagingFrequency": 123.239,
    "InPlanePhaseEncodingDirectionDICOM": "ROW",
    "InstitutionAddress": "deleted_by_bidsonym",
    "InstitutionName": "deleted_by_bidsonym",
    "InstitutionalDepartmentName": "deleted_by_bidsonym",
    "InversionTime": 1,
    "MRAcquisitionType": "3D",
    "MagneticFieldStrength": 3,
    "Manufacturer": "Siemens",
    "ManufacturersModelName": "Skyra",
    "Modality": "MR",
    "ParallelReductionFactorInPlane": 2,
    "PartialFourier": 1,
    "PatientPosition": "HFS",
    "PercentPhaseFOV": 100,
    "PhaseEncodingSteps": 294,
    "PhaseOversampling": 0.15,
    "PhaseResolution": 1,
    "PixelBandwidth": 270,
    "ProcedureStepDescription": "deleted_by_bidsonym",
    "ProtocolName": "anat-T1w",
    "PulseSequenceDetails": "%SiemensSeq%_tfl",
    "ReceiveCoilActiveElements": "HE1-4;NE1,2",
    "ReceiveCoilName": "HeadNeck_20",
    "ReconMatrixPE": 256,
    "RefLinesPE": 24,
    "RepetitionTime": 1.68,
    "SAR": 0.0819015,
    "ScanOptions": "IR_WE",
    "ScanningSequence": "GR_IR",
    "SequenceName": "_tfl3d1_16ns",
    "SequenceVariant": "SK_SP_MP_OSP",
    "SeriesDescription": "anat-T1w",
    "SeriesNumber": 5,
    "ShimSetting": [
      -1131,
      -3112,
      -4457,
      253,
      1013,
      -298,
      161,
      -893
    ],
    "SliceThickness": 0.88,
    "SoftwareVersions": "syngo_MR_E11",
    "StationName": "deleted_by_bidsonym",
    "TxRefAmp": 364.143,
    "dataset": "ds003176",
    "modality": "T1w",
    "session_id": "1",
    "subject_id": "101DPMB042022"
  },
  "cjv": 0.3599720712597408,
  "cnr": 3.703869218664275,
  "efc": 0.641346260336792,
  "fber": 9433.720335535636,
  "fwhm_avg": 4.481593739832405,
  "fwhm_x": 4.397238362354359,
  "fwhm_y": 4.472068571428571,
  "fwhm_z": 4.575474285714286,
  "icvs_csf": 0.18493731803962168,
  "icvs_gm": 0.47031339330250294,
  "icvs_wm": 0.3447492886578754,
  "inu_med": 0.4725158363580704,
  "inu_range": 0.23575422465801238,
  "provenance": {
    "md5sum": "01f7a68587ef06e21c693612ebebad6b",
    "settings": {
      "testing": false
    },
    "software": "mriqc",
    "version": "23.0.1",
    "warnings": {
      "large_rot_frame": true,
      "small_air_mask": false
    },
    "webapi_port": null,
    "webapi_url": "https://mriqc.nimh.nih.gov/api/v1"
  },
  "qi_1": 0.0,
  "qi_2": 0.0009806412952905413,
  "rpve_csf": 18.864903805407238,
  "rpve_gm": 8.30249238134504,
  "rpve_wm": 12.454661489177749,
  "size_x": 192,
  "size_y": 256,
  "size_z": 256,
  "snr_csf": 2.823611750789077,
  "snr_gm": 14.227377870592623,
  "snr_total": 13.792467027108648,
  "snr_wm": 24.326411459944243,
  "snrd_csf": 33.21103400381727,
  "snrd_gm": 76.27651620886505,
  "snrd_total": 70.34958510239994,
  "snrd_wm": 101.56120509451752,
  "spacing_x": 0.8800000548362732,
  "spacing_y": 0.875,
  "spacing_z": 0.875,
  "summary_bg_k": 9.41811459351493,
  "summary_bg_mad": 0.0,
  "summary_bg_mean": 3.8882494804781786,
  "summary_bg_median": 0.0,
  "summary_bg_n": 2150864.0,
  "summary_bg_p05": 0.0,
  "summary_bg_p95": 17.01242583245039,
  "summary_bg_stdv": 6.4509999810491045,
  "summary_csf_k": 0.6981372688194858,
  "summary_csf_mad": 94.2884714279417,
  "summary_csf_mean": 326.07363448645447,
  "summary_csf_median": 327.02255550026894,
  "summary_csf_n": 54734.0,
  "summary_csf_p05": 103.7278001382947,
  "summary_csf_p95": 519.4122927747667,
  "summary_csf_stdv": 115.81605297359155,
  "summary_gm_k": 0.2651566121490698,
  "summary_gm_mad": 50.88019401583269,
  "summary_gm_mean": 749.3692011930465,
  "summary_gm_median": 751.0799348317087,
  "summary_gm_n": 97176.0,
  "summary_gm_p05": 659.8581342473626,
  "summary_gm_p95": 833.3422133475542,
  "summary_gm_stdv": 52.79089914664393,
  "summary_wm_k": 0.6236460601110765,
  "summary_wm_mad": 38.74327127856724,
  "summary_wm_mean": 1000.3663106334137,
  "summary_wm_median": 1000.0533204078674,
  "summary_wm_n": 323436.0,
  "summary_wm_p05": 934.1101713739336,
  "summary_wm_p95": 1067.9163670279086,
  "summary_wm_stdv": 41.109712218344896,
  "tpm_overlap_csf": 0.1585016655916052,
  "tpm_overlap_gm": 0.48150850855760713,
  "tpm_overlap_wm": 0.5110789864709271,
  "wm2max": 0.8054023721337431
}