{
  "bids_meta": {
    "AcquisitionMatrixPE": 256,
    "AcquisitionNumber": 1,
    "AcquisitionTime": "16:08:24.287500",
    "BaseResolution": 256,
    "BodyPartExamined": "HEAD",
    "CoilString": "HE1-4;NE1_2",
    "ConsistencyInfo": "N4_VE11C_LATEST_20160120",
    "ConversionSoftware": "dcm2niix",
    "ConversionSoftwareVersion": "v1.0.20190720  (JP2:OpenJPEG) GCC7.3.0",
    "DeviceSerialNumber": "45250",
    "DwellTime": 7.2e-06,
    "EchoTime": 0.00188,
    "FlipAngle": 8,
    "ImageOrientationPatientDICOM": [
      0.102255,
      0.98996,
      0.0975828,
      0.0114605,
      0.0969181,
      -0.995226
    ],
    "ImageType": [
      "ORIGINAL",
      "PRIMARY",
      "M",
      "NORM",
      "DIS3D",
      "DIS2D"
    ],
    "ImagingFrequency": 123.239,
    "InPlanePhaseEncodingDirectionDICOM": "ROW",
    "InstitutionAddress": "deleted_by_bidsonym",
    "InstitutionName": "deleted_by_bidsonym",
    "InstitutionalDepartmentName": "deleted_by_bidsonym",
    "InversionTime": 1,
    "MRAcquisitionType": "3D",
    "MagneticFieldStrength": 3,
    "Manufacturer": "Siemens",
    "ManufacturersModelName": "Skyra",
    "Modality": "MR",
    "ParallelReductionFactorInPlane": 2,
    "PartialFourier": 1,
    "PatientPosition": "HFS",
    "PercentPhaseFOV": 100,
    "PhaseEncodingSteps": 294,
    "PhaseOversampling": 0.15,
    "PhaseResolution": 1,
    "PixelBandwidth": 270,
    "ProcedureStepDescription": "deleted_by_bidsonym",
    "ProtocolName": "anat-T1w",
    "PulseSequenceDetails": "%SiemensSeq%_tfl",
    "ReceiveCoilActiveElements": "HE1-4;NE1,2",
    "ReceiveCoilName": "HeadNeck_20",
    "ReconMatrixPE": 256,
    "RefLinesPE": 24,
    "RepetitionTime": 1.68,
    "SAR": 0.0872514,
    "ScanOptions": "IR_WE",
    "ScanningSequence": "GR_IR",
    "SequenceName": "_tfl3d1_16ns",
    "SequenceVariant": "SK_SP_MP_OSP",
    "SeriesDescription": "anat-T1w",
    "SeriesNumber": 5,
    "ShimSetting": [
      -1097,
      -3175,
      -4497,
      69,
      942,
      -462,
      492,
      -889
    ],
    "SliceThickness": 0.88,
    "SoftwareVersions": "syngo_MR_E11",
    "StationName": "deleted_by_bidsonym",
    "TxRefAmp": 359.941,
    "dataset": "ds003176",
    "modality": "T1w",
    "session_id": "1",
    "subject_id": "101DPMB042024"
  },
  "cjv": 0.3719096929310495,
  "cnr": 3.641923576971636,
  "efc": 0.5822522527683491,
  "fber": 13150.128296687302,
  "fwhm_avg": 4.562896226347154,
  "fwhm_x": 4.5254315361843185,
  "fwhm_y": 4.594205714285714,
  "fwhm_z": 4.569051428571429,
  "icvs_csf": 0.20129195452977336,
  "icvs_gm": 0.43985055738527135,
  "icvs_wm": 0.3588574880849553,
  "inu_med": 0.4417623281478882,
  "inu_range": 0.16731348633766174,
  "provenance": {
    "md5sum": "8060958f472369bc867b13935b72bf15",
    "settings": {
      "testing": false
    },
    "software": "mriqc",
    "version": "23.0.1",
    "warnings": {
      "large_rot_frame": true,
      "small_air_mask": false
    },
    "webapi_port": null,
    "webapi_url": "https://mriqc.nimh.nih.gov/api/v1"
  },
  "qi_1": 0.0,
  "qi_2": 0.0009849118612765139,
  "rpve_csf": 22.22126007922856,
  "rpve_gm": 10.696438019888808,
  "rpve_wm": 14.656023859426647,
  "size_x": 192,
  "size_y": 256,
  "size_z": 256,
  "snr_csf": 2.3912628763405652,
  "snr_gm": 13.397111346413444,
  "snr_total": 13.20270779483741,
  "snr_wm": 23.819749161758224,
  "snrd_csf": 37.90637743894225,
  "snrd_gm": 97.50083976418541,
  "snrd_total": 88.76867856776452,
  "snrd_wm": 130.8988185001659,
  "spacing_x": 0.8800000548362732,
  "spacing_y": 0.875,
  "spacing_z": 0.875,
  "summary_bg_k": 6.3847168541355295,
  "summary_bg_mad": 5.005021169446124,
  "summary_bg_mean": 5.345927181554365,
  "summary_bg_median": 3.3758354783058167,
  "summary_bg_n": 2497235.0,
  "summary_bg_p05": 0.0,
  "summary_bg_p95": 20.346251666545868,
  "summary_bg_stdv": 7.377581591083612,
  "summary_csf_k": 0.08203425830618372,
  "summary_csf_mad": 110.24573657023218,
  "summary_csf_mean": 287.4772858539758,
  "summary_csf_median": 289.5919407606125,
  "summary_csf_n": 60731.0,
  "summary_csf_p05": 82.30879948288202,
  "summary_csf_p95": 491.84554336965084,
  "summary_csf_stdv": 121.10318752387522,
  "summary_gm_k": 0.05510596885518826,
  "summary_gm_mad": 55.15668599572046,
  "summary_gm_mean": 743.2239971908529,
  "summary_gm_median": 744.8735363483429,
  "summary_gm_n": 67826.0,
  "summary_gm_p05": 649.4377549886703,
  "summary_gm_p95": 832.5996393859386,
  "summary_gm_stdv": 55.59915313128732,
  "summary_wm_k": 0.479632262009726,
  "summary_wm_mad": 39.7358099601297,
  "summary_wm_mean": 999.5730227704651,
  "summary_wm_median": 1000.022831350565,
  "summary_wm_n": 285748.0,
  "summary_wm_p05": 931.1147301346064,
  "summary_wm_p95": 1068.794074371457,
  "summary_wm_stdv": 41.98285526537192,
  "tpm_overlap_csf": 0.12999287653860722,
  "tpm_overlap_gm": 0.47060334628982337,
  "tpm_overlap_wm": 0.5038237066603344,
  "wm2max": 0.8722157042236343
}