{
  "bids_meta": {
    "AcquisitionMatrixPE": 256,
    "AcquisitionNumber": 1,
    "AcquisitionTime": "12:11:27.202500",
    "BaseResolution": 256,
    "BodyPartExamined": "HEAD",
    "CoilString": "HE1-4;NE1_2",
    "ConsistencyInfo": "N4_VE11C_LATEST_20160120",
    "ConversionSoftware": "dcm2niix",
    "ConversionSoftwareVersion": "v1.0.20190720  (JP2:OpenJPEG) GCC7.3.0",
    "DeviceSerialNumber": "45250",
    "DwellTime": 7.2e-06,
    "EchoTime": 0.00188,
    "FlipAngle": 8,
    "ImageOrientationPatientDICOM": [
      0.0500512,
      0.998015,
      0.0382147,
      -0.0928862,
      0.0427483,
      -0.994759
    ],
    "ImageType": [
      "ORIGINAL",
      "PRIMARY",
      "M",
      "NORM",
      "DIS3D",
      "DIS2D"
    ],
    "ImagingFrequency": 123.239,
    "InPlanePhaseEncodingDirectionDICOM": "ROW",
    "InstitutionAddress": "deleted_by_bidsonym",
    "InstitutionName": "deleted_by_bidsonym",
    "InstitutionalDepartmentName": "deleted_by_bidsonym",
    "InversionTime": 1,
    "MRAcquisitionType": "3D",
    "MagneticFieldStrength": 3,
    "Manufacturer": "Siemens",
    "ManufacturersModelName": "Skyra",
    "Modality": "MR",
    "ParallelReductionFactorInPlane": 2,
    "PartialFourier": 1,
    "PatientPosition": "HFS",
    "PercentPhaseFOV": 100,
    "PhaseEncodingSteps": 294,
    "PhaseOversampling": 0.15,
    "PhaseResolution": 1,
    "PixelBandwidth": 270,
    "ProcedureStepDescription": "deleted_by_bidsonym",
    "ProtocolName": "anat-T1w",
    "PulseSequenceDetails": "%SiemensSeq%_tfl",
    "ReceiveCoilActiveElements": "HE1-4;NE1,2",
    "ReceiveCoilName": "HeadNeck_20",
    "ReconMatrixPE": 256,
    "RefLinesPE": 24,
    "RepetitionTime": 1.68,
    "SAR": 0.103446,
    "ScanOptions": "IR_WE",
    "ScanningSequence": "GR_IR",
    "SequenceName": "_tfl3d1_16ns",
    "SequenceVariant": "SK_SP_MP_OSP",
    "SeriesDescription": "anat-T1w",
    "SeriesNumber": 5,
    "ShimSetting": [
      -1145,
      -3098,
      -4448,
      275,
      977,
      -393,
      71,
      -788
    ],
    "SliceThickness": 0.88,
    "SoftwareVersions": "syngo_MR_E11",
    "StationName": "deleted_by_bidsonym",
    "TxRefAmp": 354.267,
    "dataset": "ds003176",
    "modality": "T1w",
    "session_id": "1",
    "subject_id": "101DPMB042033"
  },
  "cjv": 0.384389384828022,
  "cnr": 3.5038750841061566,
  "efc": 0.6025546756891131,
  "fber": 9478.165790706804,
  "fwhm_avg": 4.202195994906526,
  "fwhm_x": 4.205056556148148,
  "fwhm_y": 4.1836,
  "fwhm_z": 4.217931428571428,
  "icvs_csf": 0.20142196325525555,
  "icvs_gm": 0.4553776438249837,
  "icvs_wm": 0.3432003929197608,
  "inu_med": 0.4840141236782074,
  "inu_range": 0.20561354756355282,
  "provenance": {
    "md5sum": "1ecd451b8e158afa3a7bb78f0f2ab9b8",
    "settings": {
      "testing": false
    },
    "software": "mriqc",
    "version": "23.0.1",
    "warnings": {
      "large_rot_frame": true,
      "small_air_mask": false
    },
    "webapi_port": null,
    "webapi_url": "https://mriqc.nimh.nih.gov/api/v1"
  },
  "qi_1": 0.0,
  "qi_2": 0.0011437688635864756,
  "rpve_csf": 21.22026645821296,
  "rpve_gm": 10.111260753873026,
  "rpve_wm": 14.670354793663929,
  "size_x": 192,
  "size_y": 256,
  "size_z": 256,
  "snr_csf": 3.382317041735644,
  "snr_gm": 14.931189630746042,
  "snr_total": 13.355619250123796,
  "snr_wm": 21.753351077889707,
  "snrd_csf": 34.72759565920433,
  "snrd_gm": 85.56058382044068,
  "snrd_total": 77.72379717124697,
  "snrd_wm": 112.88321203409588,
  "spacing_x": 0.8800000548362732,
  "spacing_y": 0.875,
  "spacing_z": 0.875,
  "summary_bg_k": 5.290829506687004,
  "summary_bg_mad": 5.80380676197721,
  "summary_bg_mean": 6.644131937420651,
  "summary_bg_median": 3.914608173072338,
  "summary_bg_n": 2181309.0,
  "summary_bg_p05": 0.0,
  "summary_bg_p95": 24.94650922715664,
  "summary_bg_stdv": 9.042973507001022,
  "summary_csf_k": 2.1414937641486302,
  "summary_csf_mad": 70.11431150338927,
  "summary_csf_mean": 317.4340382637553,
  "summary_csf_median": 307.64929946511984,
  "summary_csf_n": 57871.0,
  "summary_csf_p05": 196.35042423382401,
  "summary_csf_p95": 483.96471044048667,
  "summary_csf_stdv": 90.95736372328356,
  "summary_gm_k": 0.27123170604432234,
  "summary_gm_mad": 49.06199380777008,
  "summary_gm_mean": 756.5928694593819,
  "summary_gm_median": 757.975125387311,
  "summary_gm_n": 68369.0,
  "summary_gm_p05": 670.5894000828266,
  "summary_gm_p95": 837.390611194074,
  "summary_gm_stdv": 50.764178933211326,
  "summary_wm_k": 0.34775011196807304,
  "summary_wm_mad": 43.97915682988942,
  "summary_wm_mean": 998.8052951774395,
  "summary_wm_median": 1000.0243450328708,
  "summary_wm_n": 271037.0,
  "summary_wm_p05": 922.4372973293066,
  "summary_wm_p95": 1073.405012525618,
  "summary_wm_stdv": 45.970963123750984,
  "tpm_overlap_csf": 0.1560130212377973,
  "tpm_overlap_gm": 0.4718863323036246,
  "tpm_overlap_wm": 0.49983107471138055,
  "wm2max": 0.8567097932183609
}