{
  "aor": 0.00023663495838287756,
  "aqi": 0.014791781379310344,
  "bids_meta": {
    "AcquisitionMatrixPE": 80,
    "AcquisitionNumber": 1,
    "AcquisitionTime": "13:11:15.897500",
    "BandwidthPerPixelPhaseEncode": 24.038,
    "BaseResolution": 80,
    "BodyPartExamined": "HEAD",
    "CoilString": "HE1-4;NE1_2",
    "ConsistencyInfo": "N4_VE11C_LATEST_20160120",
    "ConversionSoftware": "dcm2niix",
    "ConversionSoftwareVersion": "v1.0.20190720  (JP2:OpenJPEG) GCC7.3.0",
    "DerivedVendorReportedEchoSpacing": 0.00052001,
    "DeviceSerialNumber": "45250",
    "DwellTime": 2.5e-06,
    "EchoTime": 0.0384,
    "EchoTrainLength": 80,
    "EffectiveEchoSpacing": 0.00052001,
    "FlipAngle": 60,
    "ImageComments": "Unaliased_MB4_PE3",
    "ImageOrientationPatientDICOM": [
      0.996933,
      -0.0624461,
      -0.0471785,
      0.0487582,
      0.967086,
      -0.249735
    ],
    "ImageType": [
      "ORIGINAL",
      "PRIMARY",
      "M",
      "MB",
      "ND",
      "NORM",
      "MOSAIC"
    ],
    "ImagingFrequency": 123.239,
    "InPlanePhaseEncodingDirectionDICOM": "COL",
    "InstitutionAddress": "deleted_by_bidsonym",
    "InstitutionName": "deleted_by_bidsonym",
    "InstitutionalDepartmentName": "deleted_by_bidsonym",
    "MRAcquisitionType": "2D",
    "MagneticFieldStrength": 3,
    "Manufacturer": "Siemens",
    "ManufacturersModelName": "Skyra",
    "Modality": "MR",
    "MultibandAccelerationFactor": 4,
    "PartialFourier": 1,
    "PatientPosition": "HFS",
    "PercentPhaseFOV": 100,
    "PhaseEncodingDirection": "j-",
    "PhaseEncodingSteps": 80,
    "PhaseResolution": 1,
    "PixelBandwidth": 2500,
    "ProcedureStepDescription": "deleted_by_bidsonym",
    "ProtocolName": "func_task-EyeMag_acq-CMRR_run-01",
    "PulseSequenceDetails": "%CustomerSeq%_cmrr_mbep2d_bold",
    "ReceiveCoilActiveElements": "HE1-4;NE1,2",
    "ReceiveCoilName": "HeadNeck_20",
    "ReconMatrixPE": 80,
    "RepetitionTime": 1,
    "SAR": 0.0984192,
    "ScanOptions": "FS",
    "ScanningSequence": "EP",
    "SequenceName": "epfid2d1_80",
    "SequenceVariant": "SK_SS",
    "SeriesDescription": "func_task-EyeMag_acq-CMRR_run-01",
    "SeriesNumber": 9,
    "ShimSetting": [
      -1174,
      -2869,
      -4270,
      389,
      844,
      627,
      -61,
      -980
    ],
    "SliceThickness": 3,
    "SliceTiming": [
      0,
      0.4075,
      0.815,
      0.245,
      0.6525,
      0.08,
      0.49,
      0.8975,
      0.325,
      0.735,
      0.1625,
      0.57,
      0,
      0.4075,
      0.815,
      0.245,
      0.6525,
      0.08,
      0.49,
      0.8975,
      0.325,
      0.735,
      0.1625,
      0.57,
      0,
      0.4075,
      0.815,
      0.245,
      0.6525,
      0.08,
      0.49,
      0.8975,
      0.325,
      0.735,
      0.1625,
      0.57,
      0,
      0.4075,
      0.815,
      0.245,
      0.6525,
      0.08,
      0.49,
      0.8975,
      0.325,
      0.735,
      0.1625,
      0.57
    ],
    "SoftwareVersions": "syngo_MR_E11",
    "SpacingBetweenSlices": 3,
    "StationName": "deleted_by_bidsonym",
    "TaskName": "EyeMag",
    "TotalReadoutTime": 0.0410808,
    "TxRefAmp": 361.856,
    "WipMemBlock": "e94fc2f1-6331-477d-98fe-2c7320c2daab||Sequence: R016 ve11c/master r/34fb20f; Nov 20 2017 15:15:15 by eja",
    "acq_id": "CMRR",
    "dataset": "ds003176",
    "modality": "bold",
    "run_id": 1,
    "session_id": "1",
    "subject_id": "101DPMB041020",
    "task_id": "EyeMag"
  },
  "dummy_trs": 1,
  "dvars_nstd": 28.85279861395596,
  "dvars_std": 1.2297934226472347,
  "dvars_vstd": 0.9651122615585968,
  "efc": 0.41110909993237926,
  "fber": 8628.3193359375,
  "fd_mean": 0.16107434386243133,
  "fd_num": 453,
  "fd_perc": 26.932223543400713,
  "fwhm_avg": 1.6613711111111111,
  "fwhm_x": 1.5573433333333335,
  "fwhm_y": 1.7806366666666669,
  "fwhm_z": 1.6461333333333332,
  "gcor": 0.0163989,
  "gsr_x": -0.013217027299106121,
  "gsr_y": 0.017564265057444572,
  "provenance": {
    "md5sum": "bde380932e7bd9e3d670efe6924b820e",
    "settings": {
      "fd_thres": 0.2,
      "testing": false
    },
    "software": "mriqc",
    "version": "23.0.1",
    "webapi_port": null,
    "webapi_url": "https://mriqc.nimh.nih.gov/api/v1"
  },
  "size_t": 1682,
  "size_x": 80,
  "size_y": 80,
  "size_z": 48,
  "snr": 6.001537739163033,
  "spacing_tr": 1.0,
  "spacing_x": 3.0,
  "spacing_y": 3.0,
  "spacing_z": 3.0,
  "summary_bg_k": 56.85580920231526,
  "summary_bg_mad": 50.88009398654007,
  "summary_bg_mean": 218.0537109375,
  "summary_bg_median": 90.05693817138672,
  "summary_bg_n": 220742.0,
  "summary_bg_p05": 43.8962516784668,
  "summary_bg_p95": 762.2751953124994,
  "summary_bg_stdv": 461.9244384765625,
  "summary_fg_k": 2.597151984140223,
  "summary_fg_mad": 1180.889771332254,
  "summary_fg_mean": 8508.0986328125,
  "summary_fg_median": 8329.306640625,
  "summary_fg_n": 38633.0,
  "summary_fg_p05": 6694.000585937501,
  "summary_fg_p95": 10914.9294921875,
  "summary_fg_stdv": 1387.8441162109375,
  "tsnr": 48.77090072631836
}