{
  "bids_meta": {
    "AcquisitionMatrixPE": 256,
    "AcquisitionNumber": 1,
    "AcquisitionTime": "15:41:1.785000",
    "BaseResolution": 256,
    "BodyPartExamined": "HEAD",
    "CoilString": "HE1-4;NE1_2",
    "ConsistencyInfo": "N4_VE11C_LATEST_20160120",
    "ConversionSoftware": "dcm2niix",
    "ConversionSoftwareVersion": "v1.0.20190410  (JP2:OpenJPEG) GCC7.3.0",
    "DeviceSerialNumber": "45250",
    "DwellTime": 7.2e-06,
    "EchoTime": 0.00188,
    "FlipAngle": 8,
    "ImageOrientationPatientDICOM": [
      -0.0034898,
      0.997315,
      0.0731462,
      0.0499787,
      0.0732292,
      -0.996062
    ],
    "ImageType": [
      "ORIGINAL",
      "PRIMARY",
      "M",
      "NORM",
      "DIS3D",
      "DIS2D"
    ],
    "ImagingFrequency": 123.239,
    "InPlanePhaseEncodingDirectionDICOM": "ROW",
    "InstitutionAddress": "deleted_by_bidsonym",
    "InstitutionName": "deleted_by_bidsonym",
    "InstitutionalDepartmentName": "deleted_by_bidsonym",
    "InversionTime": 1,
    "MRAcquisitionType": "3D",
    "MagneticFieldStrength": 3,
    "Manufacturer": "Siemens",
    "ManufacturersModelName": "Skyra",
    "Modality": "MR",
    "PartialFourier": 1,
    "PatientPosition": "HFS",
    "PercentPhaseFOV": 100,
    "PhaseEncodingSteps": 294,
    "PhaseOversampling": 0.15,
    "PhaseResolution": 1,
    "PixelBandwidth": 270,
    "ProcedureStepDescription": "deleted_by_bidsonym",
    "ProtocolName": "anat-T1w",
    "PulseSequenceDetails": "%SiemensSeq%_tfl",
    "ReceiveCoilActiveElements": "HE1-4;NE1,2",
    "ReceiveCoilName": "HeadNeck_20",
    "ReconMatrixPE": 256,
    "RefLinesPE": 24,
    "RepetitionTime": 1.68,
    "SAR": 0.0874191,
    "ScanOptions": "IR_WE",
    "ScanningSequence": "GR_IR",
    "SequenceName": "_tfl3d1_16ns",
    "SequenceVariant": "SK_SP_MP_OSP",
    "SeriesDescription": "anat-T1w",
    "SeriesNumber": 5,
    "ShimSetting": [
      -1112,
      -3117,
      -4349,
      149,
      856,
      -74,
      88,
      -891
    ],
    "SliceThickness": 0.88,
    "SoftwareVersions": "syngo_MR_E11",
    "StationName": "deleted_by_bidsonym",
    "TxRefAmp": 367.614,
    "dataset": "ds003176",
    "modality": "T1w",
    "session_id": "1",
    "subject_id": "101DPMB041005"
  },
  "cjv": 0.38459817357551246,
  "cnr": 3.5038185770834103,
  "efc": 0.6605192601615774,
  "fber": 11688.273485087166,
  "fwhm_avg": 4.648152763469422,
  "fwhm_x": 4.5097497189796965,
  "fwhm_y": 4.7008914285714285,
  "fwhm_z": 4.733817142857142,
  "icvs_csf": 0.19338272858706512,
  "icvs_gm": 0.4336942165489053,
  "icvs_wm": 0.3729230548640296,
  "inu_med": 0.4551309496164322,
  "inu_range": 0.23542729020118713,
  "provenance": {
    "md5sum": "6a624253914606191d3d82043039b4f2",
    "settings": {
      "testing": false
    },
    "software": "mriqc",
    "version": "23.0.1",
    "warnings": {
      "large_rot_frame": true,
      "small_air_mask": false
    },
    "webapi_port": null,
    "webapi_url": "https://mriqc.nimh.nih.gov/api/v1"
  },
  "qi_1": 0.0,
  "qi_2": 0.0010640670881194767,
  "rpve_csf": 16.23132434978753,
  "rpve_gm": 7.712131851790656,
  "rpve_wm": 10.177163648256409,
  "size_x": 192,
  "size_y": 256,
  "size_z": 256,
  "snr_csf": 3.1042555260165177,
  "snr_gm": 14.292424693625241,
  "snr_total": 13.65354969695858,
  "snr_wm": 23.563968871233982,
  "snrd_csf": 35.29931483459713,
  "snrd_gm": 82.61231670572751,
  "snrd_total": 75.50977079526406,
  "snrd_wm": 108.61768084546758,
  "spacing_x": 0.8800000548362732,
  "spacing_y": 0.875,
  "spacing_z": 0.875,
  "summary_bg_k": 8.165005649181563,
  "summary_bg_mad": 0.0,
  "summary_bg_mean": 3.5057351352720976,
  "summary_bg_median": 0.0,
  "summary_bg_n": 1844458.0,
  "summary_bg_p05": 0.0,
  "summary_bg_p95": 16.150289081037045,
  "summary_bg_stdv": 6.0317262070374165,
  "summary_csf_k": 1.266301527234333,
  "summary_csf_mad": 88.03317218897278,
  "summary_csf_mean": 334.4213906892792,
  "summary_csf_median": 324.99461543932557,
  "summary_csf_n": 80203.0,
  "summary_csf_p05": 171.950258821249,
  "summary_csf_p95": 518.5105421729386,
  "summary_csf_stdv": 104.69260234349021,
  "summary_gm_k": 0.2539436058981748,
  "summary_gm_mad": 51.2283431382158,
  "summary_gm_mean": 760.9849961173795,
  "summary_gm_median": 760.5971454158425,
  "summary_gm_n": 84400.0,
  "summary_gm_p05": 673.5197707563639,
  "summary_gm_p95": 849.2799642421305,
  "summary_gm_stdv": 53.216487460974925,
  "summary_wm_k": 0.6099422572153883,
  "summary_wm_mad": 40.854781282210936,
  "summary_wm_mean": 1001.2184079746071,
  "summary_wm_median": 1000.0239829495549,
  "summary_wm_n": 437419.0,
  "summary_wm_p05": 934.1768102571368,
  "summary_wm_p95": 1071.7657715380192,
  "summary_wm_stdv": 42.438642035107435,
  "tpm_overlap_csf": 0.17199034080709694,
  "tpm_overlap_gm": 0.4742575407900158,
  "tpm_overlap_wm": 0.5275076749466814,
  "wm2max": 0.8472954755377711
}