{
  "aor": 0.0003399058823529412,
  "aqi": 0.026758407588235292,
  "bids_meta": {
    "AcquisitionMatrixPE": 80,
    "AcquisitionNumber": 1,
    "AcquisitionTime": "15:11:52.030000",
    "BandwidthPerPixelPhaseEncode": 24.038,
    "BaseResolution": 80,
    "BodyPartExamined": "HEAD",
    "CoilString": "HE1-4;NE1_2",
    "ConsistencyInfo": "N4_VE11C_LATEST_20160120",
    "ConversionSoftware": "dcm2niix",
    "ConversionSoftwareVersion": "v1.0.20190720  (JP2:OpenJPEG) GCC7.3.0",
    "DerivedVendorReportedEchoSpacing": 0.00052001,
    "DeviceSerialNumber": "45250",
    "DwellTime": 2.5e-06,
    "EchoTime": 0.0384,
    "EchoTrainLength": 80,
    "EffectiveEchoSpacing": 0.00052001,
    "FlipAngle": 60,
    "ImageComments": "Unaliased_MB4_PE3",
    "ImageOrientationPatientDICOM": [
      0.993773,
      -0.110596,
      0.0135576,
      0.107958,
      0.925595,
      -0.362794
    ],
    "ImageType": [
      "ORIGINAL",
      "PRIMARY",
      "M",
      "MB",
      "ND",
      "NORM",
      "MOSAIC"
    ],
    "ImagingFrequency": 123.239,
    "InPlanePhaseEncodingDirectionDICOM": "COL",
    "InstitutionAddress": "deleted_by_bidsonym",
    "InstitutionName": "deleted_by_bidsonym",
    "InstitutionalDepartmentName": "deleted_by_bidsonym",
    "MRAcquisitionType": "2D",
    "MagneticFieldStrength": 3,
    "Manufacturer": "Siemens",
    "ManufacturersModelName": "Skyra",
    "Modality": "MR",
    "MultibandAccelerationFactor": 4,
    "PartialFourier": 1,
    "PatientPosition": "HFS",
    "PercentPhaseFOV": 100,
    "PhaseEncodingDirection": "j-",
    "PhaseEncodingSteps": 80,
    "PhaseResolution": 1,
    "PixelBandwidth": 2500,
    "ProcedureStepDescription": "deleted_by_bidsonym",
    "ProtocolName": "func_task-EyeMag_acq-CMRR_run-01",
    "PulseSequenceDetails": "%CustomerSeq%_cmrr_mbep2d_bold",
    "ReceiveCoilActiveElements": "HE1-4;NE1,2",
    "ReceiveCoilName": "HeadNeck_20",
    "ReconMatrixPE": 80,
    "RepetitionTime": 1,
    "SAR": 0.0937148,
    "ScanOptions": "FS",
    "ScanningSequence": "EP",
    "SequenceName": "epfid2d1_80",
    "SequenceVariant": "SK_SS",
    "SeriesDescription": "func_task-EyeMag_acq-CMRR_run-01",
    "SeriesNumber": 9,
    "ShimSetting": [
      -1115,
      -2881,
      -4202,
      583,
      899,
      856,
      -59,
      -939
    ],
    "SliceThickness": 3,
    "SliceTiming": [
      0,
      0.4075,
      0.815,
      0.245,
      0.6525,
      0.08,
      0.49,
      0.8975,
      0.325,
      0.735,
      0.1625,
      0.57,
      0,
      0.4075,
      0.815,
      0.245,
      0.6525,
      0.08,
      0.49,
      0.8975,
      0.325,
      0.735,
      0.1625,
      0.57,
      0,
      0.4075,
      0.815,
      0.245,
      0.6525,
      0.08,
      0.49,
      0.8975,
      0.325,
      0.735,
      0.1625,
      0.57,
      0,
      0.4075,
      0.815,
      0.245,
      0.6525,
      0.08,
      0.49,
      0.8975,
      0.325,
      0.735,
      0.1625,
      0.57
    ],
    "SoftwareVersions": "syngo_MR_E11",
    "SpacingBetweenSlices": 3,
    "StationName": "deleted_by_bidsonym",
    "TaskName": "EyeMag",
    "TotalReadoutTime": 0.0410808,
    "TxRefAmp": 363.422,
    "WipMemBlock": "2987c745-451a-4079-a51a-417c6dbc7551||Sequence: R016 ve11c/master r/34fb20f; Nov 20 2017 15:15:15 by eja",
    "acq_id": "CMRR",
    "dataset": "ds003176",
    "modality": "bold",
    "run_id": 1,
    "session_id": "1",
    "subject_id": "101DPMB041023",
    "task_id": "EyeMag"
  },
  "dummy_trs": 0,
  "dvars_nstd": 31.204014503590386,
  "dvars_std": 1.2145794133961136,
  "dvars_vstd": 0.9543649414243669,
  "efc": 0.4351656974305711,
  "fber": 8482.337890625,
  "fd_mean": 0.20416681537250006,
  "fd_num": 702,
  "fd_perc": 41.294117647058826,
  "fwhm_avg": 1.7242822222222223,
  "fwhm_x": 1.5971466666666665,
  "fwhm_y": 1.8988066666666665,
  "fwhm_z": 1.6768933333333333,
  "gcor": 0.0174267,
  "gsr_x": -0.0072976937517523766,
  "gsr_y": 0.013841507025063038,
  "provenance": {
    "md5sum": "9a48d4507cfb05a1f13e37dc71f2c41a",
    "settings": {
      "fd_thres": 0.2,
      "testing": false
    },
    "software": "mriqc",
    "version": "23.0.1",
    "webapi_port": null,
    "webapi_url": "https://mriqc.nimh.nih.gov/api/v1"
  },
  "size_t": 1700,
  "size_x": 80,
  "size_y": 80,
  "size_z": 48,
  "snr": 6.633671293430554,
  "spacing_tr": 1.0,
  "spacing_x": 3.0,
  "spacing_y": 3.0,
  "spacing_z": 3.0,
  "summary_bg_k": 50.290714320774114,
  "summary_bg_mad": 60.87084462888903,
  "summary_bg_mean": 250.322509765625,
  "summary_bg_median": 97.9766845703125,
  "summary_bg_n": 213774.0,
  "summary_bg_p05": 42.982917594909665,
  "summary_bg_p95": 900.7494903564453,
  "summary_bg_stdv": 531.7129516601562,
  "summary_fg_k": 3.4246457670483545,
  "summary_fg_mad": 1186.3337013533292,
  "summary_fg_mean": 9059.2666015625,
  "summary_fg_median": 8960.787109375,
  "summary_fg_n": 43861.0,
  "summary_fg_p05": 7228.74755859375,
  "summary_fg_p95": 11250.193359375,
  "summary_fg_stdv": 1350.7882080078125,
  "tsnr": 38.22610092163086
}