{
  "bids_meta": {
    "AcquisitionMatrixPE": 256,
    "AcquisitionNumber": 1,
    "AcquisitionTime": "11:58:10.670000",
    "BaseResolution": 256,
    "BodyPartExamined": "HEAD",
    "CoilString": "HE1-4;NE1_2",
    "ConsistencyInfo": "N4_VE11C_LATEST_20160120",
    "ConversionSoftware": "dcm2niix",
    "ConversionSoftwareVersion": "v1.0.20190410  (JP2:OpenJPEG) GCC7.3.0",
    "DeviceSerialNumber": "45250",
    "DwellTime": 7.2e-06,
    "EchoTime": 0.00188,
    "FlipAngle": 8,
    "ImageOrientationPatientDICOM": [
      0.000556962,
      0.999998,
      0.00174499,
      0.0209543,
      0.00173293,
      -0.999779
    ],
    "ImageType": [
      "ORIGINAL",
      "PRIMARY",
      "M",
      "NORM",
      "DIS3D",
      "DIS2D"
    ],
    "ImagingFrequency": 123.239,
    "InPlanePhaseEncodingDirectionDICOM": "ROW",
    "InstitutionAddress": "deleted_by_bidsonym",
    "InstitutionName": "deleted_by_bidsonym",
    "InstitutionalDepartmentName": "deleted_by_bidsonym",
    "InversionTime": 1,
    "MRAcquisitionType": "3D",
    "MagneticFieldStrength": 3,
    "Manufacturer": "Siemens",
    "ManufacturersModelName": "Skyra",
    "Modality": "MR",
    "PartialFourier": 1,
    "PatientPosition": "HFS",
    "PercentPhaseFOV": 100,
    "PhaseEncodingSteps": 294,
    "PhaseOversampling": 0.15,
    "PhaseResolution": 1,
    "PixelBandwidth": 270,
    "ProcedureStepDescription": "deleted_by_bidsonym",
    "ProtocolName": "anat-T1w",
    "PulseSequenceDetails": "%SiemensSeq%_tfl",
    "ReceiveCoilActiveElements": "HE1-4;NE1,2",
    "ReceiveCoilName": "HeadNeck_20",
    "ReconMatrixPE": 256,
    "RefLinesPE": 24,
    "RepetitionTime": 1.68,
    "SAR": 0.0848701,
    "ScanOptions": "IR_WE",
    "ScanningSequence": "GR_IR",
    "SequenceName": "_tfl3d1_16ns",
    "SequenceVariant": "SK_SP_MP_OSP",
    "SeriesDescription": "anat-T1w",
    "SeriesNumber": 5,
    "ShimSetting": [
      -1117,
      -3133,
      -4473,
      159,
      742,
      -542,
      294,
      -973
    ],
    "SliceThickness": 0.88,
    "SoftwareVersions": "syngo_MR_E11",
    "StationName": "deleted_by_bidsonym",
    "TxRefAmp": 353.182,
    "dataset": "ds003176",
    "modality": "T1w",
    "session_id": "1",
    "subject_id": "101DPMB042002"
  },
  "cjv": 0.39338170560559593,
  "cnr": 3.4712226829448194,
  "efc": 0.6310926919009124,
  "fber": 10597.231836734694,
  "fwhm_avg": 4.467618632501879,
  "fwhm_x": 4.354170183219925,
  "fwhm_y": 4.4960571428571425,
  "fwhm_z": 4.5526285714285715,
  "icvs_csf": 0.18597907582033793,
  "icvs_gm": 0.45837512303669325,
  "icvs_wm": 0.35564580114296884,
  "inu_med": 0.4907033145427704,
  "inu_range": 0.2226160272955895,
  "provenance": {
    "md5sum": "f5f4b73ec57a4ba192d7d02d7ee17664",
    "settings": {
      "testing": false
    },
    "software": "mriqc",
    "version": "23.0.1",
    "warnings": {
      "large_rot_frame": true,
      "small_air_mask": false
    },
    "webapi_port": null,
    "webapi_url": "https://mriqc.nimh.nih.gov/api/v1"
  },
  "qi_1": 0.0,
  "qi_2": 0.0010676150862760562,
  "rpve_csf": 20.364195647669746,
  "rpve_gm": 8.943742204704813,
  "rpve_wm": 12.526373140329715,
  "size_x": 192,
  "size_y": 256,
  "size_z": 256,
  "snr_csf": 2.8392259719627284,
  "snr_gm": 14.273206099216873,
  "snr_total": 12.840336928163866,
  "snr_wm": 21.408578713312,
  "snrd_csf": 25.54571294526639,
  "snrd_gm": 64.34145157003995,
  "snrd_total": 58.41392504195829,
  "snrd_wm": 85.35461061056851,
  "spacing_x": 0.8800000548362732,
  "spacing_y": 0.875,
  "spacing_z": 0.875,
  "summary_bg_k": 6.255541079040428,
  "summary_bg_mad": 0.0,
  "summary_bg_mean": 5.125122690966902,
  "summary_bg_median": 0.0,
  "summary_bg_n": 2055107.0,
  "summary_bg_p05": 0.0,
  "summary_bg_p95": 20.935480803251266,
  "summary_bg_stdv": 7.6756647784969765,
  "summary_csf_k": 1.1425732430477797,
  "summary_csf_mad": 81.1167664309308,
  "summary_csf_mean": 308.4481125705962,
  "summary_csf_median": 299.2969541847706,
  "summary_csf_n": 62432.0,
  "summary_csf_p05": 119.66041137427092,
  "summary_csf_p95": 495.6286998093128,
  "summary_csf_stdv": 105.41413756676833,
  "summary_gm_k": 0.15642466609647343,
  "summary_gm_mad": 51.731650473969616,
  "summary_gm_mean": 752.3473366326721,
  "summary_gm_median": 753.8329630494118,
  "summary_gm_n": 82269.0,
  "summary_gm_p05": 663.475739210844,
  "summary_gm_p95": 837.3932897746563,
  "summary_gm_stdv": 52.81422942277763,
  "summary_wm_k": 0.39778175708978214,
  "summary_wm_mad": 45.116153164287255,
  "summary_wm_mean": 999.4233793929296,
  "summary_wm_median": 1000.0259157419205,
  "summary_wm_n": 312454.0,
  "summary_wm_p05": 922.1469648480415,
  "summary_wm_p95": 1074.7139569222927,
  "summary_wm_stdv": 46.711382799166955,
  "tpm_overlap_csf": 0.15056926330068593,
  "tpm_overlap_gm": 0.4830633380926945,
  "tpm_overlap_wm": 0.5165356275952869,
  "wm2max": 0.8293005560398992
}