{
  "bids_meta": {
    "AcquisitionMatrixPE": 256,
    "AcquisitionNumber": 1,
    "AcquisitionTime": "13:08:45.667500",
    "BaseResolution": 256,
    "BodyPartExamined": "HEAD",
    "CoilString": "HE1-4;NE1_2",
    "ConsistencyInfo": "N4_VE11C_LATEST_20160120",
    "ConversionSoftware": "dcm2niix",
    "ConversionSoftwareVersion": "v1.0.20190720  (JP2:OpenJPEG) GCC7.3.0",
    "DeviceSerialNumber": "45250",
    "DwellTime": 7.2e-06,
    "EchoTime": 0.00188,
    "FlipAngle": 8,
    "ImageOrientationPatientDICOM": [
      0.0614109,
      0.995678,
      -0.0696652,
      0.0468897,
      -0.0725978,
      -0.996258
    ],
    "ImageType": [
      "ORIGINAL",
      "PRIMARY",
      "M",
      "NORM",
      "DIS3D",
      "DIS2D"
    ],
    "ImagingFrequency": 123.239,
    "InPlanePhaseEncodingDirectionDICOM": "ROW",
    "InstitutionAddress": "deleted_by_bidsonym",
    "InstitutionName": "deleted_by_bidsonym",
    "InstitutionalDepartmentName": "deleted_by_bidsonym",
    "InversionTime": 1,
    "MRAcquisitionType": "3D",
    "MagneticFieldStrength": 3,
    "Manufacturer": "Siemens",
    "ManufacturersModelName": "Skyra",
    "Modality": "MR",
    "ParallelReductionFactorInPlane": 2,
    "PartialFourier": 1,
    "PatientPosition": "HFS",
    "PercentPhaseFOV": 100,
    "PhaseEncodingSteps": 294,
    "PhaseOversampling": 0.15,
    "PhaseResolution": 1,
    "PixelBandwidth": 270,
    "ProcedureStepDescription": "deleted_by_bidsonym",
    "ProtocolName": "anat-T1w",
    "PulseSequenceDetails": "%SiemensSeq%_tfl",
    "ReceiveCoilActiveElements": "HE1-4;NE1,2",
    "ReceiveCoilName": "HeadNeck_20",
    "ReconMatrixPE": 256,
    "RefLinesPE": 24,
    "RepetitionTime": 1.68,
    "SAR": 0.0806454,
    "ScanOptions": "IR_WE",
    "ScanningSequence": "GR_IR",
    "SequenceName": "_tfl3d1_16ns",
    "SequenceVariant": "SK_SP_MP_OSP",
    "SeriesDescription": "anat-T1w",
    "SeriesNumber": 5,
    "ShimSetting": [
      -1104,
      -3099,
      -4417,
      222,
      923,
      -321,
      172,
      -867
    ],
    "SliceThickness": 0.88,
    "SoftwareVersions": "syngo_MR_E11",
    "StationName": "deleted_by_bidsonym",
    "TxRefAmp": 377.315,
    "dataset": "ds003176",
    "modality": "T1w",
    "session_id": "1",
    "subject_id": "101DPMB042018"
  },
  "cjv": 0.405530874239156,
  "cnr": 3.291216588230318,
  "efc": 0.644713145543916,
  "fber": 7709.614013918296,
  "fwhm_avg": 4.464795624673072,
  "fwhm_x": 4.3142497311620716,
  "fwhm_y": 4.57392,
  "fwhm_z": 4.506217142857143,
  "icvs_csf": 0.22072778114987074,
  "icvs_gm": 0.402501034122014,
  "icvs_wm": 0.37677118472811527,
  "inu_med": 0.4254515469074249,
  "inu_range": 0.19428559392690659,
  "provenance": {
    "md5sum": "1b68064789a9709067bafab948a995bf",
    "settings": {
      "testing": false
    },
    "software": "mriqc",
    "version": "23.0.1",
    "warnings": {
      "large_rot_frame": true,
      "small_air_mask": false
    },
    "webapi_port": null,
    "webapi_url": "https://mriqc.nimh.nih.gov/api/v1"
  },
  "qi_1": 0.0,
  "qi_2": 0.0009925482441320557,
  "rpve_csf": 14.718925628627836,
  "rpve_gm": 8.186289301908415,
  "rpve_wm": 10.222446079312732,
  "size_x": 192,
  "size_y": 256,
  "size_z": 256,
  "snr_csf": 3.3800896331056194,
  "snr_gm": 13.321019029829872,
  "snr_total": 13.52199504282796,
  "snr_wm": 23.864876465548388,
  "snrd_csf": 33.79660554511519,
  "snrd_gm": 82.2386404058619,
  "snrd_total": 74.50560457583254,
  "snrd_wm": 107.48156777652052,
  "spacing_x": 0.8800000548362732,
  "spacing_y": 0.875,
  "spacing_z": 0.875,
  "summary_bg_k": 7.425467860720284,
  "summary_bg_mad": 0.0,
  "summary_bg_mean": 3.7729357616264805,
  "summary_bg_median": 0.0,
  "summary_bg_n": 2351575.0,
  "summary_bg_p05": 0.0,
  "summary_bg_p95": 16.299740877002478,
  "summary_bg_stdv": 6.095601967688836,
  "summary_csf_k": 1.8561930015910377,
  "summary_csf_mad": 69.59817211769372,
  "summary_csf_mean": 322.8284482465483,
  "summary_csf_median": 314.4546009991318,
  "summary_csf_n": 102032.0,
  "summary_csf_p05": 181.83990922383964,
  "summary_csf_p95": 489.9919437505305,
  "summary_csf_stdv": 93.03098265644316,
  "summary_gm_k": 0.23138019952043987,
  "summary_gm_mad": 54.486346782879664,
  "summary_gm_mean": 764.2962630361452,
  "summary_gm_median": 765.1750357300043,
  "summary_gm_n": 55689.0,
  "summary_gm_p05": 667.6591193098575,
  "summary_gm_p95": 858.379127363488,
  "summary_gm_stdv": 57.44066305380316,
  "summary_wm_k": 0.5072373336595195,
  "summary_wm_mad": 40.7600406152234,
  "summary_wm_mean": 1000.7006560973093,
  "summary_wm_median": 1000.043435273692,
  "summary_wm_n": 425795.0,
  "summary_wm_p05": 933.5404924955219,
  "summary_wm_p95": 1069.5672633610666,
  "summary_wm_stdv": 41.904355230653096,
  "tpm_overlap_csf": 0.15532883211304196,
  "tpm_overlap_gm": 0.4361550634437378,
  "tpm_overlap_wm": 0.5027046369937608,
  "wm2max": 0.8717018462565412
}