{
  "bids_meta": {
    "AcquisitionMatrixPE": 256,
    "AcquisitionNumber": 1,
    "AcquisitionTime": "15:05:13.912500",
    "BaseResolution": 256,
    "BodyPartExamined": "HEAD",
    "CoilString": "HE1-4;NE1_2",
    "ConsistencyInfo": "N4_VE11C_LATEST_20160120",
    "ConversionSoftware": "dcm2niix",
    "ConversionSoftwareVersion": "v1.0.20190720  (JP2:OpenJPEG) GCC7.3.0",
    "DeviceSerialNumber": "45250",
    "DwellTime": 7.2e-06,
    "EchoTime": 0.00188,
    "FlipAngle": 8,
    "ImageOrientationPatientDICOM": [
      0.105502,
      0.994074,
      -0.0261764,
      0.00389041,
      -0.0267357,
      -0.999635
    ],
    "ImageType": [
      "ORIGINAL",
      "PRIMARY",
      "M",
      "NORM",
      "DIS3D",
      "DIS2D"
    ],
    "ImagingFrequency": 123.239,
    "InPlanePhaseEncodingDirectionDICOM": "ROW",
    "InstitutionAddress": "deleted_by_bidsonym",
    "InstitutionName": "deleted_by_bidsonym",
    "InstitutionalDepartmentName": "deleted_by_bidsonym",
    "InversionTime": 1,
    "MRAcquisitionType": "3D",
    "MagneticFieldStrength": 3,
    "Manufacturer": "Siemens",
    "ManufacturersModelName": "Skyra",
    "Modality": "MR",
    "ParallelReductionFactorInPlane": 2,
    "PartialFourier": 1,
    "PatientPosition": "HFS",
    "PercentPhaseFOV": 100,
    "PhaseEncodingSteps": 294,
    "PhaseOversampling": 0.15,
    "PhaseResolution": 1,
    "PixelBandwidth": 270,
    "ProcedureStepDescription": "deleted_by_bidsonym",
    "ProtocolName": "anat-T1w",
    "PulseSequenceDetails": "%SiemensSeq%_tfl",
    "ReceiveCoilActiveElements": "HE1-4;NE1,2",
    "ReceiveCoilName": "HeadNeck_20",
    "ReconMatrixPE": 256,
    "RefLinesPE": 24,
    "RepetitionTime": 1.68,
    "SAR": 0.0813627,
    "ScanOptions": "IR_WE",
    "ScanningSequence": "GR_IR",
    "SequenceName": "_tfl3d1_16ns",
    "SequenceVariant": "SK_SP_MP_OSP",
    "SeriesDescription": "anat-T1w",
    "SeriesNumber": 5,
    "ShimSetting": [
      -1123,
      -3017,
      -4485,
      207,
      945,
      -139,
      158,
      -906
    ],
    "SliceThickness": 0.88,
    "SoftwareVersions": "syngo_MR_E11",
    "StationName": "deleted_by_bidsonym",
    "TxRefAmp": 363.422,
    "dataset": "ds003176",
    "modality": "T1w",
    "session_id": "1",
    "subject_id": "101DPMB041023"
  },
  "cjv": 0.4066683953370995,
  "cnr": 3.3370720246970262,
  "efc": 0.6463388394445048,
  "fber": 9386.031456008935,
  "fwhm_avg": 4.266851732005883,
  "fwhm_x": 4.148795196017651,
  "fwhm_y": 4.2942285714285715,
  "fwhm_z": 4.357531428571429,
  "icvs_csf": 0.1889227320624671,
  "icvs_gm": 0.4436971144193916,
  "icvs_wm": 0.3673801535181413,
  "inu_med": 0.4785867929458618,
  "inu_range": 0.23991984128952026,
  "provenance": {
    "md5sum": "0002159aa5c8f7b89021860156e54834",
    "settings": {
      "testing": false
    },
    "software": "mriqc",
    "version": "23.0.1",
    "warnings": {
      "large_rot_frame": true,
      "small_air_mask": false
    },
    "webapi_port": null,
    "webapi_url": "https://mriqc.nimh.nih.gov/api/v1"
  },
  "qi_1": 0.0,
  "qi_2": 0.0009041384950015134,
  "rpve_csf": 17.752563103559783,
  "rpve_gm": 8.24075272890282,
  "rpve_wm": 11.150549813624776,
  "size_x": 192,
  "size_y": 256,
  "size_z": 256,
  "snr_csf": 2.9854944433737645,
  "snr_gm": 14.901851150567733,
  "snr_total": 13.340281185738808,
  "snr_wm": 22.133497963274923,
  "snrd_csf": 29.303294485404844,
  "snrd_gm": 68.46131803798721,
  "snrd_total": 62.23716323894005,
  "snrd_wm": 88.9468771934281,
  "spacing_x": 0.8800000548362732,
  "spacing_y": 0.875,
  "spacing_z": 0.875,
  "summary_bg_k": 7.908006892512583,
  "summary_bg_mad": 0.0,
  "summary_bg_mean": 4.498963050771671,
  "summary_bg_median": 0.0,
  "summary_bg_n": 2256200.0,
  "summary_bg_p05": 0.0,
  "summary_bg_p95": 19.44834741577506,
  "summary_bg_stdv": 7.365842661401599,
  "summary_csf_k": 3.938602765321728,
  "summary_csf_mad": 83.43269225074411,
  "summary_csf_mean": 343.9577431691341,
  "summary_csf_median": 329.4633860066533,
  "summary_csf_n": 58968.0,
  "summary_csf_p05": 192.24900940079243,
  "summary_csf_p95": 544.5118237245825,
  "summary_csf_stdv": 110.35377846650682,
  "summary_gm_k": 0.2693911570262246,
  "summary_gm_mad": 49.44565598565781,
  "summary_gm_mean": 768.187202816854,
  "summary_gm_median": 769.7256587482989,
  "summary_gm_n": 71757.0,
  "summary_gm_p05": 680.273120380938,
  "summary_gm_p95": 850.8762916535138,
  "summary_gm_stdv": 51.65266298352976,
  "summary_wm_k": 0.39266156996898305,
  "summary_wm_mad": 44.219692344897226,
  "summary_wm_mean": 1000.3209152591513,
  "summary_wm_median": 1000.0493067242205,
  "summary_wm_n": 373493.0,
  "summary_wm_p05": 927.2350883893669,
  "summary_wm_p95": 1074.243889387697,
  "summary_wm_stdv": 45.18255404561332,
  "tpm_overlap_csf": 0.16755353410790133,
  "tpm_overlap_gm": 0.47099695593812424,
  "tpm_overlap_wm": 0.5171263762945482,
  "wm2max": 0.8117122163979033
}