{
  "bids_meta": {
    "AcquisitionMatrixPE": 256,
    "AcquisitionNumber": 1,
    "AcquisitionTime": "13:05:52.965000",
    "BaseResolution": 256,
    "BodyPartExamined": "HEAD",
    "CoilString": "HE1-4;NE1_2",
    "ConsistencyInfo": "N4_VE11C_LATEST_20160120",
    "ConversionSoftware": "dcm2niix",
    "ConversionSoftwareVersion": "v1.0.20190720  (JP2:OpenJPEG) GCC7.3.0",
    "DeviceSerialNumber": "45250",
    "DwellTime": 7.2e-06,
    "EchoTime": 0.00188,
    "FlipAngle": 8,
    "ImageOrientationPatientDICOM": [
      -0.0420371,
      0.997922,
      0.048841,
      0.0168635,
      0.0495859,
      -0.998627
    ],
    "ImageType": [
      "ORIGINAL",
      "PRIMARY",
      "M",
      "NORM",
      "DIS3D",
      "DIS2D"
    ],
    "ImagingFrequency": 123.239,
    "InPlanePhaseEncodingDirectionDICOM": "ROW",
    "InstitutionAddress": "deleted_by_bidsonym",
    "InstitutionName": "deleted_by_bidsonym",
    "InstitutionalDepartmentName": "deleted_by_bidsonym",
    "InversionTime": 1,
    "MRAcquisitionType": "3D",
    "MagneticFieldStrength": 3,
    "Manufacturer": "Siemens",
    "ManufacturersModelName": "Skyra",
    "Modality": "MR",
    "ParallelReductionFactorInPlane": 2,
    "PartialFourier": 1,
    "PatientPosition": "HFS",
    "PercentPhaseFOV": 100,
    "PhaseEncodingSteps": 294,
    "PhaseOversampling": 0.15,
    "PhaseResolution": 1,
    "PixelBandwidth": 270,
    "ProcedureStepDescription": "deleted_by_bidsonym",
    "ProtocolName": "anat-T1w",
    "PulseSequenceDetails": "%SiemensSeq%_tfl",
    "ReceiveCoilActiveElements": "HE1-4;NE1,2",
    "ReceiveCoilName": "HeadNeck_20",
    "ReconMatrixPE": 256,
    "RefLinesPE": 24,
    "RepetitionTime": 1.68,
    "SAR": 0.0865218,
    "ScanOptions": "IR_WE",
    "ScanningSequence": "GR_IR",
    "SequenceName": "_tfl3d1_16ns",
    "SequenceVariant": "SK_SP_MP_OSP",
    "SeriesDescription": "anat-T1w",
    "SeriesNumber": 5,
    "ShimSetting": [
      -1102,
      -3139,
      -4625,
      88,
      818,
      -285,
      269,
      -747
    ],
    "SliceThickness": 0.88,
    "SoftwareVersions": "syngo_MR_E11",
    "StationName": "deleted_by_bidsonym",
    "TxRefAmp": 348.925,
    "dataset": "ds003176",
    "modality": "T1w",
    "session_id": "1",
    "subject_id": "101DPMB042021"
  },
  "cjv": 0.3364913894374389,
  "cnr": 3.9848688809003483,
  "efc": 0.5894330401123633,
  "fber": 13733.743819816245,
  "fwhm_avg": 4.5308523755891885,
  "fwhm_x": 4.42645426962471,
  "fwhm_y": 4.677028571428571,
  "fwhm_z": 4.489074285714286,
  "icvs_csf": 0.14768502619236484,
  "icvs_gm": 0.5022189856560723,
  "icvs_wm": 0.35009598815156295,
  "inu_med": 0.4533776044845581,
  "inu_range": 0.20482939481735224,
  "provenance": {
    "md5sum": "37a2d96807ab6c4b37d09d81ff5116ed",
    "settings": {
      "testing": false
    },
    "software": "mriqc",
    "version": "23.0.1",
    "warnings": {
      "large_rot_frame": true,
      "small_air_mask": false
    },
    "webapi_port": null,
    "webapi_url": "https://mriqc.nimh.nih.gov/api/v1"
  },
  "qi_1": 0.0,
  "qi_2": 0.0010770347040210053,
  "rpve_csf": 28.429662144489804,
  "rpve_gm": 9.976389377312074,
  "rpve_wm": 15.150783157470439,
  "size_x": 192,
  "size_y": 256,
  "size_z": 256,
  "snr_csf": 1.6829005029330595,
  "snr_gm": 14.448556921216342,
  "snr_total": 13.389577770091831,
  "snr_wm": 24.037275886126093,
  "snrd_csf": 22.584110586690617,
  "snrd_gm": 70.10111336317992,
  "snrd_total": 62.62636102007648,
  "snrd_wm": 95.19385911035891,
  "spacing_x": 0.8800000548362732,
  "spacing_y": 0.875,
  "spacing_z": 0.875,
  "summary_bg_k": 6.450802569599496,
  "summary_bg_mad": 0.0,
  "summary_bg_mean": 4.663736748529092,
  "summary_bg_median": 0.0,
  "summary_bg_n": 2365822.0,
  "summary_bg_p05": 0.0,
  "summary_bg_p95": 18.696401650086045,
  "summary_bg_stdv": 6.882436952099047,
  "summary_csf_k": -0.5509663709974442,
  "summary_csf_mad": 176.10901487977975,
  "summary_csf_mean": 232.71250670876657,
  "summary_csf_median": 237.25397830456495,
  "summary_csf_n": 23267.0,
  "summary_csf_p05": 36.481493662856515,
  "summary_csf_p95": 467.87353288587184,
  "summary_csf_stdv": 140.97617733676975,
  "summary_gm_k": 0.18457600654308415,
  "summary_gm_mad": 49.99437821092334,
  "summary_gm_mean": 734.8299054958007,
  "summary_gm_median": 736.4367069117725,
  "summary_gm_n": 113857.0,
  "summary_gm_p05": 649.2241507116705,
  "summary_gm_p95": 816.1483115516603,
  "summary_gm_stdv": 50.96934433507297,
  "summary_wm_k": 0.6224120188256097,
  "summary_wm_mad": 38.707466795442635,
  "summary_wm_mean": 1000.3728149259282,
  "summary_wm_median": 1000.0447747278959,
  "summary_wm_n": 258623.0,
  "summary_wm_p05": 932.9840286895633,
  "summary_wm_p95": 1069.2102653831244,
  "summary_wm_stdv": 41.60383423067539,
  "tpm_overlap_csf": 0.12717767112725975,
  "tpm_overlap_gm": 0.480399747954086,
  "tpm_overlap_wm": 0.5086587986189605,
  "wm2max": 0.8843808166013227
}