{
  "aor": 0.0017325060386473427,
  "aqi": 0.022187869625603866,
  "bids_meta": {
    "AcquisitionMatrixPE": 80,
    "AcquisitionNumber": 1,
    "AcquisitionTime": "09:22:29.020000",
    "BandwidthPerPixelPhaseEncode": 24.038,
    "BaseResolution": 80,
    "BodyPartExamined": "HEAD",
    "ConsistencyInfo": "N4_VE11C_LATEST_20160120",
    "ConversionSoftware": "dcm2niix",
    "ConversionSoftwareVersion": "v1.0.20190720  (JP2:OpenJPEG) GCC7.3.0",
    "DerivedVendorReportedEchoSpacing": 0.00052001,
    "DeviceSerialNumber": "45250",
    "DwellTime": 2.5e-06,
    "EchoTime": 0.0384,
    "EchoTrainLength": 80,
    "EffectiveEchoSpacing": 0.00052001,
    "FlipAngle": 60,
    "ImageComments": "Unaliased_MB4_PE3",
    "ImageOrientationPatientDICOM": [
      0.994597,
      -0.103239,
      -0.0108579,
      0.101028,
      0.986693,
      -0.127401
    ],
    "ImageType": [
      "ORIGINAL",
      "PRIMARY",
      "M",
      "MB",
      "ND",
      "NORM",
      "MOSAIC"
    ],
    "ImagingFrequency": 123.239,
    "InPlanePhaseEncodingDirectionDICOM": "COL",
    "InstitutionAddress": "deleted_by_bidsonym",
    "InstitutionName": "deleted_by_bidsonym",
    "InstitutionalDepartmentName": "deleted_by_bidsonym",
    "MRAcquisitionType": "2D",
    "MagneticFieldStrength": 3,
    "Manufacturer": "Siemens",
    "ManufacturersModelName": "Skyra",
    "Modality": "MR",
    "MultibandAccelerationFactor": 4,
    "PartialFourier": 1,
    "PatientPosition": "HFS",
    "PercentPhaseFOV": 100,
    "PhaseEncodingDirection": "j-",
    "PhaseEncodingSteps": 80,
    "PhaseResolution": 1,
    "PixelBandwidth": 2500,
    "ProcedureStepDescription": "deleted_by_bidsonym",
    "ProtocolName": "func_task-EyeMag_acq-CMRR_run-01",
    "PulseSequenceDetails": "%CustomerSeq%_cmrr_mbep2d_bold",
    "ReceiveCoilActiveElements": "HE1-4",
    "ReceiveCoilName": "HeadNeck_20",
    "ReconMatrixPE": 80,
    "RepetitionTime": 1,
    "SAR": 0.0911951,
    "ScanOptions": "FS",
    "ScanningSequence": "EP",
    "SequenceName": "epfid2d1_80",
    "SequenceVariant": "SK_SS",
    "SeriesDescription": "func_task-EyeMag_acq-CMRR_run-01",
    "SeriesNumber": 9,
    "ShimSetting": [
      -1160,
      -2961,
      -4197,
      608,
      738,
      716,
      -122,
      -874
    ],
    "SliceThickness": 3,
    "SliceTiming": [
      0,
      0.4075,
      0.8175,
      0.245,
      0.6525,
      0.0825,
      0.49,
      0.8975,
      0.3275,
      0.735,
      0.1625,
      0.5725,
      0,
      0.4075,
      0.8175,
      0.245,
      0.6525,
      0.0825,
      0.49,
      0.8975,
      0.3275,
      0.735,
      0.1625,
      0.5725,
      0,
      0.4075,
      0.8175,
      0.245,
      0.6525,
      0.0825,
      0.49,
      0.8975,
      0.3275,
      0.735,
      0.1625,
      0.5725,
      0,
      0.4075,
      0.8175,
      0.245,
      0.6525,
      0.0825,
      0.49,
      0.8975,
      0.3275,
      0.735,
      0.1625,
      0.5725
    ],
    "SoftwareVersions": "syngo_MR_E11",
    "SpacingBetweenSlices": 3,
    "StationName": "deleted_by_bidsonym",
    "TaskName": "EyeMag",
    "TotalReadoutTime": 0.0410808,
    "TxRefAmp": 345.663,
    "WipMemBlock": "a615935e-3387-42b2-87cb-a2397a6e9d57||Sequence: R016 ve11c/master r/34fb20f; Nov 20 2017 15:15:15 by eja",
    "acq_id": "CMRR",
    "dataset": "ds003176",
    "modality": "bold",
    "run_id": 1,
    "session_id": "1",
    "subject_id": "101DPMB041032",
    "task_id": "EyeMag"
  },
  "dummy_trs": 1,
  "dvars_nstd": 31.39162162598188,
  "dvars_std": 1.2298618062719013,
  "dvars_vstd": 0.9340246228821767,
  "efc": 0.40446025426459215,
  "fber": 9943.263671875,
  "fd_mean": 0.15675033784972967,
  "fd_num": 217,
  "fd_perc": 13.103864734299517,
  "fwhm_avg": 1.6917988888888889,
  "fwhm_x": 1.5873466666666667,
  "fwhm_y": 1.8039633333333331,
  "fwhm_z": 1.6840866666666667,
  "gcor": 0.0128595,
  "gsr_x": -0.012269075959920883,
  "gsr_y": 0.011983063071966171,
  "provenance": {
    "md5sum": "62c39d2506bc7e566bfa1e0c80da37b8",
    "settings": {
      "fd_thres": 0.2,
      "testing": false
    },
    "software": "mriqc",
    "version": "23.0.1",
    "webapi_port": null,
    "webapi_url": "https://mriqc.nimh.nih.gov/api/v1"
  },
  "size_t": 1656,
  "size_x": 80,
  "size_y": 80,
  "size_z": 48,
  "snr": 6.757654784761025,
  "spacing_tr": 1.0,
  "spacing_x": 3.0,
  "spacing_y": 3.0,
  "spacing_z": 3.0,
  "summary_bg_k": 49.01765263902518,
  "summary_bg_mad": 52.41465492460976,
  "summary_bg_mean": 223.14515686035156,
  "summary_bg_median": 83.9777603149414,
  "summary_bg_n": 223638.0,
  "summary_bg_p05": 38.47157230377197,
  "summary_bg_p95": 825.992059326171,
  "summary_bg_stdv": 481.30322265625,
  "summary_fg_k": 2.841143656269243,
  "summary_fg_mad": 1090.747846017859,
  "summary_fg_mean": 8522.1728515625,
  "summary_fg_median": 8399.8876953125,
  "summary_fg_n": 35890.0,
  "summary_fg_p05": 6839.815600585937,
  "summary_fg_p95": 10606.685546874998,
  "summary_fg_stdv": 1243.0008544921875,
  "tsnr": 41.885318756103516
}