{
  "aor": 0.0011945893719806763,
  "aqi": 0.01802235047705314,
  "bids_meta": {
    "AcquisitionMatrixPE": 80,
    "AcquisitionNumber": 1,
    "AcquisitionTime": "11:19:35.110000",
    "BandwidthPerPixelPhaseEncode": 24.038,
    "BaseResolution": 80,
    "BodyPartExamined": "HEAD",
    "CoilString": "HE1-4;NE1_2",
    "ConsistencyInfo": "N4_VE11C_LATEST_20160120",
    "ConversionSoftware": "dcm2niix",
    "ConversionSoftwareVersion": "v1.0.20190720  (JP2:OpenJPEG) GCC7.3.0",
    "DerivedVendorReportedEchoSpacing": 0.00052001,
    "DeviceSerialNumber": "45250",
    "DwellTime": 2.5e-06,
    "EchoTime": 0.0384,
    "EchoTrainLength": 80,
    "EffectiveEchoSpacing": 0.00052001,
    "FlipAngle": 60,
    "ImageComments": "Unaliased_MB4_PE3",
    "ImageOrientationPatientDICOM": [
      0.988249,
      -0.141512,
      -0.0577798,
      0.112597,
      0.929605,
      -0.350936
    ],
    "ImageType": [
      "ORIGINAL",
      "PRIMARY",
      "M",
      "MB",
      "ND",
      "NORM",
      "MOSAIC"
    ],
    "ImagingFrequency": 123.239,
    "InPlanePhaseEncodingDirectionDICOM": "COL",
    "InstitutionAddress": "deleted_by_bidsonym",
    "InstitutionName": "deleted_by_bidsonym",
    "InstitutionalDepartmentName": "deleted_by_bidsonym",
    "MRAcquisitionType": "2D",
    "MagneticFieldStrength": 3,
    "Manufacturer": "Siemens",
    "ManufacturersModelName": "Skyra",
    "Modality": "MR",
    "MultibandAccelerationFactor": 4,
    "PartialFourier": 1,
    "PatientPosition": "HFS",
    "PercentPhaseFOV": 100,
    "PhaseEncodingDirection": "j-",
    "PhaseEncodingSteps": 80,
    "PhaseResolution": 1,
    "PixelBandwidth": 2500,
    "ProcedureStepDescription": "deleted_by_bidsonym",
    "ProtocolName": "func_task-EyeMag_acq-CMRR_run-01",
    "PulseSequenceDetails": "%CustomerSeq%_cmrr_mbep2d_bold",
    "ReceiveCoilActiveElements": "HE1-4;NE1,2",
    "ReceiveCoilName": "HeadNeck_20",
    "ReconMatrixPE": 80,
    "RepetitionTime": 1,
    "SAR": 0.109226,
    "ScanOptions": "FS",
    "ScanningSequence": "EP",
    "SequenceName": "epfid2d1_80",
    "SequenceVariant": "SK_SS",
    "SeriesDescription": "func_task-EyeMag_acq-CMRR_run-01",
    "SeriesNumber": 9,
    "ShimSetting": [
      -1111,
      -3075,
      -4124,
      535,
      1191,
      180,
      262,
      -1048
    ],
    "SliceThickness": 3,
    "SliceTiming": [
      0,
      0.4075,
      0.8175,
      0.245,
      0.6525,
      0.0825,
      0.49,
      0.8975,
      0.3275,
      0.735,
      0.1625,
      0.5725,
      0,
      0.4075,
      0.8175,
      0.245,
      0.6525,
      0.0825,
      0.49,
      0.8975,
      0.3275,
      0.735,
      0.1625,
      0.5725,
      0,
      0.4075,
      0.8175,
      0.245,
      0.6525,
      0.0825,
      0.49,
      0.8975,
      0.3275,
      0.735,
      0.1625,
      0.5725,
      0,
      0.4075,
      0.8175,
      0.245,
      0.6525,
      0.0825,
      0.49,
      0.8975,
      0.3275,
      0.735,
      0.1625,
      0.5725
    ],
    "SoftwareVersions": "syngo_MR_E11",
    "SpacingBetweenSlices": 3,
    "StationName": "deleted_by_bidsonym",
    "TaskName": "EyeMag",
    "TotalReadoutTime": 0.0410808,
    "TxRefAmp": 378.071,
    "WipMemBlock": "392fb103-51bf-4d07-ae95-b4c8871742c7||Sequence: R016 ve11c/master r/34fb20f; Nov 20 2017 15:15:15 by eja",
    "acq_id": "CMRR",
    "dataset": "ds003176",
    "modality": "bold",
    "run_id": 1,
    "session_id": "1",
    "subject_id": "101DPMB042014",
    "task_id": "EyeMag"
  },
  "dummy_trs": 1,
  "dvars_nstd": 34.7102635374743,
  "dvars_std": 1.349043006737163,
  "dvars_vstd": 1.010054709244715,
  "efc": 0.3954721355082267,
  "fber": 8138.9794921875,
  "fd_mean": 0.281851918197447,
  "fd_num": 1221,
  "fd_perc": 73.73188405797102,
  "fwhm_avg": 1.81415,
  "fwhm_x": 1.6907333333333332,
  "fwhm_y": 2.004863333333333,
  "fwhm_z": 1.7468533333333334,
  "gcor": 0.0110554,
  "gsr_x": -0.01802506111562252,
  "gsr_y": 0.01358985435217619,
  "provenance": {
    "md5sum": "fa722037384a0408cd05c878df301838",
    "settings": {
      "fd_thres": 0.2,
      "testing": false
    },
    "software": "mriqc",
    "version": "23.0.1",
    "webapi_port": null,
    "webapi_url": "https://mriqc.nimh.nih.gov/api/v1"
  },
  "size_t": 1656,
  "size_x": 80,
  "size_y": 80,
  "size_z": 48,
  "snr": 6.174037932224712,
  "spacing_tr": 1.0,
  "spacing_x": 3.0,
  "spacing_y": 3.0,
  "spacing_z": 3.0,
  "summary_bg_k": 55.57075417255009,
  "summary_bg_mad": 48.279304718466854,
  "summary_bg_mean": 209.5298614501953,
  "summary_bg_median": 86.7729263305664,
  "summary_bg_n": 227565.0,
  "summary_bg_p05": 42.532962036132815,
  "summary_bg_p95": 794.2388427734372,
  "summary_bg_stdv": 405.9819030761719,
  "summary_fg_k": 3.767449362145671,
  "summary_fg_mad": 1046.576724453241,
  "summary_fg_mean": 7986.54296875,
  "summary_fg_median": 7882.466796875,
  "summary_fg_n": 33375.0,
  "summary_fg_p05": 6317.836767578125,
  "summary_fg_p95": 10026.83759765625,
  "summary_fg_stdv": 1276.692626953125,
  "tsnr": 44.84882736206055
}