{
  "bids_meta": {
    "AcquisitionMatrixPE": 256,
    "AcquisitionNumber": 1,
    "AcquisitionTime": "09:15:55.970000",
    "BaseResolution": 256,
    "BodyPartExamined": "HEAD",
    "CoilString": "HE1-4;NE1_2",
    "ConsistencyInfo": "N4_VE11C_LATEST_20160120",
    "ConversionSoftware": "dcm2niix",
    "ConversionSoftwareVersion": "v1.0.20190720  (JP2:OpenJPEG) GCC7.3.0",
    "DeviceSerialNumber": "45250",
    "DwellTime": 7.2e-06,
    "EchoTime": 0.00188,
    "FlipAngle": 8,
    "ImageOrientationPatientDICOM": [
      0.098714,
      0.988657,
      0.113196,
      -0.000300624,
      0.113781,
      -0.993506
    ],
    "ImageType": [
      "ORIGINAL",
      "PRIMARY",
      "M",
      "NORM",
      "DIS3D",
      "DIS2D"
    ],
    "ImagingFrequency": 123.239,
    "InPlanePhaseEncodingDirectionDICOM": "ROW",
    "InstitutionAddress": "deleted_by_bidsonym",
    "InstitutionName": "deleted_by_bidsonym",
    "InstitutionalDepartmentName": "deleted_by_bidsonym",
    "InversionTime": 1,
    "MRAcquisitionType": "3D",
    "MagneticFieldStrength": 3,
    "Manufacturer": "Siemens",
    "ManufacturersModelName": "Skyra",
    "Modality": "MR",
    "ParallelReductionFactorInPlane": 2,
    "PartialFourier": 1,
    "PatientPosition": "HFS",
    "PercentPhaseFOV": 100,
    "PhaseEncodingSteps": 294,
    "PhaseOversampling": 0.15,
    "PhaseResolution": 1,
    "PixelBandwidth": 270,
    "ProcedureStepDescription": "deleted_by_bidsonym",
    "ProtocolName": "anat-T1w",
    "PulseSequenceDetails": "%SiemensSeq%_tfl",
    "ReceiveCoilActiveElements": "HE1-4;NE1,2",
    "ReceiveCoilName": "HeadNeck_20",
    "ReconMatrixPE": 256,
    "RefLinesPE": 24,
    "RepetitionTime": 1.68,
    "SAR": 0.0791751,
    "ScanOptions": "IR_WE",
    "ScanningSequence": "GR_IR",
    "SequenceName": "_tfl3d1_16ns",
    "SequenceVariant": "SK_SP_MP_OSP",
    "SeriesDescription": "anat-T1w",
    "SeriesNumber": 5,
    "ShimSetting": [
      -1140,
      -3093,
      -4526,
      146,
      842,
      -327,
      0,
      -826
    ],
    "SliceThickness": 0.88,
    "SoftwareVersions": "syngo_MR_E11",
    "StationName": "deleted_by_bidsonym",
    "TxRefAmp": 345.663,
    "dataset": "ds003176",
    "modality": "T1w",
    "session_id": "1",
    "subject_id": "101DPMB041032"
  },
  "cjv": 0.3563959797021653,
  "cnr": 3.781575840241468,
  "efc": 0.6073387943709129,
  "fber": 13334.978736591998,
  "fwhm_avg": 4.69363074890261,
  "fwhm_x": 4.585806532422114,
  "fwhm_y": 4.748617142857142,
  "fwhm_z": 4.746468571428571,
  "icvs_csf": 0.21412441691923584,
  "icvs_gm": 0.4317128146667069,
  "icvs_wm": 0.35416276841405725,
  "inu_med": 0.4588433504104614,
  "inu_range": 0.19588533639907835,
  "provenance": {
    "md5sum": "e8000a8dba3cd60915a3507fcd915e39",
    "settings": {
      "testing": false
    },
    "software": "mriqc",
    "version": "23.0.1",
    "warnings": {
      "large_rot_frame": true,
      "small_air_mask": false
    },
    "webapi_port": null,
    "webapi_url": "https://mriqc.nimh.nih.gov/api/v1"
  },
  "qi_1": 0.0,
  "qi_2": 0.0010052172739601771,
  "rpve_csf": 18.607085934436544,
  "rpve_gm": 9.616154040453106,
  "rpve_wm": 13.154731072126072,
  "size_x": 192,
  "size_y": 256,
  "size_z": 256,
  "snr_csf": 2.6287293896059647,
  "snr_gm": 14.040044655806307,
  "snr_total": 13.778344264453695,
  "snr_wm": 24.666258747948813,
  "snrd_csf": 26.993729387901187,
  "snrd_gm": 66.43288304828417,
  "snrd_total": 60.834855900739605,
  "snrd_wm": 89.07795526603346,
  "spacing_x": 0.8800000548362732,
  "spacing_y": 0.875,
  "spacing_z": 0.875,
  "summary_bg_k": 6.863038486350831,
  "summary_bg_mad": 0.0,
  "summary_bg_mean": 5.026929791869056,
  "summary_bg_median": 0.0,
  "summary_bg_n": 2111328.0,
  "summary_bg_p05": 0.0,
  "summary_bg_p95": 19.98786025121808,
  "summary_bg_stdv": 7.354960222751771,
  "summary_csf_k": 0.3267022751577753,
  "summary_csf_mad": 93.78757710073043,
  "summary_csf_mean": 300.64449115501753,
  "summary_csf_median": 303.0480460431427,
  "summary_csf_n": 76493.0,
  "summary_csf_p05": 78.65071257203817,
  "summary_csf_p95": 488.3801689147949,
  "summary_csf_stdv": 115.28233615353344,
  "summary_gm_k": 0.27767042287824806,
  "summary_gm_mad": 51.16854789046019,
  "summary_gm_mean": 744.6989612948043,
  "summary_gm_median": 745.8160045798868,
  "summary_gm_n": 81530.0,
  "summary_gm_p05": 655.5454513411969,
  "summary_gm_p95": 830.5151043646038,
  "summary_gm_stdv": 53.12030331632552,
  "summary_wm_k": 0.3756700405394411,
  "summary_wm_mad": 39.43706549095142,
  "summary_wm_mean": 999.3295500898649,
  "summary_wm_median": 1000.0433767773211,
  "summary_wm_n": 330137.0,
  "summary_wm_p05": 932.4271770771593,
  "summary_wm_p95": 1064.6679010819644,
  "summary_wm_stdv": 40.54290812427651,
  "tpm_overlap_csf": 0.14673687356814152,
  "tpm_overlap_gm": 0.4804404210939425,
  "tpm_overlap_wm": 0.5212256186078488,
  "wm2max": 0.8579684714534581
}