{
  "aor": 0.0007845823389021478,
  "aqi": 0.014596616026252982,
  "bids_meta": {
    "AcquisitionMatrixPE": 80,
    "AcquisitionNumber": 1,
    "AcquisitionTime": "09:24:37.277500",
    "BandwidthPerPixelPhaseEncode": 24.038,
    "BaseResolution": 80,
    "BodyPartExamined": "HEAD",
    "CoilString": "HE1-4;NE1_2",
    "ConsistencyInfo": "N4_VE11C_LATEST_20160120",
    "ConversionSoftware": "dcm2niix",
    "ConversionSoftwareVersion": "v1.0.20190410  (JP2:OpenJPEG) GCC7.3.0",
    "DerivedVendorReportedEchoSpacing": 0.00052001,
    "DeviceSerialNumber": "45250",
    "DwellTime": 2.5e-06,
    "EchoTime": 0.0384,
    "EchoTrainLength": 80,
    "EffectiveEchoSpacing": 0.00052001,
    "FlipAngle": 60,
    "ImageComments": "Unaliased_MB4_PE3",
    "ImageOrientationPatientDICOM": [
      0.99795,
      -0.0419611,
      -0.0483207,
      0.0243894,
      0.94743,
      -0.319032
    ],
    "ImageType": [
      "ORIGINAL",
      "PRIMARY",
      "M",
      "MB",
      "ND",
      "NORM",
      "MOSAIC"
    ],
    "ImagingFrequency": 123.239,
    "InPlanePhaseEncodingDirectionDICOM": "COL",
    "InstitutionAddress": "deleted_by_bidsonym",
    "InstitutionName": "deleted_by_bidsonym",
    "InstitutionalDepartmentName": "deleted_by_bidsonym",
    "MRAcquisitionType": "2D",
    "MagneticFieldStrength": 3,
    "Manufacturer": "Siemens",
    "ManufacturersModelName": "Skyra",
    "Modality": "MR",
    "MultibandAccelerationFactor": 4,
    "PartialFourier": 1,
    "PatientPosition": "HFS",
    "PercentPhaseFOV": 100,
    "PhaseEncodingDirection": "j-",
    "PhaseEncodingSteps": 80,
    "PhaseResolution": 1,
    "PixelBandwidth": 2500,
    "ProcedureStepDescription": "deleted_by_bidsonym",
    "ProtocolName": "func_task-EyeMag_acq-CMRR_run-01",
    "PulseSequenceDetails": "%CustomerSeq%_cmrr_mbep2d_bold",
    "ReceiveCoilActiveElements": "HE1-4;NE1,2",
    "ReceiveCoilName": "HeadNeck_20",
    "ReconMatrixPE": 80,
    "RepetitionTime": 1,
    "SAR": 0.111339,
    "ScanOptions": "FS",
    "ScanningSequence": "EP",
    "SequenceName": "epfid2d1_80",
    "SequenceVariant": "SK_SS",
    "SeriesDescription": "func_task-EyeMag_acq-CMRR_run-01",
    "SeriesNumber": 11,
    "ShimSetting": [
      -1121,
      -3050,
      -4211,
      556,
      884,
      389,
      127,
      -896
    ],
    "SliceThickness": 3,
    "SliceTiming": [
      0,
      0.4075,
      0.815,
      0.245,
      0.6525,
      0.08,
      0.49,
      0.8975,
      0.325,
      0.735,
      0.1625,
      0.57,
      0,
      0.4075,
      0.815,
      0.245,
      0.6525,
      0.08,
      0.49,
      0.8975,
      0.325,
      0.735,
      0.1625,
      0.57,
      0,
      0.4075,
      0.815,
      0.245,
      0.6525,
      0.08,
      0.49,
      0.8975,
      0.325,
      0.735,
      0.1625,
      0.57,
      0,
      0.4075,
      0.815,
      0.245,
      0.6525,
      0.08,
      0.49,
      0.8975,
      0.325,
      0.735,
      0.1625,
      0.57
    ],
    "SoftwareVersions": "syngo_MR_E11",
    "SpacingBetweenSlices": 3,
    "StationName": "deleted_by_bidsonym",
    "TaskName": "EyeMag",
    "TotalReadoutTime": 0.0410808,
    "TxRefAmp": 342.812,
    "WipMemBlock": "733118d2-fcae-4b0c-b8d6-1a392af65032||Sequence: R016 ve11c/master r/34fb20f; Nov 20 2017 15:15:15 by eja",
    "acq_id": "CMRR",
    "dataset": "ds003176",
    "modality": "bold",
    "run_id": 1,
    "session_id": "1",
    "subject_id": "101DPMB041013",
    "task_id": "EyeMag"
  },
  "dummy_trs": 0,
  "dvars_nstd": 23.51770522842386,
  "dvars_std": 1.121519824501492,
  "dvars_vstd": 0.9851323060597,
  "efc": 0.39104117535645044,
  "fber": 8664.328125,
  "fd_mean": 0.13758219447863845,
  "fd_num": 294,
  "fd_perc": 17.541766109785204,
  "fwhm_avg": 1.6118955555555556,
  "fwhm_x": 1.5623366666666667,
  "fwhm_y": 1.7366466666666664,
  "fwhm_z": 1.5367033333333333,
  "gcor": 0.0144517,
  "gsr_x": -0.01555819995701313,
  "gsr_y": 0.011843213811516762,
  "provenance": {
    "md5sum": "f7869c21b7e8084f2f9cdbbbb8691e4c",
    "settings": {
      "fd_thres": 0.2,
      "testing": false
    },
    "software": "mriqc",
    "version": "23.0.1",
    "webapi_port": null,
    "webapi_url": "https://mriqc.nimh.nih.gov/api/v1"
  },
  "size_t": 1676,
  "size_x": 80,
  "size_y": 80,
  "size_z": 48,
  "snr": 6.13195023554171,
  "spacing_tr": 1.0,
  "spacing_x": 3.0,
  "spacing_y": 3.0,
  "spacing_z": 3.0,
  "summary_bg_k": 60.799286142162266,
  "summary_bg_mad": 45.73571415620746,
  "summary_bg_mean": 202.65599060058594,
  "summary_bg_median": 87.22785949707031,
  "summary_bg_n": 227314.0,
  "summary_bg_p05": 43.9409839630127,
  "summary_bg_p95": 747.9775634765613,
  "summary_bg_stdv": 403.2379455566406,
  "summary_fg_k": 2.625911796442878,
  "summary_fg_mad": 1234.8013288587827,
  "summary_fg_mean": 8269.3671875,
  "summary_fg_median": 8143.84716796875,
  "summary_fg_n": 33451.0,
  "summary_fg_p05": 6497.411376953125,
  "summary_fg_p95": 10436.27490234375,
  "summary_fg_stdv": 1328.080810546875,
  "tsnr": 49.32828140258789
}