{
  "aor": 0.0008261844484629294,
  "aqi": 0.018106765027124775,
  "bids_meta": {
    "AcquisitionMatrixPE": 80,
    "AcquisitionNumber": 1,
    "AcquisitionTime": "10:18:22.857500",
    "BandwidthPerPixelPhaseEncode": 24.038,
    "BaseResolution": 80,
    "BodyPartExamined": "HEAD",
    "CoilString": "HE1-4;NE1_2",
    "ConsistencyInfo": "N4_VE11C_LATEST_20160120",
    "ConversionSoftware": "dcm2niix",
    "ConversionSoftwareVersion": "v1.0.20190720  (JP2:OpenJPEG) GCC7.3.0",
    "DerivedVendorReportedEchoSpacing": 0.00052001,
    "DeviceSerialNumber": "45250",
    "DwellTime": 2.5e-06,
    "EchoTime": 0.0384,
    "EchoTrainLength": 80,
    "EffectiveEchoSpacing": 0.00052001,
    "FlipAngle": 60,
    "ImageComments": "Unaliased_MB4_PE3",
    "ImageOrientationPatientDICOM": [
      0.99999,
      -0.000123205,
      0.00452066,
      0.00174536,
      0.932695,
      -0.360661
    ],
    "ImageType": [
      "ORIGINAL",
      "PRIMARY",
      "M",
      "MB",
      "ND",
      "NORM",
      "MOSAIC"
    ],
    "ImagingFrequency": 123.239,
    "InPlanePhaseEncodingDirectionDICOM": "COL",
    "InstitutionAddress": "deleted_by_bidsonym",
    "InstitutionName": "deleted_by_bidsonym",
    "InstitutionalDepartmentName": "deleted_by_bidsonym",
    "MRAcquisitionType": "2D",
    "MagneticFieldStrength": 3,
    "Manufacturer": "Siemens",
    "ManufacturersModelName": "Skyra",
    "Modality": "MR",
    "MultibandAccelerationFactor": 4,
    "PartialFourier": 1,
    "PatientPosition": "HFS",
    "PercentPhaseFOV": 100,
    "PhaseEncodingDirection": "j-",
    "PhaseEncodingSteps": 80,
    "PhaseResolution": 1,
    "PixelBandwidth": 2500,
    "ProcedureStepDescription": "deleted_by_bidsonym",
    "ProtocolName": "func_task-EyeMag_acq-CMRR_run-01",
    "PulseSequenceDetails": "%CustomerSeq%_cmrr_mbep2d_bold",
    "ReceiveCoilActiveElements": "HE1-4;NE1,2",
    "ReceiveCoilName": "HeadNeck_20",
    "ReconMatrixPE": 80,
    "RepetitionTime": 1,
    "SAR": 0.110843,
    "ScanOptions": "FS",
    "ScanningSequence": "EP",
    "SequenceName": "epfid2d1_80",
    "SequenceVariant": "SK_SS",
    "SeriesDescription": "func_task-EyeMag_acq-CMRR_run-01",
    "SeriesNumber": 9,
    "ShimSetting": [
      -1081,
      -3065,
      -4220,
      563,
      938,
      287,
      120,
      -823
    ],
    "SliceThickness": 3,
    "SliceTiming": [
      0,
      0.4075,
      0.8175,
      0.245,
      0.6525,
      0.0825,
      0.49,
      0.8975,
      0.3275,
      0.735,
      0.1625,
      0.5725,
      0,
      0.4075,
      0.8175,
      0.245,
      0.6525,
      0.0825,
      0.49,
      0.8975,
      0.3275,
      0.735,
      0.1625,
      0.5725,
      0,
      0.4075,
      0.8175,
      0.245,
      0.6525,
      0.0825,
      0.49,
      0.8975,
      0.3275,
      0.735,
      0.1625,
      0.5725,
      0,
      0.4075,
      0.8175,
      0.245,
      0.6525,
      0.0825,
      0.49,
      0.8975,
      0.3275,
      0.735,
      0.1625,
      0.5725
    ],
    "SoftwareVersions": "syngo_MR_E11",
    "SpacingBetweenSlices": 3,
    "StationName": "deleted_by_bidsonym",
    "TaskName": "EyeMag",
    "TotalReadoutTime": 0.0410808,
    "TxRefAmp": 354.693,
    "WipMemBlock": "b3e7895e-0069-4c11-913d-2b4e4bc6f3de||Sequence: R016 ve11c/master r/34fb20f; Nov 20 2017 15:15:15 by eja",
    "acq_id": "CMRR",
    "dataset": "ds003176",
    "modality": "bold",
    "run_id": 1,
    "session_id": "1",
    "subject_id": "101DPMB041011",
    "task_id": "EyeMag"
  },
  "dummy_trs": 0,
  "dvars_nstd": 26.671245589969814,
  "dvars_std": 1.2750362189987934,
  "dvars_vstd": 0.9770381672617623,
  "efc": 0.3686187083763819,
  "fber": 10776.5498046875,
  "fd_mean": 0.15306407184287557,
  "fd_num": 310,
  "fd_perc": 18.685955394816155,
  "fwhm_avg": 1.7649555555555556,
  "fwhm_x": 1.6791133333333335,
  "fwhm_y": 1.9182566666666665,
  "fwhm_z": 1.6974966666666667,
  "gcor": 0.0193676,
  "gsr_x": -0.017823494970798492,
  "gsr_y": 0.011199390515685081,
  "provenance": {
    "md5sum": "3a48b75ab565d0a9d3335b952420b28d",
    "settings": {
      "fd_thres": 0.2,
      "testing": false
    },
    "software": "mriqc",
    "version": "23.0.1",
    "webapi_port": null,
    "webapi_url": "https://mriqc.nimh.nih.gov/api/v1"
  },
  "size_t": 1659,
  "size_x": 80,
  "size_y": 80,
  "size_z": 48,
  "snr": 6.913336576347329,
  "spacing_tr": 1.0,
  "spacing_x": 3.0,
  "spacing_y": 3.0,
  "spacing_z": 3.0,
  "summary_bg_k": 69.277488659463,
  "summary_bg_mad": 48.74579640313932,
  "summary_bg_mean": 215.6507110595703,
  "summary_bg_median": 87.42565155029297,
  "summary_bg_n": 234059.0,
  "summary_bg_p05": 43.73469886779785,
  "summary_bg_p95": 774.8548339843744,
  "summary_bg_stdv": 476.26275634765625,
  "summary_fg_k": 5.042355326417379,
  "summary_fg_mad": 992.7049829042602,
  "summary_fg_mean": 9100.8369140625,
  "summary_fg_median": 9034.5546875,
  "summary_fg_n": 28589.0,
  "summary_fg_p05": 7302.91123046875,
  "summary_fg_p95": 11068.3203125,
  "summary_fg_stdv": 1306.8070068359375,
  "tsnr": 48.217247009277344
}