{
  "bids_meta": {
    "AcquisitionMatrixPE": 256,
    "AcquisitionNumber": 1,
    "AcquisitionTime": "12:13:45.862500",
    "BaseResolution": 256,
    "BodyPartExamined": "HEAD",
    "CoilString": "HE1-4;NE1_2",
    "ConsistencyInfo": "N4_VE11C_LATEST_20160120",
    "ConversionSoftware": "dcm2niix",
    "ConversionSoftwareVersion": "v1.0.20190720  (JP2:OpenJPEG) GCC7.3.0",
    "DeviceSerialNumber": "45250",
    "DwellTime": 7.2e-06,
    "EchoTime": 0.00188,
    "FlipAngle": 8,
    "ImageOrientationPatientDICOM": [
      0.035764,
      0.999208,
      -0.017438,
      0.0399896,
      -0.0188661,
      -0.999022
    ],
    "ImageType": [
      "ORIGINAL",
      "PRIMARY",
      "M",
      "NORM",
      "DIS3D",
      "DIS2D"
    ],
    "ImagingFrequency": 123.24,
    "InPlanePhaseEncodingDirectionDICOM": "ROW",
    "InstitutionAddress": "deleted_by_bidsonym",
    "InstitutionName": "deleted_by_bidsonym",
    "InstitutionalDepartmentName": "deleted_by_bidsonym",
    "InversionTime": 1,
    "MRAcquisitionType": "3D",
    "MagneticFieldStrength": 3,
    "Manufacturer": "Siemens",
    "ManufacturersModelName": "Skyra",
    "Modality": "MR",
    "ParallelReductionFactorInPlane": 2,
    "PartialFourier": 1,
    "PatientPosition": "HFS",
    "PercentPhaseFOV": 100,
    "PhaseEncodingSteps": 294,
    "PhaseOversampling": 0.15,
    "PhaseResolution": 1,
    "PixelBandwidth": 270,
    "ProcedureStepDescription": "deleted_by_bidsonym",
    "ProtocolName": "anat-T1w",
    "PulseSequenceDetails": "%SiemensSeq%_tfl",
    "ReceiveCoilActiveElements": "HE1-4;NE1,2",
    "ReceiveCoilName": "HeadNeck_20",
    "ReconMatrixPE": 256,
    "RefLinesPE": 24,
    "RepetitionTime": 1.68,
    "SAR": 0.096496,
    "ScanOptions": "IR_WE",
    "ScanningSequence": "GR_IR",
    "SequenceName": "_tfl3d1_16ns",
    "SequenceVariant": "SK_SP_MP_OSP",
    "SeriesDescription": "anat-T1w",
    "SeriesNumber": 5,
    "ShimSetting": [
      -1140,
      -3136,
      -4646,
      -45,
      691,
      -805,
      -398,
      -926
    ],
    "SliceThickness": 0.88,
    "SoftwareVersions": "syngo_MR_E11",
    "StationName": "deleted_by_bidsonym",
    "TxRefAmp": 362.804,
    "dataset": "ds003176",
    "modality": "T1w",
    "session_id": "1",
    "subject_id": "101DPMB041015"
  },
  "cjv": 0.3859675652578753,
  "cnr": 3.494999615999389,
  "efc": 0.6005459071263429,
  "fber": 15482.099066840277,
  "fwhm_avg": 4.452917245470983,
  "fwhm_x": 4.438397450698664,
  "fwhm_y": 4.339611428571429,
  "fwhm_z": 4.580742857142857,
  "icvs_csf": 0.23405453618320696,
  "icvs_gm": 0.42708712389247805,
  "icvs_wm": 0.33885833992431497,
  "inu_med": 0.4773370027542114,
  "inu_range": 0.19484224170446396,
  "provenance": {
    "md5sum": "7a8a76b08f3dc252da06f044414805ed",
    "settings": {
      "testing": false
    },
    "software": "mriqc",
    "version": "23.0.1",
    "warnings": {
      "large_rot_frame": true,
      "small_air_mask": false
    },
    "webapi_port": null,
    "webapi_url": "https://mriqc.nimh.nih.gov/api/v1"
  },
  "qi_1": 0.0,
  "qi_2": 0.000995864809253079,
  "rpve_csf": 18.983000570450656,
  "rpve_gm": 10.6180009124025,
  "rpve_wm": 15.208975497559258,
  "size_x": 192,
  "size_y": 256,
  "size_z": 256,
  "snr_csf": 2.9708941275963006,
  "snr_gm": 13.40304590143145,
  "snr_total": 13.469198703804452,
  "snr_wm": 24.03365608238561,
  "snrd_csf": 29.090273600684522,
  "snrd_gm": 72.28983280293039,
  "snrd_total": 65.74163419423745,
  "snrd_wm": 95.84479617909743,
  "spacing_x": 0.8800000548362732,
  "spacing_y": 0.875,
  "spacing_z": 0.875,
  "summary_bg_k": 6.651546909267534,
  "summary_bg_mad": 0.0,
  "summary_bg_mean": 4.6846428667438555,
  "summary_bg_median": 0.0,
  "summary_bg_n": 2376205.0,
  "summary_bg_p05": 0.0,
  "summary_bg_p95": 18.610507987439632,
  "summary_bg_stdv": 6.835706898783851,
  "summary_csf_k": 1.3484396308154585,
  "summary_csf_mad": 75.13455322521999,
  "summary_csf_mean": 312.69105688662984,
  "summary_csf_median": 303.5285231284797,
  "summary_csf_n": 72422.0,
  "summary_csf_p05": 130.60005605220795,
  "summary_csf_p95": 496.8620828909799,
  "summary_csf_stdv": 102.16669276334547,
  "summary_gm_k": 0.2213395068661148,
  "summary_gm_mad": 54.163956570320806,
  "summary_gm_mean": 752.5126471063539,
  "summary_gm_median": 754.2736272979528,
  "summary_gm_n": 47838.0,
  "summary_gm_p05": 656.9882462583482,
  "summary_gm_p95": 842.8834331855178,
  "summary_gm_stdv": 56.2756965229832,
  "summary_wm_k": 0.28815646043271137,
  "summary_wm_mad": 40.69644231297005,
  "summary_wm_mean": 999.1410895125069,
  "summary_wm_median": 1000.0466077812016,
  "summary_wm_n": 262641.0,
  "summary_wm_p05": 929.7791133373976,
  "summary_wm_p95": 1065.3233143687248,
  "summary_wm_stdv": 41.610177849065316,
  "tpm_overlap_csf": 0.15596509641893364,
  "tpm_overlap_gm": 0.45862358079057614,
  "tpm_overlap_wm": 0.4975398760731661,
  "wm2max": 0.8530985775390431
}