{
  "aor": 0.00047139784946236555,
  "aqi": 0.02675855017921147,
  "bids_meta": {
    "AcquisitionMatrixPE": 80,
    "AcquisitionNumber": 1,
    "AcquisitionTime": "14:11:34.277500",
    "BandwidthPerPixelPhaseEncode": 24.038,
    "BaseResolution": 80,
    "BodyPartExamined": "HEAD",
    "ConsistencyInfo": "N4_VE11C_LATEST_20160120",
    "ConversionSoftware": "dcm2niix",
    "ConversionSoftwareVersion": "v1.0.20190720  (JP2:OpenJPEG) GCC7.3.0",
    "DerivedVendorReportedEchoSpacing": 0.00052001,
    "DeviceSerialNumber": "45250",
    "DwellTime": 2.5e-06,
    "EchoTime": 0.0384,
    "EchoTrainLength": 80,
    "EffectiveEchoSpacing": 0.00052001,
    "FlipAngle": 60,
    "ImageComments": "Unaliased_MB4_PE3",
    "ImageOrientationPatientDICOM": [
      0.997593,
      -0.0626557,
      -0.0297013,
      0.0540277,
      0.970873,
      -0.233424
    ],
    "ImageType": [
      "ORIGINAL",
      "PRIMARY",
      "M",
      "MB",
      "ND",
      "NORM",
      "MOSAIC"
    ],
    "ImagingFrequency": 123.239,
    "InPlanePhaseEncodingDirectionDICOM": "COL",
    "InstitutionAddress": "deleted_by_bidsonym",
    "InstitutionName": "deleted_by_bidsonym",
    "InstitutionalDepartmentName": "deleted_by_bidsonym",
    "MRAcquisitionType": "2D",
    "MagneticFieldStrength": 3,
    "Manufacturer": "Siemens",
    "ManufacturersModelName": "Skyra",
    "Modality": "MR",
    "MultibandAccelerationFactor": 4,
    "PartialFourier": 1,
    "PatientPosition": "HFS",
    "PercentPhaseFOV": 100,
    "PhaseEncodingDirection": "j-",
    "PhaseEncodingSteps": 80,
    "PhaseResolution": 1,
    "PixelBandwidth": 2500,
    "ProcedureStepDescription": "deleted_by_bidsonym",
    "ProtocolName": "func_task-EyeMag_acq-CMRR_run-01",
    "PulseSequenceDetails": "%CustomerSeq%_cmrr_mbep2d_bold",
    "ReceiveCoilActiveElements": "HE1-4",
    "ReceiveCoilName": "HeadNeck_20",
    "ReconMatrixPE": 80,
    "RepetitionTime": 1,
    "SAR": 0.0943354,
    "ScanOptions": "FS",
    "ScanningSequence": "EP",
    "SequenceName": "epfid2d1_80",
    "SequenceVariant": "SK_SS",
    "SeriesDescription": "func_task-EyeMag_acq-CMRR_run-01",
    "SeriesNumber": 9,
    "ShimSetting": [
      -1126,
      -2959,
      -4177,
      554,
      1008,
      659,
      37,
      -892
    ],
    "SliceThickness": 3,
    "SliceTiming": [
      0,
      0.4075,
      0.8175,
      0.245,
      0.6525,
      0.0825,
      0.49,
      0.8975,
      0.3275,
      0.735,
      0.1625,
      0.5725,
      0,
      0.4075,
      0.8175,
      0.245,
      0.6525,
      0.0825,
      0.49,
      0.8975,
      0.3275,
      0.735,
      0.1625,
      0.5725,
      0,
      0.4075,
      0.8175,
      0.245,
      0.6525,
      0.0825,
      0.49,
      0.8975,
      0.3275,
      0.735,
      0.1625,
      0.5725,
      0,
      0.4075,
      0.8175,
      0.245,
      0.6525,
      0.0825,
      0.49,
      0.8975,
      0.3275,
      0.735,
      0.1625,
      0.5725
    ],
    "SoftwareVersions": "syngo_MR_E11",
    "SpacingBetweenSlices": 3,
    "StationName": "deleted_by_bidsonym",
    "TaskName": "EyeMag",
    "TotalReadoutTime": 0.0410808,
    "TxRefAmp": 364.143,
    "WipMemBlock": "ee2c7f44-fd3f-44f8-9f81-05eec27ad9e0||Sequence: R016 ve11c/master r/34fb20f; Nov 20 2017 15:15:15 by eja",
    "acq_id": "CMRR",
    "dataset": "ds003176",
    "modality": "bold",
    "run_id": 1,
    "session_id": "1",
    "subject_id": "101DPMB042022",
    "task_id": "EyeMag"
  },
  "dummy_trs": 0,
  "dvars_nstd": 29.40598833185888,
  "dvars_std": 1.1475949256963538,
  "dvars_vstd": 0.9254693240765106,
  "efc": 0.4166881871131448,
  "fber": 9997.306640625,
  "fd_mean": 0.20017168536496155,
  "fd_num": 460,
  "fd_perc": 27.479091995221026,
  "fwhm_avg": 1.7702588888888888,
  "fwhm_x": 1.67127,
  "fwhm_y": 1.92473,
  "fwhm_z": 1.7147766666666666,
  "gcor": 0.0144777,
  "gsr_x": -0.006353491917252541,
  "gsr_y": 0.011060443706810474,
  "provenance": {
    "md5sum": "b0b3dc12cc8391a43e99ce2468e13b43",
    "settings": {
      "fd_thres": 0.2,
      "testing": false
    },
    "software": "mriqc",
    "version": "23.0.1",
    "webapi_port": null,
    "webapi_url": "https://mriqc.nimh.nih.gov/api/v1"
  },
  "size_t": 1674,
  "size_x": 80,
  "size_y": 80,
  "size_z": 48,
  "snr": 6.550812181012418,
  "spacing_tr": 1.0,
  "spacing_x": 3.0,
  "spacing_y": 3.0,
  "spacing_z": 3.0,
  "summary_bg_k": 45.310459715444274,
  "summary_bg_mad": 61.237284530776186,
  "summary_bg_mean": 270.5544738769531,
  "summary_bg_median": 94.67201232910156,
  "summary_bg_n": 220779.0,
  "summary_bg_p05": 42.56947288513184,
  "summary_bg_p95": 1104.3670654296798,
  "summary_bg_stdv": 590.0281372070312,
  "summary_fg_k": 2.6569610707993467,
  "summary_fg_mad": 1304.4097925883664,
  "summary_fg_mean": 9513.3173828125,
  "summary_fg_median": 9427.837890625,
  "summary_fg_n": 38130.0,
  "summary_fg_p05": 7492.1903076171875,
  "summary_fg_p95": 11844.503515624996,
  "summary_fg_stdv": 1439.167236328125,
  "tsnr": 36.15690612792969
}