{
  "bids_meta": {
    "AcquisitionMatrixPE": 256,
    "AcquisitionNumber": 1,
    "AcquisitionTime": "13:02:28.647500",
    "BaseResolution": 256,
    "BodyPartExamined": "HEAD",
    "CoilString": "HE1-4;NE1_2",
    "ConsistencyInfo": "N4_VE11C_LATEST_20160120",
    "ConversionSoftware": "dcm2niix",
    "ConversionSoftwareVersion": "v1.0.20190720  (JP2:OpenJPEG) GCC7.3.0",
    "DeviceSerialNumber": "45250",
    "DwellTime": 7.2e-06,
    "EchoTime": 0.00188,
    "FlipAngle": 8,
    "ImageOrientationPatientDICOM": [
      0.0676693,
      0.993261,
      0.0940955,
      -0.0101374,
      0.0949913,
      -0.995426
    ],
    "ImageType": [
      "ORIGINAL",
      "PRIMARY",
      "M",
      "NORM",
      "DIS3D",
      "DIS2D"
    ],
    "ImagingFrequency": 123.239,
    "InPlanePhaseEncodingDirectionDICOM": "ROW",
    "InstitutionAddress": "deleted_by_bidsonym",
    "InstitutionName": "deleted_by_bidsonym",
    "InstitutionalDepartmentName": "deleted_by_bidsonym",
    "InversionTime": 1,
    "MRAcquisitionType": "3D",
    "MagneticFieldStrength": 3,
    "Manufacturer": "Siemens",
    "ManufacturersModelName": "Skyra",
    "Modality": "MR",
    "ParallelReductionFactorInPlane": 2,
    "PartialFourier": 1,
    "PatientPosition": "HFS",
    "PercentPhaseFOV": 100,
    "PhaseEncodingSteps": 294,
    "PhaseOversampling": 0.15,
    "PhaseResolution": 1,
    "PixelBandwidth": 270,
    "ProcedureStepDescription": "deleted_by_bidsonym",
    "ProtocolName": "anat-T1w",
    "PulseSequenceDetails": "%SiemensSeq%_tfl",
    "ReceiveCoilActiveElements": "HE1-4;NE1,2",
    "ReceiveCoilName": "HeadNeck_20",
    "ReconMatrixPE": 256,
    "RefLinesPE": 24,
    "RepetitionTime": 1.68,
    "SAR": 0.085447,
    "ScanOptions": "IR_WE",
    "ScanningSequence": "GR_IR",
    "SequenceName": "_tfl3d1_16ns",
    "SequenceVariant": "SK_SP_MP_OSP",
    "SeriesDescription": "anat-T1w",
    "SeriesNumber": 5,
    "ShimSetting": [
      -1150,
      -3019,
      -4508,
      131,
      1000,
      -275,
      214,
      -917
    ],
    "SliceThickness": 0.88,
    "SoftwareVersions": "syngo_MR_E11",
    "StationName": "deleted_by_bidsonym",
    "TxRefAmp": 361.856,
    "dataset": "ds003176",
    "modality": "T1w",
    "session_id": "1",
    "subject_id": "101DPMB041020"
  },
  "cjv": 0.3882257351271897,
  "cnr": 3.474236495256256,
  "efc": 0.6078598864728073,
  "fber": 18498.878418857254,
  "fwhm_avg": 4.432473655494677,
  "fwhm_x": 4.289283823626887,
  "fwhm_y": 4.502491428571429,
  "fwhm_z": 4.5056457142857145,
  "icvs_csf": 0.21216717312332484,
  "icvs_gm": 0.4330145806716841,
  "icvs_wm": 0.3548182462049911,
  "inu_med": 0.4624102711677551,
  "inu_range": 0.20414569973945618,
  "provenance": {
    "md5sum": "572b1c04493696dd9a2c5eb800aa093c",
    "settings": {
      "testing": false
    },
    "software": "mriqc",
    "version": "23.0.1",
    "warnings": {
      "large_rot_frame": true,
      "small_air_mask": false
    },
    "webapi_port": null,
    "webapi_url": "https://mriqc.nimh.nih.gov/api/v1"
  },
  "qi_1": 0.0,
  "qi_2": 0.0010645660721977312,
  "rpve_csf": 18.679564306033836,
  "rpve_gm": 9.605894192778868,
  "rpve_wm": 13.242656425150312,
  "size_x": 192,
  "size_y": 256,
  "size_z": 256,
  "snr_csf": 3.565102614507217,
  "snr_gm": 14.08970126449884,
  "snr_total": 13.723976989193334,
  "snr_wm": 23.517127088573943,
  "snrd_csf": 25.261486419733263,
  "snrd_gm": 64.82669485223416,
  "snrd_total": 58.46575637135161,
  "snrd_wm": 85.30908784208744,
  "spacing_x": 0.8800000548362732,
  "spacing_y": 0.875,
  "spacing_z": 0.875,
  "summary_bg_k": 6.035918228169864,
  "summary_bg_mad": 0.0,
  "summary_bg_mean": 5.238738435876919,
  "summary_bg_median": 0.0,
  "summary_bg_n": 2215868.0,
  "summary_bg_p05": 0.0,
  "summary_bg_p95": 21.081130674108863,
  "summary_bg_stdv": 7.679916916659151,
  "summary_csf_k": 3.1004761795573366,
  "summary_csf_mad": 57.878231367607,
  "summary_csf_mean": 307.73633591062554,
  "summary_csf_median": 296.1308773178607,
  "summary_csf_n": 80828.0,
  "summary_csf_p05": 205.85920798778534,
  "summary_csf_p95": 461.19312221184373,
  "summary_csf_stdv": 83.06326001639552,
  "summary_gm_k": 0.23934427358170973,
  "summary_gm_mad": 51.70272357497555,
  "summary_gm_mean": 758.6274784169736,
  "summary_gm_median": 759.9388927966356,
  "summary_gm_n": 70969.0,
  "summary_gm_p05": 667.0291895512491,
  "summary_gm_p95": 845.3973072636873,
  "summary_gm_stdv": 53.935390431061144,
  "summary_wm_k": 0.25775881308281434,
  "summary_wm_mad": 41.51313571713365,
  "summary_wm_mean": 999.2565007037307,
  "summary_wm_median": 1000.0462603867054,
  "summary_wm_n": 328547.0,
  "summary_wm_p05": 928.8887666184455,
  "summary_wm_p95": 1068.334313755855,
  "summary_wm_stdv": 42.524103165167304,
  "tpm_overlap_csf": 0.15296457902812718,
  "tpm_overlap_gm": 0.46282776408690063,
  "tpm_overlap_wm": 0.5241174759324547,
  "wm2max": 0.8764403905696166
}