{
  "bids_meta": {
    "AcquisitionMatrixPE": 256,
    "AcquisitionNumber": 1,
    "AcquisitionTime": "10:11:24.450000",
    "BaseResolution": 256,
    "BodyPartExamined": "HEAD",
    "CoilString": "HE1-4;NE1_2",
    "ConsistencyInfo": "N4_VE11C_LATEST_20160120",
    "ConversionSoftware": "dcm2niix",
    "ConversionSoftwareVersion": "v1.0.20190720  (JP2:OpenJPEG) GCC7.3.0",
    "DeviceSerialNumber": "45250",
    "DwellTime": 7.2e-06,
    "EchoTime": 0.00188,
    "FlipAngle": 8,
    "ImageOrientationPatientDICOM": [
      0.0049234,
      0.990971,
      0.133983,
      0.00747374,
      0.133945,
      -0.990961
    ],
    "ImageType": [
      "ORIGINAL",
      "PRIMARY",
      "M",
      "NORM",
      "DIS3D",
      "DIS2D"
    ],
    "ImagingFrequency": 123.24,
    "InPlanePhaseEncodingDirectionDICOM": "ROW",
    "InstitutionAddress": "deleted_by_bidsonym",
    "InstitutionName": "deleted_by_bidsonym",
    "InstitutionalDepartmentName": "deleted_by_bidsonym",
    "InversionTime": 1,
    "MRAcquisitionType": "3D",
    "MagneticFieldStrength": 3,
    "Manufacturer": "Siemens",
    "ManufacturersModelName": "Skyra",
    "Modality": "MR",
    "ParallelReductionFactorInPlane": 2,
    "PartialFourier": 1,
    "PatientPosition": "HFS",
    "PercentPhaseFOV": 100,
    "PhaseEncodingSteps": 294,
    "PhaseOversampling": 0.15,
    "PhaseResolution": 1,
    "PixelBandwidth": 270,
    "ProcedureStepDescription": "deleted_by_bidsonym",
    "ProtocolName": "anat-T1w",
    "PulseSequenceDetails": "%SiemensSeq%_tfl",
    "ReceiveCoilActiveElements": "HE1-4;NE1,2",
    "ReceiveCoilName": "HeadNeck_20",
    "ReconMatrixPE": 256,
    "RefLinesPE": 24,
    "RepetitionTime": 1.68,
    "SAR": 0.096233,
    "ScanOptions": "IR_WE",
    "ScanningSequence": "GR_IR",
    "SequenceName": "_tfl3d1_16ns",
    "SequenceVariant": "SK_SP_MP_OSP",
    "SeriesDescription": "anat-T1w",
    "SeriesNumber": 5,
    "ShimSetting": [
      -1102,
      -3155,
      -4524,
      134,
      876,
      -613,
      182,
      -863
    ],
    "SliceThickness": 0.88,
    "SoftwareVersions": "syngo_MR_E11",
    "StationName": "deleted_by_bidsonym",
    "TxRefAmp": 354.693,
    "dataset": "ds003176",
    "modality": "T1w",
    "session_id": "1",
    "subject_id": "101DPMB041011"
  },
  "cjv": 0.3801029732673361,
  "cnr": 3.5295127452328825,
  "efc": 0.5757927552290385,
  "fber": 16695.593273469385,
  "fwhm_avg": 4.383162487196009,
  "fwhm_x": 4.263647461588026,
  "fwhm_y": 4.445371428571429,
  "fwhm_z": 4.440468571428571,
  "icvs_csf": 0.20058104111152836,
  "icvs_gm": 0.46239489695087416,
  "icvs_wm": 0.3370240619375975,
  "inu_med": 0.4801100194454193,
  "inu_range": 0.20902920961380006,
  "provenance": {
    "md5sum": "37e6170e495e333db88b55fdecb33cd9",
    "settings": {
      "testing": false
    },
    "software": "mriqc",
    "version": "23.0.1",
    "warnings": {
      "large_rot_frame": true,
      "small_air_mask": false
    },
    "webapi_port": null,
    "webapi_url": "https://mriqc.nimh.nih.gov/api/v1"
  },
  "qi_1": 0.0,
  "qi_2": 0.0009372469330399375,
  "rpve_csf": 23.33480743049551,
  "rpve_gm": 10.892126054118828,
  "rpve_wm": 16.227497965646066,
  "size_x": 192,
  "size_y": 256,
  "size_z": 256,
  "snr_csf": 2.6743507692496626,
  "snr_gm": 14.312328373528477,
  "snr_total": 13.520274407471248,
  "snr_wm": 23.574144079635605,
  "snrd_csf": 43.63853473857699,
  "snrd_gm": 105.29684075853577,
  "snrd_total": 95.88624513665691,
  "snrd_wm": 138.72335991285797,
  "spacing_x": 0.8800000548362732,
  "spacing_y": 0.875,
  "spacing_z": 0.875,
  "summary_bg_k": 6.534064853300098,
  "summary_bg_mad": 4.722847336046391,
  "summary_bg_mean": 4.881177814247886,
  "summary_bg_median": 3.1855121199041605,
  "summary_bg_n": 2420366.0,
  "summary_bg_p05": 0.0,
  "summary_bg_p95": 18.887327766045928,
  "summary_bg_stdv": 6.983038764633193,
  "summary_csf_k": 0.9218037855306975,
  "summary_csf_mad": 88.43252728439622,
  "summary_csf_mean": 316.3628225966656,
  "summary_csf_median": 314.5881339199841,
  "summary_csf_n": 52588.0,
  "summary_csf_p05": 79.7381340879947,
  "summary_csf_p95": 516.9471642675808,
  "summary_csf_stdv": 117.63047183603146,
  "summary_gm_k": 0.14705677361853065,
  "summary_gm_mad": 52.39757398810524,
  "summary_gm_mean": 756.7141537213959,
  "summary_gm_median": 759.079947123304,
  "summary_gm_n": 63377.0,
  "summary_gm_p05": 666.0228607859462,
  "summary_gm_p95": 840.0471370685846,
  "summary_gm_stdv": 53.03637106986709,
  "summary_wm_k": 0.6811330740938133,
  "summary_wm_mad": 39.195914111755094,
  "summary_wm_mean": 1000.0354103917707,
  "summary_wm_median": 1000.050143469125,
  "summary_wm_n": 226658.0,
  "summary_wm_p05": 931.0474360529333,
  "summary_wm_p95": 1070.256823970005,
  "summary_wm_stdv": 42.42138904433286,
  "tpm_overlap_csf": 0.14508407485927166,
  "tpm_overlap_gm": 0.4784953247060709,
  "tpm_overlap_wm": 0.5101311115137024,
  "wm2max": 0.8587305347950634
}