{
  "bids_meta": {
    "AcquisitionMatrixPE": 256,
    "AcquisitionNumber": 1,
    "AcquisitionTime": "12:01:59.820000",
    "BaseResolution": 256,
    "BodyPartExamined": "HEAD",
    "CoilString": "HE1-4;NE1_2",
    "ConsistencyInfo": "N4_VE11C_LATEST_20160120",
    "ConversionSoftware": "dcm2niix",
    "ConversionSoftwareVersion": "v1.0.20190720  (JP2:OpenJPEG) GCC7.3.0",
    "DeviceSerialNumber": "45250",
    "DwellTime": 7.2e-06,
    "EchoTime": 0.00188,
    "FlipAngle": 8,
    "ImageOrientationPatientDICOM": [
      -0.0448807,
      0.996678,
      0.0679586,
      -0.0439183,
      0.0659929,
      -0.996853
    ],
    "ImageType": [
      "ORIGINAL",
      "PRIMARY",
      "M",
      "NORM",
      "DIS3D",
      "DIS2D"
    ],
    "ImagingFrequency": 123.239,
    "InPlanePhaseEncodingDirectionDICOM": "ROW",
    "InstitutionAddress": "deleted_by_bidsonym",
    "InstitutionName": "deleted_by_bidsonym",
    "InstitutionalDepartmentName": "deleted_by_bidsonym",
    "InversionTime": 1,
    "MRAcquisitionType": "3D",
    "MagneticFieldStrength": 3,
    "Manufacturer": "Siemens",
    "ManufacturersModelName": "Skyra",
    "Modality": "MR",
    "ParallelReductionFactorInPlane": 2,
    "PartialFourier": 1,
    "PatientPosition": "HFS",
    "PercentPhaseFOV": 100,
    "PhaseEncodingSteps": 294,
    "PhaseOversampling": 0.15,
    "PhaseResolution": 1,
    "PixelBandwidth": 270,
    "ProcedureStepDescription": "deleted_by_bidsonym",
    "ProtocolName": "anat-T1w",
    "PulseSequenceDetails": "%SiemensSeq%_tfl",
    "ReceiveCoilActiveElements": "HE1-4;NE1,2",
    "ReceiveCoilName": "HeadNeck_20",
    "ReconMatrixPE": 256,
    "RefLinesPE": 24,
    "RepetitionTime": 1.68,
    "SAR": 0.0854954,
    "ScanOptions": "IR_WE",
    "ScanningSequence": "GR_IR",
    "SequenceName": "_tfl3d1_16ns",
    "SequenceVariant": "SK_SP_MP_OSP",
    "SeriesDescription": "anat-T1w",
    "SeriesNumber": 5,
    "ShimSetting": [
      -1086,
      -2827,
      -4527,
      19,
      1105,
      504,
      1260,
      -1192
    ],
    "SliceThickness": 0.88,
    "SoftwareVersions": "syngo_MR_E11",
    "StationName": "deleted_by_bidsonym",
    "TxRefAmp": 350.849,
    "dataset": "ds003176",
    "modality": "T1w",
    "session_id": "1",
    "subject_id": "101DPMB041017"
  },
  "cjv": 0.3852977410051015,
  "cnr": 3.507117205531961,
  "efc": 0.6106059986321076,
  "fber": 16890.14361761865,
  "fwhm_avg": 4.179841302335863,
  "fwhm_x": 3.9932724784361584,
  "fwhm_y": 4.2844114285714285,
  "fwhm_z": 4.26184,
  "icvs_csf": 0.1779328802594076,
  "icvs_gm": 0.47115740100580805,
  "icvs_wm": 0.3509097187347843,
  "inu_med": 0.47278252243995667,
  "inu_range": 0.1992063403129578,
  "provenance": {
    "md5sum": "d5ca3eac64838810bc47cf58be01c414",
    "settings": {
      "testing": false
    },
    "software": "mriqc",
    "version": "23.0.1",
    "warnings": {
      "large_rot_frame": true,
      "small_air_mask": false
    },
    "webapi_port": null,
    "webapi_url": "https://mriqc.nimh.nih.gov/api/v1"
  },
  "qi_1": 0.0,
  "qi_2": 0.0009633846578519286,
  "rpve_csf": 23.551000590190764,
  "rpve_gm": 9.9806513939392,
  "rpve_wm": 14.522026954679825,
  "size_x": 192,
  "size_y": 256,
  "size_z": 256,
  "snr_csf": 2.7286190482031443,
  "snr_gm": 14.17798035477323,
  "snr_total": 12.989932080358919,
  "snr_wm": 22.063196838100385,
  "snrd_csf": 35.46677498923966,
  "snrd_gm": 85.47023114130522,
  "snrd_total": 78.15265219222245,
  "snrd_wm": 113.52095044612248,
  "spacing_x": 0.8800000548362732,
  "spacing_y": 0.875,
  "spacing_z": 0.875,
  "summary_bg_k": 5.423919212296159,
  "summary_bg_mad": 5.771318133089084,
  "summary_bg_mean": 6.8625892655546705,
  "summary_bg_median": 3.892694925889373,
  "summary_bg_n": 2123812.0,
  "summary_bg_p05": 0.0,
  "summary_bg_p95": 26.292373728007078,
  "summary_bg_stdv": 9.476260900986537,
  "summary_csf_k": 0.9563083018460734,
  "summary_csf_mad": 86.7016878393783,
  "summary_csf_mean": 318.49686592600597,
  "summary_csf_median": 312.4388167373836,
  "summary_csf_n": 35936.0,
  "summary_csf_p05": 106.10374169424176,
  "summary_csf_p95": 518.5736960414797,
  "summary_csf_stdv": 114.50278108869676,
  "summary_gm_k": 0.14658196218297626,
  "summary_gm_mad": 52.07377904084379,
  "summary_gm_mean": 751.7921031949458,
  "summary_gm_median": 752.936174551025,
  "summary_gm_n": 74442.0,
  "summary_gm_p05": 662.736872125417,
  "summary_gm_p95": 837.685704080388,
  "summary_gm_stdv": 53.10566797904261,
  "summary_wm_k": 0.3987108919314748,
  "summary_wm_mad": 43.13648067474584,
  "summary_wm_mean": 999.0126469142857,
  "summary_wm_median": 1000.0444484464824,
  "summary_wm_n": 265192.0,
  "summary_wm_p05": 923.9255796670914,
  "summary_wm_p95": 1072.2928662709892,
  "summary_wm_stdv": 45.32627661679308,
  "tpm_overlap_csf": 0.15179242078638958,
  "tpm_overlap_gm": 0.46780656185886615,
  "tpm_overlap_wm": 0.4996708271933839,
  "wm2max": 0.8678145388565031
}