{
  "aor": 0.0005059166666666667,
  "aqi": 0.019923966386904766,
  "bids_meta": {
    "AcquisitionMatrixPE": 80,
    "AcquisitionNumber": 1,
    "AcquisitionTime": "11:23:27.362500",
    "BandwidthPerPixelPhaseEncode": 24.038,
    "BaseResolution": 80,
    "BodyPartExamined": "HEAD",
    "CoilString": "HE1-4;NE1_2",
    "ConsistencyInfo": "N4_VE11C_LATEST_20160120",
    "ConversionSoftware": "dcm2niix",
    "ConversionSoftwareVersion": "v1.0.20190720  (JP2:OpenJPEG) GCC7.3.0",
    "DerivedVendorReportedEchoSpacing": 0.00052001,
    "DeviceSerialNumber": "45250",
    "DwellTime": 2.5e-06,
    "EchoTime": 0.0384,
    "EchoTrainLength": 80,
    "EffectiveEchoSpacing": 0.00052001,
    "FlipAngle": 60,
    "ImageComments": "Unaliased_MB4_PE3",
    "ImageOrientationPatientDICOM": [
      0.998753,
      -0.0484521,
      -0.0120162,
      0.0436066,
      0.96396,
      -0.26245
    ],
    "ImageType": [
      "ORIGINAL",
      "PRIMARY",
      "M",
      "MB",
      "ND",
      "NORM",
      "MOSAIC"
    ],
    "ImagingFrequency": 123.239,
    "InPlanePhaseEncodingDirectionDICOM": "COL",
    "InstitutionAddress": "deleted_by_bidsonym",
    "InstitutionName": "deleted_by_bidsonym",
    "InstitutionalDepartmentName": "deleted_by_bidsonym",
    "MRAcquisitionType": "2D",
    "MagneticFieldStrength": 3,
    "Manufacturer": "Siemens",
    "ManufacturersModelName": "Skyra",
    "Modality": "MR",
    "MultibandAccelerationFactor": 4,
    "PartialFourier": 1,
    "PatientPosition": "HFS",
    "PercentPhaseFOV": 100,
    "PhaseEncodingDirection": "j-",
    "PhaseEncodingSteps": 80,
    "PhaseResolution": 1,
    "PixelBandwidth": 2500,
    "ProcedureStepDescription": "deleted_by_bidsonym",
    "ProtocolName": "func_task-EyeMag_acq-CMRR_run-01",
    "PulseSequenceDetails": "%CustomerSeq%_cmrr_mbep2d_bold",
    "ReceiveCoilActiveElements": "HE1-4;NE1,2",
    "ReceiveCoilName": "HeadNeck_20",
    "ReconMatrixPE": 80,
    "RepetitionTime": 1,
    "SAR": 0.0838005,
    "ScanOptions": "FS",
    "ScanningSequence": "EP",
    "SequenceName": "epfid2d1_80",
    "SequenceVariant": "SK_SS",
    "SeriesDescription": "func_task-EyeMag_acq-CMRR_run-01",
    "SeriesNumber": 9,
    "ShimSetting": [
      -1074,
      -3139,
      -4110,
      608,
      1012,
      351,
      150,
      -780
    ],
    "SliceThickness": 3,
    "SliceTiming": [
      0,
      0.4075,
      0.815,
      0.245,
      0.6525,
      0.0825,
      0.49,
      0.8975,
      0.3275,
      0.735,
      0.1625,
      0.5725,
      0,
      0.4075,
      0.815,
      0.245,
      0.6525,
      0.0825,
      0.49,
      0.8975,
      0.3275,
      0.735,
      0.1625,
      0.5725,
      0,
      0.4075,
      0.815,
      0.245,
      0.6525,
      0.0825,
      0.49,
      0.8975,
      0.3275,
      0.735,
      0.1625,
      0.5725,
      0,
      0.4075,
      0.815,
      0.245,
      0.6525,
      0.0825,
      0.49,
      0.8975,
      0.3275,
      0.735,
      0.1625,
      0.5725
    ],
    "SoftwareVersions": "syngo_MR_E11",
    "SpacingBetweenSlices": 3,
    "StationName": "deleted_by_bidsonym",
    "TaskName": "EyeMag",
    "TotalReadoutTime": 0.0410808,
    "TxRefAmp": 370.866,
    "WipMemBlock": "d8080cf0-ccd3-42d2-adf9-843b68e63de7||Sequence: R016 ve11c/master r/34fb20f; Nov 20 2017 15:15:15 by eja",
    "acq_id": "CMRR",
    "dataset": "ds003176",
    "modality": "bold",
    "run_id": 1,
    "session_id": "1",
    "subject_id": "101DPMB041030",
    "task_id": "EyeMag"
  },
  "dummy_trs": 1,
  "dvars_nstd": 29.303158375503294,
  "dvars_std": 1.1922435336331159,
  "dvars_vstd": 0.9620660557236449,
  "efc": 0.4050282867480546,
  "fber": 8254.1171875,
  "fd_mean": 0.2035963049037028,
  "fd_num": 763,
  "fd_perc": 45.416666666666664,
  "fwhm_avg": 1.6886299999999999,
  "fwhm_x": 1.6085866666666666,
  "fwhm_y": 1.8255833333333333,
  "fwhm_z": 1.6317199999999998,
  "gcor": 0.0196969,
  "gsr_x": -0.011203878559172153,
  "gsr_y": 0.010598461143672466,
  "provenance": {
    "md5sum": "da966eb623c56bb93ed110ac770c5bb6",
    "settings": {
      "fd_thres": 0.2,
      "testing": false
    },
    "software": "mriqc",
    "version": "23.0.1",
    "webapi_port": null,
    "webapi_url": "https://mriqc.nimh.nih.gov/api/v1"
  },
  "size_t": 1680,
  "size_x": 80,
  "size_y": 80,
  "size_z": 48,
  "snr": 6.048586543961017,
  "spacing_tr": 1.0,
  "spacing_x": 3.0,
  "spacing_y": 3.0,
  "spacing_z": 3.0,
  "summary_bg_k": 71.62865436893784,
  "summary_bg_mad": 48.898064238866354,
  "summary_bg_mean": 200.41943359375,
  "summary_bg_median": 89.93516540527344,
  "summary_bg_n": 222425.0,
  "summary_bg_p05": 45.5576889038086,
  "summary_bg_p95": 650.1440551757803,
  "summary_bg_stdv": 416.6248779296875,
  "summary_fg_k": 3.0716126441282325,
  "summary_fg_mad": 1208.2498632493441,
  "summary_fg_mean": 8339.6865234375,
  "summary_fg_median": 8224.578125,
  "summary_fg_n": 37373.0,
  "summary_fg_p05": 6497.49248046875,
  "summary_fg_p95": 10475.1791015625,
  "summary_fg_stdv": 1359.73388671875,
  "tsnr": 41.12388610839844
}