{
  "aor": 0.00038258238466147397,
  "aqi": 0.02683650563211504,
  "bids_meta": {
    "AcquisitionMatrixPE": 80,
    "AcquisitionNumber": 1,
    "AcquisitionTime": "11:17:22.412500",
    "BandwidthPerPixelPhaseEncode": 24.038,
    "BaseResolution": 80,
    "BodyPartExamined": "HEAD",
    "CoilString": "HE1-4;NE1_2",
    "ConsistencyInfo": "N4_VE11C_LATEST_20160120",
    "ConversionSoftware": "dcm2niix",
    "ConversionSoftwareVersion": "v1.0.20190410  (JP2:OpenJPEG) GCC7.3.0",
    "DerivedVendorReportedEchoSpacing": 0.00052001,
    "DeviceSerialNumber": "45250",
    "DwellTime": 2.5e-06,
    "EchoTime": 0.0384,
    "EchoTrainLength": 80,
    "EffectiveEchoSpacing": 0.00052001,
    "FlipAngle": 60,
    "ImageComments": "Unaliased_MB4_PE3",
    "ImageOrientationPatientDICOM": [
      0.997759,
      -0.0668231,
      -0.0033062,
      0.0627737,
      0.952103,
      -0.299264
    ],
    "ImageType": [
      "ORIGINAL",
      "PRIMARY",
      "M",
      "MB",
      "ND",
      "NORM",
      "MOSAIC"
    ],
    "ImagingFrequency": 123.239,
    "InPlanePhaseEncodingDirectionDICOM": "COL",
    "InstitutionAddress": "deleted_by_bidsonym",
    "InstitutionName": "deleted_by_bidsonym",
    "InstitutionalDepartmentName": "deleted_by_bidsonym",
    "MRAcquisitionType": "2D",
    "MagneticFieldStrength": 3,
    "Manufacturer": "Siemens",
    "ManufacturersModelName": "Skyra",
    "Modality": "MR",
    "MultibandAccelerationFactor": 4,
    "PartialFourier": 1,
    "PatientPosition": "HFS",
    "PercentPhaseFOV": 100,
    "PhaseEncodingDirection": "j-",
    "PhaseEncodingSteps": 80,
    "PhaseResolution": 1,
    "PixelBandwidth": 2500,
    "ProcedureStepDescription": "deleted_by_bidsonym",
    "ProtocolName": "func_task-EyeMag_acq-CMRR_run-01",
    "PulseSequenceDetails": "%CustomerSeq%_cmrr_mbep2d_bold",
    "ReceiveCoilActiveElements": "HE1-4;NE1,2",
    "ReceiveCoilName": "HeadNeck_20",
    "ReconMatrixPE": 80,
    "RepetitionTime": 1,
    "SAR": 0.098985,
    "ScanOptions": "FS",
    "ScanningSequence": "EP",
    "SequenceName": "epfid2d1_80",
    "SequenceVariant": "SK_SS",
    "SeriesDescription": "func_task-EyeMag_acq-CMRR_run-01",
    "SeriesNumber": 9,
    "ShimSetting": [
      -1121,
      -2996,
      -4376,
      284,
      963,
      526,
      -22,
      -996
    ],
    "SliceThickness": 3,
    "SliceTiming": [
      0,
      0.41,
      0.8175,
      0.245,
      0.655,
      0.0825,
      0.49,
      0.9,
      0.3275,
      0.735,
      0.165,
      0.5725,
      0,
      0.41,
      0.8175,
      0.245,
      0.655,
      0.0825,
      0.49,
      0.9,
      0.3275,
      0.735,
      0.165,
      0.5725,
      0,
      0.41,
      0.8175,
      0.245,
      0.655,
      0.0825,
      0.49,
      0.9,
      0.3275,
      0.735,
      0.165,
      0.5725,
      0,
      0.41,
      0.8175,
      0.245,
      0.655,
      0.0825,
      0.49,
      0.9,
      0.3275,
      0.735,
      0.165,
      0.5725
    ],
    "SoftwareVersions": "syngo_MR_E11",
    "SpacingBetweenSlices": 3,
    "StationName": "deleted_by_bidsonym",
    "TaskName": "EyeMag",
    "TotalReadoutTime": 0.0410808,
    "TxRefAmp": 354.934,
    "WipMemBlock": "8a128781-654f-4404-8bb0-ef6fe3a2148a||Sequence: R016 ve11c/master r/34fb20f; Nov 20 2017 15:15:15 by eja",
    "acq_id": "CMRR",
    "dataset": "ds003176",
    "modality": "bold",
    "run_id": 1,
    "session_id": "1",
    "subject_id": "101DPMB041009",
    "task_id": "EyeMag"
  },
  "dummy_trs": 0,
  "dvars_nstd": 30.210426235755378,
  "dvars_std": 1.1787332455995183,
  "dvars_vstd": 0.9483690813609125,
  "efc": 0.4154101663175309,
  "fber": 7972.916015625,
  "fd_mean": 0.22206145693384885,
  "fd_num": 869,
  "fd_perc": 52.06710605152786,
  "fwhm_avg": 1.6221333333333332,
  "fwhm_x": 1.5497666666666667,
  "fwhm_y": 1.7012166666666666,
  "fwhm_z": 1.6154166666666667,
  "gcor": 0.0184159,
  "gsr_x": -0.012282469309866428,
  "gsr_y": 0.009009931236505508,
  "provenance": {
    "md5sum": "a24e47b0e85857714a17caf886b4449d",
    "settings": {
      "fd_thres": 0.2,
      "testing": false
    },
    "software": "mriqc",
    "version": "23.0.1",
    "webapi_port": null,
    "webapi_url": "https://mriqc.nimh.nih.gov/api/v1"
  },
  "size_t": 1669,
  "size_x": 80,
  "size_y": 80,
  "size_z": 48,
  "snr": 6.31674277054256,
  "spacing_tr": 1.0,
  "spacing_x": 3.0,
  "spacing_y": 3.0,
  "spacing_z": 3.0,
  "summary_bg_k": 42.04853025667048,
  "summary_bg_mad": 54.489986402625156,
  "summary_bg_mean": 225.67825317382812,
  "summary_bg_median": 91.4092788696289,
  "summary_bg_n": 220859.0,
  "summary_bg_p05": 40.74385566711426,
  "summary_bg_p95": 827.6799560546865,
  "summary_bg_stdv": 473.8369445800781,
  "summary_fg_k": 3.0794285327073556,
  "summary_fg_mad": 1127.7491959164229,
  "summary_fg_mean": 8233.52734375,
  "summary_fg_median": 8137.68212890625,
  "summary_fg_n": 38433.0,
  "summary_fg_p05": 6465.54677734375,
  "summary_fg_p95": 10300.42109375,
  "summary_fg_stdv": 1288.255126953125,
  "tsnr": 36.295616149902344
}