{
  "bids_meta": {
    "AcquisitionMatrixPE": 256,
    "AcquisitionNumber": 1,
    "AcquisitionTime": "09:15:45.062500",
    "BaseResolution": 256,
    "BodyPartExamined": "HEAD",
    "CoilString": "HE1-4;NE1_2",
    "ConsistencyInfo": "N4_VE11C_LATEST_20160120",
    "ConversionSoftware": "dcm2niix",
    "ConversionSoftwareVersion": "v1.0.20190720  (JP2:OpenJPEG) GCC7.3.0",
    "DeviceSerialNumber": "45250",
    "DwellTime": 7.2e-06,
    "EchoTime": 0.00188,
    "FlipAngle": 8,
    "ImageOrientationPatientDICOM": [
      0.132638,
      0.983645,
      -0.121858,
      -0.0300034,
      -0.118903,
      -0.992452
    ],
    "ImageType": [
      "ORIGINAL",
      "PRIMARY",
      "M",
      "NORM",
      "DIS3D",
      "DIS2D"
    ],
    "ImagingFrequency": 123.239,
    "InPlanePhaseEncodingDirectionDICOM": "ROW",
    "InstitutionAddress": "deleted_by_bidsonym",
    "InstitutionName": "deleted_by_bidsonym",
    "InstitutionalDepartmentName": "deleted_by_bidsonym",
    "InversionTime": 1,
    "MRAcquisitionType": "3D",
    "MagneticFieldStrength": 3,
    "Manufacturer": "Siemens",
    "ManufacturersModelName": "Skyra",
    "Modality": "MR",
    "ParallelReductionFactorInPlane": 2,
    "PartialFourier": 1,
    "PatientPosition": "HFS",
    "PercentPhaseFOV": 100,
    "PhaseEncodingSteps": 294,
    "PhaseOversampling": 0.15,
    "PhaseResolution": 1,
    "PixelBandwidth": 270,
    "ProcedureStepDescription": "deleted_by_bidsonym",
    "ProtocolName": "anat-T1w",
    "PulseSequenceDetails": "%SiemensSeq%_tfl",
    "ReceiveCoilActiveElements": "HE1-4;NE1,2",
    "ReceiveCoilName": "HeadNeck_20",
    "ReconMatrixPE": 256,
    "RefLinesPE": 24,
    "RepetitionTime": 1.68,
    "SAR": 0.0693791,
    "ScanOptions": "IR_WE",
    "ScanningSequence": "GR_IR",
    "SequenceName": "_tfl3d1_16ns",
    "SequenceVariant": "SK_SP_MP_OSP",
    "SeriesDescription": "anat-T1w",
    "SeriesNumber": 5,
    "ShimSetting": [
      -1130,
      -3113,
      -4489,
      -60,
      970,
      -642,
      543,
      -955
    ],
    "SliceThickness": 0.88,
    "SoftwareVersions": "syngo_MR_E11",
    "StationName": "deleted_by_bidsonym",
    "TxRefAmp": 379.465,
    "dataset": "ds003176",
    "modality": "T1w",
    "session_id": "1",
    "subject_id": "101DPMB041028"
  },
  "cjv": 0.41783459762331954,
  "cnr": 3.2484125236926404,
  "efc": 0.6615297782542902,
  "fber": 9196.201121189217,
  "fwhm_avg": 4.262508246735128,
  "fwhm_x": 4.169124740205382,
  "fwhm_y": 4.324125714285715,
  "fwhm_z": 4.294274285714286,
  "icvs_csf": 0.1873082273091569,
  "icvs_gm": 0.4481305266696408,
  "icvs_wm": 0.36456124602120227,
  "inu_med": 0.5490482747554779,
  "inu_range": 0.24383152723312373,
  "provenance": {
    "md5sum": "be07cecb595d71b260788f3609fb97c5",
    "settings": {
      "testing": false
    },
    "software": "mriqc",
    "version": "23.0.1",
    "warnings": {
      "large_rot_frame": true,
      "small_air_mask": false
    },
    "webapi_port": null,
    "webapi_url": "https://mriqc.nimh.nih.gov/api/v1"
  },
  "qi_1": 0.0,
  "qi_2": 0.0007771312705688024,
  "rpve_csf": 20.205494071274263,
  "rpve_gm": 9.133972964861416,
  "rpve_wm": 12.409041566827803,
  "size_x": 192,
  "size_y": 256,
  "size_z": 256,
  "snr_csf": 2.961154656870559,
  "snr_gm": 12.991498314295443,
  "snr_total": 11.995924984276433,
  "snr_wm": 20.0351219816633,
  "snrd_csf": 24.267088851219036,
  "snrd_gm": 57.63043264084067,
  "snrd_total": 52.89677977810572,
  "snrd_wm": 76.79281784225743,
  "spacing_x": 0.8800000548362732,
  "spacing_y": 0.875,
  "spacing_z": 0.875,
  "summary_bg_k": 5.776705794656344,
  "summary_bg_mad": 0.0,
  "summary_bg_mean": 5.771711074859951,
  "summary_bg_median": 0.0,
  "summary_bg_n": 2117118.0,
  "summary_bg_p05": 0.0,
  "summary_bg_p95": 23.419371843338013,
  "summary_bg_stdv": 8.531831949588973,
  "summary_csf_k": 1.4466469837496945,
  "summary_csf_mad": 85.86417183649347,
  "summary_csf_mean": 322.7386221359903,
  "summary_csf_median": 316.0299503803253,
  "summary_csf_n": 52252.0,
  "summary_csf_p05": 136.8693636059761,
  "summary_csf_p95": 507.06887125968933,
  "summary_csf_stdv": 106.72422176204296,
  "summary_gm_k": 0.1634844402220117,
  "summary_gm_mad": 56.24972182266776,
  "summary_gm_mean": 749.6030412173184,
  "summary_gm_median": 750.5202984809875,
  "summary_gm_n": 56195.0,
  "summary_gm_p05": 653.2784736156464,
  "summary_gm_p95": 844.0781772136688,
  "summary_gm_stdv": 57.769596891258495,
  "summary_wm_k": 0.3355317604109853,
  "summary_wm_mad": 48.0215153517605,
  "summary_wm_mean": 1000.5741474115936,
  "summary_wm_median": 1000.0717663764954,
  "summary_wm_n": 307429.0,
  "summary_wm_p05": 919.910055398941,
  "summary_wm_p95": 1083.6064410209656,
  "summary_wm_stdv": 49.91584981523744,
  "tpm_overlap_csf": 0.15360434626388053,
  "tpm_overlap_gm": 0.4720318288286794,
  "tpm_overlap_wm": 0.5185008704376395,
  "wm2max": 0.7885097795130048
}