{
  "aor": 0.00162625,
  "aqi": 0.025000988641826927,
  "bids_meta": {
    "AcquisitionMatrixPE": 80,
    "AcquisitionNumber": 1,
    "AcquisitionTime": "09:22:19.212500",
    "BandwidthPerPixelPhaseEncode": 24.038,
    "BaseResolution": 80,
    "BodyPartExamined": "HEAD",
    "CoilString": "HE1-4;NE1_2",
    "ConsistencyInfo": "N4_VE11C_LATEST_20160120",
    "ConversionSoftware": "dcm2niix",
    "ConversionSoftwareVersion": "v1.0.20190720  (JP2:OpenJPEG) GCC7.3.0",
    "DerivedVendorReportedEchoSpacing": 0.00052001,
    "DeviceSerialNumber": "45250",
    "DwellTime": 2.5e-06,
    "EchoTime": 0.0384,
    "EchoTrainLength": 80,
    "EffectiveEchoSpacing": 0.00052001,
    "FlipAngle": 60,
    "ImageComments": "Unaliased_MB4_PE3",
    "ImageOrientationPatientDICOM": [
      0.991615,
      -0.128039,
      -0.0174978,
      0.105973,
      0.883169,
      -0.456927
    ],
    "ImageType": [
      "ORIGINAL",
      "PRIMARY",
      "M",
      "MB",
      "ND",
      "NORM",
      "MOSAIC"
    ],
    "ImagingFrequency": 123.239,
    "InPlanePhaseEncodingDirectionDICOM": "COL",
    "InstitutionAddress": "deleted_by_bidsonym",
    "InstitutionName": "deleted_by_bidsonym",
    "InstitutionalDepartmentName": "deleted_by_bidsonym",
    "MRAcquisitionType": "2D",
    "MagneticFieldStrength": 3,
    "Manufacturer": "Siemens",
    "ManufacturersModelName": "Skyra",
    "Modality": "MR",
    "MultibandAccelerationFactor": 4,
    "PartialFourier": 1,
    "PatientPosition": "HFS",
    "PercentPhaseFOV": 100,
    "PhaseEncodingDirection": "j-",
    "PhaseEncodingSteps": 80,
    "PhaseResolution": 1,
    "PixelBandwidth": 2500,
    "ProcedureStepDescription": "deleted_by_bidsonym",
    "ProtocolName": "func_task-EyeMag_acq-CMRR_run-01",
    "PulseSequenceDetails": "%CustomerSeq%_cmrr_mbep2d_bold",
    "ReceiveCoilActiveElements": "HE1-4;NE1,2",
    "ReceiveCoilName": "HeadNeck_20",
    "ReconMatrixPE": 80,
    "RepetitionTime": 1,
    "SAR": 0.0799119,
    "ScanOptions": "FS",
    "ScanningSequence": "EP",
    "SequenceName": "epfid2d1_80",
    "SequenceVariant": "SK_SS",
    "SeriesDescription": "func_task-EyeMag_acq-CMRR_run-01",
    "SeriesNumber": 9,
    "ShimSetting": [
      -1113,
      -3026,
      -4263,
      437,
      992,
      26,
      -5,
      -1033
    ],
    "SliceThickness": 3,
    "SliceTiming": [
      0,
      0.41,
      0.8175,
      0.245,
      0.655,
      0.0825,
      0.49,
      0.8975,
      0.3275,
      0.735,
      0.165,
      0.5725,
      0,
      0.41,
      0.8175,
      0.245,
      0.655,
      0.0825,
      0.49,
      0.8975,
      0.3275,
      0.735,
      0.165,
      0.5725,
      0,
      0.41,
      0.8175,
      0.245,
      0.655,
      0.0825,
      0.49,
      0.8975,
      0.3275,
      0.735,
      0.165,
      0.5725,
      0,
      0.41,
      0.8175,
      0.245,
      0.655,
      0.0825,
      0.49,
      0.8975,
      0.3275,
      0.735,
      0.165,
      0.5725
    ],
    "SoftwareVersions": "syngo_MR_E11",
    "SpacingBetweenSlices": 3,
    "StationName": "deleted_by_bidsonym",
    "TaskName": "EyeMag",
    "TotalReadoutTime": 0.0410808,
    "TxRefAmp": 379.465,
    "WipMemBlock": "772d04c2-aa6b-4540-83c7-efaeb3b329ce||Sequence: R016 ve11c/master r/34fb20f; Nov 20 2017 15:15:15 by eja",
    "acq_id": "CMRR",
    "dataset": "ds003176",
    "modality": "bold",
    "run_id": 1,
    "session_id": "1",
    "subject_id": "101DPMB041028",
    "task_id": "EyeMag"
  },
  "dummy_trs": 0,
  "dvars_nstd": 35.023648650240574,
  "dvars_std": 1.1420128745279619,
  "dvars_vstd": 0.9675781368671074,
  "efc": 0.4164243207901224,
  "fber": 6802.17333984375,
  "fd_mean": 0.347416632354005,
  "fd_num": 1161,
  "fd_perc": 69.77163461538461,
  "fwhm_avg": 1.747601111111111,
  "fwhm_x": 1.6461066666666666,
  "fwhm_y": 1.9050533333333333,
  "fwhm_z": 1.6916433333333334,
  "gcor": 0.0132106,
  "gsr_x": -0.0052932072430849075,
  "gsr_y": 0.01319899782538414,
  "provenance": {
    "md5sum": "952bdccdaecf8fd31261878f8e8f56ee",
    "settings": {
      "fd_thres": 0.2,
      "testing": false
    },
    "software": "mriqc",
    "version": "23.0.1",
    "webapi_port": null,
    "webapi_url": "https://mriqc.nimh.nih.gov/api/v1"
  },
  "size_t": 1664,
  "size_x": 80,
  "size_y": 80,
  "size_z": 48,
  "snr": 5.9697379059594695,
  "spacing_tr": 1.0,
  "spacing_x": 3.0,
  "spacing_y": 3.0,
  "spacing_z": 3.0,
  "summary_bg_k": 44.56993830874778,
  "summary_bg_mad": 63.69474759103473,
  "summary_bg_mean": 249.6367950439453,
  "summary_bg_median": 102.33625793457031,
  "summary_bg_n": 221664.0,
  "summary_bg_p05": 44.126447486877446,
  "summary_bg_p95": 854.9213989257785,
  "summary_bg_stdv": 516.5488891601562,
  "summary_fg_k": 3.4680326298639583,
  "summary_fg_mad": 1228.4047110840193,
  "summary_fg_mean": 8504.875,
  "summary_fg_median": 8393.9921875,
  "summary_fg_n": 37899.0,
  "summary_fg_p05": 6612.019677734375,
  "summary_fg_p95": 10723.69990234375,
  "summary_fg_stdv": 1406.072021484375,
  "tsnr": 33.830257415771484
}