{
  "bids_meta": {
    "AcquisitionMatrixPE": 256,
    "AcquisitionNumber": 1,
    "AcquisitionTime": "14:08:51.712500",
    "BaseResolution": 256,
    "BodyPartExamined": "HEAD",
    "CoilString": "HE1-4;NE1_2",
    "ConsistencyInfo": "N4_VE11C_LATEST_20160120",
    "ConversionSoftware": "dcm2niix",
    "ConversionSoftwareVersion": "v1.0.20190720  (JP2:OpenJPEG) GCC7.3.0",
    "DeviceSerialNumber": "45250",
    "DwellTime": 7.2e-06,
    "EchoTime": 0.00188,
    "FlipAngle": 8,
    "ImageOrientationPatientDICOM": [
      0.0393826,
      0.983418,
      0.177024,
      0.0337478,
      0.175751,
      -0.983856
    ],
    "ImageType": [
      "ORIGINAL",
      "PRIMARY",
      "M",
      "NORM",
      "DIS3D",
      "DIS2D"
    ],
    "ImagingFrequency": 123.239,
    "InPlanePhaseEncodingDirectionDICOM": "ROW",
    "InstitutionAddress": "deleted_by_bidsonym",
    "InstitutionName": "deleted_by_bidsonym",
    "InstitutionalDepartmentName": "deleted_by_bidsonym",
    "InversionTime": 1,
    "MRAcquisitionType": "3D",
    "MagneticFieldStrength": 3,
    "Manufacturer": "Siemens",
    "ManufacturersModelName": "Skyra",
    "Modality": "MR",
    "ParallelReductionFactorInPlane": 2,
    "PartialFourier": 1,
    "PatientPosition": "HFS",
    "PercentPhaseFOV": 100,
    "PhaseEncodingSteps": 294,
    "PhaseOversampling": 0.15,
    "PhaseResolution": 1,
    "PixelBandwidth": 270,
    "ProcedureStepDescription": "deleted_by_bidsonym",
    "ProtocolName": "anat-T1w",
    "PulseSequenceDetails": "%SiemensSeq%_tfl",
    "ReceiveCoilActiveElements": "HE1-4;NE1,2",
    "ReceiveCoilName": "HeadNeck_20",
    "ReconMatrixPE": 256,
    "RefLinesPE": 24,
    "RepetitionTime": 1.68,
    "SAR": 0.0875322,
    "ScanOptions": "IR_WE",
    "ScanningSequence": "GR_IR",
    "SequenceName": "_tfl3d1_16ns",
    "SequenceVariant": "SK_SP_MP_OSP",
    "SeriesDescription": "anat-T1w",
    "SeriesNumber": 5,
    "ShimSetting": [
      -1113,
      -3156,
      -4448,
      43,
      796,
      -305,
      376,
      -826
    ],
    "SliceThickness": 0.88,
    "SoftwareVersions": "syngo_MR_E11",
    "StationName": "deleted_by_bidsonym",
    "TxRefAmp": 352.097,
    "dataset": "ds003176",
    "modality": "T1w",
    "session_id": "1",
    "subject_id": "101DPMB042019"
  },
  "cjv": 0.3681724706890702,
  "cnr": 3.6364825196819406,
  "efc": 0.5906319625475257,
  "fber": 18301.83207503414,
  "fwhm_avg": 4.555165904778793,
  "fwhm_x": 4.375852000050664,
  "fwhm_y": 4.640365714285714,
  "fwhm_z": 4.64928,
  "icvs_csf": 0.19550380702137526,
  "icvs_gm": 0.4276564146684145,
  "icvs_wm": 0.37683977831021026,
  "inu_med": 0.4197302758693695,
  "inu_range": 0.16746333241462708,
  "provenance": {
    "md5sum": "b2043b740487b58b6270ba864eee76b4",
    "settings": {
      "testing": false
    },
    "software": "mriqc",
    "version": "23.0.1",
    "warnings": {
      "large_rot_frame": true,
      "small_air_mask": false
    },
    "webapi_port": null,
    "webapi_url": "https://mriqc.nimh.nih.gov/api/v1"
  },
  "qi_1": 0.0,
  "qi_2": 0.001151768204446999,
  "rpve_csf": 18.52826147699844,
  "rpve_gm": 9.043974021275957,
  "rpve_wm": 11.828342481936057,
  "size_x": 192,
  "size_y": 256,
  "size_z": 256,
  "snr_csf": 2.881542096494413,
  "snr_gm": 12.901837832906592,
  "snr_total": 13.680492797146778,
  "snr_wm": 25.25809846203933,
  "snrd_csf": 30.584523583013823,
  "snrd_gm": 76.24090042948461,
  "snrd_total": 69.74528690179945,
  "snrd_wm": 102.41043669289992,
  "spacing_x": 0.8800000548362732,
  "spacing_y": 0.875,
  "spacing_z": 0.875,
  "summary_bg_k": 6.615126079824266,
  "summary_bg_mad": 0.0,
  "summary_bg_mean": 4.297863671562981,
  "summary_bg_median": 0.0,
  "summary_bg_n": 2094856.0,
  "summary_bg_p05": 0.0,
  "summary_bg_p95": 17.395548552274704,
  "summary_bg_stdv": 6.397306161571403,
  "summary_csf_k": 1.0085101428680403,
  "summary_csf_mad": 78.02996210869675,
  "summary_csf_mean": 303.1067583771886,
  "summary_csf_median": 298.6531677469611,
  "summary_csf_n": 61636.0,
  "summary_csf_p05": 106.49781143339351,
  "summary_csf_p95": 484.1576112052426,
  "summary_csf_stdv": 103.64267986349437,
  "summary_gm_k": 0.18495093071625268,
  "summary_gm_mad": 55.85787338135206,
  "summary_gm_mean": 743.725576036441,
  "summary_gm_median": 744.4806639980525,
  "summary_gm_n": 69027.0,
  "summary_gm_p05": 647.5404195785522,
  "summary_gm_p95": 838.0638338053599,
  "summary_gm_stdv": 57.70304052361196,
  "summary_wm_k": 0.5063141945408791,
  "summary_wm_mad": 38.22547047652007,
  "summary_wm_mean": 1000.1809887155765,
  "summary_wm_median": 1000.0221597589552,
  "summary_wm_n": 373146.0,
  "summary_wm_p05": 935.9426390714943,
  "summary_wm_p95": 1064.3235624432564,
  "summary_wm_stdv": 39.59208652516817,
  "tpm_overlap_csf": 0.161660144592982,
  "tpm_overlap_gm": 0.45990444259817503,
  "tpm_overlap_wm": 0.5158089749671527,
  "wm2max": 0.8721220854043078
}