{
  "aor": 0.000832503015681544,
  "aqi": 0.024339788781664654,
  "bids_meta": {
    "AcquisitionMatrixPE": 80,
    "AcquisitionNumber": 1,
    "AcquisitionTime": "13:15:40.925000",
    "BandwidthPerPixelPhaseEncode": 24.038,
    "BaseResolution": 80,
    "BodyPartExamined": "HEAD",
    "CoilString": "HE1-4;NE1_2",
    "ConsistencyInfo": "N4_VE11C_LATEST_20160120",
    "ConversionSoftware": "dcm2niix",
    "ConversionSoftwareVersion": "v1.0.20190720  (JP2:OpenJPEG) GCC7.3.0",
    "DerivedVendorReportedEchoSpacing": 0.00052001,
    "DeviceSerialNumber": "45250",
    "DwellTime": 2.5e-06,
    "EchoTime": 0.0384,
    "EchoTrainLength": 80,
    "EffectiveEchoSpacing": 0.00052001,
    "FlipAngle": 60,
    "ImageComments": "Unaliased_MB4_PE3",
    "ImageOrientationPatientDICOM": [
      0.997678,
      -0.0417703,
      0.0537938,
      0.059273,
      0.921541,
      -0.383731
    ],
    "ImageType": [
      "ORIGINAL",
      "PRIMARY",
      "M",
      "MB",
      "ND",
      "NORM",
      "MOSAIC"
    ],
    "ImagingFrequency": 123.239,
    "InPlanePhaseEncodingDirectionDICOM": "COL",
    "InstitutionAddress": "deleted_by_bidsonym",
    "InstitutionName": "deleted_by_bidsonym",
    "InstitutionalDepartmentName": "deleted_by_bidsonym",
    "MRAcquisitionType": "2D",
    "MagneticFieldStrength": 3,
    "Manufacturer": "Siemens",
    "ManufacturersModelName": "Skyra",
    "Modality": "MR",
    "MultibandAccelerationFactor": 4,
    "PartialFourier": 1,
    "PatientPosition": "HFS",
    "PercentPhaseFOV": 100,
    "PhaseEncodingDirection": "j-",
    "PhaseEncodingSteps": 80,
    "PhaseResolution": 1,
    "PixelBandwidth": 2500,
    "ProcedureStepDescription": "deleted_by_bidsonym",
    "ProtocolName": "func_task-EyeMag_acq-CMRR_run-01",
    "PulseSequenceDetails": "%CustomerSeq%_cmrr_mbep2d_bold",
    "ReceiveCoilActiveElements": "HE1-4;NE1,2",
    "ReceiveCoilName": "HeadNeck_20",
    "ReconMatrixPE": 80,
    "RepetitionTime": 1,
    "SAR": 0.0928886,
    "ScanOptions": "FS",
    "ScanningSequence": "EP",
    "SequenceName": "epfid2d1_80",
    "SequenceVariant": "SK_SS",
    "SeriesDescription": "func_task-EyeMag_acq-CMRR_run-01",
    "SeriesNumber": 9,
    "ShimSetting": [
      -1090,
      -2955,
      -4198,
      464,
      978,
      563,
      -55,
      -857
    ],
    "SliceThickness": 3,
    "SliceTiming": [
      0,
      0.4075,
      0.815,
      0.245,
      0.6525,
      0.08,
      0.49,
      0.8975,
      0.325,
      0.735,
      0.1625,
      0.57,
      0,
      0.4075,
      0.815,
      0.245,
      0.6525,
      0.08,
      0.49,
      0.8975,
      0.325,
      0.735,
      0.1625,
      0.57,
      0,
      0.4075,
      0.815,
      0.245,
      0.6525,
      0.08,
      0.49,
      0.8975,
      0.325,
      0.735,
      0.1625,
      0.57,
      0,
      0.4075,
      0.815,
      0.245,
      0.6525,
      0.08,
      0.49,
      0.8975,
      0.325,
      0.735,
      0.1625,
      0.57
    ],
    "SoftwareVersions": "syngo_MR_E11",
    "SpacingBetweenSlices": 3,
    "StationName": "deleted_by_bidsonym",
    "TaskName": "EyeMag",
    "TotalReadoutTime": 0.0410808,
    "TxRefAmp": 377.315,
    "WipMemBlock": "f104fcbb-6fd4-48ba-a220-70b2cba89839||Sequence: R016 ve11c/master r/34fb20f; Nov 20 2017 15:15:15 by eja",
    "acq_id": "CMRR",
    "dataset": "ds003176",
    "modality": "bold",
    "run_id": 1,
    "session_id": "1",
    "subject_id": "101DPMB042018",
    "task_id": "EyeMag"
  },
  "dummy_trs": 1,
  "dvars_nstd": 32.31140767284856,
  "dvars_std": 1.1894651854194327,
  "dvars_vstd": 0.9667141240977651,
  "efc": 0.4595537924668288,
  "fber": 6083.73095703125,
  "fd_mean": 0.23584803379189484,
  "fd_num": 734,
  "fd_perc": 44.27020506634499,
  "fwhm_avg": 1.8347244444444444,
  "fwhm_x": 1.7278933333333333,
  "fwhm_y": 1.9802133333333334,
  "fwhm_z": 1.7960666666666667,
  "gcor": 0.0248543,
  "gsr_x": -0.013747796416282654,
  "gsr_y": 0.018830472603440285,
  "provenance": {
    "md5sum": "352cdf19b2346d5ae8c6c90125503c3b",
    "settings": {
      "fd_thres": 0.2,
      "testing": false
    },
    "software": "mriqc",
    "version": "23.0.1",
    "webapi_port": null,
    "webapi_url": "https://mriqc.nimh.nih.gov/api/v1"
  },
  "size_t": 1658,
  "size_x": 80,
  "size_y": 80,
  "size_z": 48,
  "snr": 5.686859585559268,
  "spacing_tr": 1.0,
  "spacing_x": 3.0,
  "spacing_y": 3.0,
  "spacing_z": 3.0,
  "summary_bg_k": 35.38398051851625,
  "summary_bg_mad": 72.666523098325,
  "summary_bg_mean": 314.78204345703125,
  "summary_bg_median": 114.19385528564453,
  "summary_bg_n": 208969.0,
  "summary_bg_p05": 51.17963180541992,
  "summary_bg_p95": 1400.6563964843688,
  "summary_bg_stdv": 615.9177856445312,
  "summary_fg_k": 3.362584291189372,
  "summary_fg_mad": 1283.798508865621,
  "summary_fg_mean": 9160.294921875,
  "summary_fg_median": 8949.880859375,
  "summary_fg_n": 47630.0,
  "summary_fg_p05": 7155.319018554687,
  "summary_fg_p95": 11809.43134765625,
  "summary_fg_stdv": 1573.76611328125,
  "tsnr": 36.92311477661133
}