{
  "aor": 0.0017617636472705461,
  "aqi": 0.017570655188962208,
  "bids_meta": {
    "AcquisitionMatrixPE": 80,
    "AcquisitionNumber": 1,
    "AcquisitionTime": "12:08:46.637500",
    "BandwidthPerPixelPhaseEncode": 24.038,
    "BaseResolution": 80,
    "BodyPartExamined": "HEAD",
    "CoilString": "HE1-4;NE1_2",
    "ConsistencyInfo": "N4_VE11C_LATEST_20160120",
    "ConversionSoftware": "dcm2niix",
    "ConversionSoftwareVersion": "v1.0.20190720  (JP2:OpenJPEG) GCC7.3.0",
    "DerivedVendorReportedEchoSpacing": 0.00052001,
    "DeviceSerialNumber": "45250",
    "DwellTime": 2.5e-06,
    "EchoTime": 0.0384,
    "EchoTrainLength": 80,
    "EffectiveEchoSpacing": 0.00052001,
    "FlipAngle": 60,
    "ImageComments": "Unaliased_MB4_PE3",
    "ImageOrientationPatientDICOM": [
      0.997485,
      0.052469,
      -0.047661,
      -0.0680017,
      0.898112,
      -0.434478
    ],
    "ImageType": [
      "ORIGINAL",
      "PRIMARY",
      "M",
      "MB",
      "ND",
      "NORM",
      "MOSAIC"
    ],
    "ImagingFrequency": 123.239,
    "InPlanePhaseEncodingDirectionDICOM": "COL",
    "InstitutionAddress": "deleted_by_bidsonym",
    "InstitutionName": "deleted_by_bidsonym",
    "InstitutionalDepartmentName": "deleted_by_bidsonym",
    "MRAcquisitionType": "2D",
    "MagneticFieldStrength": 3,
    "Manufacturer": "Siemens",
    "ManufacturersModelName": "Skyra",
    "Modality": "MR",
    "MultibandAccelerationFactor": 4,
    "PartialFourier": 1,
    "PatientPosition": "HFS",
    "PercentPhaseFOV": 100,
    "PhaseEncodingDirection": "j-",
    "PhaseEncodingSteps": 80,
    "PhaseResolution": 1,
    "PixelBandwidth": 2500,
    "ProcedureStepDescription": "deleted_by_bidsonym",
    "ProtocolName": "func_task-EyeMag_acq-CMRR_run-01",
    "PulseSequenceDetails": "%CustomerSeq%_cmrr_mbep2d_bold",
    "ReceiveCoilActiveElements": "HE1-4;NE1,2",
    "ReceiveCoilName": "HeadNeck_20",
    "ReconMatrixPE": 80,
    "RepetitionTime": 1,
    "SAR": 0.0984749,
    "ScanOptions": "FS",
    "ScanningSequence": "EP",
    "SequenceName": "epfid2d1_80",
    "SequenceVariant": "SK_SS",
    "SeriesDescription": "func_task-EyeMag_acq-CMRR_run-01",
    "SeriesNumber": 9,
    "ShimSetting": [
      -1069,
      -2672,
      -4366,
      155,
      1149,
      1301,
      801,
      -1109
    ],
    "SliceThickness": 3,
    "SliceTiming": [
      0,
      0.41,
      0.8175,
      0.245,
      0.655,
      0.0825,
      0.49,
      0.9,
      0.3275,
      0.735,
      0.165,
      0.5725,
      0,
      0.41,
      0.8175,
      0.245,
      0.655,
      0.0825,
      0.49,
      0.9,
      0.3275,
      0.735,
      0.165,
      0.5725,
      0,
      0.41,
      0.8175,
      0.245,
      0.655,
      0.0825,
      0.49,
      0.9,
      0.3275,
      0.735,
      0.165,
      0.5725,
      0,
      0.41,
      0.8175,
      0.245,
      0.655,
      0.0825,
      0.49,
      0.9,
      0.3275,
      0.735,
      0.165,
      0.5725
    ],
    "SoftwareVersions": "syngo_MR_E11",
    "SpacingBetweenSlices": 3,
    "StationName": "deleted_by_bidsonym",
    "TaskName": "EyeMag",
    "TotalReadoutTime": 0.0410808,
    "TxRefAmp": 350.849,
    "WipMemBlock": "11ecba81-7296-4417-aceb-dcb57b5f406e||Sequence: R016 ve11c/master r/34fb20f; Nov 20 2017 15:15:15 by eja",
    "acq_id": "CMRR",
    "dataset": "ds003176",
    "modality": "bold",
    "run_id": 1,
    "session_id": "1",
    "subject_id": "101DPMB041017",
    "task_id": "EyeMag"
  },
  "dummy_trs": 0,
  "dvars_nstd": 23.597450252911138,
  "dvars_std": 1.1014861049039626,
  "dvars_vstd": 1.0102538957983203,
  "efc": 0.39203009013847934,
  "fber": 8034.6669921875,
  "fd_mean": 0.19881473024395205,
  "fd_num": 671,
  "fd_perc": 40.251949610077986,
  "fwhm_avg": 1.6870933333333333,
  "fwhm_x": 1.5875233333333334,
  "fwhm_y": 1.80324,
  "fwhm_z": 1.6705166666666666,
  "gcor": 0.0145871,
  "gsr_x": -0.021078668534755707,
  "gsr_y": 0.01137325819581747,
  "provenance": {
    "md5sum": "fb876d5168233133a2058bb27cae7e68",
    "settings": {
      "fd_thres": 0.2,
      "testing": false
    },
    "software": "mriqc",
    "version": "23.0.1",
    "webapi_port": null,
    "webapi_url": "https://mriqc.nimh.nih.gov/api/v1"
  },
  "size_t": 1667,
  "size_x": 80,
  "size_y": 80,
  "size_z": 48,
  "snr": 6.724090669899073,
  "spacing_tr": 1.0,
  "spacing_x": 3.0,
  "spacing_y": 3.0,
  "spacing_z": 3.0,
  "summary_bg_k": 56.082204116974644,
  "summary_bg_mad": 47.330315778602014,
  "summary_bg_mean": 219.52566528320312,
  "summary_bg_median": 92.50509643554688,
  "summary_bg_n": 228505.0,
  "summary_bg_p05": 49.03803176879883,
  "summary_bg_p95": 767.2650024414057,
  "summary_bg_stdv": 449.4786682128906,
  "summary_fg_k": 3.7990361719150574,
  "summary_fg_mad": 1043.3096425137314,
  "summary_fg_mean": 8386.580078125,
  "summary_fg_median": 8321.0654296875,
  "summary_fg_n": 32717.0,
  "summary_fg_p05": 6715.41162109375,
  "summary_fg_p95": 10275.637109374999,
  "summary_fg_stdv": 1237.4815673828125,
  "tsnr": 46.67275079479441
}