{
  "bids_meta": {
    "AcquisitionMatrixPE": 256,
    "AcquisitionNumber": 1,
    "AcquisitionTime": "09:01:56.055000",
    "BaseResolution": 256,
    "BodyPartExamined": "HEAD",
    "CoilString": "HE1-4;NE1_2",
    "ConsistencyInfo": "N4_VE11C_LATEST_20160120",
    "ConversionSoftware": "dcm2niix",
    "ConversionSoftwareVersion": "v1.0.20190720  (JP2:OpenJPEG) GCC7.3.0",
    "DeviceSerialNumber": "45250",
    "DwellTime": 7.2e-06,
    "EchoTime": 0.00188,
    "FlipAngle": 8,
    "ImageOrientationPatientDICOM": [
      -0.038829,
      0.996808,
      0.0697506,
      -0.0156456,
      0.0691882,
      -0.997481
    ],
    "ImageType": [
      "ORIGINAL",
      "PRIMARY",
      "M",
      "NORM",
      "DIS3D",
      "DIS2D"
    ],
    "ImagingFrequency": 123.239,
    "InPlanePhaseEncodingDirectionDICOM": "ROW",
    "InstitutionAddress": "deleted_by_bidsonym",
    "InstitutionName": "deleted_by_bidsonym",
    "InstitutionalDepartmentName": "deleted_by_bidsonym",
    "InversionTime": 1,
    "MRAcquisitionType": "3D",
    "MagneticFieldStrength": 3,
    "Manufacturer": "Siemens",
    "ManufacturersModelName": "Skyra",
    "Modality": "MR",
    "ParallelReductionFactorInPlane": 2,
    "PartialFourier": 1,
    "PatientPosition": "HFS",
    "PercentPhaseFOV": 100,
    "PhaseEncodingSteps": 294,
    "PhaseOversampling": 0.15,
    "PhaseResolution": 1,
    "PixelBandwidth": 270,
    "ProcedureStepDescription": "deleted_by_bidsonym",
    "ProtocolName": "anat-T1w",
    "PulseSequenceDetails": "%SiemensSeq%_tfl",
    "ReceiveCoilActiveElements": "HE1-4;NE1,2",
    "ReceiveCoilName": "HeadNeck_20",
    "ReconMatrixPE": 256,
    "RefLinesPE": 24,
    "RepetitionTime": 1.68,
    "SAR": 0.0840286,
    "ScanOptions": "IR_WE",
    "ScanningSequence": "GR_IR",
    "SequenceName": "_tfl3d1_16ns",
    "SequenceVariant": "SK_SP_MP_OSP",
    "SeriesDescription": "anat-T1w",
    "SeriesNumber": 5,
    "ShimSetting": [
      -1135,
      -3081,
      -4446,
      159,
      788,
      10,
      488,
      -879
    ],
    "SliceThickness": 0.88,
    "SoftwareVersions": "syngo_MR_E11",
    "StationName": "deleted_by_bidsonym",
    "TxRefAmp": 355.929,
    "dataset": "ds003176",
    "modality": "T1w",
    "session_id": "1",
    "subject_id": "101DPMB041025"
  },
  "cjv": 0.3993922433971902,
  "cnr": 3.37508300990633,
  "efc": 0.6284202730333117,
  "fber": 12209.297432372177,
  "fwhm_avg": 4.257131168585273,
  "fwhm_x": 4.180090648612962,
  "fwhm_y": 4.287382857142857,
  "fwhm_z": 4.30392,
  "icvs_csf": 0.15367395991293495,
  "icvs_gm": 0.48910720749836567,
  "icvs_wm": 0.3572188325886994,
  "inu_med": 0.4997061789035797,
  "inu_range": 0.24812409281730652,
  "provenance": {
    "md5sum": "97ded5acc7b77ac2d2f434a474673e4f",
    "settings": {
      "testing": false
    },
    "software": "mriqc",
    "version": "23.0.1",
    "warnings": {
      "large_rot_frame": true,
      "small_air_mask": false
    },
    "webapi_port": null,
    "webapi_url": "https://mriqc.nimh.nih.gov/api/v1"
  },
  "qi_1": 0.0,
  "qi_2": 0.0011479541678203404,
  "rpve_csf": 23.72571627236303,
  "rpve_gm": 8.596084987305312,
  "rpve_wm": 12.402505338134999,
  "size_x": 192,
  "size_y": 256,
  "size_z": 256,
  "snr_csf": 2.9307632231167475,
  "snr_gm": 15.112222690581838,
  "snr_total": 12.887527391163252,
  "snr_wm": 20.619596259791166,
  "snrd_csf": 26.04556505576262,
  "snrd_gm": 58.61399475316226,
  "snrd_total": 53.856367468403455,
  "snrd_wm": 76.90954259628549,
  "spacing_x": 0.8800000548362732,
  "spacing_y": 0.875,
  "spacing_z": 0.875,
  "summary_bg_k": 6.311123243128584,
  "summary_bg_mad": 0.0,
  "summary_bg_mean": 5.757627844254496,
  "summary_bg_median": 0.0,
  "summary_bg_n": 2034935.0,
  "summary_bg_p05": 0.0,
  "summary_bg_p95": 23.29925763234496,
  "summary_bg_stdv": 8.518713866411764,
  "summary_csf_k": 1.9988546128157223,
  "summary_csf_mad": 98.05285151428475,
  "summary_csf_mean": 343.65873134996195,
  "summary_csf_median": 338.6694987472147,
  "summary_csf_n": 36501.0,
  "summary_csf_p05": 150.874368743971,
  "summary_csf_p95": 538.1920947302133,
  "summary_csf_stdv": 115.5551758201,
  "summary_gm_k": 0.15113443657393688,
  "summary_gm_mad": 49.62266710609154,
  "summary_gm_mean": 760.9856866031737,
  "summary_gm_median": 762.1555600780994,
  "summary_gm_n": 100746.0,
  "summary_gm_p05": 676.3271143678576,
  "summary_gm_p95": 841.9386527501047,
  "summary_gm_stdv": 50.432804830476314,
  "summary_wm_k": 0.6475797380880683,
  "summary_wm_mad": 45.39127688774265,
  "summary_wm_mean": 1000.6516130347588,
  "summary_wm_median": 1000.051877707243,
  "summary_wm_n": 297367.0,
  "summary_wm_p05": 922.8711408710108,
  "summary_wm_p95": 1081.2360393237323,
  "summary_wm_stdv": 48.499989213889926,
  "tpm_overlap_csf": 0.1604221398722055,
  "tpm_overlap_gm": 0.49143191971961236,
  "tpm_overlap_wm": 0.5073909204246402,
  "wm2max": 0.8244786213906183
}