{
  "aor": 0.0009518328358208955,
  "aqi": 0.017889361797014926,
  "bids_meta": {
    "AcquisitionMatrixPE": 80,
    "AcquisitionNumber": 1,
    "AcquisitionTime": "13:12:31.482500",
    "BandwidthPerPixelPhaseEncode": 24.038,
    "BaseResolution": 80,
    "BodyPartExamined": "HEAD",
    "CoilString": "HE1-4;NE1_2",
    "ConsistencyInfo": "N4_VE11C_LATEST_20160120",
    "ConversionSoftware": "dcm2niix",
    "ConversionSoftwareVersion": "v1.0.20190720  (JP2:OpenJPEG) GCC7.3.0",
    "DerivedVendorReportedEchoSpacing": 0.00052001,
    "DeviceSerialNumber": "45250",
    "DwellTime": 2.5e-06,
    "EchoTime": 0.0384,
    "EchoTrainLength": 80,
    "EffectiveEchoSpacing": 0.00052001,
    "FlipAngle": 60,
    "ImageComments": "Unaliased_MB4_PE3",
    "ImageOrientationPatientDICOM": [
      0.998596,
      0.0378327,
      0.0370836,
      -0.019174,
      0.910653,
      -0.412727
    ],
    "ImageType": [
      "ORIGINAL",
      "PRIMARY",
      "M",
      "MB",
      "ND",
      "NORM",
      "MOSAIC"
    ],
    "ImagingFrequency": 123.239,
    "InPlanePhaseEncodingDirectionDICOM": "COL",
    "InstitutionAddress": "deleted_by_bidsonym",
    "InstitutionName": "deleted_by_bidsonym",
    "InstitutionalDepartmentName": "deleted_by_bidsonym",
    "MRAcquisitionType": "2D",
    "MagneticFieldStrength": 3,
    "Manufacturer": "Siemens",
    "ManufacturersModelName": "Skyra",
    "Modality": "MR",
    "MultibandAccelerationFactor": 4,
    "PartialFourier": 1,
    "PatientPosition": "HFS",
    "PercentPhaseFOV": 100,
    "PhaseEncodingDirection": "j-",
    "PhaseEncodingSteps": 80,
    "PhaseResolution": 1,
    "PixelBandwidth": 2500,
    "ProcedureStepDescription": "deleted_by_bidsonym",
    "ProtocolName": "func_task-EyeMag_acq-CMRR_run-01",
    "PulseSequenceDetails": "%CustomerSeq%_cmrr_mbep2d_bold",
    "ReceiveCoilActiveElements": "HE1-4;NE1,2",
    "ReceiveCoilName": "HeadNeck_20",
    "ReconMatrixPE": 80,
    "RepetitionTime": 1,
    "SAR": 0.0996572,
    "ScanOptions": "FS",
    "ScanningSequence": "EP",
    "SequenceName": "epfid2d1_80",
    "SequenceVariant": "SK_SS",
    "SeriesDescription": "func_task-EyeMag_acq-CMRR_run-01",
    "SeriesNumber": 9,
    "ShimSetting": [
      -1073,
      -2959,
      -4209,
      657,
      927,
      739,
      -168,
      -564
    ],
    "SliceThickness": 3,
    "SliceTiming": [
      0,
      0.41,
      0.8175,
      0.245,
      0.655,
      0.0825,
      0.49,
      0.9,
      0.3275,
      0.735,
      0.165,
      0.5725,
      0,
      0.41,
      0.8175,
      0.245,
      0.655,
      0.0825,
      0.49,
      0.9,
      0.3275,
      0.735,
      0.165,
      0.5725,
      0,
      0.41,
      0.8175,
      0.245,
      0.655,
      0.0825,
      0.49,
      0.9,
      0.3275,
      0.735,
      0.165,
      0.5725,
      0,
      0.41,
      0.8175,
      0.245,
      0.655,
      0.0825,
      0.49,
      0.9,
      0.3275,
      0.735,
      0.165,
      0.5725
    ],
    "SoftwareVersions": "syngo_MR_E11",
    "SpacingBetweenSlices": 3,
    "StationName": "deleted_by_bidsonym",
    "TaskName": "EyeMag",
    "TotalReadoutTime": 0.0410808,
    "TxRefAmp": 348.925,
    "WipMemBlock": "de0a62ff-06aa-4b85-9330-5b8b5589b257||Sequence: R016 ve11c/master r/34fb20f; Nov 20 2017 15:15:15 by eja",
    "acq_id": "CMRR",
    "dataset": "ds003176",
    "modality": "bold",
    "run_id": 1,
    "session_id": "1",
    "subject_id": "101DPMB042021",
    "task_id": "EyeMag"
  },
  "dummy_trs": 0,
  "dvars_nstd": 27.805773150543637,
  "dvars_std": 1.2218209136738334,
  "dvars_vstd": 0.9807547727001199,
  "efc": 0.37720525807806443,
  "fber": 10029.982421875,
  "fd_mean": 0.21836886567766134,
  "fd_num": 780,
  "fd_perc": 46.56716417910448,
  "fwhm_avg": 1.7233377777777779,
  "fwhm_x": 1.6237266666666665,
  "fwhm_y": 1.8826866666666666,
  "fwhm_z": 1.6636,
  "gcor": 0.0199058,
  "gsr_x": -0.020825166255235672,
  "gsr_y": 0.017789317294955254,
  "provenance": {
    "md5sum": "3a75c48582ea47602c45b5f273c62cc2",
    "settings": {
      "fd_thres": 0.2,
      "testing": false
    },
    "software": "mriqc",
    "version": "23.0.1",
    "webapi_port": null,
    "webapi_url": "https://mriqc.nimh.nih.gov/api/v1"
  },
  "size_t": 1675,
  "size_x": 80,
  "size_y": 80,
  "size_z": 48,
  "snr": 6.629195012869997,
  "spacing_tr": 1.0,
  "spacing_x": 3.0,
  "spacing_y": 3.0,
  "spacing_z": 3.0,
  "summary_bg_k": 102.41327065117567,
  "summary_bg_mad": 44.0912633823774,
  "summary_bg_mean": 200.187255859375,
  "summary_bg_median": 81.88179016113281,
  "summary_bg_n": 231819.0,
  "summary_bg_p05": 42.9725341796875,
  "summary_bg_p95": 716.020330810545,
  "summary_bg_stdv": 443.7130432128906,
  "summary_fg_k": 2.493250323103437,
  "summary_fg_mad": 1187.9951135073675,
  "summary_fg_mean": 8351.0322265625,
  "summary_fg_median": 8304.46484375,
  "summary_fg_n": 29543.0,
  "summary_fg_p05": 6553.941552734375,
  "summary_fg_p95": 10328.85673828125,
  "summary_fg_stdv": 1252.689697265625,
  "tsnr": 42.771215851418674
}