{
  "bids_meta": {
    "AcquisitionMatrixPE": 256,
    "AcquisitionNumber": 1,
    "AcquisitionTime": "14:20:30.267500",
    "BaseResolution": 256,
    "BodyPartExamined": "HEAD",
    "CoilString": "HE1-4;NE1_2",
    "ConsistencyInfo": "N4_VE11C_LATEST_20160120",
    "ConversionSoftware": "dcm2niix",
    "ConversionSoftwareVersion": "v1.0.20190410  (JP2:OpenJPEG) GCC7.3.0",
    "DeviceSerialNumber": "45250",
    "DwellTime": 7.2e-06,
    "EchoTime": 0.00188,
    "FlipAngle": 8,
    "ImageOrientationPatientDICOM": [
      -0.106399,
      0.993291,
      0.0453104,
      0.0430787,
      0.0501312,
      -0.997813
    ],
    "ImageType": [
      "ORIGINAL",
      "PRIMARY",
      "M",
      "NORM",
      "DIS3D",
      "DIS2D"
    ],
    "ImagingFrequency": 123.239,
    "InPlanePhaseEncodingDirectionDICOM": "ROW",
    "InstitutionAddress": "deleted_by_bidsonym",
    "InstitutionName": "deleted_by_bidsonym",
    "InstitutionalDepartmentName": "deleted_by_bidsonym",
    "InversionTime": 1,
    "MRAcquisitionType": "3D",
    "MagneticFieldStrength": 3,
    "Manufacturer": "Siemens",
    "ManufacturersModelName": "Skyra",
    "Modality": "MR",
    "PartialFourier": 1,
    "PatientPosition": "HFS",
    "PercentPhaseFOV": 100,
    "PhaseEncodingSteps": 294,
    "PhaseOversampling": 0.15,
    "PhaseResolution": 1,
    "PixelBandwidth": 270,
    "ProcedureStepDescription": "deleted_by_bidsonym",
    "ProtocolName": "anat-T1w",
    "PulseSequenceDetails": "%SiemensSeq%_tfl",
    "ReceiveCoilActiveElements": "HE1-4;NE1,2",
    "ReceiveCoilName": "HeadNeck_20",
    "ReconMatrixPE": 256,
    "RefLinesPE": 24,
    "RepetitionTime": 1.68,
    "SAR": 0.0852274,
    "ScanOptions": "IR_WE",
    "ScanningSequence": "GR_IR",
    "SequenceName": "_tfl3d1_16ns",
    "SequenceVariant": "SK_SP_MP_OSP",
    "SeriesDescription": "anat-T1w",
    "SeriesNumber": 5,
    "ShimSetting": [
      -1132,
      -3220,
      -4496,
      -103,
      685,
      -640,
      740,
      -1020
    ],
    "SliceThickness": 0.88,
    "SoftwareVersions": "syngo_MR_E11",
    "StationName": "deleted_by_bidsonym",
    "TxRefAmp": 380.357,
    "dataset": "ds003176",
    "modality": "T1w",
    "session_id": "1",
    "subject_id": "101DPMB041007"
  },
  "cjv": 0.4120562021210928,
  "cnr": 3.321695705667471,
  "efc": 0.6541563240631963,
  "fber": 8458.065556711757,
  "fwhm_avg": 4.285136818122157,
  "fwhm_x": 4.171124740080755,
  "fwhm_y": 4.317897142857143,
  "fwhm_z": 4.366388571428572,
  "icvs_csf": 0.20002693828450122,
  "icvs_gm": 0.43578624146759226,
  "icvs_wm": 0.3641868202479065,
  "inu_med": 0.5036531388759613,
  "inu_range": 0.22530300468206405,
  "provenance": {
    "md5sum": "ec8c169e905fa2a86a5804b7678ba2cc",
    "settings": {
      "testing": false
    },
    "software": "mriqc",
    "version": "23.0.1",
    "warnings": {
      "large_rot_frame": true,
      "small_air_mask": false
    },
    "webapi_port": null,
    "webapi_url": "https://mriqc.nimh.nih.gov/api/v1"
  },
  "qi_1": 0.0,
  "qi_2": 0.0007724873865831356,
  "rpve_csf": 20.016311233277417,
  "rpve_gm": 9.652187823600698,
  "rpve_wm": 12.887296473499307,
  "size_x": 192,
  "size_y": 256,
  "size_z": 256,
  "snr_csf": 2.934880032681754,
  "snr_gm": 12.976282116752627,
  "snr_total": 12.267927740797965,
  "snr_wm": 20.892621072959518,
  "snrd_csf": 26.920810061751606,
  "snrd_gm": 62.170673349008055,
  "snrd_total": 57.34851119340336,
  "snrd_wm": 82.95405016945041,
  "spacing_x": 0.8800000548362732,
  "spacing_y": 0.875,
  "spacing_z": 0.875,
  "summary_bg_k": 6.302929258827843,
  "summary_bg_mad": 0.0,
  "summary_bg_mean": 5.35471847161957,
  "summary_bg_median": 0.0,
  "summary_bg_n": 2353415.0,
  "summary_bg_p05": 0.0,
  "summary_bg_p95": 21.471646446734667,
  "summary_bg_stdv": 7.897795546087256,
  "summary_csf_k": 0.7643454067704898,
  "summary_csf_mad": 94.65977715482772,
  "summary_csf_mean": 329.37538834745123,
  "summary_csf_median": 324.53555290587246,
  "summary_csf_n": 60696.0,
  "summary_csf_p05": 131.93299131235108,
  "summary_csf_p95": 515.8400804572739,
  "summary_csf_stdv": 110.57790295687408,
  "summary_gm_k": 0.1847003598519117,
  "summary_gm_mad": 56.090227971030906,
  "summary_gm_mean": 748.7795569649314,
  "summary_gm_median": 749.4794474449009,
  "summary_gm_n": 63124.0,
  "summary_gm_p05": 651.9916824065149,
  "summary_gm_p95": 843.3705764915794,
  "summary_gm_stdv": 57.75718376906196,
  "summary_wm_k": 0.2542209120397425,
  "summary_wm_mad": 47.149469688300464,
  "summary_wm_mean": 999.0242401076151,
  "summary_wm_median": 1000.0270599499345,
  "summary_wm_n": 311957.0,
  "summary_wm_p05": 919.2731171045452,
  "summary_wm_p95": 1075.3400767687708,
  "summary_wm_stdv": 47.8650071538689,
  "tpm_overlap_csf": 0.15191636438659173,
  "tpm_overlap_gm": 0.4565638495129407,
  "tpm_overlap_wm": 0.49870073166636464,
  "wm2max": 0.8036938709181662
}