{
  "bids_meta": {
    "AcquisitionMatrixPE": 256,
    "AcquisitionNumber": 1,
    "AcquisitionTime": "10:11:44.970000",
    "BaseResolution": 256,
    "BodyPartExamined": "HEAD",
    "CoilString": "HE1-4;NE1_2",
    "ConsistencyInfo": "N4_VE11C_LATEST_20160120",
    "ConversionSoftware": "dcm2niix",
    "ConversionSoftwareVersion": "v1.0.20190410  (JP2:OpenJPEG) GCC7.3.0",
    "DeviceSerialNumber": "45250",
    "DwellTime": 7.2e-06,
    "EchoTime": 0.00188,
    "FlipAngle": 8,
    "ImageOrientationPatientDICOM": [
      0.041456,
      0.998403,
      -0.038383,
      -0.0174427,
      -0.0376869,
      -0.999137
    ],
    "ImageType": [
      "ORIGINAL",
      "PRIMARY",
      "M",
      "NORM",
      "DIS3D",
      "DIS2D"
    ],
    "ImagingFrequency": 123.239,
    "InPlanePhaseEncodingDirectionDICOM": "ROW",
    "InstitutionAddress": "deleted_by_bidsonym",
    "InstitutionName": "deleted_by_bidsonym",
    "InstitutionalDepartmentName": "deleted_by_bidsonym",
    "InversionTime": 1,
    "MRAcquisitionType": "3D",
    "MagneticFieldStrength": 3,
    "Manufacturer": "Siemens",
    "ManufacturersModelName": "Skyra",
    "Modality": "MR",
    "PartialFourier": 1,
    "PatientPosition": "HFS",
    "PercentPhaseFOV": 100,
    "PhaseEncodingSteps": 294,
    "PhaseOversampling": 0.15,
    "PhaseResolution": 1,
    "PixelBandwidth": 270,
    "ProcedureStepDescription": "deleted_by_bidsonym",
    "ProtocolName": "anat-T1w",
    "PulseSequenceDetails": "%SiemensSeq%_tfl",
    "ReceiveCoilActiveElements": "HE1-4;NE1,2",
    "ReceiveCoilName": "HeadNeck_20",
    "ReconMatrixPE": 256,
    "RefLinesPE": 24,
    "RepetitionTime": 1.68,
    "SAR": 0.0815782,
    "ScanOptions": "IR_WE",
    "ScanningSequence": "GR_IR",
    "SequenceName": "_tfl3d1_16ns",
    "SequenceVariant": "SK_SP_MP_OSP",
    "SeriesDescription": "anat-T1w",
    "SeriesNumber": 5,
    "ShimSetting": [
      -1093,
      -3127,
      -4486,
      51,
      940,
      -543,
      200,
      -924
    ],
    "SliceThickness": 0.88,
    "SoftwareVersions": "syngo_MR_E11",
    "StationName": "deleted_by_bidsonym",
    "TxRefAmp": 372.47,
    "dataset": "ds003176",
    "modality": "T1w",
    "session_id": "1",
    "subject_id": "101DPMB041008"
  },
  "cjv": 0.40567677064892355,
  "cnr": 3.2962396715432076,
  "efc": 0.6652017522816208,
  "fber": 8917.045207538444,
  "fwhm_avg": 4.278830475698157,
  "fwhm_x": 4.191954284237329,
  "fwhm_y": 4.346445714285714,
  "fwhm_z": 4.2980914285714285,
  "icvs_csf": 0.22068819107221224,
  "icvs_gm": 0.431267966038545,
  "icvs_wm": 0.3480438428892428,
  "inu_med": 0.5167994201183319,
  "inu_range": 0.24814673662185666,
  "provenance": {
    "md5sum": "7ae4b7abe26736657c394ffc88ac88f3",
    "settings": {
      "testing": false
    },
    "software": "mriqc",
    "version": "23.0.1",
    "warnings": {
      "large_rot_frame": true,
      "small_air_mask": false
    },
    "webapi_port": null,
    "webapi_url": "https://mriqc.nimh.nih.gov/api/v1"
  },
  "qi_1": 0.0,
  "qi_2": 0.0008341790910694656,
  "rpve_csf": 15.353307928691002,
  "rpve_gm": 8.194899175864185,
  "rpve_wm": 11.64796898169531,
  "size_x": 192,
  "size_y": 256,
  "size_z": 256,
  "snr_csf": 2.7369046441496874,
  "snr_gm": 12.628081232596106,
  "snr_total": 12.500424509555913,
  "snr_wm": 22.136287651921943,
  "snrd_csf": 29.762365349591036,
  "snrd_gm": 73.00535993303048,
  "snrd_total": 66.59442129804461,
  "snrd_wm": 97.01553861151233,
  "spacing_x": 0.8800000548362732,
  "spacing_y": 0.875,
  "spacing_z": 0.875,
  "summary_bg_k": 7.6707358482490005,
  "summary_bg_mad": 0.0,
  "summary_bg_mean": 4.115849500293255,
  "summary_bg_median": 0.0,
  "summary_bg_n": 2013140.0,
  "summary_bg_p05": 0.0,
  "summary_bg_p95": 17.85269022732973,
  "summary_bg_stdv": 6.75307006737061,
  "summary_csf_k": 0.9307574914068422,
  "summary_csf_mad": 91.086915601099,
  "summary_csf_mean": 314.2092957569914,
  "summary_csf_median": 306.7870119512081,
  "summary_csf_n": 77205.0,
  "summary_csf_p05": 112.50186914205551,
  "summary_csf_p95": 510.6417951364071,
  "summary_csf_stdv": 112.09196702074212,
  "summary_gm_k": 0.3060963717337084,
  "summary_gm_mad": 56.52268423461054,
  "summary_gm_mean": 750.952651815054,
  "summary_gm_median": 752.5307873617858,
  "summary_gm_n": 52541.0,
  "summary_gm_p05": 649.6534132305533,
  "summary_gm_p95": 847.4542394503951,
  "summary_gm_stdv": 59.59128802704195,
  "summary_wm_k": 0.4392901978578525,
  "summary_wm_mad": 43.87993864387359,
  "summary_wm_mean": 1000.790247969555,
  "summary_wm_median": 1000.0249259043485,
  "summary_wm_n": 341181.0,
  "summary_wm_p05": 928.0157507974654,
  "summary_wm_p95": 1074.5025595761836,
  "summary_wm_stdv": 45.175752867583235,
  "tpm_overlap_csf": 0.16037841676872525,
  "tpm_overlap_gm": 0.45047975345385344,
  "tpm_overlap_wm": 0.49891529929269296,
  "wm2max": 0.8268802572983671
}