{
  "bids_meta": {
    "AcquisitionMatrixPE": 256,
    "AcquisitionNumber": 1,
    "AcquisitionTime": "11:10:46.370000",
    "BaseResolution": 256,
    "BodyPartExamined": "HEAD",
    "CoilString": "HE1-4;NE1_2",
    "ConsistencyInfo": "N4_VE11C_LATEST_20160120",
    "ConversionSoftware": "dcm2niix",
    "ConversionSoftwareVersion": "v1.0.20190410  (JP2:OpenJPEG) GCC7.3.0",
    "DeviceSerialNumber": "45250",
    "DwellTime": 7.2e-06,
    "EchoTime": 0.00188,
    "FlipAngle": 8,
    "ImageOrientationPatientDICOM": [
      0.0303237,
      0.997104,
      0.0697486,
      -0.0129785,
      0.0701676,
      -0.997451
    ],
    "ImageType": [
      "ORIGINAL",
      "PRIMARY",
      "M",
      "NORM",
      "DIS3D",
      "DIS2D"
    ],
    "ImagingFrequency": 123.239,
    "InPlanePhaseEncodingDirectionDICOM": "ROW",
    "InstitutionAddress": "deleted_by_bidsonym",
    "InstitutionName": "deleted_by_bidsonym",
    "InstitutionalDepartmentName": "deleted_by_bidsonym",
    "InversionTime": 1,
    "MRAcquisitionType": "3D",
    "MagneticFieldStrength": 3,
    "Manufacturer": "Siemens",
    "ManufacturersModelName": "Skyra",
    "Modality": "MR",
    "PartialFourier": 1,
    "PatientPosition": "HFS",
    "PercentPhaseFOV": 100,
    "PhaseEncodingSteps": 294,
    "PhaseOversampling": 0.15,
    "PhaseResolution": 1,
    "PixelBandwidth": 270,
    "ProcedureStepDescription": "deleted_by_bidsonym",
    "ProtocolName": "anat-T1w",
    "PulseSequenceDetails": "%SiemensSeq%_tfl",
    "ReceiveCoilActiveElements": "HE1-4;NE1,2",
    "ReceiveCoilName": "HeadNeck_20",
    "ReconMatrixPE": 256,
    "RefLinesPE": 24,
    "RepetitionTime": 1.68,
    "SAR": 0.0859382,
    "ScanOptions": "IR_WE",
    "ScanningSequence": "GR_IR",
    "SequenceName": "_tfl3d1_16ns",
    "SequenceVariant": "SK_SP_MP_OSP",
    "SeriesDescription": "anat-T1w",
    "SeriesNumber": 5,
    "ShimSetting": [
      -1120,
      -3135,
      -4727,
      -240,
      1046,
      -478,
      410,
      -906
    ],
    "SliceThickness": 0.88,
    "SoftwareVersions": "syngo_MR_E11",
    "StationName": "deleted_by_bidsonym",
    "TxRefAmp": 354.934,
    "dataset": "ds003176",
    "modality": "T1w",
    "session_id": "1",
    "subject_id": "101DPMB041009"
  },
  "cjv": 0.39504165888606285,
  "cnr": 3.416510657408798,
  "efc": 0.6146809431633037,
  "fber": 13170.43140625,
  "fwhm_avg": 4.415840884927658,
  "fwhm_x": 4.289488369068686,
  "fwhm_y": 4.429588571428572,
  "fwhm_z": 4.528445714285715,
  "icvs_csf": 0.19651073556284077,
  "icvs_gm": 0.44720943123266543,
  "icvs_wm": 0.3562798332044938,
  "inu_med": 0.4928338825702667,
  "inu_range": 0.2262809976935387,
  "provenance": {
    "md5sum": "01dcdd03ff963f6bedcb1fe2e8a86c7e",
    "settings": {
      "testing": false
    },
    "software": "mriqc",
    "version": "23.0.1",
    "warnings": {
      "large_rot_frame": true,
      "small_air_mask": false
    },
    "webapi_port": null,
    "webapi_url": "https://mriqc.nimh.nih.gov/api/v1"
  },
  "qi_1": 0.0,
  "qi_2": 0.0011029465785116546,
  "rpve_csf": 19.488283263008967,
  "rpve_gm": 9.112873161840607,
  "rpve_wm": 12.566289154682426,
  "size_x": 192,
  "size_y": 256,
  "size_z": 256,
  "snr_csf": 3.0870550875244707,
  "snr_gm": 14.240759159739582,
  "snr_total": 13.064930911702497,
  "snr_wm": 21.866978487843436,
  "snrd_csf": 39.45154952477892,
  "snrd_gm": 102.16393610619018,
  "snrd_total": 92.09706206682945,
  "snrd_wm": 134.67570056951928,
  "spacing_x": 0.8800000548362732,
  "spacing_y": 0.875,
  "spacing_z": 0.875,
  "summary_bg_k": 6.363764980685485,
  "summary_bg_mad": 4.864777571594163,
  "summary_bg_mean": 5.50257744395758,
  "summary_bg_median": 3.281242609024048,
  "summary_bg_n": 2208577.0,
  "summary_bg_p05": 0.0,
  "summary_bg_p95": 21.930031538009644,
  "summary_bg_stdv": 7.990687966567575,
  "summary_csf_k": 2.5407195345729425,
  "summary_csf_mad": 66.25197081314928,
  "summary_csf_mean": 304.4874720772575,
  "summary_csf_median": 292.9512286186218,
  "summary_csf_n": 75219.0,
  "summary_csf_p05": 171.3540429830551,
  "summary_csf_p95": 477.74184205532055,
  "summary_csf_stdv": 94.89603294544932,
  "summary_gm_k": 0.16937467874115386,
  "summary_gm_mad": 52.462601293666545,
  "summary_gm_mean": 757.1926225311652,
  "summary_gm_median": 758.628012418747,
  "summary_gm_n": 63207.0,
  "summary_gm_p05": 667.4141891002655,
  "summary_gm_p95": 842.3823201656342,
  "summary_gm_stdv": 53.27117766309244,
  "summary_wm_k": 0.6356599328630637,
  "summary_wm_mad": 42.90803814945643,
  "summary_wm_mean": 999.8973866137766,
  "summary_wm_median": 1000.0472078323364,
  "summary_wm_n": 300228.0,
  "summary_wm_p05": 925.947779417038,
  "summary_wm_p95": 1075.374151468277,
  "summary_wm_stdv": 45.73313788676042,
  "tpm_overlap_csf": 0.160034451134516,
  "tpm_overlap_gm": 0.46839816780355137,
  "tpm_overlap_wm": 0.5070678928189165,
  "wm2max": 0.8443248629795715
}