{
  "aor": 0.000351426003594967,
  "aqi": 0.02770547687237867,
  "bids_meta": {
    "AcquisitionMatrixPE": 80,
    "AcquisitionNumber": 1,
    "AcquisitionTime": "13:19:24.760000",
    "BandwidthPerPixelPhaseEncode": 24.038,
    "BaseResolution": 80,
    "BodyPartExamined": "HEAD",
    "CoilString": "HE1-4;NE1_2",
    "ConsistencyInfo": "N4_VE11C_LATEST_20160120",
    "ConversionSoftware": "dcm2niix",
    "ConversionSoftwareVersion": "v1.0.20190720  (JP2:OpenJPEG) GCC7.3.0",
    "DerivedVendorReportedEchoSpacing": 0.00052001,
    "DeviceSerialNumber": "45250",
    "DwellTime": 2.5e-06,
    "EchoTime": 0.0384,
    "EchoTrainLength": 80,
    "EffectiveEchoSpacing": 0.00052001,
    "FlipAngle": 60,
    "ImageComments": "Unaliased_MB4_PE3",
    "ImageOrientationPatientDICOM": [
      0.999282,
      0.0377082,
      -0.0036448,
      -0.036642,
      0.937607,
      -0.345761
    ],
    "ImageType": [
      "ORIGINAL",
      "PRIMARY",
      "M",
      "MB",
      "ND",
      "NORM",
      "MOSAIC"
    ],
    "ImagingFrequency": 123.239,
    "InPlanePhaseEncodingDirectionDICOM": "COL",
    "InstitutionAddress": "deleted_by_bidsonym",
    "InstitutionName": "deleted_by_bidsonym",
    "InstitutionalDepartmentName": "deleted_by_bidsonym",
    "MRAcquisitionType": "2D",
    "MagneticFieldStrength": 3,
    "Manufacturer": "Siemens",
    "ManufacturersModelName": "Skyra",
    "Modality": "MR",
    "MultibandAccelerationFactor": 4,
    "PartialFourier": 1,
    "PatientPosition": "HFS",
    "PercentPhaseFOV": 100,
    "PhaseEncodingDirection": "j-",
    "PhaseEncodingSteps": 80,
    "PhaseResolution": 1,
    "PixelBandwidth": 2500,
    "ProcedureStepDescription": "deleted_by_bidsonym",
    "ProtocolName": "func_task-EyeMag_acq-CMRR_run-01",
    "PulseSequenceDetails": "%CustomerSeq%_cmrr_mbep2d_bold",
    "ReceiveCoilActiveElements": "HE1-4;NE1,2",
    "ReceiveCoilName": "HeadNeck_20",
    "ReconMatrixPE": 80,
    "RepetitionTime": 1,
    "SAR": 0.100602,
    "ScanOptions": "FS",
    "ScanningSequence": "EP",
    "SequenceName": "epfid2d1_80",
    "SequenceVariant": "SK_SS",
    "SeriesDescription": "func_task-EyeMag_acq-CMRR_run-01",
    "SeriesNumber": 9,
    "ShimSetting": [
      -1088,
      -2908,
      -4132,
      555,
      1042,
      791,
      -330,
      -937
    ],
    "SliceThickness": 3,
    "SliceTiming": [
      0,
      0.4075,
      0.8175,
      0.245,
      0.6525,
      0.0825,
      0.49,
      0.8975,
      0.3275,
      0.735,
      0.1625,
      0.5725,
      0,
      0.4075,
      0.8175,
      0.245,
      0.6525,
      0.0825,
      0.49,
      0.8975,
      0.3275,
      0.735,
      0.1625,
      0.5725,
      0,
      0.4075,
      0.8175,
      0.245,
      0.6525,
      0.0825,
      0.49,
      0.8975,
      0.3275,
      0.735,
      0.1625,
      0.5725,
      0,
      0.4075,
      0.8175,
      0.245,
      0.6525,
      0.0825,
      0.49,
      0.8975,
      0.3275,
      0.735,
      0.1625,
      0.5725
    ],
    "SoftwareVersions": "syngo_MR_E11",
    "SpacingBetweenSlices": 3,
    "StationName": "deleted_by_bidsonym",
    "TaskName": "EyeMag",
    "TotalReadoutTime": 0.0410808,
    "TxRefAmp": 350.601,
    "WipMemBlock": "fe2256a8-f095-427c-8c87-d0d1c44b5a68||Sequence: R016 ve11c/master r/34fb20f; Nov 20 2017 15:15:15 by eja",
    "acq_id": "CMRR",
    "dataset": "ds003176",
    "modality": "bold",
    "run_id": 1,
    "session_id": "1",
    "subject_id": "101DPMB042031",
    "task_id": "EyeMag"
  },
  "dummy_trs": 0,
  "dvars_nstd": 27.819718922476042,
  "dvars_std": 1.140030341504799,
  "dvars_vstd": 0.9273821031294955,
  "efc": 0.4005440582990689,
  "fber": 8734.033203125,
  "fd_mean": 0.17186627345907557,
  "fd_num": 550,
  "fd_perc": 32.95386458957459,
  "fwhm_avg": 1.756231111111111,
  "fwhm_x": 1.7046766666666666,
  "fwhm_y": 1.8820233333333334,
  "fwhm_z": 1.6819933333333335,
  "gcor": 0.010341,
  "gsr_x": -0.005069496110081673,
  "gsr_y": 0.006588684394955635,
  "provenance": {
    "md5sum": "ba8737e33f1a00209303fe3e337132ce",
    "settings": {
      "fd_thres": 0.2,
      "testing": false
    },
    "software": "mriqc",
    "version": "23.0.1",
    "webapi_port": null,
    "webapi_url": "https://mriqc.nimh.nih.gov/api/v1"
  },
  "size_t": 1669,
  "size_x": 80,
  "size_y": 80,
  "size_z": 48,
  "snr": 6.226296122628175,
  "spacing_tr": 1.0,
  "spacing_x": 3.0,
  "spacing_y": 3.0,
  "spacing_z": 3.0,
  "summary_bg_k": 44.545622834860175,
  "summary_bg_mad": 50.024282352087056,
  "summary_bg_mean": 220.88973999023438,
  "summary_bg_median": 90.08837890625,
  "summary_bg_n": 224866.0,
  "summary_bg_p05": 44.63945484161377,
  "summary_bg_p95": 771.8731689453125,
  "summary_bg_stdv": 485.9877624511719,
  "summary_fg_k": 4.132571323245706,
  "summary_fg_mad": 1074.7588353249762,
  "summary_fg_mean": 8532.59375,
  "summary_fg_median": 8412.0673828125,
  "summary_fg_n": 35456.0,
  "summary_fg_p05": 6721.1416015625,
  "summary_fg_p95": 10663.832275390625,
  "summary_fg_stdv": 1351.0357666015625,
  "tsnr": 36.84703902254114
}