{
  "aor": 0.0003274239713774597,
  "aqi": 0.02473346124031008,
  "bids_meta": {
    "AcquisitionMatrixPE": 80,
    "AcquisitionNumber": 1,
    "AcquisitionTime": "16:20:33.765000",
    "BandwidthPerPixelPhaseEncode": 24.038,
    "BaseResolution": 80,
    "BodyPartExamined": "HEAD",
    "CoilString": "HE1-4;NE1_2",
    "ConsistencyInfo": "N4_VE11C_LATEST_20160120",
    "ConversionSoftware": "dcm2niix",
    "ConversionSoftwareVersion": "v1.0.20190720  (JP2:OpenJPEG) GCC7.3.0",
    "DerivedVendorReportedEchoSpacing": 0.00052001,
    "DeviceSerialNumber": "45250",
    "DwellTime": 2.5e-06,
    "EchoTime": 0.0384,
    "EchoTrainLength": 80,
    "EffectiveEchoSpacing": 0.00052001,
    "FlipAngle": 60,
    "ImageComments": "Unaliased_MB4_PE3",
    "ImageOrientationPatientDICOM": [
      0.996076,
      -0.0718397,
      0.0516873,
      0.0831177,
      0.959953,
      -0.267546
    ],
    "ImageType": [
      "ORIGINAL",
      "PRIMARY",
      "M",
      "MB",
      "ND",
      "NORM",
      "MOSAIC"
    ],
    "ImagingFrequency": 123.239,
    "InPlanePhaseEncodingDirectionDICOM": "COL",
    "InstitutionAddress": "deleted_by_bidsonym",
    "InstitutionName": "deleted_by_bidsonym",
    "InstitutionalDepartmentName": "deleted_by_bidsonym",
    "MRAcquisitionType": "2D",
    "MagneticFieldStrength": 3,
    "Manufacturer": "Siemens",
    "ManufacturersModelName": "Skyra",
    "Modality": "MR",
    "MultibandAccelerationFactor": 4,
    "PartialFourier": 1,
    "PatientPosition": "HFS",
    "PercentPhaseFOV": 100,
    "PhaseEncodingDirection": "j-",
    "PhaseEncodingSteps": 80,
    "PhaseResolution": 1,
    "PixelBandwidth": 2500,
    "ProcedureStepDescription": "deleted_by_bidsonym",
    "ProtocolName": "func_task-EyeMag_acq-CMRR_run-01",
    "PulseSequenceDetails": "%CustomerSeq%_cmrr_mbep2d_bold",
    "ReceiveCoilActiveElements": "HE1-4;NE1,2",
    "ReceiveCoilName": "HeadNeck_20",
    "ReconMatrixPE": 80,
    "RepetitionTime": 1,
    "SAR": 0.0940517,
    "ScanOptions": "FS",
    "ScanningSequence": "EP",
    "SequenceName": "epfid2d1_80",
    "SequenceVariant": "SK_SS",
    "SeriesDescription": "func_task-EyeMag_acq-CMRR_run-01",
    "SeriesNumber": 9,
    "ShimSetting": [
      -1155,
      -2975,
      -4170,
      490,
      620,
      608,
      -314,
      -940
    ],
    "SliceThickness": 3,
    "SliceTiming": [
      0,
      0.41,
      0.8175,
      0.245,
      0.655,
      0.0825,
      0.49,
      0.9,
      0.3275,
      0.735,
      0.165,
      0.5725,
      0,
      0.41,
      0.8175,
      0.245,
      0.655,
      0.0825,
      0.49,
      0.9,
      0.3275,
      0.735,
      0.165,
      0.5725,
      0,
      0.41,
      0.8175,
      0.245,
      0.655,
      0.0825,
      0.49,
      0.9,
      0.3275,
      0.735,
      0.165,
      0.5725,
      0,
      0.41,
      0.8175,
      0.245,
      0.655,
      0.0825,
      0.49,
      0.9,
      0.3275,
      0.735,
      0.165,
      0.5725
    ],
    "SoftwareVersions": "syngo_MR_E11",
    "SpacingBetweenSlices": 3,
    "StationName": "deleted_by_bidsonym",
    "TaskName": "EyeMag",
    "TotalReadoutTime": 0.0410808,
    "TxRefAmp": 354.782,
    "WipMemBlock": "2da1177d-f3d3-4b81-bac1-cada5e48708e||Sequence: R016 ve11c/master r/34fb20f; Nov 20 2017 15:15:15 by eja",
    "acq_id": "CMRR",
    "dataset": "ds003176",
    "modality": "bold",
    "run_id": 1,
    "session_id": "1",
    "subject_id": "101DPMB042016",
    "task_id": "EyeMag"
  },
  "dummy_trs": 0,
  "dvars_nstd": 32.84234070497611,
  "dvars_std": 1.2278608423269697,
  "dvars_vstd": 0.9630941359367536,
  "efc": 0.3843159133879545,
  "fber": 7863.564453125,
  "fd_mean": 0.19555427098251393,
  "fd_num": 683,
  "fd_perc": 40.727489564698864,
  "fwhm_avg": 1.701131111111111,
  "fwhm_x": 1.5707833333333332,
  "fwhm_y": 1.8705066666666665,
  "fwhm_z": 1.6621033333333333,
  "gcor": 0.0143608,
  "gsr_x": -0.02173433266580105,
  "gsr_y": 0.01888352259993553,
  "provenance": {
    "md5sum": "00223fd37c6169c3804e086046eee095",
    "settings": {
      "fd_thres": 0.2,
      "testing": false
    },
    "software": "mriqc",
    "version": "23.0.1",
    "webapi_port": null,
    "webapi_url": "https://mriqc.nimh.nih.gov/api/v1"
  },
  "size_t": 1677,
  "size_x": 80,
  "size_y": 80,
  "size_z": 48,
  "snr": 6.288515642461674,
  "spacing_tr": 1.0,
  "spacing_x": 3.0,
  "spacing_y": 3.0,
  "spacing_z": 3.0,
  "summary_bg_k": 74.25966903503341,
  "summary_bg_mad": 45.844082614416635,
  "summary_bg_mean": 204.62088012695312,
  "summary_bg_median": 88.77418518066406,
  "summary_bg_n": 230559.0,
  "summary_bg_p05": 45.642754364013676,
  "summary_bg_p95": 667.2088073730469,
  "summary_bg_stdv": 432.9653015136719,
  "summary_fg_k": 3.9123163302295874,
  "summary_fg_mad": 1041.5251627927273,
  "summary_fg_mean": 8015.37109375,
  "summary_fg_median": 7907.2021484375,
  "summary_fg_n": 30801.0,
  "summary_fg_p05": 6364.34765625,
  "summary_fg_p95": 10006.517578125,
  "summary_fg_stdv": 1257.3831787109375,
  "tsnr": 38.42160415649414
}