{
  "aor": 0.0004831812725090036,
  "aqi": 0.020172218709483793,
  "bids_meta": {
    "AcquisitionMatrixPE": 80,
    "AcquisitionNumber": 1,
    "AcquisitionTime": "14:29:3.660000",
    "BandwidthPerPixelPhaseEncode": 24.038,
    "BaseResolution": 80,
    "BodyPartExamined": "HEAD",
    "CoilString": "HE1-4;NE1_2",
    "ConsistencyInfo": "N4_VE11C_LATEST_20160120",
    "ConversionSoftware": "dcm2niix",
    "ConversionSoftwareVersion": "v1.0.20190410  (JP2:OpenJPEG) GCC7.3.0",
    "DerivedVendorReportedEchoSpacing": 0.00052001,
    "DeviceSerialNumber": "45250",
    "DwellTime": 2.5e-06,
    "EchoTime": 0.0384,
    "EchoTrainLength": 80,
    "EffectiveEchoSpacing": 0.00052001,
    "FlipAngle": 60,
    "ImageComments": "Unaliased_MB4_PE3",
    "ImageOrientationPatientDICOM": [
      0.99531,
      0.0793083,
      0.0553875,
      -0.0608758,
      0.958499,
      -0.278522
    ],
    "ImageType": [
      "ORIGINAL",
      "PRIMARY",
      "M",
      "MB",
      "ND",
      "NORM",
      "MOSAIC"
    ],
    "ImagingFrequency": 123.239,
    "InPlanePhaseEncodingDirectionDICOM": "COL",
    "InstitutionAddress": "deleted_by_bidsonym",
    "InstitutionName": "deleted_by_bidsonym",
    "InstitutionalDepartmentName": "deleted_by_bidsonym",
    "MRAcquisitionType": "2D",
    "MagneticFieldStrength": 3,
    "Manufacturer": "Siemens",
    "ManufacturersModelName": "Skyra",
    "Modality": "MR",
    "MultibandAccelerationFactor": 4,
    "PartialFourier": 1,
    "PatientPosition": "HFS",
    "PercentPhaseFOV": 100,
    "PhaseEncodingDirection": "j-",
    "PhaseEncodingSteps": 80,
    "PhaseResolution": 1,
    "PixelBandwidth": 2500,
    "ProcedureStepDescription": "deleted_by_bidsonym",
    "ProtocolName": "func_task-EyeMag_acq-CMRR_run-01",
    "PulseSequenceDetails": "%CustomerSeq%_cmrr_mbep2d_bold",
    "ReceiveCoilActiveElements": "HE1-4;NE1,2",
    "ReceiveCoilName": "HeadNeck_20",
    "ReconMatrixPE": 80,
    "RepetitionTime": 1,
    "SAR": 0.0981662,
    "ScanOptions": "FS",
    "ScanningSequence": "EP",
    "SequenceName": "epfid2d1_80",
    "SequenceVariant": "SK_SS",
    "SeriesDescription": "func_task-EyeMag_acq-CMRR_run-01",
    "SeriesNumber": 9,
    "ShimSetting": [
      -1115,
      -3075,
      -4242,
      281,
      776,
      301,
      390,
      -845
    ],
    "SliceThickness": 3,
    "SliceTiming": [
      0,
      0.4075,
      0.815,
      0.245,
      0.6525,
      0.08,
      0.49,
      0.8975,
      0.325,
      0.735,
      0.1625,
      0.57,
      0,
      0.4075,
      0.815,
      0.245,
      0.6525,
      0.08,
      0.49,
      0.8975,
      0.325,
      0.735,
      0.1625,
      0.57,
      0,
      0.4075,
      0.815,
      0.245,
      0.6525,
      0.08,
      0.49,
      0.8975,
      0.325,
      0.735,
      0.1625,
      0.57,
      0,
      0.4075,
      0.815,
      0.245,
      0.6525,
      0.08,
      0.49,
      0.8975,
      0.325,
      0.735,
      0.1625,
      0.57
    ],
    "SoftwareVersions": "syngo_MR_E11",
    "SpacingBetweenSlices": 3,
    "StationName": "deleted_by_bidsonym",
    "TaskName": "EyeMag",
    "TotalReadoutTime": 0.0410808,
    "TxRefAmp": 380.357,
    "WipMemBlock": "3966fa0f-6eae-4c1c-beb9-8eb403b7860f||Sequence: R016 ve11c/master r/34fb20f; Nov 20 2017 15:15:15 by eja",
    "acq_id": "CMRR",
    "dataset": "ds003176",
    "modality": "bold",
    "run_id": 1,
    "session_id": "1",
    "subject_id": "101DPMB041007",
    "task_id": "EyeMag"
  },
  "dummy_trs": 0,
  "dvars_nstd": 34.385262633051006,
  "dvars_std": 1.2657641843063063,
  "dvars_vstd": 0.9693715024504511,
  "efc": 0.4104460002718945,
  "fber": 6471.2099609375,
  "fd_mean": 0.23589522751885622,
  "fd_num": 898,
  "fd_perc": 53.9015606242497,
  "fwhm_avg": 1.6966566666666667,
  "fwhm_x": 1.5877800000000002,
  "fwhm_y": 1.8668066666666665,
  "fwhm_z": 1.6353833333333334,
  "gcor": 0.0145965,
  "gsr_x": -0.017322354018688202,
  "gsr_y": 0.012446261942386627,
  "provenance": {
    "md5sum": "67d7c3eda8aa08a5fd8ac64b7e051f94",
    "settings": {
      "fd_thres": 0.2,
      "testing": false
    },
    "software": "mriqc",
    "version": "23.0.1",
    "webapi_port": null,
    "webapi_url": "https://mriqc.nimh.nih.gov/api/v1"
  },
  "size_t": 1666,
  "size_x": 80,
  "size_y": 80,
  "size_z": 48,
  "snr": 6.0738470645566895,
  "spacing_tr": 1.0,
  "spacing_x": 3.0,
  "spacing_y": 3.0,
  "spacing_z": 3.0,
  "summary_bg_k": 84.87162110518379,
  "summary_bg_mad": 60.51085220063888,
  "summary_bg_mean": 242.23831176757812,
  "summary_bg_median": 100.93968200683594,
  "summary_bg_n": 224399.0,
  "summary_bg_p05": 49.85580978393555,
  "summary_bg_p95": 863.369805908203,
  "summary_bg_stdv": 462.0023193359375,
  "summary_fg_k": 3.927514612726749,
  "summary_fg_mad": 1138.7250130726106,
  "summary_fg_mean": 8258.43359375,
  "summary_fg_median": 8159.203125,
  "summary_fg_n": 35446.0,
  "summary_fg_p05": 6457.586181640625,
  "summary_fg_p95": 10352.0908203125,
  "summary_fg_stdv": 1343.314697265625,
  "tsnr": 39.61029815673828
}