{
  "bids_meta": {
    "AcquisitionMatrixPE": 256,
    "AcquisitionNumber": 1,
    "AcquisitionTime": "11:03:55.962500",
    "BaseResolution": 256,
    "BodyPartExamined": "HEAD",
    "CoilString": "HE1-4;NE1_2",
    "ConsistencyInfo": "N4_VE11C_LATEST_20160120",
    "ConversionSoftware": "dcm2niix",
    "ConversionSoftwareVersion": "v1.0.20190720  (JP2:OpenJPEG) GCC7.3.0",
    "DeviceSerialNumber": "45250",
    "DwellTime": 7.2e-06,
    "EchoTime": 0.00188,
    "FlipAngle": 8,
    "ImageOrientationPatientDICOM": [
      0.0660241,
      0.997817,
      0.00174463,
      -0.0278968,
      0.00359364,
      -0.999604
    ],
    "ImageType": [
      "ORIGINAL",
      "PRIMARY",
      "M",
      "NORM",
      "DIS3D",
      "DIS2D"
    ],
    "ImagingFrequency": 123.239,
    "InPlanePhaseEncodingDirectionDICOM": "ROW",
    "InstitutionAddress": "deleted_by_bidsonym",
    "InstitutionName": "deleted_by_bidsonym",
    "InstitutionalDepartmentName": "deleted_by_bidsonym",
    "InversionTime": 1,
    "MRAcquisitionType": "3D",
    "MagneticFieldStrength": 3,
    "Manufacturer": "Siemens",
    "ManufacturersModelName": "Skyra",
    "Modality": "MR",
    "ParallelReductionFactorInPlane": 2,
    "PartialFourier": 1,
    "PatientPosition": "HFS",
    "PercentPhaseFOV": 100,
    "PhaseEncodingSteps": 294,
    "PhaseOversampling": 0.15,
    "PhaseResolution": 1,
    "PixelBandwidth": 270,
    "ProcedureStepDescription": "deleted_by_bidsonym",
    "ProtocolName": "anat-T1w",
    "PulseSequenceDetails": "%SiemensSeq%_tfl",
    "ReceiveCoilActiveElements": "HE1-4;NE1,2",
    "ReceiveCoilName": "HeadNeck_20",
    "ReconMatrixPE": 256,
    "RefLinesPE": 24,
    "RepetitionTime": 1.68,
    "SAR": 0.0834949,
    "ScanOptions": "IR_WE",
    "ScanningSequence": "GR_IR",
    "SequenceName": "_tfl3d1_16ns",
    "SequenceVariant": "SK_SP_MP_OSP",
    "SeriesDescription": "anat-T1w",
    "SeriesNumber": 5,
    "ShimSetting": [
      -1124,
      -3162,
      -4433,
      26,
      951,
      -485,
      175,
      -822
    ],
    "SliceThickness": 0.88,
    "SoftwareVersions": "syngo_MR_E11",
    "StationName": "deleted_by_bidsonym",
    "TxRefAmp": 362.233,
    "dataset": "ds003176",
    "modality": "T1w",
    "session_id": "1",
    "subject_id": "101DPMB041026"
  },
  "cjv": 0.3904923301166795,
  "cnr": 3.455677110167627,
  "efc": 0.6513470697025466,
  "fber": 9109.725478950957,
  "fwhm_avg": 4.193952988292839,
  "fwhm_x": 4.1066361077356595,
  "fwhm_y": 4.184102857142857,
  "fwhm_z": 4.29112,
  "icvs_csf": 0.18028074083530837,
  "icvs_gm": 0.4678470886451954,
  "icvs_wm": 0.3518721705194962,
  "inu_med": 0.5197967290878296,
  "inu_range": 0.23788461089134216,
  "provenance": {
    "md5sum": "00e13441cd463b21ed96982c53a99686",
    "settings": {
      "testing": false
    },
    "software": "mriqc",
    "version": "23.0.1",
    "warnings": {
      "large_rot_frame": true,
      "small_air_mask": false
    },
    "webapi_port": null,
    "webapi_url": "https://mriqc.nimh.nih.gov/api/v1"
  },
  "qi_1": 0.0,
  "qi_2": 0.0008779077396498652,
  "rpve_csf": 20.26131934519943,
  "rpve_gm": 8.625970410680313,
  "rpve_wm": 12.33677716649464,
  "size_x": 192,
  "size_y": 256,
  "size_z": 256,
  "snr_csf": 2.918716939169256,
  "snr_gm": 13.502711367491212,
  "snr_total": 12.167100615233531,
  "snr_wm": 20.079873539040122,
  "snrd_csf": 38.31994136571805,
  "snrd_gm": 92.19951298109606,
  "snrd_total": 84.93299604293014,
  "snrd_wm": 124.2795337819763,
  "spacing_x": 0.8800000548362732,
  "spacing_y": 0.875,
  "spacing_z": 0.875,
  "summary_bg_k": 5.383237082090055,
  "summary_bg_mad": 5.271758394148332,
  "summary_bg_mean": 6.179919492315137,
  "summary_bg_median": 3.555747002363205,
  "summary_bg_n": 2334133.0,
  "summary_bg_p05": 0.0,
  "summary_bg_p95": 24.728604152798653,
  "summary_bg_stdv": 8.991014161651696,
  "summary_csf_k": 1.6960923031772088,
  "summary_csf_mad": 78.83675053067277,
  "summary_csf_mean": 312.36181974305237,
  "summary_csf_median": 308.3533025458455,
  "summary_csf_n": 55737.0,
  "summary_csf_p05": 114.08021632581949,
  "summary_csf_p95": 494.9384327471254,
  "summary_csf_stdv": 105.64592004448068,
  "summary_gm_k": 0.1625538982559136,
  "summary_gm_mad": 54.07546110361243,
  "summary_gm_mean": 739.817245340665,
  "summary_gm_median": 741.9119995385408,
  "summary_gm_n": 83650.0,
  "summary_gm_p05": 646.3917050659657,
  "summary_gm_p95": 826.8337435711176,
  "summary_gm_stdv": 54.94508063699308,
  "summary_wm_k": 0.6074790234178549,
  "summary_wm_mad": 46.72694940267839,
  "summary_wm_mean": 998.4309913292187,
  "summary_wm_median": 1000.0538444146514,
  "summary_wm_n": 295766.0,
  "summary_wm_p05": 915.8742278814316,
  "summary_wm_p95": 1078.2533409893513,
  "summary_wm_stdv": 49.803707769983504,
  "tpm_overlap_csf": 0.15775852120968067,
  "tpm_overlap_gm": 0.4687707970058931,
  "tpm_overlap_wm": 0.4890318979710926,
  "wm2max": 0.7878470752856219
}