{
  "bids_meta": {
    "AcquisitionMatrixPE": 256,
    "AcquisitionNumber": 1,
    "AcquisitionTime": "13:39:25.155000",
    "BaseResolution": 256,
    "BodyPartExamined": "HEAD",
    "CoilString": "HE1-4;NE1_2",
    "ConsistencyInfo": "N4_VE11C_LATEST_20160120",
    "ConversionSoftware": "dcm2niix",
    "ConversionSoftwareVersion": "v1.0.20190410  (JP2:OpenJPEG) GCC7.3.0",
    "DeviceSerialNumber": "45250",
    "DwellTime": 7.2e-06,
    "EchoTime": 0.00188,
    "FlipAngle": 8,
    "ImageOrientationPatientDICOM": [
      0.0850423,
      0.996254,
      0.0156961,
      -0.0362449,
      0.0188359,
      -0.999165
    ],
    "ImageType": [
      "ORIGINAL",
      "PRIMARY",
      "M",
      "NORM",
      "DIS3D",
      "DIS2D"
    ],
    "ImagingFrequency": 123.239,
    "InPlanePhaseEncodingDirectionDICOM": "ROW",
    "InstitutionAddress": "deleted_by_bidsonym",
    "InstitutionName": "deleted_by_bidsonym",
    "InstitutionalDepartmentName": "deleted_by_bidsonym",
    "InversionTime": 1,
    "MRAcquisitionType": "3D",
    "MagneticFieldStrength": 3,
    "Manufacturer": "Siemens",
    "ManufacturersModelName": "Skyra",
    "Modality": "MR",
    "PartialFourier": 1,
    "PatientPosition": "HFS",
    "PercentPhaseFOV": 100,
    "PhaseEncodingSteps": 294,
    "PhaseOversampling": 0.15,
    "PhaseResolution": 1,
    "PixelBandwidth": 270,
    "ProcedureStepDescription": "deleted_by_bidsonym",
    "ProtocolName": "anat-T1w",
    "PulseSequenceDetails": "%SiemensSeq%_tfl",
    "ReceiveCoilActiveElements": "HE1-4;NE1,2",
    "ReceiveCoilName": "HeadNeck_20",
    "ReconMatrixPE": 256,
    "RefLinesPE": 24,
    "RepetitionTime": 1.68,
    "SAR": 0.0874627,
    "ScanOptions": "IR_WE",
    "ScanningSequence": "GR_IR",
    "SequenceName": "_tfl3d1_16ns",
    "SequenceVariant": "SK_SP_MP_OSP",
    "SeriesDescription": "anat-T1w",
    "SeriesNumber": 5,
    "ShimSetting": [
      -1144,
      -3063,
      -4564,
      5,
      965,
      -453,
      305,
      -865
    ],
    "SliceThickness": 0.88,
    "SoftwareVersions": "syngo_MR_E11",
    "StationName": "deleted_by_bidsonym",
    "TxRefAmp": 351.083,
    "dataset": "ds003176",
    "modality": "T1w",
    "session_id": "1",
    "subject_id": "101DPMB042006"
  },
  "cjv": 0.3616918721910218,
  "cnr": 3.6966281754342876,
  "efc": 0.5796496677582982,
  "fber": 12741.7387039239,
  "fwhm_avg": 4.3394842183596545,
  "fwhm_x": 4.2847383693646774,
  "fwhm_y": 4.354708571428572,
  "fwhm_z": 4.379005714285714,
  "icvs_csf": 0.22931344264083992,
  "icvs_gm": 0.4503452889845995,
  "icvs_wm": 0.32034126837456056,
  "inu_med": 0.48233509063720703,
  "inu_range": 0.17942606061697003,
  "provenance": {
    "md5sum": "f0c9aeeaef6a9a6ecfca635a30dd778f",
    "settings": {
      "testing": false
    },
    "software": "mriqc",
    "version": "23.0.1",
    "warnings": {
      "large_rot_frame": true,
      "small_air_mask": false
    },
    "webapi_port": null,
    "webapi_url": "https://mriqc.nimh.nih.gov/api/v1"
  },
  "qi_1": 0.0,
  "qi_2": 0.0008301123881395488,
  "rpve_csf": 22.359453212492888,
  "rpve_gm": 11.808322782733098,
  "rpve_wm": 18.085399987264317,
  "size_x": 192,
  "size_y": 256,
  "size_z": 256,
  "snr_csf": 2.881766975063285,
  "snr_gm": 13.683072927695578,
  "snr_total": 13.259352493078014,
  "snr_wm": 23.213217576475177,
  "snrd_csf": 26.62563990625953,
  "snrd_gm": 68.32985234044736,
  "snrd_total": 62.32629358613232,
  "snrd_wm": 92.02338851169007,
  "spacing_x": 0.8800000548362732,
  "spacing_y": 0.875,
  "spacing_z": 0.875,
  "summary_bg_k": 7.567637053130353,
  "summary_bg_mad": 0.0,
  "summary_bg_mean": 4.8040223321713045,
  "summary_bg_median": 0.0,
  "summary_bg_n": 2421220.0,
  "summary_bg_p05": 0.0,
  "summary_bg_p95": 19.229970831423998,
  "summary_bg_stdv": 7.119385435587251,
  "summary_csf_k": 1.574733183737668,
  "summary_csf_mad": 67.6007049853236,
  "summary_csf_mean": 299.8438500753747,
  "summary_csf_median": 289.3415675908327,
  "summary_csf_n": 69238.0,
  "summary_csf_p05": 112.69136304706338,
  "summary_csf_p95": 480.233774803765,
  "summary_csf_stdv": 100.40349570806934,
  "summary_gm_k": 0.17187906916943785,
  "summary_gm_mad": 52.43821747041708,
  "summary_gm_mean": 740.3752012944153,
  "summary_gm_median": 742.5424011982977,
  "summary_gm_n": 62253.0,
  "summary_gm_p05": 647.5334838218987,
  "summary_gm_p95": 826.992467276752,
  "summary_gm_stdv": 54.26678942584753,
  "summary_wm_k": 0.458847670707879,
  "summary_wm_mad": 40.68959631282217,
  "summary_wm_mean": 998.6051151425254,
  "summary_wm_median": 1000.0207161493599,
  "summary_wm_n": 207216.0,
  "summary_wm_p05": 926.705155835487,
  "summary_wm_p95": 1068.0205482803285,
  "summary_wm_stdv": 43.079693707296244,
  "tpm_overlap_csf": 0.16129808532057877,
  "tpm_overlap_gm": 0.4905780816735928,
  "tpm_overlap_wm": 0.5258974562339448,
  "wm2max": 0.8937815188371403
}