{
  "bids_meta": {
    "AcquisitionMatrixPE": 256,
    "AcquisitionNumber": 1,
    "AcquisitionTime": "11:17:1.472500",
    "BaseResolution": 256,
    "BodyPartExamined": "HEAD",
    "CoilString": "HE1-4;NE1_2",
    "ConsistencyInfo": "N4_VE11C_LATEST_20160120",
    "ConversionSoftware": "dcm2niix",
    "ConversionSoftwareVersion": "v1.0.20190720  (JP2:OpenJPEG) GCC7.3.0",
    "DeviceSerialNumber": "45250",
    "DwellTime": 7.2e-06,
    "EchoTime": 0.00188,
    "FlipAngle": 8,
    "ImageOrientationPatientDICOM": [
      0.0279244,
      0.994837,
      0.097567,
      -0.015387,
      0.0980213,
      -0.995065
    ],
    "ImageType": [
      "ORIGINAL",
      "PRIMARY",
      "M",
      "NORM",
      "DIS3D",
      "DIS2D"
    ],
    "ImagingFrequency": 123.239,
    "InPlanePhaseEncodingDirectionDICOM": "ROW",
    "InstitutionAddress": "deleted_by_bidsonym",
    "InstitutionName": "deleted_by_bidsonym",
    "InstitutionalDepartmentName": "deleted_by_bidsonym",
    "InversionTime": 1,
    "MRAcquisitionType": "3D",
    "MagneticFieldStrength": 3,
    "Manufacturer": "Siemens",
    "ManufacturersModelName": "Skyra",
    "Modality": "MR",
    "ParallelReductionFactorInPlane": 2,
    "PartialFourier": 1,
    "PatientPosition": "HFS",
    "PercentPhaseFOV": 100,
    "PhaseEncodingSteps": 294,
    "PhaseOversampling": 0.15,
    "PhaseResolution": 1,
    "PixelBandwidth": 270,
    "ProcedureStepDescription": "deleted_by_bidsonym",
    "ProtocolName": "anat-T1w",
    "PulseSequenceDetails": "%SiemensSeq%_tfl",
    "ReceiveCoilActiveElements": "HE1-4;NE1,2",
    "ReceiveCoilName": "HeadNeck_20",
    "ReconMatrixPE": 256,
    "RefLinesPE": 24,
    "RepetitionTime": 1.68,
    "SAR": 0.0727551,
    "ScanOptions": "IR_WE",
    "ScanningSequence": "GR_IR",
    "SequenceName": "_tfl3d1_16ns",
    "SequenceVariant": "SK_SP_MP_OSP",
    "SeriesDescription": "anat-T1w",
    "SeriesNumber": 5,
    "ShimSetting": [
      -1104,
      -3222,
      -4456,
      41,
      996,
      -571,
      312,
      -801
    ],
    "SliceThickness": 0.88,
    "SoftwareVersions": "syngo_MR_E11",
    "StationName": "deleted_by_bidsonym",
    "TxRefAmp": 370.866,
    "dataset": "ds003176",
    "modality": "T1w",
    "session_id": "1",
    "subject_id": "101DPMB041030"
  },
  "cjv": 0.3593888004901617,
  "cnr": 3.7665001621941148,
  "efc": 0.611727134640923,
  "fber": 18615.36722818578,
  "fwhm_avg": 4.34648084317422,
  "fwhm_x": 4.215511100951229,
  "fwhm_y": 4.4301257142857144,
  "fwhm_z": 4.3938057142857145,
  "icvs_csf": 0.18836477993144995,
  "icvs_gm": 0.44293186271179114,
  "icvs_wm": 0.3687033573567589,
  "inu_med": 0.4351491332054138,
  "inu_range": 0.17707958221435544,
  "provenance": {
    "md5sum": "383876d684da2e56a18ffed479c27c15",
    "settings": {
      "testing": false
    },
    "software": "mriqc",
    "version": "23.0.1",
    "warnings": {
      "large_rot_frame": true,
      "small_air_mask": false
    },
    "webapi_port": null,
    "webapi_url": "https://mriqc.nimh.nih.gov/api/v1"
  },
  "qi_1": 0.0,
  "qi_2": 0.001057641977372531,
  "rpve_csf": 20.219694440212265,
  "rpve_gm": 9.390403855585603,
  "rpve_wm": 12.774082030969998,
  "size_x": 192,
  "size_y": 256,
  "size_z": 256,
  "snr_csf": 2.838047847908681,
  "snr_gm": 13.160743366601489,
  "snr_total": 13.739117777036734,
  "snr_wm": 25.218562116600033,
  "snrd_csf": 48.0489388151697,
  "snrd_gm": 113.32798388780517,
  "snrd_total": 104.87240725354941,
  "snrd_wm": 153.24029905767335,
  "spacing_x": 0.8800000548362732,
  "spacing_y": 0.875,
  "spacing_z": 0.875,
  "summary_bg_k": 6.809581973093492,
  "summary_bg_mad": 4.275407970214611,
  "summary_bg_mean": 4.897275975839904,
  "summary_bg_median": 2.88371885381639,
  "summary_bg_n": 2160656.0,
  "summary_bg_p05": 0.0,
  "summary_bg_p95": 19.64397956058383,
  "summary_bg_stdv": 7.196916827711328,
  "summary_csf_k": 1.291315713699908,
  "summary_csf_mad": 85.28313793217568,
  "summary_csf_mean": 316.6040109058316,
  "summary_csf_median": 313.56648168340325,
  "summary_csf_n": 55417.0,
  "summary_csf_p05": 107.20929507203401,
  "summary_csf_p95": 504.45566054806113,
  "summary_csf_stdv": 110.48568217320758,
  "summary_gm_k": 0.14454833164545056,
  "summary_gm_mad": 55.25884436690915,
  "summary_gm_mean": 738.6323990689854,
  "summary_gm_median": 739.5763165690005,
  "summary_gm_n": 72705.0,
  "summary_gm_p05": 644.4135943930596,
  "summary_gm_p95": 830.0340237729251,
  "summary_gm_stdv": 56.19524747238371,
  "summary_wm_k": 0.36308835693593133,
  "summary_wm_mad": 38.35008803357918,
  "summary_wm_mean": 998.9712089506004,
  "summary_wm_median": 1000.0433435682207,
  "summary_wm_n": 331933.0,
  "summary_wm_p05": 932.7854797746986,
  "summary_wm_p95": 1062.1191862635314,
  "summary_wm_stdv": 39.65499034203216,
  "tpm_overlap_csf": 0.16101897543905547,
  "tpm_overlap_gm": 0.469065187733759,
  "tpm_overlap_wm": 0.5284033596509875,
  "wm2max": 0.8950961151250703
}