{
  "bids_meta": {
    "AcquisitionMatrixPE": 256,
    "AcquisitionNumber": 1,
    "AcquisitionTime": "10:18:29.232500",
    "BaseResolution": 256,
    "BodyPartExamined": "HEAD",
    "CoilString": "HE1-4;NE1_2",
    "ConsistencyInfo": "N4_VE11C_LATEST_20160120",
    "ConversionSoftware": "dcm2niix",
    "ConversionSoftwareVersion": "v1.0.20190720  (JP2:OpenJPEG) GCC7.3.0",
    "DeviceSerialNumber": "45250",
    "DwellTime": 7.2e-06,
    "EchoTime": 0.00188,
    "FlipAngle": 8,
    "ImageOrientationPatientDICOM": [
      0.0966578,
      0.994974,
      -0.0261538,
      -0.0444127,
      -0.0219391,
      -0.998772
    ],
    "ImageType": [
      "ORIGINAL",
      "PRIMARY",
      "M",
      "NORM",
      "DIS3D",
      "DIS2D"
    ],
    "ImagingFrequency": 123.239,
    "InPlanePhaseEncodingDirectionDICOM": "ROW",
    "InstitutionAddress": "deleted_by_bidsonym",
    "InstitutionName": "deleted_by_bidsonym",
    "InstitutionalDepartmentName": "deleted_by_bidsonym",
    "InversionTime": 1,
    "MRAcquisitionType": "3D",
    "MagneticFieldStrength": 3,
    "Manufacturer": "Siemens",
    "ManufacturersModelName": "Skyra",
    "Modality": "MR",
    "ParallelReductionFactorInPlane": 2,
    "PartialFourier": 1,
    "PatientPosition": "HFS",
    "PercentPhaseFOV": 100,
    "PhaseEncodingSteps": 294,
    "PhaseOversampling": 0.15,
    "PhaseResolution": 1,
    "PixelBandwidth": 270,
    "ProcedureStepDescription": "deleted_by_bidsonym",
    "ProtocolName": "anat-T1w",
    "PulseSequenceDetails": "%SiemensSeq%_tfl",
    "ReceiveCoilActiveElements": "HE1-4;NE1,2",
    "ReceiveCoilName": "HeadNeck_20",
    "ReconMatrixPE": 256,
    "RefLinesPE": 24,
    "RepetitionTime": 1.68,
    "SAR": 0.0852386,
    "ScanOptions": "IR_WE",
    "ScanningSequence": "GR_IR",
    "SequenceName": "_tfl3d1_16ns",
    "SequenceVariant": "SK_SP_MP_OSP",
    "SeriesDescription": "anat-T1w",
    "SeriesNumber": 5,
    "ShimSetting": [
      -1120,
      -3078,
      -4466,
      183,
      979,
      -400,
      -86,
      -787
    ],
    "SliceThickness": 0.88,
    "SoftwareVersions": "syngo_MR_E11",
    "StationName": "deleted_by_bidsonym",
    "TxRefAmp": 352.02,
    "dataset": "ds003176",
    "modality": "T1w",
    "session_id": "1",
    "subject_id": "101DPMB042029"
  },
  "cjv": 0.36067234162113093,
  "cnr": 3.6463632806975657,
  "efc": 0.5990950661754472,
  "fber": 12239.292594873537,
  "fwhm_avg": 4.451939349329483,
  "fwhm_x": 4.231795190845594,
  "fwhm_y": 4.586799999999999,
  "fwhm_z": 4.537222857142857,
  "icvs_csf": 0.19487515697599864,
  "icvs_gm": 0.4673288343428404,
  "icvs_wm": 0.337796008681161,
  "inu_med": 0.49331703782081604,
  "inu_range": 0.2253466963768005,
  "provenance": {
    "md5sum": "d868c76ce9fc8158b2a8372be2aa59cb",
    "settings": {
      "testing": false
    },
    "software": "mriqc",
    "version": "23.0.1",
    "warnings": {
      "large_rot_frame": true,
      "small_air_mask": false
    },
    "webapi_port": null,
    "webapi_url": "https://mriqc.nimh.nih.gov/api/v1"
  },
  "qi_1": 0.0,
  "qi_2": 0.0008888813549685245,
  "rpve_csf": 20.32305852956938,
  "rpve_gm": 9.262679324768092,
  "rpve_wm": 13.929069164741577,
  "size_x": 192,
  "size_y": 256,
  "size_z": 256,
  "snr_csf": 2.7736084086829615,
  "snr_gm": 14.41314232572476,
  "snr_total": 13.258844806246332,
  "snr_wm": 22.589783684331277,
  "snrd_csf": 42.954405973410864,
  "snrd_gm": 103.45495768036189,
  "snrd_total": 94.82011481355899,
  "snrd_wm": 138.05098078690423,
  "spacing_x": 0.8800000548362732,
  "spacing_y": 0.875,
  "spacing_z": 0.875,
  "summary_bg_k": 8.50944993458851,
  "summary_bg_mad": 4.745729010499698,
  "summary_bg_mean": 5.244306616939575,
  "summary_bg_median": 3.2009455747902393,
  "summary_bg_n": 2351600.0,
  "summary_bg_p05": 0.0,
  "summary_bg_p95": 20.830768894404173,
  "summary_bg_stdv": 7.773033631165311,
  "summary_csf_k": 3.0893283649212027,
  "summary_csf_mad": 81.95508945055248,
  "summary_csf_mean": 310.8055985689749,
  "summary_csf_median": 311.1565325278789,
  "summary_csf_n": 54725.0,
  "summary_csf_p05": 85.74102061949671,
  "summary_csf_p95": 490.557220665738,
  "summary_csf_stdv": 112.1837129677365,
  "summary_gm_k": 0.3679155750423049,
  "summary_gm_mad": 49.063536847012266,
  "summary_gm_mean": 746.7604516315981,
  "summary_gm_median": 749.4152270331979,
  "summary_gm_n": 74677.0,
  "summary_gm_p05": 656.6370506808162,
  "summary_gm_p95": 828.0846201982349,
  "summary_gm_stdv": 51.99492188235178,
  "summary_wm_k": 0.5128246799905871,
  "summary_wm_mad": 41.32434799912045,
  "summary_wm_mean": 998.8796799987223,
  "summary_wm_median": 1000.024642881006,
  "summary_wm_n": 274829.0,
  "summary_wm_p05": 925.7134602293372,
  "summary_wm_p95": 1071.233370590955,
  "summary_wm_stdv": 44.26880918806909,
  "tpm_overlap_csf": 0.15273483489973555,
  "tpm_overlap_gm": 0.4697994240017827,
  "tpm_overlap_wm": 0.49394956463411444,
  "wm2max": 0.8456845393024467
}