{
  "aor": 0.0004229297820823245,
  "aqi": 0.014148225617433414,
  "bids_meta": {
    "AcquisitionMatrixPE": 80,
    "AcquisitionNumber": 1,
    "AcquisitionTime": "12:20:20.365000",
    "BandwidthPerPixelPhaseEncode": 24.038,
    "BaseResolution": 80,
    "BodyPartExamined": "HEAD",
    "CoilString": "HE1-4;NE1_2",
    "ConsistencyInfo": "N4_VE11C_LATEST_20160120",
    "ConversionSoftware": "dcm2niix",
    "ConversionSoftwareVersion": "v1.0.20190720  (JP2:OpenJPEG) GCC7.3.0",
    "DerivedVendorReportedEchoSpacing": 0.00052001,
    "DeviceSerialNumber": "45250",
    "DwellTime": 2.5e-06,
    "EchoTime": 0.0384,
    "EchoTrainLength": 80,
    "EffectiveEchoSpacing": 0.00052001,
    "FlipAngle": 60,
    "ImageComments": "Unaliased_MB4_PE3",
    "ImageOrientationPatientDICOM": [
      0.999026,
      -0.0247797,
      0.0365064,
      0.0366327,
      0.927007,
      -0.373252
    ],
    "ImageType": [
      "ORIGINAL",
      "PRIMARY",
      "M",
      "MB",
      "ND",
      "NORM",
      "MOSAIC"
    ],
    "ImagingFrequency": 123.24,
    "InPlanePhaseEncodingDirectionDICOM": "COL",
    "InstitutionAddress": "deleted_by_bidsonym",
    "InstitutionName": "deleted_by_bidsonym",
    "InstitutionalDepartmentName": "deleted_by_bidsonym",
    "MRAcquisitionType": "2D",
    "MagneticFieldStrength": 3,
    "Manufacturer": "Siemens",
    "ManufacturersModelName": "Skyra",
    "Modality": "MR",
    "MultibandAccelerationFactor": 4,
    "PartialFourier": 1,
    "PatientPosition": "HFS",
    "PercentPhaseFOV": 100,
    "PhaseEncodingDirection": "j-",
    "PhaseEncodingSteps": 80,
    "PhaseResolution": 1,
    "PixelBandwidth": 2500,
    "ProcedureStepDescription": "deleted_by_bidsonym",
    "ProtocolName": "func_task-EyeMag_acq-CMRR_run-01",
    "PulseSequenceDetails": "%CustomerSeq%_cmrr_mbep2d_bold",
    "ReceiveCoilActiveElements": "HE1-4;NE1,2",
    "ReceiveCoilName": "HeadNeck_20",
    "ReconMatrixPE": 80,
    "RepetitionTime": 1,
    "SAR": 0.111146,
    "ScanOptions": "FS",
    "ScanningSequence": "EP",
    "SequenceName": "epfid2d1_80",
    "SequenceVariant": "SK_SS",
    "SeriesDescription": "func_task-EyeMag_acq-CMRR_run-01",
    "SeriesNumber": 9,
    "ShimSetting": [
      -1124,
      -3006,
      -4311,
      362,
      802,
      339,
      -486,
      -888
    ],
    "SliceThickness": 3,
    "SliceTiming": [
      0,
      0.4075,
      0.8175,
      0.245,
      0.6525,
      0.0825,
      0.49,
      0.8975,
      0.3275,
      0.735,
      0.1625,
      0.5725,
      0,
      0.4075,
      0.8175,
      0.245,
      0.6525,
      0.0825,
      0.49,
      0.8975,
      0.3275,
      0.735,
      0.1625,
      0.5725,
      0,
      0.4075,
      0.8175,
      0.245,
      0.6525,
      0.0825,
      0.49,
      0.8975,
      0.3275,
      0.735,
      0.1625,
      0.5725,
      0,
      0.4075,
      0.8175,
      0.245,
      0.6525,
      0.0825,
      0.49,
      0.8975,
      0.3275,
      0.735,
      0.1625,
      0.5725
    ],
    "SoftwareVersions": "syngo_MR_E11",
    "SpacingBetweenSlices": 3,
    "StationName": "deleted_by_bidsonym",
    "TaskName": "EyeMag",
    "TotalReadoutTime": 0.0410808,
    "TxRefAmp": 362.804,
    "WipMemBlock": "02efc95e-d75c-40b8-a03d-dffd78ae3d6d||Sequence: R016 ve11c/master r/34fb20f; Nov 20 2017 15:15:15 by eja",
    "acq_id": "CMRR",
    "dataset": "ds003176",
    "modality": "bold",
    "run_id": 1,
    "session_id": "1",
    "subject_id": "101DPMB041015",
    "task_id": "EyeMag"
  },
  "dummy_trs": 0,
  "dvars_nstd": 35.681085718134355,
  "dvars_std": 1.3416628782434896,
  "dvars_vstd": 0.9753997510296792,
  "efc": 0.3829817307946938,
  "fber": 9155.7119140625,
  "fd_mean": 0.22023781806120984,
  "fd_num": 918,
  "fd_perc": 55.569007263922515,
  "fwhm_avg": 1.6943888888888887,
  "fwhm_x": 1.67046,
  "fwhm_y": 1.7248666666666665,
  "fwhm_z": 1.6878399999999998,
  "gcor": 0.0171983,
  "gsr_x": -0.010558445937931538,
  "gsr_y": 0.004872851073741913,
  "provenance": {
    "md5sum": "54e185c567aa03833329c04fee749805",
    "settings": {
      "fd_thres": 0.2,
      "testing": false
    },
    "software": "mriqc",
    "version": "23.0.1",
    "webapi_port": null,
    "webapi_url": "https://mriqc.nimh.nih.gov/api/v1"
  },
  "size_t": 1652,
  "size_x": 80,
  "size_y": 80,
  "size_z": 48,
  "snr": 5.888197489105993,
  "spacing_tr": 1.0,
  "spacing_x": 3.0,
  "spacing_y": 3.0,
  "spacing_z": 3.0,
  "summary_bg_k": 70.00960702876434,
  "summary_bg_mad": 53.32099721977307,
  "summary_bg_mean": 210.73231506347656,
  "summary_bg_median": 91.26943969726562,
  "summary_bg_n": 229173.0,
  "summary_bg_p05": 43.40830535888672,
  "summary_bg_p95": 713.4621826171874,
  "summary_bg_stdv": 454.5891418457031,
  "summary_fg_k": 2.3916158815818305,
  "summary_fg_mad": 1347.8620547765313,
  "summary_fg_mean": 8908.435546875,
  "summary_fg_median": 8760.279296875,
  "summary_fg_n": 31925.0,
  "summary_fg_p05": 6889.7755859375,
  "summary_fg_p95": 11401.7904296875,
  "summary_fg_stdv": 1487.7459716796875,
  "tsnr": 46.96051788330078
}