{
  "aor": 0.0009737741545893721,
  "aqi": 0.03165087059178744,
  "bids_meta": {
    "AcquisitionMatrixPE": 80,
    "AcquisitionNumber": 1,
    "AcquisitionTime": "13:21:13.907500",
    "BandwidthPerPixelPhaseEncode": 24.038,
    "BaseResolution": 80,
    "BodyPartExamined": "HEAD",
    "CoilString": "HE1-4;NE1_2",
    "ConsistencyInfo": "N4_VE11C_LATEST_20160120",
    "ConversionSoftware": "dcm2niix",
    "ConversionSoftwareVersion": "v1.0.20190720  (JP2:OpenJPEG) GCC7.3.0",
    "DerivedVendorReportedEchoSpacing": 0.00052001,
    "DeviceSerialNumber": "45250",
    "DwellTime": 2.5e-06,
    "EchoTime": 0.0384,
    "EchoTrainLength": 80,
    "EffectiveEchoSpacing": 0.00052001,
    "FlipAngle": 60,
    "ImageComments": "Unaliased_MB4_PE3",
    "ImageOrientationPatientDICOM": [
      0.996134,
      -0.0771287,
      -0.0420547,
      0.0556926,
      0.924668,
      -0.37668
    ],
    "ImageType": [
      "ORIGINAL",
      "PRIMARY",
      "M",
      "MB",
      "ND",
      "NORM",
      "MOSAIC"
    ],
    "ImagingFrequency": 123.239,
    "InPlanePhaseEncodingDirectionDICOM": "COL",
    "InstitutionAddress": "deleted_by_bidsonym",
    "InstitutionName": "deleted_by_bidsonym",
    "InstitutionalDepartmentName": "deleted_by_bidsonym",
    "MRAcquisitionType": "2D",
    "MagneticFieldStrength": 3,
    "Manufacturer": "Siemens",
    "ManufacturersModelName": "Skyra",
    "Modality": "MR",
    "MultibandAccelerationFactor": 4,
    "PartialFourier": 1,
    "PatientPosition": "HFS",
    "PercentPhaseFOV": 100,
    "PhaseEncodingDirection": "j-",
    "PhaseEncodingSteps": 80,
    "PhaseResolution": 1,
    "PixelBandwidth": 2500,
    "ProcedureStepDescription": "deleted_by_bidsonym",
    "ProtocolName": "func_task-EyeMag_acq-CMRR_run-01",
    "PulseSequenceDetails": "%CustomerSeq%_cmrr_mbep2d_bold",
    "ReceiveCoilActiveElements": "HE1-4;NE1,2",
    "ReceiveCoilName": "HeadNeck_20",
    "ReconMatrixPE": 80,
    "RepetitionTime": 1,
    "SAR": 0.0946702,
    "ScanOptions": "FS",
    "ScanningSequence": "EP",
    "SequenceName": "epfid2d1_80",
    "SequenceVariant": "SK_SS",
    "SeriesDescription": "func_task-EyeMag_acq-CMRR_run-01",
    "SeriesNumber": 9,
    "ShimSetting": [
      -1101,
      -2980,
      -4230,
      352,
      1104,
      287,
      -174,
      -942
    ],
    "SliceThickness": 3,
    "SliceTiming": [
      0,
      0.4075,
      0.8175,
      0.245,
      0.6525,
      0.0825,
      0.49,
      0.8975,
      0.3275,
      0.735,
      0.1625,
      0.5725,
      0,
      0.4075,
      0.8175,
      0.245,
      0.6525,
      0.0825,
      0.49,
      0.8975,
      0.3275,
      0.735,
      0.1625,
      0.5725,
      0,
      0.4075,
      0.8175,
      0.245,
      0.6525,
      0.0825,
      0.49,
      0.8975,
      0.3275,
      0.735,
      0.1625,
      0.5725,
      0,
      0.4075,
      0.8175,
      0.245,
      0.6525,
      0.0825,
      0.49,
      0.8975,
      0.3275,
      0.735,
      0.1625,
      0.5725
    ],
    "SoftwareVersions": "syngo_MR_E11",
    "SpacingBetweenSlices": 3,
    "StationName": "deleted_by_bidsonym",
    "TaskName": "EyeMag",
    "TotalReadoutTime": 0.0410808,
    "TxRefAmp": 363.877,
    "WipMemBlock": "c0614e4d-d6fd-4e69-a66e-d261ff4260ce||Sequence: R016 ve11c/master r/34fb20f; Nov 20 2017 15:15:15 by eja",
    "acq_id": "CMRR",
    "dataset": "ds003176",
    "modality": "bold",
    "run_id": 1,
    "session_id": "1",
    "subject_id": "101DPMB042034",
    "task_id": "EyeMag"
  },
  "dummy_trs": 0,
  "dvars_nstd": 33.55474682491846,
  "dvars_std": 1.2885847983867065,
  "dvars_vstd": 0.9726465712628406,
  "efc": 0.43745992952438867,
  "fber": 7084.82568359375,
  "fd_mean": 0.18691725770044706,
  "fd_num": 527,
  "fd_perc": 31.82367149758454,
  "fwhm_avg": 1.6884677777777777,
  "fwhm_x": 1.61489,
  "fwhm_y": 1.8382800000000001,
  "fwhm_z": 1.6122333333333334,
  "gcor": 0.0159469,
  "gsr_x": -0.011148999445140362,
  "gsr_y": 0.015277259051799774,
  "provenance": {
    "md5sum": "53de4c842ab563b9a80d14d92357ddab",
    "settings": {
      "fd_thres": 0.2,
      "testing": false
    },
    "software": "mriqc",
    "version": "23.0.1",
    "webapi_port": null,
    "webapi_url": "https://mriqc.nimh.nih.gov/api/v1"
  },
  "size_t": 1656,
  "size_x": 80,
  "size_y": 80,
  "size_z": 48,
  "snr": 6.643344935769144,
  "spacing_tr": 1.0,
  "spacing_x": 3.0,
  "spacing_y": 3.0,
  "spacing_z": 3.0,
  "summary_bg_k": 29.912107764719224,
  "summary_bg_mad": 68.11899834506198,
  "summary_bg_mean": 301.434814453125,
  "summary_bg_median": 103.88761901855469,
  "summary_bg_n": 217758.0,
  "summary_bg_p05": 43.42675151824951,
  "summary_bg_p95": 1290.9384704589836,
  "summary_bg_stdv": 592.7866821289062,
  "summary_fg_k": 3.5526139522380777,
  "summary_fg_mad": 1152.943298654915,
  "summary_fg_mean": 8748.359375,
  "summary_fg_median": 8669.4189453125,
  "summary_fg_n": 40579.0,
  "summary_fg_p05": 6946.7193359375,
  "summary_fg_p95": 10834.2677734375,
  "summary_fg_stdv": 1304.9619140625,
  "tsnr": 33.09716033935547
}