{
  "aor": 0.0005848555956678701,
  "aqi": 0.030761261853188927,
  "bids_meta": {
    "AcquisitionMatrixPE": 80,
    "AcquisitionNumber": 1,
    "AcquisitionTime": "16:13:12.132500",
    "BandwidthPerPixelPhaseEncode": 24.038,
    "BaseResolution": 80,
    "BodyPartExamined": "HEAD",
    "ConsistencyInfo": "N4_VE11C_LATEST_20160120",
    "ConversionSoftware": "dcm2niix",
    "ConversionSoftwareVersion": "v1.0.20190720  (JP2:OpenJPEG) GCC7.3.0",
    "DerivedVendorReportedEchoSpacing": 0.00052001,
    "DeviceSerialNumber": "45250",
    "DwellTime": 2.5e-06,
    "EchoTime": 0.0384,
    "EchoTrainLength": 80,
    "EffectiveEchoSpacing": 0.00052001,
    "FlipAngle": 60,
    "ImageComments": "Unaliased_MB4_PE3",
    "ImageOrientationPatientDICOM": [
      0.995307,
      -0.0825852,
      -0.0504367,
      0.0661082,
      0.960914,
      -0.268838
    ],
    "ImageType": [
      "ORIGINAL",
      "PRIMARY",
      "M",
      "MB",
      "ND",
      "NORM",
      "MOSAIC"
    ],
    "ImagingFrequency": 123.239,
    "InPlanePhaseEncodingDirectionDICOM": "COL",
    "InstitutionAddress": "deleted_by_bidsonym",
    "InstitutionName": "deleted_by_bidsonym",
    "InstitutionalDepartmentName": "deleted_by_bidsonym",
    "MRAcquisitionType": "2D",
    "MagneticFieldStrength": 3,
    "Manufacturer": "Siemens",
    "ManufacturersModelName": "Skyra",
    "Modality": "MR",
    "MultibandAccelerationFactor": 4,
    "PartialFourier": 1,
    "PatientPosition": "HFS",
    "PercentPhaseFOV": 100,
    "PhaseEncodingDirection": "j-",
    "PhaseEncodingSteps": 80,
    "PhaseResolution": 1,
    "PixelBandwidth": 2500,
    "ProcedureStepDescription": "deleted_by_bidsonym",
    "ProtocolName": "func_task-EyeMag_acq-CMRR_run-01",
    "PulseSequenceDetails": "%CustomerSeq%_cmrr_mbep2d_bold",
    "ReceiveCoilActiveElements": "HE1-4",
    "ReceiveCoilName": "HeadNeck_20",
    "ReconMatrixPE": 80,
    "RepetitionTime": 1,
    "SAR": 0.0820227,
    "ScanOptions": "FS",
    "ScanningSequence": "EP",
    "SequenceName": "epfid2d1_80",
    "SequenceVariant": "SK_SS",
    "SeriesDescription": "func_task-EyeMag_acq-CMRR_run-01",
    "SeriesNumber": 9,
    "ShimSetting": [
      -1149,
      -2972,
      -4181,
      449,
      898,
      696,
      138,
      -899
    ],
    "SliceThickness": 3,
    "SliceTiming": [
      0,
      0.41,
      0.8175,
      0.245,
      0.655,
      0.0825,
      0.49,
      0.9,
      0.3275,
      0.735,
      0.165,
      0.5725,
      0,
      0.41,
      0.8175,
      0.245,
      0.655,
      0.0825,
      0.49,
      0.9,
      0.3275,
      0.735,
      0.165,
      0.5725,
      0,
      0.41,
      0.8175,
      0.245,
      0.655,
      0.0825,
      0.49,
      0.9,
      0.3275,
      0.735,
      0.165,
      0.5725,
      0,
      0.41,
      0.8175,
      0.245,
      0.655,
      0.0825,
      0.49,
      0.9,
      0.3275,
      0.735,
      0.165,
      0.5725
    ],
    "SoftwareVersions": "syngo_MR_E11",
    "SpacingBetweenSlices": 3,
    "StationName": "deleted_by_bidsonym",
    "TaskName": "EyeMag",
    "TotalReadoutTime": 0.0410808,
    "TxRefAmp": 384.693,
    "WipMemBlock": "823edeac-3725-44ed-85cd-ceda26bf38ea||Sequence: R016 ve11c/master r/34fb20f; Nov 20 2017 15:15:15 by eja",
    "acq_id": "CMRR",
    "dataset": "ds003176",
    "modality": "bold",
    "run_id": 1,
    "session_id": "1",
    "subject_id": "101DPMB041012",
    "task_id": "EyeMag"
  },
  "dummy_trs": 2,
  "dvars_nstd": 25.779670865701444,
  "dvars_std": 1.0611670377182416,
  "dvars_vstd": 0.9514893311920518,
  "efc": 0.42782607211016294,
  "fber": 9635.921875,
  "fd_mean": 0.23068905190887926,
  "fd_num": 874,
  "fd_perc": 52.58724428399518,
  "fwhm_avg": 1.8246833333333334,
  "fwhm_x": 1.7203766666666667,
  "fwhm_y": 2.0485933333333333,
  "fwhm_z": 1.70508,
  "gcor": 0.00704617,
  "gsr_x": -0.007685335818678141,
  "gsr_y": 0.021637365221977234,
  "provenance": {
    "md5sum": "ecf0f21fb927a448d76be6588e1999c7",
    "settings": {
      "fd_thres": 0.2,
      "testing": false
    },
    "software": "mriqc",
    "version": "23.0.1",
    "webapi_port": null,
    "webapi_url": "https://mriqc.nimh.nih.gov/api/v1"
  },
  "size_t": 1662,
  "size_x": 80,
  "size_y": 80,
  "size_z": 48,
  "snr": 6.051260147896045,
  "spacing_tr": 1.0,
  "spacing_x": 3.0,
  "spacing_y": 3.0,
  "spacing_z": 3.0,
  "summary_bg_k": 40.83804285574013,
  "summary_bg_mad": 61.342980680833186,
  "summary_bg_mean": 252.2299041748047,
  "summary_bg_median": 89.62014770507812,
  "summary_bg_n": 217244.0,
  "summary_bg_p05": 38.27467288970948,
  "summary_bg_p95": 1019.9860717773432,
  "summary_bg_stdv": 507.3214111328125,
  "summary_fg_k": 4.545110017596874,
  "summary_fg_mad": 1144.7202134010063,
  "summary_fg_mean": 8933.150390625,
  "summary_fg_median": 8767.6953125,
  "summary_fg_n": 41229.0,
  "summary_fg_p05": 7085.75322265625,
  "summary_fg_p95": 11263.2328125,
  "summary_fg_stdv": 1448.886474609375,
  "tsnr": 33.55467987060547
}