{
  "bids_meta": {
    "AcquisitionMatrixPE": 256,
    "AcquisitionNumber": 1,
    "AcquisitionTime": "16:13:50.702500",
    "BaseResolution": 256,
    "BodyPartExamined": "HEAD",
    "CoilString": "HE1-4;NE1_2",
    "ConsistencyInfo": "N4_VE11C_LATEST_20160120",
    "ConversionSoftware": "dcm2niix",
    "ConversionSoftwareVersion": "v1.0.20190720  (JP2:OpenJPEG) GCC7.3.0",
    "DeviceSerialNumber": "45250",
    "DwellTime": 7.2e-06,
    "EchoTime": 0.00188,
    "FlipAngle": 8,
    "ImageOrientationPatientDICOM": [
      0.0465961,
      0.997887,
      0.0452911,
      0.058389,
      0.042542,
      -0.997387
    ],
    "ImageType": [
      "ORIGINAL",
      "PRIMARY",
      "M",
      "NORM",
      "DIS3D",
      "DIS2D"
    ],
    "ImagingFrequency": 123.239,
    "InPlanePhaseEncodingDirectionDICOM": "ROW",
    "InstitutionAddress": "deleted_by_bidsonym",
    "InstitutionName": "deleted_by_bidsonym",
    "InstitutionalDepartmentName": "deleted_by_bidsonym",
    "InversionTime": 1,
    "MRAcquisitionType": "3D",
    "MagneticFieldStrength": 3,
    "Manufacturer": "Siemens",
    "ManufacturersModelName": "Skyra",
    "Modality": "MR",
    "ParallelReductionFactorInPlane": 2,
    "PartialFourier": 1,
    "PatientPosition": "HFS",
    "PercentPhaseFOV": 100,
    "PhaseEncodingSteps": 294,
    "PhaseOversampling": 0.15,
    "PhaseResolution": 1,
    "PixelBandwidth": 270,
    "ProcedureStepDescription": "deleted_by_bidsonym",
    "ProtocolName": "anat-T1w",
    "PulseSequenceDetails": "%SiemensSeq%_tfl",
    "ReceiveCoilActiveElements": "HE1-4;NE1,2",
    "ReceiveCoilName": "HeadNeck_20",
    "ReconMatrixPE": 256,
    "RefLinesPE": 24,
    "RepetitionTime": 1.68,
    "SAR": 0.0816551,
    "ScanOptions": "IR_WE",
    "ScanningSequence": "GR_IR",
    "SequenceName": "_tfl3d1_16ns",
    "SequenceVariant": "SK_SP_MP_OSP",
    "SeriesDescription": "anat-T1w",
    "SeriesNumber": 5,
    "ShimSetting": [
      -1158,
      -3114,
      -4462,
      38,
      600,
      -382,
      110,
      -940
    ],
    "SliceThickness": 0.88,
    "SoftwareVersions": "syngo_MR_E11",
    "StationName": "deleted_by_bidsonym",
    "TxRefAmp": 354.782,
    "dataset": "ds003176",
    "modality": "T1w",
    "session_id": "1",
    "subject_id": "101DPMB042016"
  },
  "cjv": 0.400153153517414,
  "cnr": 3.415719063331895,
  "efc": 0.6008090230618378,
  "fber": 11691.346622240733,
  "fwhm_avg": 4.420796015990958,
  "fwhm_x": 4.232045190830016,
  "fwhm_y": 4.561371428571428,
  "fwhm_z": 4.468971428571429,
  "icvs_csf": 0.1885915485968201,
  "icvs_gm": 0.4469457961616746,
  "icvs_wm": 0.3644626552415053,
  "inu_med": 0.46043825149536133,
  "inu_range": 0.18072031736373906,
  "provenance": {
    "md5sum": "14a3d2b5b2c266b7041708f8ffe861cc",
    "settings": {
      "testing": false
    },
    "software": "mriqc",
    "version": "23.0.1",
    "warnings": {
      "large_rot_frame": true,
      "small_air_mask": false
    },
    "webapi_port": null,
    "webapi_url": "https://mriqc.nimh.nih.gov/api/v1"
  },
  "qi_1": 0.0,
  "qi_2": 0.0008577748763592594,
  "rpve_csf": 22.974810652063507,
  "rpve_gm": 10.476758466990734,
  "rpve_wm": 14.372772337694363,
  "size_x": 192,
  "size_y": 256,
  "size_z": 256,
  "snr_csf": 2.7090904655327623,
  "snr_gm": 12.542364845364599,
  "snr_total": 12.600771538204347,
  "snr_wm": 22.550859303715676,
  "snrd_csf": 38.4603730543956,
  "snrd_gm": 92.95004419924877,
  "snrd_total": 85.38096029735686,
  "snrd_wm": 124.73246363842618,
  "spacing_x": 0.8800000548362732,
  "spacing_y": 0.875,
  "spacing_z": 0.875,
  "summary_bg_k": 5.9529213375952885,
  "summary_bg_mad": 5.2525652743161535,
  "summary_bg_mean": 5.9992888651001985,
  "summary_bg_median": 3.5428014397621155,
  "summary_bg_n": 2409125.0,
  "summary_bg_p05": 0.0,
  "summary_bg_p95": 22.82892677746713,
  "summary_bg_stdv": 8.27216168977959,
  "summary_csf_k": 0.5337112186759891,
  "summary_csf_mad": 90.04866592155754,
  "summary_csf_mean": 301.33546584913387,
  "summary_csf_median": 308.3565803132951,
  "summary_csf_n": 42307.0,
  "summary_csf_p05": 82.52513103745878,
  "summary_csf_p95": 482.10220567192874,
  "summary_csf_stdv": 113.82157219964073,
  "summary_gm_k": -0.04360083545417259,
  "summary_gm_mad": 59.78075852831072,
  "summary_gm_mean": 743.7780721717749,
  "summary_gm_median": 745.228282853961,
  "summary_gm_n": 54883.0,
  "summary_gm_p05": 644.1720860356465,
  "summary_gm_p95": 839.3339460976422,
  "summary_gm_stdv": 59.41634634024427,
  "summary_wm_k": 0.3916517453520125,
  "summary_wm_mad": 42.18466485935161,
  "summary_wm_mean": 998.9088628591433,
  "summary_wm_median": 1000.0442764088511,
  "summary_wm_n": 265245.0,
  "summary_wm_p05": 925.180453484878,
  "summary_wm_p95": 1070.9888752400875,
  "summary_wm_stdv": 44.34608800513266,
  "tpm_overlap_csf": 0.15479159608170612,
  "tpm_overlap_gm": 0.47140148300352797,
  "tpm_overlap_wm": 0.51765532832893,
  "wm2max": 0.8708068379931367
}