{
  "aor": 0.00146565812983919,
  "aqi": 0.02128012370458606,
  "bids_meta": {
    "AcquisitionMatrixPE": 80,
    "AcquisitionNumber": 1,
    "AcquisitionTime": "10:18:27.570000",
    "BandwidthPerPixelPhaseEncode": 24.038,
    "BaseResolution": 80,
    "BodyPartExamined": "HEAD",
    "CoilString": "HE1-4;NE1_2",
    "ConsistencyInfo": "N4_VE11C_LATEST_20160120",
    "ConversionSoftware": "dcm2niix",
    "ConversionSoftwareVersion": "v1.0.20190410  (JP2:OpenJPEG) GCC7.3.0",
    "DerivedVendorReportedEchoSpacing": 0.00052001,
    "DeviceSerialNumber": "45250",
    "DwellTime": 2.5e-06,
    "EchoTime": 0.0384,
    "EchoTrainLength": 80,
    "EffectiveEchoSpacing": 0.00052001,
    "FlipAngle": 60,
    "ImageComments": "Unaliased_MB4_PE3",
    "ImageOrientationPatientDICOM": [
      0.998682,
      -0.0388283,
      -0.0335675,
      0.0261514,
      0.947677,
      -0.318159
    ],
    "ImageType": [
      "ORIGINAL",
      "PRIMARY",
      "M",
      "MB",
      "ND",
      "NORM",
      "MOSAIC"
    ],
    "ImagingFrequency": 123.239,
    "InPlanePhaseEncodingDirectionDICOM": "COL",
    "InstitutionAddress": "deleted_by_bidsonym",
    "InstitutionName": "deleted_by_bidsonym",
    "InstitutionalDepartmentName": "deleted_by_bidsonym",
    "MRAcquisitionType": "2D",
    "MagneticFieldStrength": 3,
    "Manufacturer": "Siemens",
    "ManufacturersModelName": "Skyra",
    "Modality": "MR",
    "MultibandAccelerationFactor": 4,
    "PartialFourier": 1,
    "PatientPosition": "HFS",
    "PercentPhaseFOV": 100,
    "PhaseEncodingDirection": "j-",
    "PhaseEncodingSteps": 80,
    "PhaseResolution": 1,
    "PixelBandwidth": 2500,
    "ProcedureStepDescription": "deleted_by_bidsonym",
    "ProtocolName": "func_task-EyeMag_acq-CMRR_run-01",
    "PulseSequenceDetails": "%CustomerSeq%_cmrr_mbep2d_bold",
    "ReceiveCoilActiveElements": "HE1-4;NE1,2",
    "ReceiveCoilName": "HeadNeck_20",
    "ReconMatrixPE": 80,
    "RepetitionTime": 1,
    "SAR": 0.093963,
    "ScanOptions": "FS",
    "ScanningSequence": "EP",
    "SequenceName": "epfid2d1_80",
    "SequenceVariant": "SK_SS",
    "SeriesDescription": "func_task-EyeMag_acq-CMRR_run-01",
    "SeriesNumber": 9,
    "ShimSetting": [
      -1068,
      -3012,
      -4295,
      320,
      1021,
      184,
      139,
      -867
    ],
    "SliceThickness": 3,
    "SliceTiming": [
      0,
      0.4075,
      0.815,
      0.245,
      0.6525,
      0.08,
      0.49,
      0.8975,
      0.325,
      0.735,
      0.1625,
      0.57,
      0,
      0.4075,
      0.815,
      0.245,
      0.6525,
      0.08,
      0.49,
      0.8975,
      0.325,
      0.735,
      0.1625,
      0.57,
      0,
      0.4075,
      0.815,
      0.245,
      0.6525,
      0.08,
      0.49,
      0.8975,
      0.325,
      0.735,
      0.1625,
      0.57,
      0,
      0.4075,
      0.815,
      0.245,
      0.6525,
      0.08,
      0.49,
      0.8975,
      0.325,
      0.735,
      0.1625,
      0.57
    ],
    "SoftwareVersions": "syngo_MR_E11",
    "SpacingBetweenSlices": 3,
    "StationName": "deleted_by_bidsonym",
    "TaskName": "EyeMag",
    "TotalReadoutTime": 0.0410808,
    "TxRefAmp": 372.47,
    "WipMemBlock": "efe67f5f-b385-45f0-a76b-47be451bacee||Sequence: R016 ve11c/master r/34fb20f; Nov 20 2017 15:15:15 by eja",
    "acq_id": "CMRR",
    "dataset": "ds003176",
    "modality": "bold",
    "run_id": 1,
    "session_id": "1",
    "subject_id": "101DPMB041008",
    "task_id": "EyeMag"
  },
  "dummy_trs": 0,
  "dvars_nstd": 38.38589128820022,
  "dvars_std": 1.3874089825983302,
  "dvars_vstd": 0.9832975171394523,
  "efc": 0.44821719719880687,
  "fber": 6070.94384765625,
  "fd_mean": 0.16504637555112936,
  "fd_num": 302,
  "fd_perc": 17.986896962477665,
  "fwhm_avg": 1.7067988888888888,
  "fwhm_x": 1.60269,
  "fwhm_y": 1.8465066666666667,
  "fwhm_z": 1.6712,
  "gcor": 0.0138697,
  "gsr_x": -0.022328300401568413,
  "gsr_y": 0.023250313475728035,
  "provenance": {
    "md5sum": "812b27e63b4df2a1564d7fb7e17d9584",
    "settings": {
      "fd_thres": 0.2,
      "testing": false
    },
    "software": "mriqc",
    "version": "23.0.1",
    "webapi_port": null,
    "webapi_url": "https://mriqc.nimh.nih.gov/api/v1"
  },
  "size_t": 1679,
  "size_x": 80,
  "size_y": 80,
  "size_z": 48,
  "snr": 5.682375705046596,
  "spacing_tr": 1.0,
  "spacing_x": 3.0,
  "spacing_y": 3.0,
  "spacing_z": 3.0,
  "summary_bg_k": 45.313730560897376,
  "summary_bg_mad": 70.25830120404936,
  "summary_bg_mean": 320.0887451171875,
  "summary_bg_median": 115.59443664550781,
  "summary_bg_n": 213646.0,
  "summary_bg_p05": 52.63955020904541,
  "summary_bg_p95": 1380.8013305664062,
  "summary_bg_stdv": 612.2713623046875,
  "summary_fg_k": 2.4617257966279364,
  "summary_fg_mad": 1464.5655806764676,
  "summary_fg_mean": 9226.2939453125,
  "summary_fg_median": 9078.7529296875,
  "summary_fg_n": 43904.0,
  "summary_fg_p05": 7021.1048583984375,
  "summary_fg_p95": 11850.177685546874,
  "summary_fg_stdv": 1597.685546875,
  "tsnr": 37.933353424072266
}