{
  "aor": 0.0013071479928100658,
  "aqi": 0.023611631036548834,
  "bids_meta": {
    "AcquisitionMatrixPE": 80,
    "AcquisitionNumber": 1,
    "AcquisitionTime": "13:15:43.727500",
    "BandwidthPerPixelPhaseEncode": 24.038,
    "BaseResolution": 80,
    "BodyPartExamined": "HEAD",
    "CoilString": "HE1-4;NE1_2",
    "ConsistencyInfo": "N4_VE11C_LATEST_20160120",
    "ConversionSoftware": "dcm2niix",
    "ConversionSoftwareVersion": "v1.0.20190410  (JP2:OpenJPEG) GCC7.3.0",
    "DerivedVendorReportedEchoSpacing": 0.00052001,
    "DeviceSerialNumber": "45250",
    "DwellTime": 2.5e-06,
    "EchoTime": 0.0384,
    "EchoTrainLength": 80,
    "EffectiveEchoSpacing": 0.00052001,
    "FlipAngle": 60,
    "ImageComments": "Unaliased_MB4_PE3",
    "ImageOrientationPatientDICOM": [
      0.994997,
      -0.0829925,
      -0.0556115,
      0.0486635,
      0.888793,
      -0.455718
    ],
    "ImageType": [
      "ORIGINAL",
      "PRIMARY",
      "M",
      "MB",
      "ND",
      "NORM",
      "MOSAIC"
    ],
    "ImagingFrequency": 123.239,
    "InPlanePhaseEncodingDirectionDICOM": "COL",
    "InstitutionAddress": "deleted_by_bidsonym",
    "InstitutionName": "deleted_by_bidsonym",
    "InstitutionalDepartmentName": "deleted_by_bidsonym",
    "MRAcquisitionType": "2D",
    "MagneticFieldStrength": 3,
    "Manufacturer": "Siemens",
    "ManufacturersModelName": "Skyra",
    "Modality": "MR",
    "MultibandAccelerationFactor": 4,
    "PartialFourier": 1,
    "PatientPosition": "HFS",
    "PercentPhaseFOV": 100,
    "PhaseEncodingDirection": "j-",
    "PhaseEncodingSteps": 80,
    "PhaseResolution": 1,
    "PixelBandwidth": 2500,
    "ProcedureStepDescription": "deleted_by_bidsonym",
    "ProtocolName": "func_task-EyeMag_acq-CMRR_run-01",
    "PulseSequenceDetails": "%CustomerSeq%_cmrr_mbep2d_bold",
    "ReceiveCoilActiveElements": "HE1-4;NE1,2",
    "ReceiveCoilName": "HeadNeck_20",
    "ReconMatrixPE": 80,
    "RepetitionTime": 1,
    "SAR": 0.0936745,
    "ScanOptions": "FS",
    "ScanningSequence": "EP",
    "SequenceName": "epfid2d1_80",
    "SequenceVariant": "SK_SS",
    "SeriesDescription": "func_task-EyeMag_acq-CMRR_run-01",
    "SeriesNumber": 9,
    "ShimSetting": [
      -1142,
      -2971,
      -4298,
      312,
      1075,
      371,
      -103,
      -1025
    ],
    "SliceThickness": 3,
    "SliceTiming": [
      0,
      0.4075,
      0.815,
      0.245,
      0.6525,
      0.08,
      0.49,
      0.8975,
      0.325,
      0.735,
      0.1625,
      0.57,
      0,
      0.4075,
      0.815,
      0.245,
      0.6525,
      0.08,
      0.49,
      0.8975,
      0.325,
      0.735,
      0.1625,
      0.57,
      0,
      0.4075,
      0.815,
      0.245,
      0.6525,
      0.08,
      0.49,
      0.8975,
      0.325,
      0.735,
      0.1625,
      0.57,
      0,
      0.4075,
      0.815,
      0.245,
      0.6525,
      0.08,
      0.49,
      0.8975,
      0.325,
      0.735,
      0.1625,
      0.57
    ],
    "SoftwareVersions": "syngo_MR_E11",
    "SpacingBetweenSlices": 3,
    "StationName": "deleted_by_bidsonym",
    "TaskName": "EyeMag",
    "TotalReadoutTime": 0.0410808,
    "TxRefAmp": 358.741,
    "WipMemBlock": "6f782fa0-122e-4ae2-92a7-4778d4adca20||Sequence: R016 ve11c/master r/34fb20f; Nov 20 2017 15:15:15 by eja",
    "acq_id": "CMRR",
    "dataset": "ds003176",
    "modality": "bold",
    "run_id": 1,
    "session_id": "1",
    "subject_id": "101DPMB042010",
    "task_id": "EyeMag"
  },
  "dummy_trs": 0,
  "dvars_nstd": 26.37455818809948,
  "dvars_std": 1.1108820564388486,
  "dvars_vstd": 0.9736751847661888,
  "efc": 0.4277142017137329,
  "fber": 7261.98828125,
  "fd_mean": 0.19422291062176372,
  "fd_num": 608,
  "fd_perc": 36.428999400838826,
  "fwhm_avg": 1.66512884262103,
  "fwhm_x": 1.6144733333333334,
  "fwhm_y": 1.7465531945297563,
  "fwhm_z": 1.63436,
  "gcor": 0.02031,
  "gsr_x": -0.006669755093753338,
  "gsr_y": 0.012154233641922474,
  "provenance": {
    "md5sum": "72b2b754ef481cd800592c14b97eeaee",
    "settings": {
      "fd_thres": 0.2,
      "testing": false
    },
    "software": "mriqc",
    "version": "23.0.1",
    "webapi_port": null,
    "webapi_url": "https://mriqc.nimh.nih.gov/api/v1"
  },
  "size_t": 1669,
  "size_x": 80,
  "size_y": 80,
  "size_z": 48,
  "snr": 6.511043373036636,
  "spacing_tr": 1.0,
  "spacing_x": 3.0,
  "spacing_y": 3.000000238418579,
  "spacing_z": 3.0,
  "summary_bg_k": 52.749138477740395,
  "summary_bg_mad": 56.73080586516273,
  "summary_bg_mean": 231.41429138183594,
  "summary_bg_median": 95.7886962890625,
  "summary_bg_n": 217181.0,
  "summary_bg_p05": 42.891754150390625,
  "summary_bg_p95": 909.7745361328125,
  "summary_bg_stdv": 457.0018310546875,
  "summary_fg_k": 3.2527003196975492,
  "summary_fg_mad": 1086.5215609828808,
  "summary_fg_mean": 8205.2783203125,
  "summary_fg_median": 8108.537109375,
  "summary_fg_n": 41193.0,
  "summary_fg_p05": 6503.95703125,
  "summary_fg_p95": 10246.2904296875,
  "summary_fg_stdv": 1245.3363037109375,
  "tsnr": 38.70696258544922
}