{
  "aor": 0.0007300425015179114,
  "aqi": 0.014217995166970249,
  "bids_meta": {
    "AcquisitionMatrixPE": 80,
    "AcquisitionNumber": 1,
    "AcquisitionTime": "13:45:52.097500",
    "BandwidthPerPixelPhaseEncode": 24.038,
    "BaseResolution": 80,
    "BodyPartExamined": "HEAD",
    "CoilString": "HE1-4;NE1_2",
    "ConsistencyInfo": "N4_VE11C_LATEST_20160120",
    "ConversionSoftware": "dcm2niix",
    "ConversionSoftwareVersion": "v1.0.20190410  (JP2:OpenJPEG) GCC7.3.0",
    "DerivedVendorReportedEchoSpacing": 0.00052001,
    "DeviceSerialNumber": "45250",
    "DwellTime": 2.5e-06,
    "EchoTime": 0.0384,
    "EchoTrainLength": 80,
    "EffectiveEchoSpacing": 0.00052001,
    "FlipAngle": 60,
    "ImageComments": "Unaliased_MB4_PE3",
    "ImageOrientationPatientDICOM": [
      0.996218,
      -0.0781237,
      -0.0380206,
      0.0556973,
      0.910091,
      -0.410648
    ],
    "ImageType": [
      "ORIGINAL",
      "PRIMARY",
      "M",
      "MB",
      "ND",
      "NORM",
      "MOSAIC"
    ],
    "ImagingFrequency": 123.239,
    "InPlanePhaseEncodingDirectionDICOM": "COL",
    "InstitutionAddress": "deleted_by_bidsonym",
    "InstitutionName": "deleted_by_bidsonym",
    "InstitutionalDepartmentName": "deleted_by_bidsonym",
    "MRAcquisitionType": "2D",
    "MagneticFieldStrength": 3,
    "Manufacturer": "Siemens",
    "ManufacturersModelName": "Skyra",
    "Modality": "MR",
    "MultibandAccelerationFactor": 4,
    "PartialFourier": 1,
    "PatientPosition": "HFS",
    "PercentPhaseFOV": 100,
    "PhaseEncodingDirection": "j-",
    "PhaseEncodingSteps": 80,
    "PhaseResolution": 1,
    "PixelBandwidth": 2500,
    "ProcedureStepDescription": "deleted_by_bidsonym",
    "ProtocolName": "func_task-EyeMag_acq-CMRR_run-01",
    "PulseSequenceDetails": "%CustomerSeq%_cmrr_mbep2d_bold",
    "ReceiveCoilActiveElements": "HE1-4;NE1,2",
    "ReceiveCoilName": "HeadNeck_20",
    "ReconMatrixPE": 80,
    "RepetitionTime": 1,
    "SAR": 0.100741,
    "ScanOptions": "FS",
    "ScanningSequence": "EP",
    "SequenceName": "epfid2d1_80",
    "SequenceVariant": "SK_SS",
    "SeriesDescription": "func_task-EyeMag_acq-CMRR_run-01",
    "SeriesNumber": 9,
    "ShimSetting": [
      -1157,
      -2975,
      -4326,
      380,
      876,
      403,
      75,
      -987
    ],
    "SliceThickness": 3,
    "SliceTiming": [
      0,
      0.41,
      0.8175,
      0.245,
      0.655,
      0.0825,
      0.49,
      0.9,
      0.3275,
      0.735,
      0.165,
      0.5725,
      0,
      0.41,
      0.8175,
      0.245,
      0.655,
      0.0825,
      0.49,
      0.9,
      0.3275,
      0.735,
      0.165,
      0.5725,
      0,
      0.41,
      0.8175,
      0.245,
      0.655,
      0.0825,
      0.49,
      0.9,
      0.3275,
      0.735,
      0.165,
      0.5725,
      0,
      0.41,
      0.8175,
      0.245,
      0.655,
      0.0825,
      0.49,
      0.9,
      0.3275,
      0.735,
      0.165,
      0.5725
    ],
    "SoftwareVersions": "syngo_MR_E11",
    "SpacingBetweenSlices": 3,
    "StationName": "deleted_by_bidsonym",
    "TaskName": "EyeMag",
    "TotalReadoutTime": 0.0410808,
    "TxRefAmp": 351.083,
    "WipMemBlock": "774cc4cf-d8e1-4b9b-9134-361416ab079a||Sequence: R016 ve11c/master r/34fb20f; Nov 20 2017 15:15:15 by eja",
    "acq_id": "CMRR",
    "dataset": "ds003176",
    "modality": "bold",
    "run_id": 1,
    "session_id": "1",
    "subject_id": "101DPMB042006",
    "task_id": "EyeMag"
  },
  "dummy_trs": 1,
  "dvars_nstd": 29.888743100437413,
  "dvars_std": 1.3270378628432584,
  "dvars_vstd": 0.992405804854192,
  "efc": 0.37691932445652526,
  "fber": 9301.3388671875,
  "fd_mean": 0.14671405084976274,
  "fd_num": 307,
  "fd_perc": 18.639951426836674,
  "fwhm_avg": 1.6006222222222222,
  "fwhm_x": 1.56691,
  "fwhm_y": 1.66768,
  "fwhm_z": 1.5672766666666667,
  "gcor": 0.024847,
  "gsr_x": -0.01974419876933098,
  "gsr_y": 0.009534684009850025,
  "provenance": {
    "md5sum": "adc0e128348467cddeee258f17f61e1a",
    "settings": {
      "fd_thres": 0.2,
      "testing": false
    },
    "software": "mriqc",
    "version": "23.0.1",
    "webapi_port": null,
    "webapi_url": "https://mriqc.nimh.nih.gov/api/v1"
  },
  "size_t": 1647,
  "size_x": 80,
  "size_y": 80,
  "size_z": 48,
  "snr": 6.100966666086755,
  "spacing_tr": 1.0,
  "spacing_x": 3.0,
  "spacing_y": 3.0,
  "spacing_z": 3.0,
  "summary_bg_k": 52.55574333711712,
  "summary_bg_mad": 52.4887980435959,
  "summary_bg_mean": 214.71826171875,
  "summary_bg_median": 87.25682830810547,
  "summary_bg_n": 231857.0,
  "summary_bg_p05": 38.417728424072266,
  "summary_bg_p95": 777.1979248046863,
  "summary_bg_stdv": 455.5979919433594,
  "summary_fg_k": 2.600211041528868,
  "summary_fg_mad": 1214.553818385451,
  "summary_fg_mean": 8500.1259765625,
  "summary_fg_median": 8379.291015625,
  "summary_fg_n": 30284.0,
  "summary_fg_p05": 6662.646264648438,
  "summary_fg_p95": 10803.917333984375,
  "summary_fg_stdv": 1373.4139404296875,
  "tsnr": 51.25596174923703
}