{
  "aor": 0.0007947862733293197,
  "aqi": 0.0267098880794702,
  "bids_meta": {
    "AcquisitionMatrixPE": 80,
    "AcquisitionNumber": 1,
    "AcquisitionTime": "12:17:8.057500",
    "BandwidthPerPixelPhaseEncode": 24.038,
    "BaseResolution": 80,
    "BodyPartExamined": "HEAD",
    "CoilString": "HE1-4;NE1_2",
    "ConsistencyInfo": "N4_VE11C_LATEST_20160120",
    "ConversionSoftware": "dcm2niix",
    "ConversionSoftwareVersion": "v1.0.20190720  (JP2:OpenJPEG) GCC7.3.0",
    "DerivedVendorReportedEchoSpacing": 0.00052001,
    "DeviceSerialNumber": "45250",
    "DwellTime": 2.5e-06,
    "EchoTime": 0.0384,
    "EchoTrainLength": 80,
    "EffectiveEchoSpacing": 0.00052001,
    "FlipAngle": 60,
    "ImageComments": "Unaliased_MB4_PE3",
    "ImageOrientationPatientDICOM": [
      0.995256,
      -0.0832698,
      0.0503058,
      0.0940795,
      0.955454,
      -0.279745
    ],
    "ImageType": [
      "ORIGINAL",
      "PRIMARY",
      "M",
      "MB",
      "ND",
      "NORM",
      "MOSAIC"
    ],
    "ImagingFrequency": 123.239,
    "InPlanePhaseEncodingDirectionDICOM": "COL",
    "InstitutionAddress": "deleted_by_bidsonym",
    "InstitutionName": "deleted_by_bidsonym",
    "InstitutionalDepartmentName": "deleted_by_bidsonym",
    "MRAcquisitionType": "2D",
    "MagneticFieldStrength": 3,
    "Manufacturer": "Siemens",
    "ManufacturersModelName": "Skyra",
    "Modality": "MR",
    "MultibandAccelerationFactor": 4,
    "PartialFourier": 1,
    "PatientPosition": "HFS",
    "PercentPhaseFOV": 100,
    "PhaseEncodingDirection": "j-",
    "PhaseEncodingSteps": 80,
    "PhaseResolution": 1,
    "PixelBandwidth": 2500,
    "ProcedureStepDescription": "deleted_by_bidsonym",
    "ProtocolName": "func_task-EyeMag_acq-CMRR_run-01",
    "PulseSequenceDetails": "%CustomerSeq%_cmrr_mbep2d_bold",
    "ReceiveCoilActiveElements": "HE1-4;NE1,2",
    "ReceiveCoilName": "HeadNeck_20",
    "ReconMatrixPE": 80,
    "RepetitionTime": 1,
    "SAR": 0.107263,
    "ScanOptions": "FS",
    "ScanningSequence": "EP",
    "SequenceName": "epfid2d1_80",
    "SequenceVariant": "SK_SS",
    "SeriesDescription": "func_task-EyeMag_acq-CMRR_run-01",
    "SeriesNumber": 9,
    "ShimSetting": [
      -1213,
      -2327,
      -4572,
      -332,
      450,
      2703,
      1158,
      -578
    ],
    "SliceThickness": 3,
    "SliceTiming": [
      0,
      0.41,
      0.8175,
      0.245,
      0.655,
      0.0825,
      0.49,
      0.9,
      0.3275,
      0.735,
      0.165,
      0.5725,
      0,
      0.41,
      0.8175,
      0.245,
      0.655,
      0.0825,
      0.49,
      0.9,
      0.3275,
      0.735,
      0.165,
      0.5725,
      0,
      0.41,
      0.8175,
      0.245,
      0.655,
      0.0825,
      0.49,
      0.9,
      0.3275,
      0.735,
      0.165,
      0.5725,
      0,
      0.41,
      0.8175,
      0.245,
      0.655,
      0.0825,
      0.49,
      0.9,
      0.3275,
      0.735,
      0.165,
      0.5725
    ],
    "SoftwareVersions": "syngo_MR_E11",
    "SpacingBetweenSlices": 3,
    "StationName": "deleted_by_bidsonym",
    "TaskName": "EyeMag",
    "TotalReadoutTime": 0.0410808,
    "TxRefAmp": 357.397,
    "WipMemBlock": "5cf1c48c-c31d-4224-b168-b9c266712e57||Sequence: R016 ve11c/master r/34fb20f; Nov 20 2017 15:15:15 by eja",
    "acq_id": "CMRR",
    "dataset": "ds003176",
    "modality": "bold",
    "run_id": 1,
    "session_id": "1",
    "subject_id": "101DPMB042027",
    "task_id": "EyeMag"
  },
  "dummy_trs": 0,
  "dvars_nstd": 31.856333005283137,
  "dvars_std": 1.2522284979819285,
  "dvars_vstd": 0.9697593721265063,
  "efc": 0.3990713711607734,
  "fber": 8751.568359375,
  "fd_mean": 0.19692547103900834,
  "fd_num": 569,
  "fd_perc": 34.256472004816374,
  "fwhm_avg": 1.7472677777777779,
  "fwhm_x": 1.6590133333333332,
  "fwhm_y": 1.9270333333333334,
  "fwhm_z": 1.6557566666666668,
  "gcor": 0.0111687,
  "gsr_x": -0.02024124003946781,
  "gsr_y": 0.013402361422777176,
  "provenance": {
    "md5sum": "ad87761c7a8c0ce682ce01f8ea52754e",
    "settings": {
      "fd_thres": 0.2,
      "testing": false
    },
    "software": "mriqc",
    "version": "23.0.1",
    "webapi_port": null,
    "webapi_url": "https://mriqc.nimh.nih.gov/api/v1"
  },
  "size_t": 1661,
  "size_x": 80,
  "size_y": 80,
  "size_z": 48,
  "snr": 6.765481100285712,
  "spacing_tr": 1.0,
  "spacing_x": 3.0,
  "spacing_y": 3.0,
  "spacing_z": 3.0,
  "summary_bg_k": 69.74660898705065,
  "summary_bg_mad": 54.86119686943582,
  "summary_bg_mean": 236.1513671875,
  "summary_bg_median": 94.61559295654297,
  "summary_bg_n": 226472.0,
  "summary_bg_p05": 41.52531566619873,
  "summary_bg_p95": 895.3173400878902,
  "summary_bg_stdv": 490.3426208496094,
  "summary_fg_k": 2.5895630325674333,
  "summary_fg_mad": 1168.3093702808915,
  "summary_fg_mean": 8893.2900390625,
  "summary_fg_median": 8806.130859375,
  "summary_fg_n": 34631.0,
  "summary_fg_p05": 7060.748046875,
  "summary_fg_p95": 11042.32861328125,
  "summary_fg_stdv": 1301.60791015625,
  "tsnr": 38.41232450469397
}