{
  "bids_meta": {
    "AcquisitionMatrixPE": 256,
    "AcquisitionNumber": 1,
    "AcquisitionTime": "13:14:35.840000",
    "BaseResolution": 256,
    "BodyPartExamined": "HEAD",
    "CoilString": "HE1-4;NE1_2",
    "ConsistencyInfo": "N4_VE11C_LATEST_20160120",
    "ConversionSoftware": "dcm2niix",
    "ConversionSoftwareVersion": "v1.0.20190720  (JP2:OpenJPEG) GCC7.3.0",
    "DeviceSerialNumber": "45250",
    "DwellTime": 7.2e-06,
    "EchoTime": 0.00188,
    "FlipAngle": 8,
    "ImageOrientationPatientDICOM": [
      0.0605661,
      0.997907,
      0.0226651,
      -0.0428448,
      0.0252849,
      -0.998762
    ],
    "ImageType": [
      "ORIGINAL",
      "PRIMARY",
      "M",
      "NORM",
      "DIS3D",
      "DIS2D"
    ],
    "ImagingFrequency": 123.239,
    "InPlanePhaseEncodingDirectionDICOM": "ROW",
    "InstitutionAddress": "deleted_by_bidsonym",
    "InstitutionName": "deleted_by_bidsonym",
    "InstitutionalDepartmentName": "deleted_by_bidsonym",
    "InversionTime": 1,
    "MRAcquisitionType": "3D",
    "MagneticFieldStrength": 3,
    "Manufacturer": "Siemens",
    "ManufacturersModelName": "Skyra",
    "Modality": "MR",
    "ParallelReductionFactorInPlane": 2,
    "PartialFourier": 1,
    "PatientPosition": "HFS",
    "PercentPhaseFOV": 100,
    "PhaseEncodingSteps": 294,
    "PhaseOversampling": 0.15,
    "PhaseResolution": 1,
    "PixelBandwidth": 270,
    "ProcedureStepDescription": "deleted_by_bidsonym",
    "ProtocolName": "anat-T1w",
    "PulseSequenceDetails": "%SiemensSeq%_tfl",
    "ReceiveCoilActiveElements": "HE1-4;NE1,2",
    "ReceiveCoilName": "HeadNeck_20",
    "ReconMatrixPE": 256,
    "RefLinesPE": 24,
    "RepetitionTime": 1.68,
    "SAR": 0.0821921,
    "ScanOptions": "IR_WE",
    "ScanningSequence": "GR_IR",
    "SequenceName": "_tfl3d1_16ns",
    "SequenceVariant": "SK_SP_MP_OSP",
    "SeriesDescription": "anat-T1w",
    "SeriesNumber": 5,
    "ShimSetting": [
      -1104,
      -3104,
      -4466,
      44,
      1111,
      -498,
      17,
      -890
    ],
    "SliceThickness": 0.88,
    "SoftwareVersions": "syngo_MR_E11",
    "StationName": "deleted_by_bidsonym",
    "TxRefAmp": 363.877,
    "dataset": "ds003176",
    "modality": "T1w",
    "session_id": "1",
    "subject_id": "101DPMB042034"
  },
  "cjv": 0.36750239507817273,
  "cnr": 3.724795028242217,
  "efc": 0.6471539715639049,
  "fber": 13741.498513674198,
  "fwhm_avg": 4.5681909244326,
  "fwhm_x": 4.471715630440659,
  "fwhm_y": 4.605234285714286,
  "fwhm_z": 4.627622857142858,
  "icvs_csf": 0.15352399247366189,
  "icvs_gm": 0.47599544036810104,
  "icvs_wm": 0.3704805671582371,
  "inu_med": 0.4620436429977417,
  "inu_range": 0.22741318941116334,
  "provenance": {
    "md5sum": "eac3881f6f78f54e87b043c2f6460179",
    "settings": {
      "testing": false
    },
    "software": "mriqc",
    "version": "23.0.1",
    "warnings": {
      "large_rot_frame": true,
      "small_air_mask": false
    },
    "webapi_port": null,
    "webapi_url": "https://mriqc.nimh.nih.gov/api/v1"
  },
  "qi_1": 0.0,
  "qi_2": 0.0008918686043901382,
  "rpve_csf": 22.097043283021808,
  "rpve_gm": 8.15689919140886,
  "rpve_wm": 11.343618477533752,
  "size_x": 192,
  "size_y": 256,
  "size_z": 256,
  "snr_csf": 2.393639504986008,
  "snr_gm": 14.537836291569509,
  "snr_total": 13.24029198505818,
  "snr_wm": 22.789400158619024,
  "snrd_csf": 30.488762280895433,
  "snrd_gm": 71.49341752928476,
  "snrd_total": 65.8954989307949,
  "snrd_wm": 95.70431698220452,
  "spacing_x": 0.8800000548362732,
  "spacing_y": 0.875,
  "spacing_z": 0.875,
  "summary_bg_k": 7.079753485755537,
  "summary_bg_mad": 0.0,
  "summary_bg_mean": 4.224135748259833,
  "summary_bg_median": 0.0,
  "summary_bg_n": 2034510.0,
  "summary_bg_p05": 0.0,
  "summary_bg_p95": 18.573404759168625,
  "summary_bg_stdv": 6.845759867694211,
  "summary_csf_k": 0.25790143491117457,
  "summary_csf_mad": 116.37299755244906,
  "summary_csf_mean": 310.61561958802525,
  "summary_csf_median": 318.5882287081331,
  "summary_csf_n": 38306.0,
  "summary_csf_p05": 68.34741265932098,
  "summary_csf_p95": 521.9509566812776,
  "summary_csf_stdv": 133.0960946932794,
  "summary_gm_k": 0.227964545890313,
  "summary_gm_mad": 49.874141808192455,
  "summary_gm_mean": 746.716704518233,
  "summary_gm_median": 747.0608693491668,
  "summary_gm_n": 109175.0,
  "summary_gm_p05": 661.6034485157579,
  "summary_gm_p95": 830.665889441967,
  "summary_gm_stdv": 51.38711380199604,
  "summary_wm_k": 0.3197568022160171,
  "summary_wm_mad": 43.09975397080949,
  "summary_wm_mean": 999.6971350570138,
  "summary_wm_median": 1000.0494131632149,
  "summary_wm_n": 348561.0,
  "summary_wm_p05": 927.8057842794806,
  "summary_wm_p95": 1070.4653399828821,
  "summary_wm_stdv": 43.88215449558189,
  "tpm_overlap_csf": 0.1384493806689474,
  "tpm_overlap_gm": 0.4816048366867995,
  "tpm_overlap_wm": 0.5098979351528661,
  "wm2max": 0.840146076275055
}