{
  "bids_meta": {
    "AcquisitionMatrixPE": 256,
    "AcquisitionNumber": 1,
    "AcquisitionTime": "12:10:38.522500",
    "BaseResolution": 256,
    "BodyPartExamined": "HEAD",
    "CoilString": "HE1-4;NE1_2",
    "ConsistencyInfo": "N4_VE11C_LATEST_20160120",
    "ConversionSoftware": "dcm2niix",
    "ConversionSoftwareVersion": "v1.0.20190720  (JP2:OpenJPEG) GCC7.3.0",
    "DeviceSerialNumber": "45250",
    "DwellTime": 7.2e-06,
    "EchoTime": 0.00188,
    "FlipAngle": 8,
    "ImageOrientationPatientDICOM": [
      0.0823024,
      0.996455,
      0.0174304,
      0.0515214,
      0.0132122,
      -0.998585
    ],
    "ImageType": [
      "ORIGINAL",
      "PRIMARY",
      "M",
      "NORM",
      "DIS3D",
      "DIS2D"
    ],
    "ImagingFrequency": 123.239,
    "InPlanePhaseEncodingDirectionDICOM": "ROW",
    "InstitutionAddress": "deleted_by_bidsonym",
    "InstitutionName": "deleted_by_bidsonym",
    "InstitutionalDepartmentName": "deleted_by_bidsonym",
    "InversionTime": 1,
    "MRAcquisitionType": "3D",
    "MagneticFieldStrength": 3,
    "Manufacturer": "Siemens",
    "ManufacturersModelName": "Skyra",
    "Modality": "MR",
    "ParallelReductionFactorInPlane": 2,
    "PartialFourier": 1,
    "PatientPosition": "HFS",
    "PercentPhaseFOV": 100,
    "PhaseEncodingSteps": 294,
    "PhaseOversampling": 0.15,
    "PhaseResolution": 1,
    "PixelBandwidth": 270,
    "ProcedureStepDescription": "deleted_by_bidsonym",
    "ProtocolName": "anat-T1w",
    "PulseSequenceDetails": "%SiemensSeq%_tfl",
    "ReceiveCoilActiveElements": "HE1-4;NE1,2",
    "ReceiveCoilName": "HeadNeck_20",
    "ReconMatrixPE": 256,
    "RefLinesPE": 24,
    "RepetitionTime": 1.68,
    "SAR": 0.0931254,
    "ScanOptions": "IR_WE",
    "ScanningSequence": "GR_IR",
    "SequenceName": "_tfl3d1_16ns",
    "SequenceVariant": "SK_SP_MP_OSP",
    "SeriesDescription": "anat-T1w",
    "SeriesNumber": 5,
    "ShimSetting": [
      -1184,
      -2627,
      -4641,
      -129,
      657,
      1498,
      1541,
      -602
    ],
    "SliceThickness": 0.88,
    "SoftwareVersions": "syngo_MR_E11",
    "StationName": "deleted_by_bidsonym",
    "TxRefAmp": 357.397,
    "dataset": "ds003176",
    "modality": "T1w",
    "session_id": "1",
    "subject_id": "101DPMB042027"
  },
  "cjv": 0.43727226079212544,
  "cnr": 3.1403753879132172,
  "efc": 0.6223994861559674,
  "fber": 10776.774584280898,
  "fwhm_avg": 4.2005717333560195,
  "fwhm_x": 4.0837952000680575,
  "fwhm_y": 4.31864,
  "fwhm_z": 4.19928,
  "icvs_csf": 0.15218662746675501,
  "icvs_gm": 0.46507213927405233,
  "icvs_wm": 0.3827412332591927,
  "inu_med": 0.5846268534660339,
  "inu_range": 0.31912540942430473,
  "provenance": {
    "md5sum": "da784bb68c370d34dc49aba3b011fa58",
    "settings": {
      "testing": false
    },
    "software": "mriqc",
    "version": "23.0.1",
    "warnings": {
      "large_rot_frame": true,
      "small_air_mask": false
    },
    "webapi_port": null,
    "webapi_url": "https://mriqc.nimh.nih.gov/api/v1"
  },
  "qi_1": 0.0,
  "qi_2": 0.0007730123286047353,
  "rpve_csf": 25.909681125040954,
  "rpve_gm": 9.323249157639216,
  "rpve_wm": 12.089375021263566,
  "size_x": 192,
  "size_y": 256,
  "size_z": 256,
  "snr_csf": 1.925362067777413,
  "snr_gm": 13.21025136367947,
  "snr_total": 10.79959075973524,
  "snr_wm": 17.263158847748837,
  "snrd_csf": 33.01949279180908,
  "snrd_gm": 74.24953820265682,
  "snrd_total": 69.00515686494022,
  "snrd_wm": 99.74643960035473,
  "spacing_x": 0.8800000548362732,
  "spacing_y": 0.875,
  "spacing_z": 0.875,
  "summary_bg_k": 5.710123431750512,
  "summary_bg_mad": 6.568540852840918,
  "summary_bg_mean": 6.834252960698138,
  "summary_bg_median": 4.430413478985429,
  "summary_bg_n": 2127792.0,
  "summary_bg_p05": 0.0,
  "summary_bg_p95": 26.502892607823014,
  "summary_bg_stdv": 9.738358675910382,
  "summary_csf_k": 12.717117355408625,
  "summary_csf_mad": 100.35707776062038,
  "summary_csf_mean": 341.83287087302773,
  "summary_csf_median": 331.06065751053393,
  "summary_csf_n": 37262.0,
  "summary_csf_p05": 92.85430357558653,
  "summary_csf_p95": 552.6065344107336,
  "summary_csf_stdv": 171.9449139905226,
  "summary_gm_k": 0.11960321637882787,
  "summary_gm_mad": 56.402919658526216,
  "summary_gm_mean": 743.9818602295119,
  "summary_gm_median": 744.4421115797013,
  "summary_gm_n": 65581.0,
  "summary_gm_p05": 651.0054871905595,
  "summary_gm_p95": 834.7217347472906,
  "summary_gm_stdv": 56.35293495318972,
  "summary_wm_k": 0.32855927218587766,
  "summary_wm_mad": 55.3802725796408,
  "summary_wm_mean": 1003.0187404892514,
  "summary_wm_median": 1000.0796222593635,
  "summary_wm_n": 266947.0,
  "summary_wm_p05": 912.718235515058,
  "summary_wm_p95": 1103.1994856894016,
  "summary_wm_stdv": 57.93132982773376,
  "tpm_overlap_csf": 0.11802635390239008,
  "tpm_overlap_gm": 0.45427222737899825,
  "tpm_overlap_wm": 0.47500398003689165,
  "wm2max": 0.6946578952217738
}