{
  "bids_meta": {
    "AcquisitionMatrixPE": 256,
    "AcquisitionNumber": 1,
    "AcquisitionTime": "12:10:52.105000",
    "BaseResolution": 256,
    "BodyPartExamined": "HEAD",
    "CoilString": "HE1-4;NE1_2",
    "ConsistencyInfo": "N4_VE11C_LATEST_20160120",
    "ConversionSoftware": "dcm2niix",
    "ConversionSoftwareVersion": "v1.0.20190410  (JP2:OpenJPEG) GCC7.3.0",
    "DeviceSerialNumber": "45250",
    "DwellTime": 7.2e-06,
    "EchoTime": 0.00188,
    "FlipAngle": 8,
    "ImageOrientationPatientDICOM": [
      0.0469507,
      0.993414,
      0.104522,
      0.0163982,
      0.103856,
      -0.994457
    ],
    "ImageType": [
      "ORIGINAL",
      "PRIMARY",
      "M",
      "NORM",
      "DIS3D",
      "DIS2D"
    ],
    "ImagingFrequency": 123.239,
    "InPlanePhaseEncodingDirectionDICOM": "ROW",
    "InstitutionAddress": "deleted_by_bidsonym",
    "InstitutionName": "deleted_by_bidsonym",
    "InstitutionalDepartmentName": "deleted_by_bidsonym",
    "InversionTime": 1,
    "MRAcquisitionType": "3D",
    "MagneticFieldStrength": 3,
    "Manufacturer": "Siemens",
    "ManufacturersModelName": "Skyra",
    "Modality": "MR",
    "PartialFourier": 1,
    "PatientPosition": "HFS",
    "PercentPhaseFOV": 100,
    "PhaseEncodingSteps": 294,
    "PhaseOversampling": 0.15,
    "PhaseResolution": 1,
    "PixelBandwidth": 270,
    "ProcedureStepDescription": "deleted_by_bidsonym",
    "ProtocolName": "anat-T1w",
    "PulseSequenceDetails": "%SiemensSeq%_tfl",
    "ReceiveCoilActiveElements": "HE1-4;NE1,2",
    "ReceiveCoilName": "HeadNeck_20",
    "ReconMatrixPE": 256,
    "RefLinesPE": 24,
    "RepetitionTime": 1.68,
    "SAR": 0.090383,
    "ScanOptions": "IR_WE",
    "ScanningSequence": "GR_IR",
    "SequenceName": "_tfl3d1_16ns",
    "SequenceVariant": "SK_SP_MP_OSP",
    "SeriesDescription": "anat-T1w",
    "SeriesNumber": 5,
    "ShimSetting": [
      -1112,
      -3166,
      -4380,
      184,
      863,
      -228,
      198,
      -903
    ],
    "SliceThickness": 0.88,
    "SoftwareVersions": "syngo_MR_E11",
    "StationName": "deleted_by_bidsonym",
    "TxRefAmp": 350.672,
    "dataset": "ds003176",
    "modality": "T1w",
    "session_id": "1",
    "subject_id": "101DPMB042001"
  },
  "cjv": 0.3841300533418882,
  "cnr": 3.441044149543126,
  "efc": 0.6025752002874171,
  "fber": 17229.889273503366,
  "fwhm_avg": 4.463460710363532,
  "fwhm_x": 4.357079273947739,
  "fwhm_y": 4.5316,
  "fwhm_z": 4.501702857142857,
  "icvs_csf": 0.17925522922725443,
  "icvs_gm": 0.46067839251225307,
  "icvs_wm": 0.3600663782604925,
  "inu_med": 0.4626770168542862,
  "inu_range": 0.21080628931522372,
  "provenance": {
    "md5sum": "4a47a5d94c82ef254fb9c82997919b6a",
    "settings": {
      "testing": false
    },
    "software": "mriqc",
    "version": "23.0.1",
    "warnings": {
      "large_rot_frame": true,
      "small_air_mask": false
    },
    "webapi_port": null,
    "webapi_url": "https://mriqc.nimh.nih.gov/api/v1"
  },
  "qi_1": 0.0037715793642487928,
  "qi_2": 0.0002575749519136085,
  "rpve_csf": 21.580805129145038,
  "rpve_gm": 9.349341270645303,
  "rpve_wm": 13.143817793822432,
  "size_x": 192,
  "size_y": 256,
  "size_z": 256,
  "snr_csf": 2.7344666918483744,
  "snr_gm": 14.641313953036725,
  "snr_total": 13.481365133315435,
  "snr_wm": 23.06831475506121,
  "snrd_csf": 42.41166774762458,
  "snrd_gm": 100.62215841986202,
  "snrd_total": 91.70480236426476,
  "snrd_wm": 132.0805809253077,
  "spacing_x": 0.8800000548362732,
  "spacing_y": 0.875,
  "spacing_z": 0.875,
  "summary_bg_k": 91.89292776585765,
  "summary_bg_mad": 4.96024005837452,
  "summary_bg_mean": 6.666018432221921,
  "summary_bg_median": 3.3456310778856277,
  "summary_bg_n": 2181213.0,
  "summary_bg_p05": 0.0,
  "summary_bg_p95": 24.336028799414635,
  "summary_bg_stdv": 14.295899751855991,
  "summary_csf_k": 1.2458516588849493,
  "summary_csf_mad": 94.8560975546689,
  "summary_csf_mean": 320.5037193008495,
  "summary_csf_median": 321.1118376329541,
  "summary_csf_n": 44311.0,
  "summary_csf_p05": 104.78012399747968,
  "summary_csf_p95": 514.1387101300061,
  "summary_csf_stdv": 117.42992342249467,
  "summary_gm_k": 0.22121603292094782,
  "summary_gm_mad": 50.58765374602507,
  "summary_gm_mean": 760.0850812777355,
  "summary_gm_median": 761.8414439409971,
  "summary_gm_n": 77577.0,
  "summary_gm_p05": 671.7110593140126,
  "summary_gm_p95": 842.8240482509136,
  "summary_gm_stdv": 52.03334455782372,
  "summary_wm_k": 0.45764269152036663,
  "summary_wm_mad": 40.9049933581022,
  "summary_wm_mean": 1000.1025641834311,
  "summary_wm_median": 1000.0228783488274,
  "summary_wm_n": 303058.0,
  "summary_wm_p05": 929.6042187437415,
  "summary_wm_p95": 1072.1601840555668,
  "summary_wm_stdv": 43.35042412411644,
  "tpm_overlap_csf": 0.1452215566457896,
  "tpm_overlap_gm": 0.4728744956681556,
  "tpm_overlap_wm": 0.518702231786881,
  "wm2max": 0.8604687174616034
}